STORAGE: NONE
COPY-LOCAL: TRUE
RESTRICTION: || (== net461) (== net5.0-windows7.0) (== net50) (== netstandard2.0) (== netstandard2.1)
NUGET
  remote: https://api.nuget.org/v3/index.json
    akarnokd.reactive_extensions (0.0.27-alpha)
      System.Reactive (>= 4.1.6) - restriction: || (&& (== net461) (>= netstandard2.0)) (== net5.0-windows7.0) (== net50) (== netstandard2.0) (== netstandard2.1)
    Castle.Core (4.4.1)
      NETStandard.Library (>= 1.6.1) - restriction: || (&& (== net461) (< net35)) (== net5.0-windows7.0) (== net50) (== netstandard2.0) (== netstandard2.1)
      System.Collections.Specialized (>= 4.3) - restriction: || (&& (== net461) (< net35)) (== net5.0-windows7.0) (== net50) (== netstandard2.0) (== netstandard2.1)
      System.ComponentModel (>= 4.3) - restriction: || (&& (== net461) (< net35)) (== net5.0-windows7.0) (== net50) (== netstandard2.0) (== netstandard2.1)
      System.ComponentModel.TypeConverter (>= 4.3) - restriction: || (&& (== net461) (< net35)) (== net5.0-windows7.0) (== net50) (== netstandard2.0) (== netstandard2.1)
      System.Diagnostics.TraceSource (>= 4.3) - restriction: || (&& (== net461) (< net35)) (== net5.0-windows7.0) (== net50) (== netstandard2.0) (== netstandard2.1)
      System.Dynamic.Runtime (>= 4.3) - restriction: || (&& (== net461) (< net35)) (== net5.0-windows7.0) (== net50) (== netstandard2.0) (== netstandard2.1)
      System.Reflection (>= 4.3) - restriction: || (&& (== net461) (< net35)) (== net5.0-windows7.0) (== net50) (== netstandard2.0) (== netstandard2.1)
      System.Reflection.Emit (>= 4.3) - restriction: || (&& (== net461) (< net35)) (== net5.0-windows7.0) (== net50) (== netstandard2.0) (== netstandard2.1)
      System.Reflection.TypeExtensions (>= 4.3) - restriction: || (&& (== net461) (< net35)) (== net5.0-windows7.0) (== net50) (== netstandard2.0) (== netstandard2.1)
      System.Xml.XmlDocument (>= 4.3) - restriction: || (&& (== net461) (< net35)) (== net5.0-windows7.0) (== net50) (== netstandard2.0) (== netstandard2.1)
    DevExpress.Data (20.2.6)
    DevExpress.Xpo (20.2.6)
      DevExpress.Data (20.2.6)
      Microsoft.Extensions.DependencyInjection (>= 2.0) - restriction: || (&& (== net461) (< net452) (>= netstandard2.0)) (== net5.0-windows7.0) (== net50) (== netstandard2.0) (== netstandard2.1)
      Microsoft.Win32.Registry (>= 4.5) - restriction: || (&& (== net461) (< net452) (>= netstandard2.0)) (== net5.0-windows7.0) (== net50) (== netstandard2.0) (== netstandard2.1)
      NETStandard.Library (>= 2.0.3) - restriction: || (&& (== net461) (< net452) (>= netstandard2.0)) (== net5.0-windows7.0) (== net50) (== netstandard2.0) (== netstandard2.1)
      System.Data.SqlClient (>= 4.5) - restriction: || (&& (== net461) (< net452) (>= netstandard2.0)) (== net5.0-windows7.0) (== net50) (== netstandard2.0) (== netstandard2.1)
      System.Drawing.Common (>= 4.5) - restriction: || (&& (== net461) (< net452) (>= netstandard2.0)) (== net5.0-windows7.0) (== net50) (== netstandard2.0) (== netstandard2.1)
      System.Security.Principal.Windows (>= 4.5) - restriction: || (&& (== net461) (< net452) (>= netstandard2.0)) (== net5.0-windows7.0) (== net50) (== netstandard2.0) (== netstandard2.1)
      System.ServiceModel.Http (>= 4.5) - restriction: || (&& (== net461) (< net452) (>= netstandard2.0)) (== net5.0-windows7.0) (== net50) (== netstandard2.0) (== netstandard2.1)
      System.ServiceModel.NetTcp (>= 4.4.1) - restriction: || (&& (== net461) (< net452) (>= netstandard2.0)) (== net5.0-windows7.0) (== net50) (== netstandard2.0) (== netstandard2.1)
      System.ServiceModel.Security (>= 4.4.3) - restriction: || (&& (== net461) (< net452) (>= netstandard2.0)) (== net5.0-windows7.0) (== net50) (== netstandard2.0) (== netstandard2.1)
    DevExtreme.AspNet.Data (2.8.2) - restriction: || (&& (== net461) (>= netstandard2.1)) (== net5.0-windows7.0) (== net50) (&& (== netstandard2.0) (>= netstandard2.1)) (== netstandard2.1)
      Microsoft.CSharp (>= 4.4) - restriction: || (&& (== net461) (< net452) (>= netstandard2.0)) (== net5.0-windows7.0) (== net50) (== netstandard2.0) (== netstandard2.1)
      Newtonsoft.Json (>= 11.0.1)
    DiffEngine (6.7) - restriction: || (&& (== net461) (>= netstandard2.0)) (== net5.0-windows7.0) (== net50) (== netstandard2.0) (== netstandard2.1)
      EmptyFiles (>= 2.7)
      Microsoft.Windows.Compatibility (>= 5.0.2) - restriction: || (&& (== net461) (>= netstandard2.1)) (== net5.0-windows7.0) (== net50) (== netstandard2.0) (== netstandard2.1)
    EmptyFiles (2.7) - restriction: || (&& (== net461) (>= netstandard2.0)) (== net5.0-windows7.0) (== net50) (== netstandard2.0) (== netstandard2.1)
    Enums.NET (4.0)
      System.ComponentModel.Annotations (>= 4.6) - restriction: || (&& (== net461) (< net45)) (&& (== net461) (>= netstandard2.1)) (&& (== net5.0-windows7.0) (< netcoreapp3.0)) (&& (== net5.0-windows7.0) (< netstandard1.3)) (&& (== net5.0-windows7.0) (< netstandard2.0)) (&& (== net5.0-windows7.0) (< netstandard2.1)) (&& (== net50) (< netcoreapp3.0)) (&& (== net50) (< netstandard1.3)) (&& (== net50) (< netstandard2.0)) (&& (== net50) (< netstandard2.1)) (== netstandard2.0) (== netstandard2.1)
      System.Runtime.CompilerServices.Unsafe (>= 5.0) - restriction: || (== net461) (&& (== net5.0-windows7.0) (>= net45)) (&& (== net5.0-windows7.0) (< netcoreapp3.0)) (&& (== net5.0-windows7.0) (< netstandard1.1)) (&& (== net5.0-windows7.0) (< netstandard1.3)) (&& (== net5.0-windows7.0) (< netstandard2.0)) (&& (== net5.0-windows7.0) (< netstandard2.1)) (&& (== net50) (>= net45)) (&& (== net50) (< netcoreapp3.0)) (&& (== net50) (< netstandard1.1)) (&& (== net50) (< netstandard1.3)) (&& (== net50) (< netstandard2.0)) (&& (== net50) (< netstandard2.1)) (== netstandard2.0) (== netstandard2.1)
    Fasterflect.Xpand (2.0.7)
      System.Reflection.Emit.Lightweight (>= 4.6) - restriction: || (&& (== net461) (>= netstandard2.0)) (== net5.0-windows7.0) (== net50) (== netstandard2.0) (== netstandard2.1)
    Google.Apis (1.51)
      Google.Apis.Core (>= 1.51)
    Google.Apis.Auth (1.51)
      Google.Apis (>= 1.51)
      Google.Apis.Core (>= 1.51)
    Google.Apis.Calendar.v3 (1.51.0.2291)
      Google.Apis (>= 1.51)
      Google.Apis.Auth (>= 1.51)
    Google.Apis.Core (1.51)
      Newtonsoft.Json (>= 12.0.3)
    Google.Apis.People.v1 (1.25.0.830)
      Google.Apis (>= 1.25)
      Google.Apis.Auth (>= 1.25)
    Google.Apis.Tasks.v1 (1.51.0.2231)
      Google.Apis (>= 1.51)
      Google.Apis.Auth (>= 1.51)
    Grpc (2.23)
      Grpc.Core (>= 2.23)
    Grpc.Core (2.25)
      Grpc.Core.Api (>= 2.25)
      System.Memory (>= 4.5.3)
    Grpc.Core.Api (2.37)
      System.Memory (>= 4.5.3)
    Hangfire.AspNetCore (1.7.19)
      Hangfire.Core (1.7.19)
      Microsoft.AspNetCore.Antiforgery (>= 2.0) - restriction: || (== net461) (&& (== net5.0-windows7.0) (>= net461)) (&& (== net5.0-windows7.0) (< netcoreapp3.0)) (&& (== net50) (>= net461)) (&& (== net50) (< netcoreapp3.0)) (== netstandard2.0) (== netstandard2.1)
      Microsoft.AspNetCore.Hosting.Abstractions (>= 2.0) - restriction: || (== net461) (&& (== net5.0-windows7.0) (>= net461)) (&& (== net5.0-windows7.0) (< netcoreapp3.0)) (&& (== net50) (>= net461)) (&& (== net50) (< netcoreapp3.0)) (== netstandard2.0) (== netstandard2.1)
      Microsoft.AspNetCore.Http.Abstractions (>= 2.0) - restriction: || (== net461) (&& (== net5.0-windows7.0) (>= net461)) (&& (== net5.0-windows7.0) (< netcoreapp3.0)) (&& (== net50) (>= net461)) (&& (== net50) (< netcoreapp3.0)) (== netstandard2.0) (== netstandard2.1)
      Microsoft.Extensions.DependencyInjection.Abstractions (>= 2.0) - restriction: || (== net461) (&& (== net5.0-windows7.0) (>= net461)) (&& (== net5.0-windows7.0) (< netcoreapp3.0)) (&& (== net50) (>= net461)) (&& (== net50) (< netcoreapp3.0)) (== netstandard2.0) (== netstandard2.1)
      Microsoft.Extensions.Logging.Abstractions (>= 2.0) - restriction: || (== net461) (&& (== net5.0-windows7.0) (>= net461)) (&& (== net5.0-windows7.0) (< netcoreapp3.0)) (&& (== net50) (>= net461)) (&& (== net50) (< netcoreapp3.0)) (== netstandard2.0) (== netstandard2.1)
    Hangfire.Core (1.7.19) - restriction: == netstandard2.1
      Newtonsoft.Json (>= 11.0.1) - restriction: || (&& (== net461) (< net45) (>= netstandard2.0)) (== net5.0-windows7.0) (== net50) (== netstandard2.0) (== netstandard2.1)
    Hangfire.MemoryStorage (1.7)
      Hangfire.Core (>= 1.7.9)
    Hangfire.SqlServer (1.7.19)
      Hangfire.Core (1.7.19)
      System.Data.SqlClient (>= 4.4) - restriction: || (&& (== net461) (< net45) (>= netstandard2.0)) (== net5.0-windows7.0) (== net50) (== netstandard2.0) (== netstandard2.1)
    Humanizer.Core (2.8.26)
      NETStandard.Library (>= 1.6.1) - restriction: || (== net461) (&& (== net5.0-windows7.0) (< netstandard2.0)) (&& (== net50) (< netstandard2.0)) (&& (== netstandard2.1) (< netstandard2.0))
    JetBrains.Annotations (2021.1)
    MagicOnion (2.6.3)
      Grpc (>= 2.23) - restriction: || (&& (== net461) (>= netstandard2.0)) (== net5.0-windows7.0) (== net50) (== netstandard2.0) (== netstandard2.1)
      MessagePack (>= 1.7.3.7) - restriction: || (&& (== net461) (>= netstandard2.0)) (== net5.0-windows7.0) (== net50) (== netstandard2.0) (== netstandard2.1)
      System.Buffers (>= 4.5) - restriction: || (&& (== net461) (>= netstandard2.0)) (== net5.0-windows7.0) (== net50) (== netstandard2.0) (== netstandard2.1)
      System.Collections.Immutable (>= 1.5) - restriction: || (&& (== net461) (>= netstandard2.0)) (== net5.0-windows7.0) (== net50) (== netstandard2.0) (== netstandard2.1)
      System.Runtime.CompilerServices.Unsafe (>= 4.5.2) - restriction: || (&& (== net461) (>= netstandard2.0)) (== net5.0-windows7.0) (== net50) (== netstandard2.0) (== netstandard2.1)
      System.Threading.Tasks.Extensions (>= 4.5.3) - restriction: || (&& (== net461) (>= netstandard2.0)) (== net5.0-windows7.0) (== net50) (== netstandard2.0) (== netstandard2.1)
      System.Threading.Tasks.Parallel (>= 4.3) - restriction: || (&& (== net461) (>= netstandard2.0)) (== net5.0-windows7.0) (== net50) (== netstandard2.0) (== netstandard2.1)
    MessagePack (1.7.3.7)
      System.Reflection.Emit (>= 4.3) - restriction: || (&& (== net461) (< net45) (>= netstandard1.6)) (&& (== net461) (< net45) (>= netstandard2.0)) (== net5.0-windows7.0) (== net50) (== netstandard2.0) (== netstandard2.1)
      System.Reflection.Emit.Lightweight (>= 4.3) - restriction: || (&& (== net461) (< net45) (>= netstandard1.6)) (&& (== net461) (< net45) (>= netstandard2.0)) (== net5.0-windows7.0) (== net50) (== netstandard2.0) (== netstandard2.1)
      System.Runtime.Serialization.Primitives (>= 4.3) - restriction: || (&& (== net461) (< net45) (>= netstandard1.6)) (&& (== net461) (< net45) (>= netstandard2.0)) (== net5.0-windows7.0) (== net50) (== netstandard2.0) (== netstandard2.1)
      System.Threading.Tasks.Extensions (>= 4.3)
      System.ValueTuple (>= 4.3)
    Microsoft.AspNetCore (2.2)
      Microsoft.AspNetCore.Diagnostics (>= 2.2) - restriction: || (&& (== net461) (>= netstandard2.0)) (== net5.0-windows7.0) (== net50) (== netstandard2.0) (== netstandard2.1)
      Microsoft.AspNetCore.HostFiltering (>= 2.2) - restriction: || (&& (== net461) (>= netstandard2.0)) (== net5.0-windows7.0) (== net50) (== netstandard2.0) (== netstandard2.1)
      Microsoft.AspNetCore.Hosting (>= 2.2) - restriction: || (&& (== net461) (>= netstandard2.0)) (== net5.0-windows7.0) (== net50) (== netstandard2.0) (== netstandard2.1)
      Microsoft.AspNetCore.Routing (>= 2.2) - restriction: || (&& (== net461) (>= netstandard2.0)) (== net5.0-windows7.0) (== net50) (== netstandard2.0) (== netstandard2.1)
      Microsoft.AspNetCore.Server.IIS (>= 2.2) - restriction: || (&& (== net461) (>= netstandard2.0)) (== net5.0-windows7.0) (== net50) (== netstandard2.0) (== netstandard2.1)
      Microsoft.AspNetCore.Server.IISIntegration (>= 2.2) - restriction: || (&& (== net461) (>= netstandard2.0)) (== net5.0-windows7.0) (== net50) (== netstandard2.0) (== netstandard2.1)
      Microsoft.AspNetCore.Server.Kestrel (>= 2.2) - restriction: || (&& (== net461) (>= netstandard2.0)) (== net5.0-windows7.0) (== net50) (== netstandard2.0) (== netstandard2.1)
      Microsoft.AspNetCore.Server.Kestrel.Https (>= 2.2) - restriction: || (&& (== net461) (>= netstandard2.0)) (== net5.0-windows7.0) (== net50) (== netstandard2.0) (== netstandard2.1)
      Microsoft.Extensions.Configuration.CommandLine (>= 2.2) - restriction: || (&& (== net461) (>= netstandard2.0)) (== net5.0-windows7.0) (== net50) (== netstandard2.0) (== netstandard2.1)
      Microsoft.Extensions.Configuration.EnvironmentVariables (>= 2.2) - restriction: || (&& (== net461) (>= netstandard2.0)) (== net5.0-windows7.0) (== net50) (== netstandard2.0) (== netstandard2.1)
      Microsoft.Extensions.Configuration.FileExtensions (>= 2.2) - restriction: || (&& (== net461) (>= netstandard2.0)) (== net5.0-windows7.0) (== net50) (== netstandard2.0) (== netstandard2.1)
      Microsoft.Extensions.Configuration.Json (>= 2.2) - restriction: || (&& (== net461) (>= netstandard2.0)) (== net5.0-windows7.0) (== net50) (== netstandard2.0) (== netstandard2.1)
      Microsoft.Extensions.Configuration.UserSecrets (>= 2.2) - restriction: || (&& (== net461) (>= netstandard2.0)) (== net5.0-windows7.0) (== net50) (== netstandard2.0) (== netstandard2.1)
      Microsoft.Extensions.Logging (>= 2.2) - restriction: || (&& (== net461) (>= netstandard2.0)) (== net5.0-windows7.0) (== net50) (== netstandard2.0) (== netstandard2.1)
      Microsoft.Extensions.Logging.Configuration (>= 2.2) - restriction: || (&& (== net461) (>= netstandard2.0)) (== net5.0-windows7.0) (== net50) (== netstandard2.0) (== netstandard2.1)
      Microsoft.Extensions.Logging.Console (>= 2.2) - restriction: || (&& (== net461) (>= netstandard2.0)) (== net5.0-windows7.0) (== net50) (== netstandard2.0) (== netstandard2.1)
      Microsoft.Extensions.Logging.Debug (>= 2.2) - restriction: || (&& (== net461) (>= netstandard2.0)) (== net5.0-windows7.0) (== net50) (== netstandard2.0) (== netstandard2.1)
      Microsoft.Extensions.Logging.EventSource (>= 2.2) - restriction: || (&& (== net461) (>= netstandard2.0)) (== net5.0-windows7.0) (== net50) (== netstandard2.0) (== netstandard2.1)
    Microsoft.AspNetCore.Antiforgery (2.2)
      Microsoft.AspNetCore.DataProtection (>= 2.2) - restriction: || (&& (== net461) (>= netstandard2.0)) (== net5.0-windows7.0) (== net50) (== netstandard2.0) (== netstandard2.1)
      Microsoft.AspNetCore.Http.Abstractions (>= 2.2) - restriction: || (&& (== net461) (>= netstandard2.0)) (== net5.0-windows7.0) (== net50) (== netstandard2.0) (== netstandard2.1)
      Microsoft.AspNetCore.Http.Extensions (>= 2.2) - restriction: || (&& (== net461) (>= netstandard2.0)) (== net5.0-windows7.0) (== net50) (== netstandard2.0) (== netstandard2.1)
      Microsoft.AspNetCore.WebUtilities (>= 2.2) - restriction: || (&& (== net461) (>= netstandard2.0)) (== net5.0-windows7.0) (== net50) (== netstandard2.0) (== netstandard2.1)
      Microsoft.Extensions.ObjectPool (>= 2.2) - restriction: || (&& (== net461) (>= netstandard2.0)) (== net5.0-windows7.0) (== net50) (== netstandard2.0) (== netstandard2.1)
    Microsoft.AspNetCore.Authentication.Abstractions (2.2) - restriction: || (&& (== net461) (>= netstandard2.0)) (&& (== net461) (>= netstandard2.1)) (== net5.0-windows7.0) (== net50) (== netstandard2.0) (== netstandard2.1)
      Microsoft.AspNetCore.Http.Abstractions (>= 2.2) - restriction: || (&& (== net461) (>= netstandard2.0)) (== net5.0-windows7.0) (== net50) (== netstandard2.0) (== netstandard2.1)
      Microsoft.Extensions.Logging.Abstractions (>= 2.2) - restriction: || (&& (== net461) (>= netstandard2.0)) (== net5.0-windows7.0) (== net50) (== netstandard2.0) (== netstandard2.1)
      Microsoft.Extensions.Options (>= 2.2) - restriction: || (&& (== net461) (>= netstandard2.0)) (== net5.0-windows7.0) (== net50) (== netstandard2.0) (== netstandard2.1)
    Microsoft.AspNetCore.Authentication.Core (2.2) - restriction: || (&& (== net461) (>= netstandard2.0)) (&& (== net461) (>= netstandard2.1)) (== net5.0-windows7.0) (== net50) (== netstandard2.0) (== netstandard2.1)
      Microsoft.AspNetCore.Authentication.Abstractions (>= 2.2) - restriction: || (&& (== net461) (>= netstandard2.0)) (== net5.0-windows7.0) (== net50) (== netstandard2.0) (== netstandard2.1)
      Microsoft.AspNetCore.Http (>= 2.2) - restriction: || (&& (== net461) (>= netstandard2.0)) (== net5.0-windows7.0) (== net50) (== netstandard2.0) (== netstandard2.1)
      Microsoft.AspNetCore.Http.Extensions (>= 2.2) - restriction: || (&& (== net461) (>= netstandard2.0)) (== net5.0-windows7.0) (== net50) (== netstandard2.0) (== netstandard2.1)
    Microsoft.AspNetCore.Authorization (5.0.5) - restriction: || (&& (== net461) (>= net50)) (&& (== net461) (>= netstandard2.1)) (== net5.0-windows7.0) (== net50) (&& (== netstandard2.0) (>= net50)) (&& (== netstandard2.0) (>= netstandard2.1)) (== netstandard2.1)
      Microsoft.AspNetCore.Metadata (>= 5.0.5)
      Microsoft.Extensions.Logging.Abstractions (>= 5.0)
      Microsoft.Extensions.Options (>= 5.0)
    Microsoft.AspNetCore.Authorization.Policy (2.2) - restriction: || (&& (== net461) (>= netstandard2.1)) (== net5.0-windows7.0) (== net50) (&& (== netstandard2.0) (>= netstandard2.1)) (== netstandard2.1)
      Microsoft.AspNetCore.Authentication.Abstractions (>= 2.2) - restriction: || (&& (== net461) (>= netstandard2.0)) (== net5.0-windows7.0) (== net50) (== netstandard2.0) (== netstandard2.1)
      Microsoft.AspNetCore.Authorization (>= 2.2) - restriction: || (&& (== net461) (>= netstandard2.0)) (== net5.0-windows7.0) (== net50) (== netstandard2.0) (== netstandard2.1)
    Microsoft.AspNetCore.Components (5.0.5) - restriction: || (&& (== net461) (>= net50)) (&& (== net461) (>= netstandard2.1)) (== net5.0-windows7.0) (== net50) (&& (== netstandard2.0) (>= net50)) (&& (== netstandard2.0) (>= netstandard2.1)) (== netstandard2.1)
      Microsoft.AspNetCore.Authorization (>= 5.0.5) - restriction: || (&& (== net461) (>= net50)) (== net5.0-windows7.0) (== net50) (&& (== netstandard2.0) (>= net50)) (&& (== netstandard2.1) (>= net50))
      Microsoft.AspNetCore.Components.Analyzers (>= 5.0.5) - restriction: || (&& (== net461) (>= net50)) (== net5.0-windows7.0) (== net50) (&& (== netstandard2.0) (>= net50)) (&& (== netstandard2.1) (>= net50))
    Microsoft.AspNetCore.Components.Analyzers (5.0.5) - restriction: || (&& (== net461) (>= net50)) (== net5.0-windows7.0) (== net50) (&& (== netstandard2.0) (>= net50)) (&& (== netstandard2.1) (>= net50))
    Microsoft.AspNetCore.Components.Authorization (5.0.5) - restriction: || (&& (== net461) (>= netstandard2.1)) (== net5.0-windows7.0) (== net50) (&& (== netstandard2.0) (>= netstandard2.1)) (== netstandard2.1)
      Microsoft.AspNetCore.Authorization (>= 5.0.5) - restriction: || (&& (== net461) (>= net50)) (== net5.0-windows7.0) (== net50) (&& (== netstandard2.0) (>= net50)) (&& (== netstandard2.1) (>= net50))
      Microsoft.AspNetCore.Components (>= 5.0.5) - restriction: || (&& (== net461) (>= net50)) (== net5.0-windows7.0) (== net50) (&& (== netstandard2.0) (>= net50)) (&& (== netstandard2.1) (>= net50))
    Microsoft.AspNetCore.Components.Forms (5.0.5) - restriction: || (&& (== net461) (>= net50)) (== net5.0-windows7.0) (== net50) (&& (== netstandard2.0) (>= net50)) (&& (== netstandard2.1) (>= net50))
      Microsoft.AspNetCore.Components (>= 5.0.5) - restriction: || (&& (== net461) (>= net50)) (== net5.0-windows7.0) (== net50) (&& (== netstandard2.0) (>= net50)) (&& (== netstandard2.1) (>= net50))
    Microsoft.AspNetCore.Components.Web (5.0.5) - restriction: || (&& (== net461) (>= netstandard2.1)) (== net5.0-windows7.0) (== net50) (&& (== netstandard2.0) (>= netstandard2.1)) (== netstandard2.1)
      Microsoft.AspNetCore.Components (>= 5.0.5) - restriction: || (&& (== net461) (>= net50)) (== net5.0-windows7.0) (== net50) (&& (== netstandard2.0) (>= net50)) (&& (== netstandard2.1) (>= net50))
      Microsoft.AspNetCore.Components.Forms (>= 5.0.5) - restriction: || (&& (== net461) (>= net50)) (== net5.0-windows7.0) (== net50) (&& (== netstandard2.0) (>= net50)) (&& (== netstandard2.1) (>= net50))
      Microsoft.Extensions.DependencyInjection (>= 5.0.1) - restriction: || (&& (== net461) (>= net50)) (== net5.0-windows7.0) (== net50) (&& (== netstandard2.0) (>= net50)) (&& (== netstandard2.1) (>= net50))
      Microsoft.JSInterop (>= 5.0.5) - restriction: || (&& (== net461) (>= net50)) (== net5.0-windows7.0) (== net50) (&& (== netstandard2.0) (>= net50)) (&& (== netstandard2.1) (>= net50))
      System.IO.Pipelines (>= 5.0.1) - restriction: || (&& (== net461) (>= net50)) (== net5.0-windows7.0) (== net50) (&& (== netstandard2.0) (>= net50)) (&& (== netstandard2.1) (>= net50))
    Microsoft.AspNetCore.Connections.Abstractions (5.0.5) - restriction: || (&& (== net461) (>= netstandard2.0)) (== net5.0-windows7.0) (== net50) (== netstandard2.0) (== netstandard2.1)
      Microsoft.AspNetCore.Http.Features (>= 5.0.5)
      Microsoft.Bcl.AsyncInterfaces (>= 1.0) - restriction: || (== net461) (&& (== net5.0-windows7.0) (>= net461)) (&& (== net5.0-windows7.0) (< netstandard2.1)) (&& (== net50) (>= net461)) (&& (== net50) (< netstandard2.1)) (== netstandard2.0) (&& (== netstandard2.1) (>= net461))
    Microsoft.AspNetCore.Cors (2.2) - restriction: || (&& (== net461) (>= netstandard2.1)) (== net5.0-windows7.0) (== net50) (&& (== netstandard2.0) (>= netstandard2.1)) (== netstandard2.1)
      Microsoft.AspNetCore.Http.Extensions (>= 2.2) - restriction: || (&& (== net461) (>= netstandard2.0)) (== net5.0-windows7.0) (== net50) (== netstandard2.0) (== netstandard2.1)
      Microsoft.Extensions.Configuration.Abstractions (>= 2.2) - restriction: || (&& (== net461) (>= netstandard2.0)) (== net5.0-windows7.0) (== net50) (== netstandard2.0) (== netstandard2.1)
      Microsoft.Extensions.DependencyInjection.Abstractions (>= 2.2) - restriction: || (&& (== net461) (>= netstandard2.0)) (== net5.0-windows7.0) (== net50) (== netstandard2.0) (== netstandard2.1)
      Microsoft.Extensions.Logging.Abstractions (>= 2.2) - restriction: || (&& (== net461) (>= netstandard2.0)) (== net5.0-windows7.0) (== net50) (== netstandard2.0) (== netstandard2.1)
      Microsoft.Extensions.Options (>= 2.2) - restriction: || (&& (== net461) (>= netstandard2.0)) (== net5.0-windows7.0) (== net50) (== netstandard2.0) (== netstandard2.1)
    Microsoft.AspNetCore.Cryptography.Internal (5.0.5) - restriction: || (&& (== net461) (== net5.0-windows7.0)) (&& (== net461) (== net50)) (&& (== net461) (>= netstandard2.0)) (&& (== net5.0-windows7.0) (>= net461)) (&& (== net5.0-windows7.0) (< netcoreapp3.0)) (&& (== net50) (>= net461)) (&& (== net50) (< netcoreapp3.0)) (== netstandard2.0) (== netstandard2.1)
    Microsoft.AspNetCore.DataProtection (5.0.5) - restriction: || (&& (== net461) (>= netstandard2.0)) (&& (== net461) (>= netstandard2.1)) (== net5.0-windows7.0) (== net50) (== netstandard2.0) (== netstandard2.1)
      Microsoft.AspNetCore.Cryptography.Internal (>= 5.0.5)
      Microsoft.AspNetCore.DataProtection.Abstractions (>= 5.0.5)
      Microsoft.Extensions.DependencyInjection.Abstractions (>= 5.0)
      Microsoft.Extensions.Hosting.Abstractions (>= 5.0)
      Microsoft.Extensions.Logging.Abstractions (>= 5.0)
      Microsoft.Extensions.Options (>= 5.0)
      Microsoft.Win32.Registry (>= 5.0)
      System.Security.Cryptography.Xml (>= 5.0)
      System.Security.Principal.Windows (>= 5.0) - restriction: || (&& (== net5.0-windows7.0) (< net50)) (== netstandard2.0) (== netstandard2.1)
    Microsoft.AspNetCore.DataProtection.Abstractions (5.0.5) - restriction: || (&& (== net461) (>= netstandard2.0)) (&& (== net461) (>= netstandard2.1)) (== net5.0-windows7.0) (== net50) (== netstandard2.0) (== netstandard2.1)
    Microsoft.AspNetCore.DataProtection.Extensions (5.0.5) - restriction: || (&& (== net461) (>= netstandard2.1)) (== net5.0-windows7.0) (== net50) (&& (== netstandard2.0) (>= netstandard2.1)) (== netstandard2.1)
      Microsoft.AspNetCore.DataProtection (>= 5.0.5)
      Microsoft.Extensions.DependencyInjection (>= 5.0.1)
    Microsoft.AspNetCore.Diagnostics (2.2) - restriction: || (&& (== net461) (>= netstandard2.0)) (== net5.0-windows7.0) (== net50) (== netstandard2.0) (== netstandard2.1)
      Microsoft.AspNetCore.Diagnostics.Abstractions (>= 2.2) - restriction: || (&& (== net461) (>= netstandard2.0)) (== net5.0-windows7.0) (== net50) (== netstandard2.0) (== netstandard2.1)
      Microsoft.AspNetCore.Hosting.Abstractions (>= 2.2) - restriction: || (&& (== net461) (>= netstandard2.0)) (== net5.0-windows7.0) (== net50) (== netstandard2.0) (== netstandard2.1)
      Microsoft.AspNetCore.Http.Extensions (>= 2.2) - restriction: || (&& (== net461) (>= netstandard2.0)) (== net5.0-windows7.0) (== net50) (== netstandard2.0) (== netstandard2.1)
      Microsoft.AspNetCore.WebUtilities (>= 2.2) - restriction: || (&& (== net461) (>= netstandard2.0)) (== net5.0-windows7.0) (== net50) (== netstandard2.0) (== netstandard2.1)
      Microsoft.Extensions.FileProviders.Physical (>= 2.2) - restriction: || (&& (== net461) (>= netstandard2.0)) (== net5.0-windows7.0) (== net50) (== netstandard2.0) (== netstandard2.1)
      Microsoft.Extensions.Logging.Abstractions (>= 2.2) - restriction: || (&& (== net461) (>= netstandard2.0)) (== net5.0-windows7.0) (== net50) (== netstandard2.0) (== netstandard2.1)
      Microsoft.Extensions.Options (>= 2.2) - restriction: || (&& (== net461) (>= netstandard2.0)) (== net5.0-windows7.0) (== net50) (== netstandard2.0) (== netstandard2.1)
      System.Diagnostics.DiagnosticSource (>= 4.5) - restriction: || (&& (== net461) (>= netstandard2.0)) (== net5.0-windows7.0) (== net50) (== netstandard2.0) (== netstandard2.1)
      System.Reflection.Metadata (>= 1.6) - restriction: || (&& (== net461) (>= netstandard2.0)) (== net5.0-windows7.0) (== net50) (== netstandard2.0) (== netstandard2.1)
    Microsoft.AspNetCore.Diagnostics.Abstractions (2.2) - restriction: || (&& (== net461) (>= netstandard2.0)) (&& (== net461) (>= netstandard2.1)) (== net5.0-windows7.0) (== net50) (== netstandard2.0) (== netstandard2.1)
    Microsoft.AspNetCore.HostFiltering (2.2) - restriction: || (&& (== net461) (>= netstandard2.0)) (== net5.0-windows7.0) (== net50) (== netstandard2.0) (== netstandard2.1)
      Microsoft.AspNetCore.Hosting.Abstractions (>= 2.2) - restriction: || (&& (== net461) (>= netstandard2.0)) (== net5.0-windows7.0) (== net50) (== netstandard2.0) (== netstandard2.1)
      Microsoft.AspNetCore.Http (>= 2.2) - restriction: || (&& (== net461) (>= netstandard2.0)) (== net5.0-windows7.0) (== net50) (== netstandard2.0) (== netstandard2.1)
      Microsoft.AspNetCore.Http.Extensions (>= 2.2) - restriction: || (&& (== net461) (>= netstandard2.0)) (== net5.0-windows7.0) (== net50) (== netstandard2.0) (== netstandard2.1)
      Microsoft.Extensions.Options (>= 2.2) - restriction: || (&& (== net461) (>= netstandard2.0)) (== net5.0-windows7.0) (== net50) (== netstandard2.0) (== netstandard2.1)
    Microsoft.AspNetCore.Hosting (2.2.7)
      Microsoft.AspNetCore.Hosting.Abstractions (>= 2.2) - restriction: || (&& (== net461) (>= netstandard2.0)) (== net5.0-windows7.0) (== net50) (== netstandard2.0) (== netstandard2.1)
      Microsoft.AspNetCore.Http (>= 2.2) - restriction: || (&& (== net461) (>= netstandard2.0)) (== net5.0-windows7.0) (== net50) (== netstandard2.0) (== netstandard2.1)
      Microsoft.AspNetCore.Http.Extensions (>= 2.2) - restriction: || (&& (== net461) (>= netstandard2.0)) (== net5.0-windows7.0) (== net50) (== netstandard2.0) (== netstandard2.1)
      Microsoft.Extensions.Configuration (>= 2.2) - restriction: || (&& (== net461) (>= netstandard2.0)) (== net5.0-windows7.0) (== net50) (== netstandard2.0) (== netstandard2.1)
      Microsoft.Extensions.Configuration.EnvironmentVariables (>= 2.2.4) - restriction: || (&& (== net461) (>= netstandard2.0)) (== net5.0-windows7.0) (== net50) (== netstandard2.0) (== netstandard2.1)
      Microsoft.Extensions.Configuration.FileExtensions (>= 2.2) - restriction: || (&& (== net461) (>= netstandard2.0)) (== net5.0-windows7.0) (== net50) (== netstandard2.0) (== netstandard2.1)
      Microsoft.Extensions.DependencyInjection (>= 2.2) - restriction: || (&& (== net461) (>= netstandard2.0)) (== net5.0-windows7.0) (== net50) (== netstandard2.0) (== netstandard2.1)
      Microsoft.Extensions.FileProviders.Physical (>= 2.2) - restriction: || (&& (== net461) (>= netstandard2.0)) (== net5.0-windows7.0) (== net50) (== netstandard2.0) (== netstandard2.1)
      Microsoft.Extensions.Hosting.Abstractions (>= 2.2) - restriction: || (&& (== net461) (>= netstandard2.0)) (== net5.0-windows7.0) (== net50) (== netstandard2.0) (== netstandard2.1)
      Microsoft.Extensions.Logging (>= 2.2) - restriction: || (&& (== net461) (>= netstandard2.0)) (== net5.0-windows7.0) (== net50) (== netstandard2.0) (== netstandard2.1)
      Microsoft.Extensions.Options (>= 2.2) - restriction: || (&& (== net461) (>= netstandard2.0)) (== net5.0-windows7.0) (== net50) (== netstandard2.0) (== netstandard2.1)
      System.Diagnostics.DiagnosticSource (>= 4.5.1) - restriction: || (&& (== net461) (>= netstandard2.0)) (== net5.0-windows7.0) (== net50) (== netstandard2.0) (== netstandard2.1)
      System.Reflection.Metadata (>= 1.6) - restriction: || (&& (== net461) (>= netstandard2.0)) (== net5.0-windows7.0) (== net50) (== netstandard2.0) (== netstandard2.1)
    Microsoft.AspNetCore.Hosting.Abstractions (2.2)
      Microsoft.AspNetCore.Hosting.Server.Abstractions (>= 2.2) - restriction: || (&& (== net461) (>= netstandard2.0)) (== net5.0-windows7.0) (== net50) (== netstandard2.0) (== netstandard2.1)
      Microsoft.AspNetCore.Http.Abstractions (>= 2.2) - restriction: || (&& (== net461) (>= netstandard2.0)) (== net5.0-windows7.0) (== net50) (== netstandard2.0) (== netstandard2.1)
      Microsoft.Extensions.Hosting.Abstractions (>= 2.2) - restriction: || (&& (== net461) (>= netstandard2.0)) (== net5.0-windows7.0) (== net50) (== netstandard2.0) (== netstandard2.1)
    Microsoft.AspNetCore.Hosting.Server.Abstractions (2.2) - restriction: || (&& (== net461) (>= netstandard2.0)) (== net5.0-windows7.0) (== net50) (== netstandard2.0) (== netstandard2.1)
      Microsoft.AspNetCore.Http.Features (>= 2.2) - restriction: || (&& (== net461) (>= netstandard2.0)) (== net5.0-windows7.0) (== net50) (== netstandard2.0) (== netstandard2.1)
      Microsoft.Extensions.Configuration.Abstractions (>= 2.2) - restriction: || (&& (== net461) (>= netstandard2.0)) (== net5.0-windows7.0) (== net50) (== netstandard2.0) (== netstandard2.1)
    Microsoft.AspNetCore.Html.Abstractions (2.2) - restriction: || (&& (== net461) (>= netstandard2.1)) (== net5.0-windows7.0) (== net50) (&& (== netstandard2.0) (>= netstandard2.1)) (== netstandard2.1)
      System.Text.Encodings.Web (>= 4.5) - restriction: || (&& (== net461) (>= netstandard2.0)) (== net5.0-windows7.0) (== net50) (== netstandard2.0) (== netstandard2.1)
    Microsoft.AspNetCore.Http (2.2.2) - restriction: || (&& (== net461) (>= netstandard2.0)) (&& (== net461) (>= netstandard2.1)) (== net5.0-windows7.0) (== net50) (== netstandard2.0) (== netstandard2.1)
      Microsoft.AspNetCore.Http.Abstractions (>= 2.2) - restriction: || (&& (== net461) (>= netstandard2.0)) (== net5.0-windows7.0) (== net50) (== netstandard2.0) (== netstandard2.1)
      Microsoft.AspNetCore.WebUtilities (>= 2.2) - restriction: || (&& (== net461) (>= netstandard2.0)) (== net5.0-windows7.0) (== net50) (== netstandard2.0) (== netstandard2.1)
      Microsoft.Extensions.ObjectPool (>= 2.2) - restriction: || (&& (== net461) (>= netstandard2.0)) (== net5.0-windows7.0) (== net50) (== netstandard2.0) (== netstandard2.1)
      Microsoft.Extensions.Options (>= 2.2) - restriction: || (&& (== net461) (>= netstandard2.0)) (== net5.0-windows7.0) (== net50) (== netstandard2.0) (== netstandard2.1)
      Microsoft.Net.Http.Headers (>= 2.2) - restriction: || (&& (== net461) (>= netstandard2.0)) (== net5.0-windows7.0) (== net50) (== netstandard2.0) (== netstandard2.1)
    Microsoft.AspNetCore.Http.Abstractions (2.2)
      Microsoft.AspNetCore.Http.Features (>= 2.2) - restriction: || (&& (== net461) (>= netstandard2.0)) (== net5.0-windows7.0) (== net50) (== netstandard2.0) (== netstandard2.1)
      System.Text.Encodings.Web (>= 4.5) - restriction: || (&& (== net461) (>= netstandard2.0)) (== net5.0-windows7.0) (== net50) (== netstandard2.0) (== netstandard2.1)
    Microsoft.AspNetCore.Http.Extensions (2.2) - restriction: || (&& (== net461) (>= netstandard2.0)) (&& (== net461) (>= netstandard2.1)) (== net5.0-windows7.0) (== net50) (== netstandard2.0) (== netstandard2.1)
      Microsoft.AspNetCore.Http.Abstractions (>= 2.2) - restriction: || (&& (== net461) (>= netstandard2.0)) (== net5.0-windows7.0) (== net50) (== netstandard2.0) (== netstandard2.1)
      Microsoft.Extensions.FileProviders.Abstractions (>= 2.2) - restriction: || (&& (== net461) (>= netstandard2.0)) (== net5.0-windows7.0) (== net50) (== netstandard2.0) (== netstandard2.1)
      Microsoft.Net.Http.Headers (>= 2.2) - restriction: || (&& (== net461) (>= netstandard2.0)) (== net5.0-windows7.0) (== net50) (== netstandard2.0) (== netstandard2.1)
      System.Buffers (>= 4.5) - restriction: || (&& (== net461) (>= netstandard2.0)) (== net5.0-windows7.0) (== net50) (== netstandard2.0) (== netstandard2.1)
    Microsoft.AspNetCore.Http.Features (5.0.5) - restriction: || (&& (== net461) (>= netstandard2.0)) (== net5.0-windows7.0) (== net50) (== netstandard2.0) (== netstandard2.1)
      Microsoft.Extensions.Primitives (>= 5.0.1)
      System.IO.Pipelines (>= 5.0.1)
    Microsoft.AspNetCore.HttpOverrides (2.2) - restriction: || (&& (== net461) (>= netstandard2.0)) (== net5.0-windows7.0) (== net50) (== netstandard2.0) (== netstandard2.1)
      Microsoft.AspNetCore.Http.Extensions (>= 2.2) - restriction: || (&& (== net461) (>= netstandard2.0)) (== net5.0-windows7.0) (== net50) (== netstandard2.0) (== netstandard2.1)
      Microsoft.Extensions.Logging.Abstractions (>= 2.2) - restriction: || (&& (== net461) (>= netstandard2.0)) (== net5.0-windows7.0) (== net50) (== netstandard2.0) (== netstandard2.1)
      Microsoft.Extensions.Options (>= 2.2) - restriction: || (&& (== net461) (>= netstandard2.0)) (== net5.0-windows7.0) (== net50) (== netstandard2.0) (== netstandard2.1)
    Microsoft.AspNetCore.JsonPatch (5.0.5) - restriction: || (&& (== net461) (>= netstandard2.1)) (== net5.0-windows7.0) (== net50) (&& (== netstandard2.0) (>= netstandard2.1)) (== netstandard2.1)
      Microsoft.CSharp (>= 4.7)
      Newtonsoft.Json (>= 12.0.2)
    Microsoft.AspNetCore.Localization (2.2) - restriction: || (&& (== net461) (>= netstandard2.1)) (== net5.0-windows7.0) (== net50) (&& (== netstandard2.0) (>= netstandard2.1)) (== netstandard2.1)
      Microsoft.AspNetCore.Http.Extensions (>= 2.2) - restriction: || (&& (== net461) (>= netstandard2.0)) (== net5.0-windows7.0) (== net50) (== netstandard2.0) (== netstandard2.1)
      Microsoft.Extensions.Localization.Abstractions (>= 2.2) - restriction: || (&& (== net461) (>= netstandard2.0)) (== net5.0-windows7.0) (== net50) (== netstandard2.0) (== netstandard2.1)
      Microsoft.Extensions.Logging.Abstractions (>= 2.2) - restriction: || (&& (== net461) (>= netstandard2.0)) (== net5.0-windows7.0) (== net50) (== netstandard2.0) (== netstandard2.1)
      Microsoft.Extensions.Options (>= 2.2) - restriction: || (&& (== net461) (>= netstandard2.0)) (== net5.0-windows7.0) (== net50) (== netstandard2.0) (== netstandard2.1)
    Microsoft.AspNetCore.Metadata (5.0.5) - restriction: || (&& (== net461) (>= net50)) (== net5.0-windows7.0) (== net50) (&& (== netstandard2.0) (>= net50)) (&& (== netstandard2.1) (>= net50))
    Microsoft.AspNetCore.Mvc (2.2) - restriction: || (&& (== net461) (>= netstandard2.1)) (== net5.0-windows7.0) (== net50) (&& (== netstandard2.0) (>= netstandard2.1)) (== netstandard2.1)
      Microsoft.AspNetCore.Mvc.Analyzers (>= 2.2) - restriction: || (&& (== net461) (>= netstandard2.0)) (== net5.0-windows7.0) (== net50) (== netstandard2.0) (== netstandard2.1)
      Microsoft.AspNetCore.Mvc.ApiExplorer (>= 2.2) - restriction: || (&& (== net461) (>= netstandard2.0)) (== net5.0-windows7.0) (== net50) (== netstandard2.0) (== netstandard2.1)
      Microsoft.AspNetCore.Mvc.Cors (>= 2.2) - restriction: || (&& (== net461) (>= netstandard2.0)) (== net5.0-windows7.0) (== net50) (== netstandard2.0) (== netstandard2.1)
      Microsoft.AspNetCore.Mvc.DataAnnotations (>= 2.2) - restriction: || (&& (== net461) (>= netstandard2.0)) (== net5.0-windows7.0) (== net50) (== netstandard2.0) (== netstandard2.1)
      Microsoft.AspNetCore.Mvc.Formatters.Json (>= 2.2) - restriction: || (&& (== net461) (>= netstandard2.0)) (== net5.0-windows7.0) (== net50) (== netstandard2.0) (== netstandard2.1)
      Microsoft.AspNetCore.Mvc.Localization (>= 2.2) - restriction: || (&& (== net461) (>= netstandard2.0)) (== net5.0-windows7.0) (== net50) (== netstandard2.0) (== netstandard2.1)
      Microsoft.AspNetCore.Mvc.Razor.Extensions (>= 2.2) - restriction: || (&& (== net461) (>= netstandard2.0)) (== net5.0-windows7.0) (== net50) (== netstandard2.0) (== netstandard2.1)
      Microsoft.AspNetCore.Mvc.RazorPages (>= 2.2) - restriction: || (&& (== net461) (>= netstandard2.0)) (== net5.0-windows7.0) (== net50) (== netstandard2.0) (== netstandard2.1)
      Microsoft.AspNetCore.Mvc.TagHelpers (>= 2.2) - restriction: || (&& (== net461) (>= netstandard2.0)) (== net5.0-windows7.0) (== net50) (== netstandard2.0) (== netstandard2.1)
      Microsoft.AspNetCore.Mvc.ViewFeatures (>= 2.2) - restriction: || (&& (== net461) (>= netstandard2.0)) (== net5.0-windows7.0) (== net50) (== netstandard2.0) (== netstandard2.1)
      Microsoft.AspNetCore.Razor.Design (>= 2.2) - restriction: || (&& (== net461) (>= netstandard2.0)) (== net5.0-windows7.0) (== net50) (== netstandard2.0) (== netstandard2.1)
      Microsoft.Extensions.Caching.Memory (>= 2.2) - restriction: || (&& (== net461) (>= netstandard2.0)) (== net5.0-windows7.0) (== net50) (== netstandard2.0) (== netstandard2.1)
      Microsoft.Extensions.DependencyInjection (>= 2.2) - restriction: || (&& (== net461) (>= netstandard2.0)) (== net5.0-windows7.0) (== net50) (== netstandard2.0) (== netstandard2.1)
    Microsoft.AspNetCore.Mvc.Abstractions (2.2) - restriction: || (&& (== net461) (>= netstandard2.1)) (== net5.0-windows7.0) (== net50) (&& (== netstandard2.0) (>= netstandard2.1)) (== netstandard2.1)
      Microsoft.AspNetCore.Routing.Abstractions (>= 2.2) - restriction: || (&& (== net461) (>= netstandard2.0)) (== net5.0-windows7.0) (== net50) (== netstandard2.0) (== netstandard2.1)
      Microsoft.Net.Http.Headers (>= 2.2) - restriction: || (&& (== net461) (>= netstandard2.0)) (== net5.0-windows7.0) (== net50) (== netstandard2.0) (== netstandard2.1)
    Microsoft.AspNetCore.Mvc.Analyzers (2.2) - restriction: || (&& (== net461) (>= netstandard2.1)) (== net5.0-windows7.0) (== net50) (&& (== netstandard2.0) (>= netstandard2.1)) (== netstandard2.1)
    Microsoft.AspNetCore.Mvc.ApiExplorer (2.2) - restriction: || (&& (== net461) (>= netstandard2.1)) (== net5.0-windows7.0) (== net50) (&& (== netstandard2.0) (>= netstandard2.1)) (== netstandard2.1)
      Microsoft.AspNetCore.Mvc.Core (>= 2.2) - restriction: || (&& (== net461) (>= netstandard2.0)) (== net5.0-windows7.0) (== net50) (== netstandard2.0) (== netstandard2.1)
    Microsoft.AspNetCore.Mvc.Core (2.2.5) - restriction: || (&& (== net461) (>= netstandard2.1)) (== net5.0-windows7.0) (== net50) (&& (== netstandard2.0) (>= netstandard2.1)) (== netstandard2.1)
      Microsoft.AspNetCore.Authentication.Core (>= 2.2) - restriction: || (&& (== net461) (>= netstandard2.0)) (== net5.0-windows7.0) (== net50) (== netstandard2.0) (== netstandard2.1)
      Microsoft.AspNetCore.Authorization.Policy (>= 2.2) - restriction: || (&& (== net461) (>= netstandard2.0)) (== net5.0-windows7.0) (== net50) (== netstandard2.0) (== netstandard2.1)
      Microsoft.AspNetCore.Hosting.Abstractions (>= 2.2) - restriction: || (&& (== net461) (>= netstandard2.0)) (== net5.0-windows7.0) (== net50) (== netstandard2.0) (== netstandard2.1)
      Microsoft.AspNetCore.Http (>= 2.2) - restriction: || (&& (== net461) (>= netstandard2.0)) (== net5.0-windows7.0) (== net50) (== netstandard2.0) (== netstandard2.1)
      Microsoft.AspNetCore.Http.Extensions (>= 2.2) - restriction: || (&& (== net461) (>= netstandard2.0)) (== net5.0-windows7.0) (== net50) (== netstandard2.0) (== netstandard2.1)
      Microsoft.AspNetCore.Mvc.Abstractions (>= 2.2) - restriction: || (&& (== net461) (>= netstandard2.0)) (== net5.0-windows7.0) (== net50) (== netstandard2.0) (== netstandard2.1)
      Microsoft.AspNetCore.ResponseCaching.Abstractions (>= 2.2) - restriction: || (&& (== net461) (>= netstandard2.0)) (== net5.0-windows7.0) (== net50) (== netstandard2.0) (== netstandard2.1)
      Microsoft.AspNetCore.Routing (>= 2.2) - restriction: || (&& (== net461) (>= netstandard2.0)) (== net5.0-windows7.0) (== net50) (== netstandard2.0) (== netstandard2.1)
      Microsoft.AspNetCore.Routing.Abstractions (>= 2.2) - restriction: || (&& (== net461) (>= netstandard2.0)) (== net5.0-windows7.0) (== net50) (== netstandard2.0) (== netstandard2.1)
      Microsoft.Extensions.DependencyInjection (>= 2.2) - restriction: || (&& (== net461) (>= netstandard2.0)) (== net5.0-windows7.0) (== net50) (== netstandard2.0) (== netstandard2.1)
      Microsoft.Extensions.DependencyModel (>= 2.1) - restriction: || (&& (== net461) (>= netstandard2.0)) (== net5.0-windows7.0) (== net50) (== netstandard2.0) (== netstandard2.1)
      Microsoft.Extensions.FileProviders.Abstractions (>= 2.2) - restriction: || (&& (== net461) (>= netstandard2.0)) (== net5.0-windows7.0) (== net50) (== netstandard2.0) (== netstandard2.1)
      Microsoft.Extensions.Logging.Abstractions (>= 2.2) - restriction: || (&& (== net461) (>= netstandard2.0)) (== net5.0-windows7.0) (== net50) (== netstandard2.0) (== netstandard2.1)
      System.Diagnostics.DiagnosticSource (>= 4.5) - restriction: || (&& (== net461) (>= netstandard2.0)) (== net5.0-windows7.0) (== net50) (== netstandard2.0) (== netstandard2.1)
      System.Threading.Tasks.Extensions (>= 4.5.1) - restriction: || (&& (== net461) (>= netstandard2.0)) (== net5.0-windows7.0) (== net50) (== netstandard2.0) (== netstandard2.1)
    Microsoft.AspNetCore.Mvc.Cors (2.2) - restriction: || (&& (== net461) (>= netstandard2.1)) (== net5.0-windows7.0) (== net50) (&& (== netstandard2.0) (>= netstandard2.1)) (== netstandard2.1)
      Microsoft.AspNetCore.Cors (>= 2.2) - restriction: || (&& (== net461) (>= netstandard2.0)) (== net5.0-windows7.0) (== net50) (== netstandard2.0) (== netstandard2.1)
      Microsoft.AspNetCore.Mvc.Core (>= 2.2) - restriction: || (&& (== net461) (>= netstandard2.0)) (== net5.0-windows7.0) (== net50) (== netstandard2.0) (== netstandard2.1)
    Microsoft.AspNetCore.Mvc.DataAnnotations (2.2) - restriction: || (&& (== net461) (>= netstandard2.1)) (== net5.0-windows7.0) (== net50) (&& (== netstandard2.0) (>= netstandard2.1)) (== netstandard2.1)
      Microsoft.AspNetCore.Mvc.Core (>= 2.2) - restriction: || (&& (== net461) (>= netstandard2.0)) (== net5.0-windows7.0) (== net50) (== netstandard2.0) (== netstandard2.1)
      Microsoft.Extensions.Localization (>= 2.2) - restriction: || (&& (== net461) (>= netstandard2.0)) (== net5.0-windows7.0) (== net50) (== netstandard2.0) (== netstandard2.1)
      System.ComponentModel.Annotations (>= 4.5) - restriction: || (&& (== net461) (>= netstandard2.0)) (== net5.0-windows7.0) (== net50) (== netstandard2.0) (== netstandard2.1)
    Microsoft.AspNetCore.Mvc.Formatters.Json (2.2) - restriction: || (&& (== net461) (>= netstandard2.1)) (== net5.0-windows7.0) (== net50) (&& (== netstandard2.0) (>= netstandard2.1)) (== netstandard2.1)
      Microsoft.AspNetCore.JsonPatch (>= 2.2) - restriction: || (&& (== net461) (>= netstandard2.0)) (== net5.0-windows7.0) (== net50) (== netstandard2.0) (== netstandard2.1)
      Microsoft.AspNetCore.Mvc.Core (>= 2.2) - restriction: || (&& (== net461) (>= netstandard2.0)) (== net5.0-windows7.0) (== net50) (== netstandard2.0) (== netstandard2.1)
    Microsoft.AspNetCore.Mvc.Localization (2.2) - restriction: || (&& (== net461) (>= netstandard2.1)) (== net5.0-windows7.0) (== net50) (&& (== netstandard2.0) (>= netstandard2.1)) (== netstandard2.1)
      Microsoft.AspNetCore.Localization (>= 2.2) - restriction: || (&& (== net461) (>= netstandard2.0)) (== net5.0-windows7.0) (== net50) (== netstandard2.0) (== netstandard2.1)
      Microsoft.AspNetCore.Mvc.Razor (>= 2.2) - restriction: || (&& (== net461) (>= netstandard2.0)) (== net5.0-windows7.0) (== net50) (== netstandard2.0) (== netstandard2.1)
      Microsoft.Extensions.DependencyInjection (>= 2.2) - restriction: || (&& (== net461) (>= netstandard2.0)) (== net5.0-windows7.0) (== net50) (== netstandard2.0) (== netstandard2.1)
      Microsoft.Extensions.Localization (>= 2.2) - restriction: || (&& (== net461) (>= netstandard2.0)) (== net5.0-windows7.0) (== net50) (== netstandard2.0) (== netstandard2.1)
    Microsoft.AspNetCore.Mvc.Razor (2.2) - restriction: || (&& (== net461) (>= netstandard2.1)) (== net5.0-windows7.0) (== net50) (&& (== netstandard2.0) (>= netstandard2.1)) (== netstandard2.1)
      Microsoft.AspNetCore.Mvc.Razor.Extensions (>= 2.2)
      Microsoft.AspNetCore.Mvc.ViewFeatures (>= 2.2)
      Microsoft.AspNetCore.Razor.Runtime (>= 2.2)
      Microsoft.CodeAnalysis.CSharp (>= 2.8)
      Microsoft.CodeAnalysis.Razor (>= 2.2)
      Microsoft.Extensions.Caching.Memory (>= 2.2)
      Microsoft.Extensions.FileProviders.Composite (>= 2.2)
    Microsoft.AspNetCore.Mvc.Razor.Extensions (5.0.5) - restriction: || (&& (== net461) (>= netstandard2.1)) (== net5.0-windows7.0) (== net50) (&& (== netstandard2.0) (>= netstandard2.1)) (== netstandard2.1)
      Microsoft.AspNetCore.Razor.Language (>= 5.0.5) - restriction: || (&& (== net461) (>= netstandard2.0)) (== net5.0-windows7.0) (== net50) (== netstandard2.0) (== netstandard2.1)
      Microsoft.CodeAnalysis.Razor (>= 5.0.5) - restriction: || (&& (== net461) (>= netstandard2.0)) (== net5.0-windows7.0) (== net50) (== netstandard2.0) (== netstandard2.1)
    Microsoft.AspNetCore.Mvc.RazorPages (2.2.5) - restriction: || (&& (== net461) (>= netstandard2.1)) (== net5.0-windows7.0) (== net50) (&& (== netstandard2.0) (>= netstandard2.1)) (== netstandard2.1)
      Microsoft.AspNetCore.Mvc.Razor (>= 2.2) - restriction: || (&& (== net461) (>= netstandard2.0)) (== net5.0-windows7.0) (== net50) (== netstandard2.0) (== netstandard2.1)
    Microsoft.AspNetCore.Mvc.TagHelpers (2.2) - restriction: || (&& (== net461) (>= netstandard2.1)) (== net5.0-windows7.0) (== net50) (&& (== netstandard2.0) (>= netstandard2.1)) (== netstandard2.1)
      Microsoft.AspNetCore.Mvc.Razor (>= 2.2) - restriction: || (&& (== net461) (>= netstandard2.0)) (== net5.0-windows7.0) (== net50) (== netstandard2.0) (== netstandard2.1)
      Microsoft.AspNetCore.Razor.Runtime (>= 2.2) - restriction: || (&& (== net461) (>= netstandard2.0)) (== net5.0-windows7.0) (== net50) (== netstandard2.0) (== netstandard2.1)
      Microsoft.AspNetCore.Routing.Abstractions (>= 2.2) - restriction: || (&& (== net461) (>= netstandard2.0)) (== net5.0-windows7.0) (== net50) (== netstandard2.0) (== netstandard2.1)
      Microsoft.Extensions.Caching.Memory (>= 2.2) - restriction: || (&& (== net461) (>= netstandard2.0)) (== net5.0-windows7.0) (== net50) (== netstandard2.0) (== netstandard2.1)
      Microsoft.Extensions.FileSystemGlobbing (>= 2.2) - restriction: || (&& (== net461) (>= netstandard2.0)) (== net5.0-windows7.0) (== net50) (== netstandard2.0) (== netstandard2.1)
      Microsoft.Extensions.Primitives (>= 2.2) - restriction: || (&& (== net461) (>= netstandard2.0)) (== net5.0-windows7.0) (== net50) (== netstandard2.0) (== netstandard2.1)
    Microsoft.AspNetCore.Mvc.ViewFeatures (2.2) - restriction: || (&& (== net461) (>= netstandard2.1)) (== net5.0-windows7.0) (== net50) (&& (== netstandard2.0) (>= netstandard2.1)) (== netstandard2.1)
      Microsoft.AspNetCore.Antiforgery (>= 2.2) - restriction: || (&& (== net461) (>= netstandard2.0)) (== net5.0-windows7.0) (== net50) (== netstandard2.0) (== netstandard2.1)
      Microsoft.AspNetCore.Diagnostics.Abstractions (>= 2.2) - restriction: || (&& (== net461) (>= netstandard2.0)) (== net5.0-windows7.0) (== net50) (== netstandard2.0) (== netstandard2.1)
      Microsoft.AspNetCore.Html.Abstractions (>= 2.2) - restriction: || (&& (== net461) (>= netstandard2.0)) (== net5.0-windows7.0) (== net50) (== netstandard2.0) (== netstandard2.1)
      Microsoft.AspNetCore.Mvc.Core (>= 2.2) - restriction: || (&& (== net461) (>= netstandard2.0)) (== net5.0-windows7.0) (== net50) (== netstandard2.0) (== netstandard2.1)
      Microsoft.AspNetCore.Mvc.DataAnnotations (>= 2.2) - restriction: || (&& (== net461) (>= netstandard2.0)) (== net5.0-windows7.0) (== net50) (== netstandard2.0) (== netstandard2.1)
      Microsoft.AspNetCore.Mvc.Formatters.Json (>= 2.2) - restriction: || (&& (== net461) (>= netstandard2.0)) (== net5.0-windows7.0) (== net50) (== netstandard2.0) (== netstandard2.1)
      Microsoft.Extensions.WebEncoders (>= 2.2) - restriction: || (&& (== net461) (>= netstandard2.0)) (== net5.0-windows7.0) (== net50) (== netstandard2.0) (== netstandard2.1)
      Newtonsoft.Json.Bson (>= 1.0.1) - restriction: || (&& (== net461) (>= netstandard2.0)) (== net5.0-windows7.0) (== net50) (== netstandard2.0) (== netstandard2.1)
    Microsoft.AspNetCore.Razor (2.2) - restriction: || (&& (== net461) (>= netstandard2.1)) (== net5.0-windows7.0) (== net50) (&& (== netstandard2.0) (>= netstandard2.1)) (== netstandard2.1)
      Microsoft.AspNetCore.Html.Abstractions (>= 2.2) - restriction: || (&& (== net461) (>= netstandard2.0)) (== net5.0-windows7.0) (== net50) (== netstandard2.0) (== netstandard2.1)
    Microsoft.AspNetCore.Razor.Design (2.2) - restriction: || (&& (== net461) (>= netstandard2.1)) (== net5.0-windows7.0) (== net50) (&& (== netstandard2.0) (>= netstandard2.1)) (== netstandard2.1)
    Microsoft.AspNetCore.Razor.Language (5.0.5) - restriction: || (&& (== net461) (>= netstandard2.1)) (== net5.0-windows7.0) (== net50) (&& (== netstandard2.0) (>= netstandard2.1)) (== netstandard2.1)
    Microsoft.AspNetCore.Razor.Runtime (2.2) - restriction: || (&& (== net461) (>= netstandard2.1)) (== net5.0-windows7.0) (== net50) (&& (== netstandard2.0) (>= netstandard2.1)) (== netstandard2.1)
      Microsoft.AspNetCore.Html.Abstractions (>= 2.2) - restriction: || (&& (== net461) (>= netstandard2.0)) (== net5.0-windows7.0) (== net50) (== netstandard2.0) (== netstandard2.1)
      Microsoft.AspNetCore.Razor (>= 2.2) - restriction: || (&& (== net461) (>= netstandard2.0)) (== net5.0-windows7.0) (== net50) (== netstandard2.0) (== netstandard2.1)
    Microsoft.AspNetCore.ResponseCaching.Abstractions (2.2) - restriction: || (&& (== net461) (>= netstandard2.1)) (== net5.0-windows7.0) (== net50) (&& (== netstandard2.0) (>= netstandard2.1)) (== netstandard2.1)
      Microsoft.Extensions.Primitives (>= 2.2) - restriction: || (&& (== net461) (>= netstandard2.0)) (== net5.0-windows7.0) (== net50) (== netstandard2.0) (== netstandard2.1)
    Microsoft.AspNetCore.Routing (2.2.2) - restriction: || (&& (== net461) (>= netstandard2.0)) (&& (== net461) (>= netstandard2.1)) (== net5.0-windows7.0) (== net50) (== netstandard2.0) (== netstandard2.1)
      Microsoft.AspNetCore.Http.Extensions (>= 2.2) - restriction: || (&& (== net461) (>= netstandard2.0)) (== net5.0-windows7.0) (== net50) (== netstandard2.0) (== netstandard2.1)
      Microsoft.AspNetCore.Routing.Abstractions (>= 2.2) - restriction: || (&& (== net461) (>= netstandard2.0)) (== net5.0-windows7.0) (== net50) (== netstandard2.0) (== netstandard2.1)
      Microsoft.Extensions.Logging.Abstractions (>= 2.2) - restriction: || (&& (== net461) (>= netstandard2.0)) (== net5.0-windows7.0) (== net50) (== netstandard2.0) (== netstandard2.1)
      Microsoft.Extensions.ObjectPool (>= 2.2) - restriction: || (&& (== net461) (>= netstandard2.0)) (== net5.0-windows7.0) (== net50) (== netstandard2.0) (== netstandard2.1)
      Microsoft.Extensions.Options (>= 2.2) - restriction: || (&& (== net461) (>= netstandard2.0)) (== net5.0-windows7.0) (== net50) (== netstandard2.0) (== netstandard2.1)
    Microsoft.AspNetCore.Routing.Abstractions (2.2) - restriction: || (&& (== net461) (>= netstandard2.0)) (&& (== net461) (>= netstandard2.1)) (== net5.0-windows7.0) (== net50) (== netstandard2.0) (== netstandard2.1)
      Microsoft.AspNetCore.Http.Abstractions (>= 2.2) - restriction: || (&& (== net461) (>= netstandard2.0)) (== net5.0-windows7.0) (== net50) (== netstandard2.0) (== netstandard2.1)
    Microsoft.AspNetCore.Server.IIS (2.2.6) - restriction: || (&& (== net461) (>= netstandard2.0)) (== net5.0-windows7.0) (== net50) (== netstandard2.0) (== netstandard2.1)
      Microsoft.AspNetCore.Authentication.Core (>= 2.2) - restriction: || (&& (== net461) (>= netstandard2.0)) (== net5.0-windows7.0) (== net50) (== netstandard2.0) (== netstandard2.1)
      Microsoft.AspNetCore.Connections.Abstractions (>= 2.2) - restriction: || (&& (== net461) (>= netstandard2.0)) (== net5.0-windows7.0) (== net50) (== netstandard2.0) (== netstandard2.1)
      Microsoft.AspNetCore.Hosting.Abstractions (>= 2.2) - restriction: || (&& (== net461) (>= netstandard2.0)) (== net5.0-windows7.0) (== net50) (== netstandard2.0) (== netstandard2.1)
      System.IO.Pipelines (>= 4.5.3) - restriction: || (&& (== net461) (>= netstandard2.0)) (== net5.0-windows7.0) (== net50) (== netstandard2.0) (== netstandard2.1)
      System.Security.Principal.Windows (>= 4.5) - restriction: || (&& (== net461) (>= netstandard2.0)) (== net5.0-windows7.0) (== net50) (== netstandard2.0) (== netstandard2.1)
    Microsoft.AspNetCore.Server.IISIntegration (2.2.1) - restriction: || (&& (== net461) (>= netstandard2.0)) (== net5.0-windows7.0) (== net50) (== netstandard2.0) (== netstandard2.1)
      Microsoft.AspNetCore.Authentication.Core (>= 2.2) - restriction: || (&& (== net461) (>= netstandard2.0)) (== net5.0-windows7.0) (== net50) (== netstandard2.0) (== netstandard2.1)
      Microsoft.AspNetCore.Hosting.Abstractions (>= 2.2) - restriction: || (&& (== net461) (>= netstandard2.0)) (== net5.0-windows7.0) (== net50) (== netstandard2.0) (== netstandard2.1)
      Microsoft.AspNetCore.Http (>= 2.2) - restriction: || (&& (== net461) (>= netstandard2.0)) (== net5.0-windows7.0) (== net50) (== netstandard2.0) (== netstandard2.1)
      Microsoft.AspNetCore.Http.Extensions (>= 2.2) - restriction: || (&& (== net461) (>= netstandard2.0)) (== net5.0-windows7.0) (== net50) (== netstandard2.0) (== netstandard2.1)
      Microsoft.AspNetCore.HttpOverrides (>= 2.2) - restriction: || (&& (== net461) (>= netstandard2.0)) (== net5.0-windows7.0) (== net50) (== netstandard2.0) (== netstandard2.1)
      Microsoft.Extensions.Logging.Abstractions (>= 2.2) - restriction: || (&& (== net461) (>= netstandard2.0)) (== net5.0-windows7.0) (== net50) (== netstandard2.0) (== netstandard2.1)
      Microsoft.Extensions.Options (>= 2.2) - restriction: || (&& (== net461) (>= netstandard2.0)) (== net5.0-windows7.0) (== net50) (== netstandard2.0) (== netstandard2.1)
      System.Buffers (>= 4.5) - restriction: || (&& (== net461) (>= netstandard2.0)) (== net5.0-windows7.0) (== net50) (== netstandard2.0) (== netstandard2.1)
      System.IO.Pipelines (>= 4.5.2) - restriction: || (&& (== net461) (>= netstandard2.0)) (== net5.0-windows7.0) (== net50) (== netstandard2.0) (== netstandard2.1)
      System.Memory (>= 4.5.1) - restriction: || (&& (== net461) (>= netstandard2.0)) (== net5.0-windows7.0) (== net50) (== netstandard2.0) (== netstandard2.1)
      System.Numerics.Vectors (>= 4.5) - restriction: || (&& (== net461) (>= netstandard2.0)) (== net5.0-windows7.0) (== net50) (== netstandard2.0) (== netstandard2.1)
      System.Runtime.CompilerServices.Unsafe (>= 4.5.1) - restriction: || (&& (== net461) (>= netstandard2.0)) (== net5.0-windows7.0) (== net50) (== netstandard2.0) (== netstandard2.1)
      System.Security.Principal.Windows (>= 4.5) - restriction: || (&& (== net461) (>= netstandard2.0)) (== net5.0-windows7.0) (== net50) (== netstandard2.0) (== netstandard2.1)
    Microsoft.AspNetCore.Server.Kestrel (2.2) - restriction: || (&& (== net461) (>= netstandard2.0)) (== net5.0-windows7.0) (== net50) (== netstandard2.0) (== netstandard2.1)
      Microsoft.AspNetCore.Hosting (>= 2.2) - restriction: || (&& (== net461) (>= netstandard2.0)) (== net5.0-windows7.0) (== net50) (== netstandard2.0) (== netstandard2.1)
      Microsoft.AspNetCore.Server.Kestrel.Core (>= 2.2) - restriction: || (&& (== net461) (>= netstandard2.0)) (== net5.0-windows7.0) (== net50) (== netstandard2.0) (== netstandard2.1)
      Microsoft.AspNetCore.Server.Kestrel.Https (>= 2.2) - restriction: || (&& (== net461) (>= netstandard2.0)) (== net5.0-windows7.0) (== net50) (== netstandard2.0) (== netstandard2.1)
      Microsoft.AspNetCore.Server.Kestrel.Transport.Sockets (>= 2.2) - restriction: || (&& (== net461) (>= netstandard2.0)) (== net5.0-windows7.0) (== net50) (== netstandard2.0) (== netstandard2.1)
    Microsoft.AspNetCore.Server.Kestrel.Core (2.2) - restriction: || (&& (== net461) (>= netstandard2.0)) (== net5.0-windows7.0) (== net50) (== netstandard2.0) (== netstandard2.1)
      Microsoft.AspNetCore.Hosting.Abstractions (>= 2.2) - restriction: || (&& (== net461) (>= netstandard2.0)) (== net5.0-windows7.0) (== net50) (== netstandard2.0) (== netstandard2.1)
      Microsoft.AspNetCore.Http (>= 2.2) - restriction: || (&& (== net461) (>= netstandard2.0)) (== net5.0-windows7.0) (== net50) (== netstandard2.0) (== netstandard2.1)
      Microsoft.AspNetCore.Server.Kestrel.Transport.Abstractions (>= 2.2) - restriction: || (&& (== net461) (>= netstandard2.0)) (== net5.0-windows7.0) (== net50) (== netstandard2.0) (== netstandard2.1)
      Microsoft.AspNetCore.WebUtilities (>= 2.2) - restriction: || (&& (== net461) (>= netstandard2.0)) (== net5.0-windows7.0) (== net50) (== netstandard2.0) (== netstandard2.1)
      Microsoft.Extensions.Configuration.Binder (>= 2.2) - restriction: || (&& (== net461) (>= netstandard2.0)) (== net5.0-windows7.0) (== net50) (== netstandard2.0) (== netstandard2.1)
      Microsoft.Extensions.Logging.Abstractions (>= 2.2) - restriction: || (&& (== net461) (>= netstandard2.0)) (== net5.0-windows7.0) (== net50) (== netstandard2.0) (== netstandard2.1)
      Microsoft.Extensions.Options (>= 2.2) - restriction: || (&& (== net461) (>= netstandard2.0)) (== net5.0-windows7.0) (== net50) (== netstandard2.0) (== netstandard2.1)
      Microsoft.Net.Http.Headers (>= 2.2) - restriction: || (&& (== net461) (>= netstandard2.0)) (== net5.0-windows7.0) (== net50) (== netstandard2.0) (== netstandard2.1)
      System.Memory (>= 4.5.1) - restriction: || (&& (== net461) (>= netstandard2.0)) (== net5.0-windows7.0) (== net50) (== netstandard2.0) (== netstandard2.1)
      System.Numerics.Vectors (>= 4.5) - restriction: || (&& (== net461) (>= netstandard2.0)) (== net5.0-windows7.0) (== net50) (== netstandard2.0) (== netstandard2.1)
      System.Runtime.CompilerServices.Unsafe (>= 4.5.1) - restriction: || (&& (== net461) (>= netstandard2.0)) (== net5.0-windows7.0) (== net50) (== netstandard2.0) (== netstandard2.1)
      System.Security.Cryptography.Cng (>= 4.5) - restriction: || (&& (== net461) (>= netstandard2.0)) (== net5.0-windows7.0) (== net50) (== netstandard2.0) (== netstandard2.1)
      System.Threading.Tasks.Extensions (>= 4.5.1) - restriction: || (&& (== net461) (>= netstandard2.0)) (== net5.0-windows7.0) (== net50) (== netstandard2.0) (== netstandard2.1)
    Microsoft.AspNetCore.Server.Kestrel.Https (2.2) - restriction: || (&& (== net461) (>= netstandard2.0)) (== net5.0-windows7.0) (== net50) (== netstandard2.0) (== netstandard2.1)
      Microsoft.AspNetCore.Http.Abstractions (>= 2.2) - restriction: || (&& (== net461) (>= netstandard2.0)) (== net5.0-windows7.0) (== net50) (== netstandard2.0) (== netstandard2.1)
      Microsoft.AspNetCore.Server.Kestrel.Core (>= 2.2) - restriction: || (&& (== net461) (>= netstandard2.0)) (== net5.0-windows7.0) (== net50) (== netstandard2.0) (== netstandard2.1)
    Microsoft.AspNetCore.Server.Kestrel.Transport.Abstractions (2.2) - restriction: || (&& (== net461) (>= netstandard2.0)) (== net5.0-windows7.0) (== net50) (== netstandard2.0) (== netstandard2.1)
      Microsoft.AspNetCore.Connections.Abstractions (>= 2.2) - restriction: || (&& (== net461) (>= netstandard2.0)) (== net5.0-windows7.0) (== net50) (== netstandard2.0) (== netstandard2.1)
    Microsoft.AspNetCore.Server.Kestrel.Transport.Sockets (2.2.1) - restriction: || (&& (== net461) (>= netstandard2.0)) (== net5.0-windows7.0) (== net50) (== netstandard2.0) (== netstandard2.1)
      Microsoft.AspNetCore.Hosting.Abstractions (>= 2.2) - restriction: || (&& (== net461) (>= netstandard2.0)) (== net5.0-windows7.0) (== net50) (== netstandard2.0) (== netstandard2.1)
      Microsoft.AspNetCore.Server.Kestrel.Transport.Abstractions (>= 2.2) - restriction: || (&& (== net461) (>= netstandard2.0)) (== net5.0-windows7.0) (== net50) (== netstandard2.0) (== netstandard2.1)
      Microsoft.Extensions.Options (>= 2.2) - restriction: || (&& (== net461) (>= netstandard2.0)) (== net5.0-windows7.0) (== net50) (== netstandard2.0) (== netstandard2.1)
    Microsoft.AspNetCore.WebUtilities (2.2) - restriction: || (&& (== net461) (>= netstandard2.0)) (== net5.0-windows7.0) (== net50) (== netstandard2.0) (== netstandard2.1)
      Microsoft.Net.Http.Headers (>= 2.2) - restriction: || (&& (== net461) (>= netstandard2.0)) (== net5.0-windows7.0) (== net50) (== netstandard2.0) (== netstandard2.1)
      System.Text.Encodings.Web (>= 4.5) - restriction: || (&& (== net461) (>= netstandard2.0)) (== net5.0-windows7.0) (== net50) (== netstandard2.0) (== netstandard2.1)
    Microsoft.Bcl.AsyncInterfaces (5.0)
      System.Threading.Tasks.Extensions (>= 4.5.4) - restriction: || (== net461) (&& (== net5.0-windows7.0) (>= net461)) (&& (== net5.0-windows7.0) (< netcoreapp2.1) (< netstandard2.1)) (&& (== net50) (>= net461)) (&& (== net50) (< netcoreapp2.1) (< netstandard2.1)) (== netstandard2.0) (&& (== netstandard2.1) (>= net461))
    Microsoft.CodeAnalysis (3.9)
      Microsoft.CodeAnalysis.CSharp.Workspaces (3.9) - restriction: || (&& (== net461) (>= netstandard2.0)) (== net5.0-windows7.0) (== net50) (== netstandard2.0) (== netstandard2.1)
      Microsoft.CodeAnalysis.VisualBasic.Workspaces (3.9) - restriction: || (&& (== net461) (>= netstandard2.0)) (== net5.0-windows7.0) (== net50) (== netstandard2.0) (== netstandard2.1)
    Microsoft.CodeAnalysis.Analyzers (3.3.2) - restriction: || (&& (== net461) (>= netstandard2.0)) (== net5.0-windows7.0) (== net50) (== netstandard2.0) (== netstandard2.1)
    Microsoft.CodeAnalysis.Common (3.9) - restriction: || (&& (== net461) (>= netstandard2.0)) (&& (== net461) (>= netstandard2.1)) (== net5.0-windows7.0) (== net50) (== netstandard2.0) (== netstandard2.1)
      Microsoft.CodeAnalysis.Analyzers (>= 3.0) - restriction: || (&& (== net461) (>= netstandard2.0)) (== net5.0-windows7.0) (== net50) (== netstandard2.0) (== netstandard2.1)
      System.Collections.Immutable (>= 5.0) - restriction: || (&& (== net461) (>= netstandard2.0)) (== net5.0-windows7.0) (== net50) (== netstandard2.0) (== netstandard2.1)
      System.Memory (>= 4.5.4) - restriction: || (&& (== net461) (>= netstandard2.0)) (== net5.0-windows7.0) (== net50) (== netstandard2.0) (== netstandard2.1)
      System.Reflection.Metadata (>= 5.0) - restriction: || (&& (== net461) (>= netstandard2.0)) (== net5.0-windows7.0) (== net50) (== netstandard2.0) (== netstandard2.1)
      System.Runtime.CompilerServices.Unsafe (>= 5.0) - restriction: || (&& (== net461) (>= netstandard2.0)) (== net5.0-windows7.0) (== net50) (== netstandard2.0) (== netstandard2.1)
      System.Text.Encoding.CodePages (>= 4.5.1) - restriction: || (&& (== net461) (>= netstandard2.0)) (== net5.0-windows7.0) (== net50) (== netstandard2.0) (== netstandard2.1)
      System.Threading.Tasks.Extensions (>= 4.5.4) - restriction: || (&& (== net461) (>= netstandard2.0)) (== net5.0-windows7.0) (== net50) (== netstandard2.0) (== netstandard2.1)
    Microsoft.CodeAnalysis.CSharp (3.9)
      Microsoft.CodeAnalysis.Common (3.9) - restriction: || (&& (== net461) (>= netstandard2.0)) (== net5.0-windows7.0) (== net50) (== netstandard2.0) (== netstandard2.1)
    Microsoft.CodeAnalysis.CSharp.Workspaces (3.9) - restriction: || (&& (== net461) (>= netstandard2.0)) (== net5.0-windows7.0) (== net50) (== netstandard2.0) (== netstandard2.1)
      Humanizer.Core (>= 2.2) - restriction: || (&& (== net461) (>= netstandard2.0)) (== net5.0-windows7.0) (== net50) (== netstandard2.0) (== netstandard2.1)
      Microsoft.CodeAnalysis.Common (3.9) - restriction: || (&& (== net461) (>= netstandard2.0)) (== net5.0-windows7.0) (== net50) (== netstandard2.0) (== netstandard2.1)
      Microsoft.CodeAnalysis.CSharp (3.9) - restriction: || (&& (== net461) (>= netstandard2.0)) (== net5.0-windows7.0) (== net50) (== netstandard2.0) (== netstandard2.1)
      Microsoft.CodeAnalysis.Workspaces.Common (3.9) - restriction: || (&& (== net461) (>= netstandard2.0)) (== net5.0-windows7.0) (== net50) (== netstandard2.0) (== netstandard2.1)
    Microsoft.CodeAnalysis.Razor (5.0.5) - restriction: || (&& (== net461) (>= netstandard2.1)) (== net5.0-windows7.0) (== net50) (&& (== netstandard2.0) (>= netstandard2.1)) (== netstandard2.1)
      Microsoft.AspNetCore.Razor.Language (>= 5.0.5) - restriction: || (&& (== net461) (>= netstandard2.0)) (== net5.0-windows7.0) (== net50) (== netstandard2.0) (== netstandard2.1)
      Microsoft.CodeAnalysis.Common (>= 3.8) - restriction: || (&& (== net461) (>= netstandard2.0)) (== net5.0-windows7.0) (== net50) (== netstandard2.0) (== netstandard2.1)
      Microsoft.CodeAnalysis.CSharp (>= 3.8) - restriction: || (&& (== net461) (>= netstandard2.0)) (== net5.0-windows7.0) (== net50) (== netstandard2.0) (== netstandard2.1)
    Microsoft.CodeAnalysis.VisualBasic (3.9) - restriction: || (&& (== net461) (>= netstandard2.0)) (== net5.0-windows7.0) (== net50) (== netstandard2.0) (== netstandard2.1)
      Microsoft.CodeAnalysis.Common (3.9) - restriction: || (&& (== net461) (>= netstandard2.0)) (== net5.0-windows7.0) (== net50) (== netstandard2.0) (== netstandard2.1)
    Microsoft.CodeAnalysis.VisualBasic.Workspaces (3.9) - restriction: || (&& (== net461) (>= netstandard2.0)) (== net5.0-windows7.0) (== net50) (== netstandard2.0) (== netstandard2.1)
      Microsoft.CodeAnalysis.Common (3.9) - restriction: || (&& (== net461) (>= netstandard2.0)) (== net5.0-windows7.0) (== net50) (== netstandard2.0) (== netstandard2.1)
      Microsoft.CodeAnalysis.VisualBasic (3.9) - restriction: || (&& (== net461) (>= netstandard2.0)) (== net5.0-windows7.0) (== net50) (== netstandard2.0) (== netstandard2.1)
      Microsoft.CodeAnalysis.Workspaces.Common (3.9) - restriction: || (&& (== net461) (>= netstandard2.0)) (== net5.0-windows7.0) (== net50) (== netstandard2.0) (== netstandard2.1)
    Microsoft.CodeAnalysis.Workspaces.Common (3.9) - restriction: || (&& (== net461) (>= netstandard2.0)) (== net5.0-windows7.0) (== net50) (== netstandard2.0) (== netstandard2.1)
      Humanizer.Core (>= 2.2) - restriction: || (&& (== net461) (>= netstandard2.0)) (== net5.0-windows7.0) (== net50) (== netstandard2.0) (== netstandard2.1)
      Microsoft.Bcl.AsyncInterfaces (>= 5.0) - restriction: || (&& (== net461) (>= netstandard2.0)) (== net5.0-windows7.0) (== net50) (== netstandard2.0) (== netstandard2.1)
      Microsoft.CodeAnalysis.Common (3.9) - restriction: || (&& (== net461) (>= netstandard2.0)) (== net5.0-windows7.0) (== net50) (== netstandard2.0) (== netstandard2.1)
      System.Composition (>= 1.0.31) - restriction: || (&& (== net461) (>= netstandard2.0)) (== net5.0-windows7.0) (== net50) (== netstandard2.0) (== netstandard2.1)
      System.IO.Pipelines (>= 5.0) - restriction: || (&& (== net461) (>= netstandard2.0)) (== net5.0-windows7.0) (== net50) (== netstandard2.0) (== netstandard2.1)
    Microsoft.CodeCoverage (16.9.4) - restriction: || (== net461) (== net5.0-windows7.0) (== net50) (&& (== netstandard2.0) (>= net45)) (&& (== netstandard2.0) (>= netcoreapp1.0)) (&& (== netstandard2.1) (>= net45)) (&& (== netstandard2.1) (>= netcoreapp1.0))
    Microsoft.CSharp (4.7)
    Microsoft.DotNet.InternalAbstractions (1.0) - restriction: || (&& (== net461) (>= netcoreapp2.1)) (== net5.0-windows7.0) (== net50) (&& (== netstandard2.0) (>= netcoreapp2.1)) (&& (== netstandard2.1) (>= netcoreapp2.1))
      System.AppContext (>= 4.1) - restriction: || (&& (== net461) (< net451)) (== net5.0-windows7.0) (== net50) (== netstandard2.0) (== netstandard2.1)
      System.Collections (>= 4.0.11) - restriction: || (&& (== net461) (< net451)) (== net5.0-windows7.0) (== net50) (== netstandard2.0) (== netstandard2.1)
      System.IO (>= 4.1) - restriction: || (&& (== net461) (< net451)) (== net5.0-windows7.0) (== net50) (== netstandard2.0) (== netstandard2.1)
      System.IO.FileSystem (>= 4.0.1) - restriction: || (&& (== net461) (< net451)) (== net5.0-windows7.0) (== net50) (== netstandard2.0) (== netstandard2.1)
      System.Reflection.TypeExtensions (>= 4.1) - restriction: || (&& (== net461) (< net451)) (== net5.0-windows7.0) (== net50) (== netstandard2.0) (== netstandard2.1)
      System.Runtime.Extensions (>= 4.1) - restriction: || (&& (== net461) (< net451)) (== net5.0-windows7.0) (== net50) (== netstandard2.0) (== netstandard2.1)
      System.Runtime.InteropServices (>= 4.1) - restriction: || (&& (== net461) (< net451)) (== net5.0-windows7.0) (== net50) (== netstandard2.0) (== netstandard2.1)
      System.Runtime.InteropServices.RuntimeInformation (>= 4.0) - restriction: || (&& (== net461) (< net451)) (== net5.0-windows7.0) (== net50) (== netstandard2.0) (== netstandard2.1)
    Microsoft.Extensions.Caching.Abstractions (5.0) - restriction: || (&& (== net461) (>= netstandard2.1)) (== net5.0-windows7.0) (== net50) (&& (== netstandard2.0) (>= netstandard2.1)) (== netstandard2.1)
      Microsoft.Extensions.Primitives (>= 5.0)
    Microsoft.Extensions.Caching.Memory (5.0) - restriction: || (&& (== net461) (>= netstandard2.1)) (== net5.0-windows7.0) (== net50) (&& (== netstandard2.0) (>= netstandard2.1)) (== netstandard2.1)
      Microsoft.Extensions.Caching.Abstractions (>= 5.0)
      Microsoft.Extensions.DependencyInjection.Abstractions (>= 5.0)
      Microsoft.Extensions.Logging.Abstractions (>= 5.0)
      Microsoft.Extensions.Options (>= 5.0)
      Microsoft.Extensions.Primitives (>= 5.0)
    Microsoft.Extensions.Configuration (5.0)
      Microsoft.Extensions.Configuration.Abstractions (>= 5.0)
      Microsoft.Extensions.Primitives (>= 5.0)
    Microsoft.Extensions.Configuration.Abstractions (5.0)
      Microsoft.Extensions.Primitives (>= 5.0)
      System.ValueTuple (>= 4.5) - restriction: || (== net461) (&& (== net5.0-windows7.0) (>= net461)) (&& (== net50) (>= net461)) (&& (== netstandard2.0) (>= net461)) (&& (== netstandard2.1) (>= net461))
    Microsoft.Extensions.Configuration.Binder (5.0)
      Microsoft.Extensions.Configuration.Abstractions (>= 5.0)
    Microsoft.Extensions.Configuration.CommandLine (5.0)
      Microsoft.Extensions.Configuration (>= 5.0)
      Microsoft.Extensions.Configuration.Abstractions (>= 5.0)
    Microsoft.Extensions.Configuration.EnvironmentVariables (5.0)
      Microsoft.Extensions.Configuration (>= 5.0)
      Microsoft.Extensions.Configuration.Abstractions (>= 5.0)
    Microsoft.Extensions.Configuration.FileExtensions (5.0)
      Microsoft.Extensions.Configuration (>= 5.0)
      Microsoft.Extensions.Configuration.Abstractions (>= 5.0)
      Microsoft.Extensions.FileProviders.Abstractions (>= 5.0)
      Microsoft.Extensions.FileProviders.Physical (>= 5.0)
      Microsoft.Extensions.Primitives (>= 5.0)
    Microsoft.Extensions.Configuration.Json (5.0)
      Microsoft.Extensions.Configuration (>= 5.0)
      Microsoft.Extensions.Configuration.Abstractions (>= 5.0)
      Microsoft.Extensions.Configuration.FileExtensions (>= 5.0)
      Microsoft.Extensions.FileProviders.Abstractions (>= 5.0)
      System.Text.Json (>= 5.0) - restriction: || (== net461) (&& (== net5.0-windows7.0) (>= net461)) (&& (== net5.0-windows7.0) (< net50)) (&& (== net5.0-windows7.0) (< netstandard2.1)) (&& (== net50) (>= net461)) (&& (== net50) (< netstandard2.1)) (== netstandard2.0) (== netstandard2.1)
    Microsoft.Extensions.Configuration.UserSecrets (5.0)
      Microsoft.Extensions.Configuration.Abstractions (>= 5.0)
      Microsoft.Extensions.Configuration.Json (>= 5.0)
      Microsoft.Extensions.FileProviders.Abstractions (>= 5.0)
      Microsoft.Extensions.FileProviders.Physical (>= 5.0)
    Microsoft.Extensions.DependencyInjection (5.0.1)
      Microsoft.Bcl.AsyncInterfaces (>= 5.0) - restriction: || (== net461) (&& (== net5.0-windows7.0) (>= net461)) (&& (== net5.0-windows7.0) (< netstandard2.1)) (&& (== net50) (>= net461)) (&& (== net50) (< netstandard2.1)) (== netstandard2.0) (&& (== netstandard2.1) (>= net461))
      Microsoft.Extensions.DependencyInjection.Abstractions (>= 5.0)
      System.Threading.Tasks.Extensions (>= 4.5.4) - restriction: || (== net461) (&& (== net5.0-windows7.0) (>= net461)) (&& (== net5.0-windows7.0) (< netcoreapp2.1) (< netstandard2.1)) (&& (== net50) (>= net461)) (&& (== net50) (< netcoreapp2.1) (< netstandard2.1)) (== netstandard2.0) (&& (== netstandard2.1) (>= net461))
    Microsoft.Extensions.DependencyInjection.Abstractions (5.0)
    Microsoft.Extensions.DependencyModel (5.0) - restriction: || (&& (== net461) (>= netstandard2.1)) (== net5.0-windows7.0) (== net50) (&& (== netstandard2.0) (>= netstandard2.1)) (== netstandard2.1)
      System.Buffers (>= 4.5.1) - restriction: || (== net461) (&& (== net5.0-windows7.0) (>= monotouch)) (&& (== net5.0-windows7.0) (>= net461)) (&& (== net5.0-windows7.0) (< netcoreapp2.0)) (&& (== net5.0-windows7.0) (< netstandard2.0) (>= xamarintvos)) (&& (== net5.0-windows7.0) (< netstandard2.0) (>= xamarinwatchos)) (&& (== net50) (>= monotouch)) (&& (== net50) (>= net461)) (&& (== net50) (< netcoreapp2.0)) (&& (== net50) (< netstandard2.0) (>= xamarintvos)) (&& (== net50) (< netstandard2.0) (>= xamarinwatchos)) (== netstandard2.0) (== netstandard2.1)
      System.Memory (>= 4.5.4) - restriction: || (== net461) (&& (== net5.0-windows7.0) (>= net461)) (&& (== net5.0-windows7.0) (< netcoreapp2.0)) (&& (== net5.0-windows7.0) (< netcoreapp2.1)) (&& (== net5.0-windows7.0) (>= uap10.1)) (&& (== net50) (>= net461)) (&& (== net50) (< netcoreapp2.0)) (&& (== net50) (< netcoreapp2.1)) (&& (== net50) (>= uap10.1)) (== netstandard2.0) (== netstandard2.1)
      System.Text.Encodings.Web (>= 5.0) - restriction: || (== net461) (&& (== net5.0-windows7.0) (>= monotouch)) (&& (== net5.0-windows7.0) (>= net461)) (&& (== net5.0-windows7.0) (< net50)) (&& (== net5.0-windows7.0) (< netcoreapp2.0)) (&& (== net5.0-windows7.0) (< netcoreapp2.1)) (&& (== net5.0-windows7.0) (< netstandard2.0) (>= xamarintvos)) (&& (== net5.0-windows7.0) (< netstandard2.0) (>= xamarinwatchos)) (&& (== net5.0-windows7.0) (>= uap10.1)) (&& (== net50) (>= monotouch)) (&& (== net50) (>= net461)) (&& (== net50) (< netcoreapp2.0)) (&& (== net50) (< netcoreapp2.1)) (&& (== net50) (< netstandard2.0) (>= xamarintvos)) (&& (== net50) (< netstandard2.0) (>= xamarinwatchos)) (&& (== net50) (>= uap10.1)) (== netstandard2.0) (== netstandard2.1)
      System.Text.Json (>= 5.0) - restriction: || (== net461) (&& (== net5.0-windows7.0) (>= monotouch)) (&& (== net5.0-windows7.0) (>= net461)) (&& (== net5.0-windows7.0) (< net50)) (&& (== net5.0-windows7.0) (< netcoreapp2.0)) (&& (== net5.0-windows7.0) (< netcoreapp2.1)) (&& (== net5.0-windows7.0) (< netstandard2.0) (>= xamarintvos)) (&& (== net5.0-windows7.0) (< netstandard2.0) (>= xamarinwatchos)) (&& (== net5.0-windows7.0) (>= uap10.1)) (&& (== net50) (>= monotouch)) (&& (== net50) (>= net461)) (&& (== net50) (< netcoreapp2.0)) (&& (== net50) (< netcoreapp2.1)) (&& (== net50) (< netstandard2.0) (>= xamarintvos)) (&& (== net50) (< netstandard2.0) (>= xamarinwatchos)) (&& (== net50) (>= uap10.1)) (== netstandard2.0) (== netstandard2.1)
    Microsoft.Extensions.FileProviders.Abstractions (5.0)
      Microsoft.Extensions.Primitives (>= 5.0)
    Microsoft.Extensions.FileProviders.Composite (5.0) - restriction: || (&& (== net461) (>= netstandard2.1)) (== net5.0-windows7.0) (== net50) (&& (== netstandard2.0) (>= netstandard2.1)) (== netstandard2.1)
      Microsoft.Extensions.FileProviders.Abstractions (>= 5.0)
      Microsoft.Extensions.Primitives (>= 5.0)
    Microsoft.Extensions.FileProviders.Physical (5.0)
      Microsoft.Extensions.FileProviders.Abstractions (>= 5.0)
      Microsoft.Extensions.FileSystemGlobbing (>= 5.0)
      Microsoft.Extensions.Primitives (>= 5.0)
      System.Security.Cryptography.Algorithms (>= 4.3.1) - restriction: || (== net461) (&& (== net5.0-windows7.0) (>= net461)) (&& (== net50) (>= net461)) (&& (== netstandard2.0) (>= net461)) (&& (== netstandard2.1) (>= net461))
    Microsoft.Extensions.FileSystemGlobbing (5.0)
    Microsoft.Extensions.Hosting (5.0)
      Microsoft.Bcl.AsyncInterfaces (>= 5.0) - restriction: || (== net461) (&& (== net5.0-windows7.0) (>= net461)) (&& (== net5.0-windows7.0) (< netstandard2.1)) (&& (== net50) (>= net461)) (&& (== net50) (< netstandard2.1)) (== netstandard2.0) (&& (== netstandard2.1) (>= net461))
      Microsoft.Extensions.Configuration (>= 5.0)
      Microsoft.Extensions.Configuration.Abstractions (>= 5.0)
      Microsoft.Extensions.Configuration.Binder (>= 5.0)
      Microsoft.Extensions.Configuration.CommandLine (>= 5.0)
      Microsoft.Extensions.Configuration.EnvironmentVariables (>= 5.0)
      Microsoft.Extensions.Configuration.FileExtensions (>= 5.0)
      Microsoft.Extensions.Configuration.Json (>= 5.0)
      Microsoft.Extensions.Configuration.UserSecrets (>= 5.0)
      Microsoft.Extensions.DependencyInjection (>= 5.0)
      Microsoft.Extensions.DependencyInjection.Abstractions (>= 5.0)
      Microsoft.Extensions.FileProviders.Abstractions (>= 5.0)
      Microsoft.Extensions.FileProviders.Physical (>= 5.0)
      Microsoft.Extensions.Hosting.Abstractions (>= 5.0)
      Microsoft.Extensions.Logging (>= 5.0)
      Microsoft.Extensions.Logging.Abstractions (>= 5.0)
      Microsoft.Extensions.Logging.Configuration (>= 5.0)
      Microsoft.Extensions.Logging.Console (>= 5.0)
      Microsoft.Extensions.Logging.Debug (>= 5.0)
      Microsoft.Extensions.Logging.EventLog (>= 5.0)
      Microsoft.Extensions.Logging.EventSource (>= 5.0)
      Microsoft.Extensions.Options (>= 5.0)
      System.Runtime.InteropServices.RuntimeInformation (>= 4.3) - restriction: || (== net461) (&& (== net5.0-windows7.0) (>= net461)) (&& (== net50) (>= net461)) (&& (== netstandard2.0) (>= net461)) (&& (== netstandard2.1) (>= net461))
      System.Threading.Tasks.Extensions (>= 4.5.4) - restriction: || (== net461) (&& (== net5.0-windows7.0) (>= net461)) (&& (== net5.0-windows7.0) (< netcoreapp2.1) (< netstandard2.1)) (&& (== net50) (>= net461)) (&& (== net50) (< netcoreapp2.1) (< netstandard2.1)) (== netstandard2.0) (&& (== netstandard2.1) (>= net461))
    Microsoft.Extensions.Hosting.Abstractions (5.0)
      Microsoft.Bcl.AsyncInterfaces (>= 5.0) - restriction: || (== net461) (&& (== net5.0-windows7.0) (>= net461)) (&& (== net5.0-windows7.0) (< netstandard2.1)) (&& (== net50) (>= net461)) (&& (== net50) (< netstandard2.1)) (== netstandard2.0) (&& (== netstandard2.1) (>= net461))
      Microsoft.Extensions.Configuration.Abstractions (>= 5.0)
      Microsoft.Extensions.DependencyInjection.Abstractions (>= 5.0)
      Microsoft.Extensions.FileProviders.Abstractions (>= 5.0)
      System.Threading.Tasks.Extensions (>= 4.5.4) - restriction: || (== net461) (&& (== net5.0-windows7.0) (>= net461)) (&& (== net5.0-windows7.0) (< netcoreapp2.1) (< netstandard2.1)) (&& (== net50) (>= net461)) (&& (== net50) (< netcoreapp2.1) (< netstandard2.1)) (== netstandard2.0) (&& (== netstandard2.1) (>= net461))
    Microsoft.Extensions.Localization (5.0.5) - restriction: || (&& (== net461) (>= netstandard2.1)) (== net5.0-windows7.0) (== net50) (&& (== netstandard2.0) (>= netstandard2.1)) (== netstandard2.1)
      Microsoft.Extensions.DependencyInjection.Abstractions (>= 5.0)
      Microsoft.Extensions.Localization.Abstractions (>= 5.0.5)
      Microsoft.Extensions.Logging.Abstractions (>= 5.0)
      Microsoft.Extensions.Options (>= 5.0)
    Microsoft.Extensions.Localization.Abstractions (5.0.5) - restriction: || (&& (== net461) (>= netstandard2.1)) (== net5.0-windows7.0) (== net50) (&& (== netstandard2.0) (>= netstandard2.1)) (== netstandard2.1)
    Microsoft.Extensions.Logging (5.0)
      Microsoft.Extensions.DependencyInjection (>= 5.0)
      Microsoft.Extensions.DependencyInjection.Abstractions (>= 5.0)
      Microsoft.Extensions.Logging.Abstractions (>= 5.0)
      Microsoft.Extensions.Options (>= 5.0)
      System.Diagnostics.DiagnosticSource (>= 5.0) - restriction: || (== net461) (&& (== net5.0-windows7.0) (>= net461)) (&& (== net5.0-windows7.0) (< net50)) (&& (== net5.0-windows7.0) (< netstandard2.1)) (&& (== net50) (>= net461)) (&& (== net50) (< netstandard2.1)) (== netstandard2.0) (== netstandard2.1)
      System.ValueTuple (>= 4.5) - restriction: || (== net461) (&& (== net5.0-windows7.0) (>= net461)) (&& (== net50) (>= net461)) (&& (== netstandard2.0) (>= net461)) (&& (== netstandard2.1) (>= net461))
    Microsoft.Extensions.Logging.Abstractions (5.0)
    Microsoft.Extensions.Logging.Configuration (5.0)
      Microsoft.Extensions.Configuration (>= 5.0)
      Microsoft.Extensions.Configuration.Abstractions (>= 5.0)
      Microsoft.Extensions.Configuration.Binder (>= 5.0)
      Microsoft.Extensions.DependencyInjection.Abstractions (>= 5.0)
      Microsoft.Extensions.Logging (>= 5.0)
      Microsoft.Extensions.Logging.Abstractions (>= 5.0)
      Microsoft.Extensions.Options (>= 5.0)
      Microsoft.Extensions.Options.ConfigurationExtensions (>= 5.0)
    Microsoft.Extensions.Logging.Console (5.0)
      Microsoft.Extensions.Configuration.Abstractions (>= 5.0)
      Microsoft.Extensions.DependencyInjection.Abstractions (>= 5.0)
      Microsoft.Extensions.Logging (>= 5.0)
      Microsoft.Extensions.Logging.Abstractions (>= 5.0)
      Microsoft.Extensions.Logging.Configuration (>= 5.0)
      Microsoft.Extensions.Options (>= 5.0)
      Microsoft.Extensions.Options.ConfigurationExtensions (>= 5.0)
      System.Buffers (>= 4.5.1) - restriction: || (== net461) (&& (== net5.0-windows7.0) (>= monotouch)) (&& (== net5.0-windows7.0) (>= net461)) (&& (== net5.0-windows7.0) (< netcoreapp2.0)) (&& (== net5.0-windows7.0) (< netstandard2.0) (>= xamarintvos)) (&& (== net5.0-windows7.0) (< netstandard2.0) (>= xamarinwatchos)) (&& (== net50) (>= monotouch)) (&& (== net50) (>= net461)) (&& (== net50) (< netcoreapp2.0)) (&& (== net50) (< netstandard2.0) (>= xamarintvos)) (&& (== net50) (< netstandard2.0) (>= xamarinwatchos)) (== netstandard2.0) (== netstandard2.1)
      System.Memory (>= 4.5.4) - restriction: || (== net461) (&& (== net5.0-windows7.0) (>= net461)) (&& (== net5.0-windows7.0) (< netcoreapp2.0)) (&& (== net5.0-windows7.0) (< netcoreapp2.1)) (&& (== net5.0-windows7.0) (>= uap10.1)) (&& (== net50) (>= net461)) (&& (== net50) (< netcoreapp2.0)) (&& (== net50) (< netcoreapp2.1)) (&& (== net50) (>= uap10.1)) (== netstandard2.0) (== netstandard2.1)
      System.Runtime.InteropServices.RuntimeInformation (>= 4.3) - restriction: || (== net461) (&& (== net5.0-windows7.0) (>= net461)) (&& (== net50) (>= net461)) (&& (== netstandard2.0) (>= net461)) (&& (== netstandard2.1) (>= net461))
      System.Text.Json (>= 5.0) - restriction: || (== net461) (&& (== net5.0-windows7.0) (>= monotouch)) (&& (== net5.0-windows7.0) (>= net461)) (&& (== net5.0-windows7.0) (< net50)) (&& (== net5.0-windows7.0) (< netcoreapp2.0)) (&& (== net5.0-windows7.0) (< netcoreapp2.1)) (&& (== net5.0-windows7.0) (< netcoreapp3.0)) (&& (== net5.0-windows7.0) (< netstandard2.0) (>= xamarintvos)) (&& (== net5.0-windows7.0) (< netstandard2.0) (>= xamarinwatchos)) (&& (== net5.0-windows7.0) (>= uap10.1)) (&& (== net50) (>= monotouch)) (&& (== net50) (>= net461)) (&& (== net50) (< netcoreapp2.0)) (&& (== net50) (< netcoreapp2.1)) (&& (== net50) (< netcoreapp3.0)) (&& (== net50) (< netstandard2.0) (>= xamarintvos)) (&& (== net50) (< netstandard2.0) (>= xamarinwatchos)) (&& (== net50) (>= uap10.1)) (== netstandard2.0) (== netstandard2.1)
    Microsoft.Extensions.Logging.Debug (5.0)
      Microsoft.Extensions.DependencyInjection.Abstractions (>= 5.0)
      Microsoft.Extensions.Logging (>= 5.0)
      Microsoft.Extensions.Logging.Abstractions (>= 5.0)
    Microsoft.Extensions.Logging.EventLog (5.0)
      Microsoft.Extensions.DependencyInjection.Abstractions (>= 5.0)
      Microsoft.Extensions.Logging (>= 5.0)
      Microsoft.Extensions.Logging.Abstractions (>= 5.0)
      Microsoft.Extensions.Options (>= 5.0)
      System.Diagnostics.EventLog (>= 5.0) - restriction: || (== net5.0-windows7.0) (== net50) (== netstandard2.0) (== netstandard2.1)
    Microsoft.Extensions.Logging.EventSource (5.0.1)
      Microsoft.Extensions.DependencyInjection.Abstractions (>= 5.0)
      Microsoft.Extensions.Logging (>= 5.0)
      Microsoft.Extensions.Logging.Abstractions (>= 5.0)
      Microsoft.Extensions.Options (>= 5.0)
      Microsoft.Extensions.Primitives (>= 5.0.1)
      System.Runtime.CompilerServices.Unsafe (>= 5.0) - restriction: || (== net461) (&& (== net5.0-windows7.0) (>= net461)) (&& (== net5.0-windows7.0) (< net50)) (&& (== net5.0-windows7.0) (< netcoreapp3.0)) (&& (== net50) (>= net461)) (&& (== net50) (< netcoreapp3.0)) (== netstandard2.0) (== netstandard2.1)
      System.Text.Json (>= 5.0.2) - restriction: || (== net461) (&& (== net5.0-windows7.0) (>= net461)) (&& (== net5.0-windows7.0) (< net50)) (&& (== net5.0-windows7.0) (< netcoreapp3.0)) (&& (== net50) (>= net461)) (&& (== net50) (< netcoreapp3.0)) (== netstandard2.0) (== netstandard2.1)
    Microsoft.Extensions.ObjectPool (5.0.5) - restriction: || (&& (== net461) (>= netstandard2.0)) (== net5.0-windows7.0) (== net50) (== netstandard2.0) (== netstandard2.1)
    Microsoft.Extensions.Options (5.0)
      Microsoft.Extensions.DependencyInjection.Abstractions (>= 5.0)
      Microsoft.Extensions.Primitives (>= 5.0)
    Microsoft.Extensions.Options.ConfigurationExtensions (5.0)
      Microsoft.Extensions.Configuration.Abstractions (>= 5.0)
      Microsoft.Extensions.Configuration.Binder (>= 5.0)
      Microsoft.Extensions.DependencyInjection.Abstractions (>= 5.0)
      Microsoft.Extensions.Options (>= 5.0)
      Microsoft.Extensions.Primitives (>= 5.0)
    Microsoft.Extensions.Primitives (5.0.1)
      System.Buffers (>= 4.5.1) - restriction: || (== net461) (&& (== net5.0-windows7.0) (>= monotouch)) (&& (== net5.0-windows7.0) (>= net461)) (&& (== net5.0-windows7.0) (< netcoreapp2.0)) (&& (== net5.0-windows7.0) (< netstandard2.0) (>= xamarintvos)) (&& (== net5.0-windows7.0) (< netstandard2.0) (>= xamarinwatchos)) (&& (== net50) (>= monotouch)) (&& (== net50) (>= net461)) (&& (== net50) (< netcoreapp2.0)) (&& (== net50) (< netstandard2.0) (>= xamarintvos)) (&& (== net50) (< netstandard2.0) (>= xamarinwatchos)) (== netstandard2.0) (== netstandard2.1)
      System.Memory (>= 4.5.4) - restriction: || (== net461) (&& (== net5.0-windows7.0) (>= net461)) (&& (== net5.0-windows7.0) (< netcoreapp2.0)) (&& (== net5.0-windows7.0) (< netcoreapp2.1)) (&& (== net5.0-windows7.0) (>= uap10.1)) (&& (== net50) (>= net461)) (&& (== net50) (< netcoreapp2.0)) (&& (== net50) (< netcoreapp2.1)) (&& (== net50) (>= uap10.1)) (== netstandard2.0) (== netstandard2.1)
      System.Runtime.CompilerServices.Unsafe (>= 5.0) - restriction: || (== net461) (&& (== net5.0-windows7.0) (>= monotouch)) (&& (== net5.0-windows7.0) (>= net461)) (&& (== net5.0-windows7.0) (< net50)) (&& (== net5.0-windows7.0) (< netcoreapp2.0)) (&& (== net5.0-windows7.0) (< netcoreapp2.1)) (&& (== net5.0-windows7.0) (< netcoreapp3.0)) (&& (== net5.0-windows7.0) (< netstandard2.0) (>= xamarintvos)) (&& (== net5.0-windows7.0) (< netstandard2.0) (>= xamarinwatchos)) (&& (== net5.0-windows7.0) (>= uap10.1)) (&& (== net50) (>= monotouch)) (&& (== net50) (>= net461)) (&& (== net50) (< netcoreapp2.0)) (&& (== net50) (< netcoreapp2.1)) (&& (== net50) (< netcoreapp3.0)) (&& (== net50) (< netstandard2.0) (>= xamarintvos)) (&& (== net50) (< netstandard2.0) (>= xamarinwatchos)) (&& (== net50) (>= uap10.1)) (== netstandard2.0) (== netstandard2.1)
    Microsoft.Extensions.WebEncoders (5.0.5) - restriction: || (&& (== net461) (>= netstandard2.1)) (== net5.0-windows7.0) (== net50) (&& (== netstandard2.0) (>= netstandard2.1)) (== netstandard2.1)
      Microsoft.Extensions.DependencyInjection.Abstractions (>= 5.0)
      Microsoft.Extensions.Options (>= 5.0)
      System.Text.Encodings.Web (>= 5.0.1) - restriction: || (== net461) (&& (== net5.0-windows7.0) (>= net461)) (&& (== net5.0-windows7.0) (< net50)) (&& (== net50) (>= net461)) (== netstandard2.0) (== netstandard2.1)
    Microsoft.Graph.Beta (0.43.0-preview)
      Microsoft.Graph.Core (>= 1.25.1)
      Newtonsoft.Json (>= 9.0.1) - restriction: || (== net5.0-windows7.0) (== net50) (== netstandard2.0) (== netstandard2.1)
      System.Net.Http (>= 4.3.4) - restriction: || (== net5.0-windows7.0) (== net50) (== netstandard2.0) (== netstandard2.1)
    Microsoft.Graph.Core (1.25.1)
      NETStandard.Library (>= 1.6) - restriction: || (&& (== net461) (< net45)) (== net5.0-windows7.0) (== net50) (== netstandard2.0) (== netstandard2.1)
      Newtonsoft.Json (>= 6.0.1) - restriction: || (== net461) (&& (== net5.0-windows7.0) (>= net45)) (&& (== net50) (>= net45)) (&& (== netstandard2.0) (>= net45)) (&& (== netstandard2.1) (>= net45))
      Newtonsoft.Json (>= 9.0.1) - restriction: || (&& (== net461) (< net45)) (== net5.0-windows7.0) (== net50) (== netstandard2.0) (== netstandard2.1)
      System.Diagnostics.DiagnosticSource (>= 4.7.1)
      System.Net.Http (>= 4.3.4) - restriction: || (&& (== net461) (>= monoandroid7.0)) (&& (== net461) (< net45)) (&& (== net461) (>= xamarinios)) (&& (== net461) (>= xamarinmac)) (== net5.0-windows7.0) (== net50) (== netstandard2.0) (== netstandard2.1)
      System.ValueTuple (>= 4.3)
    Microsoft.Identity.Client (4.29)
      Microsoft.CSharp (>= 4.5) - restriction: || (&& (== net461) (< net45)) (&& (== net461) (>= uap10.0)) (&& (== net461) (>= xamarinios)) (== net5.0-windows7.0) (== net50) (== netstandard2.0) (== netstandard2.1)
      NETStandard.Library (>= 1.6.1) - restriction: || (&& (== net461) (< net45)) (== net5.0-windows7.0) (== net50) (== netstandard2.0) (== netstandard2.1)
      System.ComponentModel.TypeConverter (>= 4.3) - restriction: || (&& (== net461) (< net45)) (&& (== net461) (>= xamarinios)) (== net5.0-windows7.0) (== net50) (== netstandard2.0) (== netstandard2.1)
      System.Diagnostics.Process (>= 4.3) - restriction: || (&& (== net461) (< net45)) (== net5.0-windows7.0) (== net50) (== netstandard2.0) (== netstandard2.1)
      System.Dynamic.Runtime (>= 4.3) - restriction: || (&& (== net461) (< net45)) (== net5.0-windows7.0) (== net50) (== netstandard2.0) (== netstandard2.1)
      System.Private.Uri (>= 4.3.2) - restriction: || (&& (== net461) (< net45)) (== net5.0-windows7.0) (== net50) (== netstandard2.0) (== netstandard2.1)
      System.Runtime.Serialization.Formatters (>= 4.3) - restriction: || (&& (== net461) (< net45)) (&& (== net461) (>= uap10.0)) (&& (== net461) (>= xamarinios)) (== net5.0-windows7.0) (== net50) (== netstandard2.0) (== netstandard2.1)
      System.Runtime.Serialization.Json (>= 4.3) - restriction: || (&& (== net461) (< net45)) (&& (== net461) (>= uap10.0)) (== net5.0-windows7.0) (== net50) (== netstandard2.0) (== netstandard2.1)
      System.Runtime.Serialization.Primitives (>= 4.3) - restriction: || (&& (== net461) (< net45)) (&& (== net461) (>= uap10.0)) (&& (== net461) (>= xamarinios)) (== net5.0-windows7.0) (== net50) (== netstandard2.0) (== netstandard2.1)
      System.Security.Cryptography.X509Certificates (>= 4.3) - restriction: || (&& (== net461) (< net45)) (== net5.0-windows7.0) (== net50) (== netstandard2.0) (== netstandard2.1)
      System.Security.SecureString (>= 4.3) - restriction: || (&& (== net461) (>= monoandroid10.0)) (&& (== net461) (>= monoandroid9.0)) (&& (== net461) (< net45)) (&& (== net461) (>= uap10.0)) (&& (== net461) (>= xamarinios)) (== net5.0-windows7.0) (== net50) (== netstandard2.0) (== netstandard2.1)
      System.Xml.XDocument (>= 4.3) - restriction: || (&& (== net461) (< net45)) (&& (== net461) (>= uap10.0)) (== net5.0-windows7.0) (== net50) (== netstandard2.0) (== netstandard2.1)
      System.Xml.XmlDocument (>= 4.3) - restriction: || (&& (== net461) (< net45)) (&& (== net461) (>= xamarinios)) (== net5.0-windows7.0) (== net50) (== netstandard2.0) (== netstandard2.1)
    Microsoft.IdentityModel.JsonWebTokens (6.10.2)
      Microsoft.IdentityModel.Tokens (>= 6.10.2)
    Microsoft.IdentityModel.Logging (6.10.2)
    Microsoft.IdentityModel.Protocols (6.10.2)
      Microsoft.IdentityModel.Logging (>= 6.10.2)
      Microsoft.IdentityModel.Tokens (>= 6.10.2)
    Microsoft.IdentityModel.Protocols.OpenIdConnect (6.10.2)
      Microsoft.IdentityModel.Protocols (>= 6.10.2)
      System.IdentityModel.Tokens.Jwt (>= 6.10.2)
    Microsoft.IdentityModel.Tokens (6.10.2)
      Microsoft.CSharp (>= 4.5) - restriction: || (&& (== net461) (< net45) (>= netstandard2.0)) (== net5.0-windows7.0) (== net50) (== netstandard2.0) (== netstandard2.1)
      Microsoft.IdentityModel.Logging (>= 6.10.2)
      System.Security.Cryptography.Cng (>= 4.5) - restriction: || (&& (== net461) (< net45) (>= netstandard2.0)) (== net5.0-windows7.0) (== net50) (== netstandard2.0) (== netstandard2.1)
    Microsoft.JSInterop (5.0.5) - restriction: || (&& (== net461) (>= net50)) (== net5.0-windows7.0) (== net50) (&& (== netstandard2.0) (>= net50)) (&& (== netstandard2.1) (>= net50))
    Microsoft.Net.Http.Headers (2.2.8) - restriction: || (&& (== net461) (>= netstandard2.0)) (&& (== net461) (>= netstandard2.1)) (== net5.0-windows7.0) (== net50) (== netstandard2.0) (== netstandard2.1)
      Microsoft.Extensions.Primitives (>= 2.2) - restriction: || (&& (== net461) (>= netstandard2.0)) (== net5.0-windows7.0) (== net50) (== netstandard2.0) (== netstandard2.1)
      System.Buffers (>= 4.5) - restriction: || (&& (== net461) (>= netstandard2.0)) (== net5.0-windows7.0) (== net50) (== netstandard2.0) (== netstandard2.1)
    Microsoft.NET.Test.Sdk (16.9.4)
      Microsoft.CodeCoverage (>= 16.9.4) - restriction: || (== net461) (== net5.0-windows7.0) (== net50) (&& (== netstandard2.0) (>= net45)) (&& (== netstandard2.0) (>= netcoreapp1.0)) (&& (== netstandard2.1) (>= net45)) (&& (== netstandard2.1) (>= netcoreapp1.0))
      Microsoft.TestPlatform.TestHost (>= 16.9.4) - restriction: || (&& (== net461) (>= netcoreapp1.0)) (== net5.0-windows7.0) (== net50) (&& (== netstandard2.0) (>= netcoreapp1.0)) (&& (== netstandard2.1) (>= netcoreapp1.0))
    Microsoft.NETCore.Platforms (5.0.2) - restriction: || (&& (== net461) (>= net50)) (&& (== net461) (>= netcoreapp2.0)) (&& (== net461) (>= netcoreapp3.0)) (== net5.0-windows7.0) (== net50) (== netstandard2.0) (== netstandard2.1)
    Microsoft.NETCore.Targets (5.0) - restriction: || (&& (== net461) (< net45)) (&& (== net461) (>= netcoreapp2.1)) (== net5.0-windows7.0) (== net50) (== netstandard2.0) (== netstandard2.1)
    Microsoft.Owin (4.1.1)
      Owin (>= 1.0)
    Microsoft.Owin.Host.SystemWeb (4.1.1)
      Microsoft.Owin (>= 4.1.1)
      Owin (>= 1.0)
    Microsoft.Owin.Security (4.1.1)
      Microsoft.Owin (>= 4.1.1)
      Owin (>= 1.0)
    Microsoft.Owin.Security.Cookies (4.1.1)
      Microsoft.Owin (>= 4.1.1)
      Microsoft.Owin.Security (>= 4.1.1)
      Owin (>= 1.0)
    Microsoft.Owin.Security.OpenIdConnect (4.1.1)
      Microsoft.IdentityModel.Logging (>= 5.3)
      Microsoft.IdentityModel.Protocols (>= 5.3)
      Microsoft.IdentityModel.Protocols.OpenIdConnect (>= 5.3)
      Microsoft.IdentityModel.Tokens (>= 5.3)
      Microsoft.Owin (>= 4.1.1)
      Microsoft.Owin.Security (>= 4.1.1)
      Owin (>= 1.0)
      System.IdentityModel.Tokens.Jwt (>= 5.3)
    Microsoft.TestPlatform.ObjectModel (16.9.4) - restriction: || (&& (== net461) (>= netcoreapp1.0)) (== net5.0-windows7.0) (== net50) (&& (== netstandard2.0) (>= netcoreapp1.0)) (&& (== netstandard2.1) (>= netcoreapp1.0))
      NuGet.Frameworks (>= 5.0)
      System.Reflection.Metadata (>= 1.6)
    Microsoft.TestPlatform.TestHost (16.9.4) - restriction: || (&& (== net461) (>= netcoreapp1.0)) (== net5.0-windows7.0) (== net50) (&& (== netstandard2.0) (>= netcoreapp1.0)) (&& (== netstandard2.1) (>= netcoreapp1.0))
      Microsoft.TestPlatform.ObjectModel (>= 16.9.4) - restriction: || (&& (== net461) (>= netcoreapp1.0)) (&& (== net461) (>= uap10.0)) (== net5.0-windows7.0) (== net50) (&& (== netstandard2.0) (>= netcoreapp1.0)) (&& (== netstandard2.0) (>= uap10.0)) (&& (== netstandard2.1) (>= netcoreapp1.0)) (&& (== netstandard2.1) (>= uap10.0))
      Newtonsoft.Json (>= 9.0.1) - restriction: || (&& (== net461) (>= netcoreapp1.0)) (&& (== net461) (>= uap10.0)) (== net5.0-windows7.0) (== net50) (&& (== netstandard2.0) (>= netcoreapp1.0)) (&& (== netstandard2.0) (>= uap10.0)) (&& (== netstandard2.1) (>= netcoreapp1.0)) (&& (== netstandard2.1) (>= uap10.0))
    Microsoft.Win32.Primitives (4.3) - restriction: || (&& (== net461) (< net45)) (== net5.0-windows7.0) (== net50) (== netstandard2.0) (== netstandard2.1)
      Microsoft.NETCore.Platforms (>= 1.1) - restriction: || (&& (== net461) (< net46)) (== net5.0-windows7.0) (== net50) (== netstandard2.0) (== netstandard2.1)
      Microsoft.NETCore.Targets (>= 1.1) - restriction: || (&& (== net461) (< net46)) (== net5.0-windows7.0) (== net50) (== netstandard2.0) (== netstandard2.1)
      System.Runtime (>= 4.3) - restriction: || (&& (== net461) (< net46)) (== net5.0-windows7.0) (== net50) (== netstandard2.0) (== netstandard2.1)
    Microsoft.Win32.Registry (5.0)
      System.Buffers (>= 4.5.1) - restriction: || (&& (== net461) (>= monoandroid)) (&& (== net461) (>= monotouch)) (&& (== net461) (< net46) (>= netstandard2.0)) (&& (== net461) (>= xamarinios)) (&& (== net461) (>= xamarinmac)) (&& (== net461) (>= xamarintvos)) (&& (== net461) (>= xamarinwatchos)) (&& (== net5.0-windows7.0) (>= monotouch)) (&& (== net5.0-windows7.0) (< netcoreapp2.0)) (&& (== net5.0-windows7.0) (>= xamarinios)) (&& (== net5.0-windows7.0) (>= xamarinmac)) (&& (== net5.0-windows7.0) (>= xamarintvos)) (&& (== net5.0-windows7.0) (>= xamarinwatchos)) (&& (== net50) (>= monotouch)) (&& (== net50) (< netcoreapp2.0)) (&& (== net50) (>= xamarinios)) (&& (== net50) (>= xamarinmac)) (&& (== net50) (>= xamarintvos)) (&& (== net50) (>= xamarinwatchos)) (== netstandard2.0) (== netstandard2.1)
      System.Memory (>= 4.5.4) - restriction: || (&& (== net461) (< net46) (>= netstandard2.0)) (&& (== net461) (>= netcoreapp2.0)) (&& (== net461) (>= uap10.1)) (&& (== net5.0-windows7.0) (< netcoreapp2.0)) (&& (== net5.0-windows7.0) (< netcoreapp2.1)) (&& (== net5.0-windows7.0) (>= uap10.1)) (&& (== net50) (< netcoreapp2.0)) (&& (== net50) (< netcoreapp2.1)) (&& (== net50) (>= uap10.1)) (== netstandard2.0) (== netstandard2.1)
      System.Security.AccessControl (>= 5.0)
      System.Security.Principal.Windows (>= 5.0)
    Microsoft.Win32.Registry.AccessControl (5.0) - restriction: || (&& (== net461) (>= netcoreapp3.0)) (&& (== net461) (>= netstandard2.1)) (== net5.0-windows7.0) (== net50) (== netstandard2.0) (== netstandard2.1)
      Microsoft.Win32.Registry (>= 5.0)
      System.Security.AccessControl (>= 5.0)
    Microsoft.Win32.SystemEvents (5.0) - restriction: || (&& (== net461) (>= netcoreapp2.0)) (&& (== net461) (>= netcoreapp3.0)) (&& (== net461) (>= netstandard2.1)) (== net5.0-windows7.0) (== net50) (== netstandard2.0) (== netstandard2.1)
      Microsoft.NETCore.Platforms (>= 5.0) - restriction: || (&& (== net461) (>= netcoreapp2.0)) (== net5.0-windows7.0) (== net50) (&& (== netstandard2.0) (>= netcoreapp2.0)) (&& (== netstandard2.1) (>= netcoreapp2.0))
    Microsoft.Windows.Compatibility (5.0.2) - restriction: || (&& (== net461) (>= netstandard2.1)) (== net5.0-windows7.0) (== net50) (== netstandard2.0) (== netstandard2.1)
      Microsoft.Win32.Registry (>= 5.0) - restriction: || (&& (== net461) (>= netcoreapp2.0)) (&& (== net461) (>= netcoreapp2.1)) (&& (== net461) (>= netcoreapp3.0)) (&& (== net461) (>= netstandard2.0)) (&& (== net461) (>= netstandard2.1)) (== net5.0-windows7.0) (== net50) (== netstandard2.0) (== netstandard2.1)
      Microsoft.Win32.Registry.AccessControl (>= 5.0) - restriction: || (&& (== net461) (>= netcoreapp2.0)) (&& (== net461) (>= netcoreapp2.1)) (&& (== net461) (>= netcoreapp3.0)) (&& (== net461) (>= netstandard2.0)) (&& (== net461) (>= netstandard2.1)) (== net5.0-windows7.0) (== net50) (== netstandard2.0) (== netstandard2.1)
      Microsoft.Win32.SystemEvents (>= 5.0) - restriction: || (&& (== net461) (>= netcoreapp2.0)) (&& (== net461) (>= netcoreapp2.1)) (&& (== net461) (>= netcoreapp3.0)) (&& (== net461) (>= netstandard2.0)) (&& (== net461) (>= netstandard2.1)) (== net5.0-windows7.0) (== net50) (== netstandard2.0) (== netstandard2.1)
      System.CodeDom (>= 5.0) - restriction: || (&& (== net461) (>= netcoreapp2.0)) (&& (== net461) (>= netcoreapp2.1)) (&& (== net461) (>= netcoreapp3.0)) (&& (== net461) (>= netstandard2.0)) (&& (== net461) (>= netstandard2.1)) (== net5.0-windows7.0) (== net50) (== netstandard2.0) (== netstandard2.1)
      System.ComponentModel.Composition (>= 5.0) - restriction: || (&& (== net461) (>= netcoreapp2.0)) (&& (== net461) (>= netcoreapp2.1)) (&& (== net461) (>= netcoreapp3.0)) (&& (== net461) (>= netstandard2.0)) (&& (== net461) (>= netstandard2.1)) (== net5.0-windows7.0) (== net50) (== netstandard2.0) (== netstandard2.1)
      System.ComponentModel.Composition.Registration (>= 5.0) - restriction: || (&& (== net461) (>= netcoreapp3.0)) (&& (== net461) (>= netstandard2.1)) (== net5.0-windows7.0) (== net50) (&& (== netstandard2.0) (>= netcoreapp3.0)) (&& (== netstandard2.0) (>= netstandard2.1)) (== netstandard2.1)
      System.Configuration.ConfigurationManager (>= 5.0) - restriction: || (&& (== net461) (>= netcoreapp2.0)) (&& (== net461) (>= netcoreapp2.1)) (&& (== net461) (>= netcoreapp3.0)) (&& (== net461) (>= netstandard2.0)) (&& (== net461) (>= netstandard2.1)) (== net5.0-windows7.0) (== net50) (== netstandard2.0) (== netstandard2.1)
      System.Data.DataSetExtensions (>= 4.5) - restriction: || (&& (== net461) (>= netcoreapp2.0)) (&& (== net461) (>= netcoreapp2.1)) (&& (== net461) (>= netcoreapp3.0)) (&& (== net461) (>= netstandard2.0)) (&& (== net461) (>= netstandard2.1)) (== net5.0-windows7.0) (== net50) (== netstandard2.0) (== netstandard2.1)
      System.Data.Odbc (>= 5.0) - restriction: || (&& (== net461) (>= netcoreapp2.0)) (&& (== net461) (>= netcoreapp2.1)) (&& (== net461) (>= netcoreapp3.0)) (&& (== net461) (>= netstandard2.0)) (&& (== net461) (>= netstandard2.1)) (== net5.0-windows7.0) (== net50) (== netstandard2.0) (== netstandard2.1)
      System.Data.OleDb (>= 5.0) - restriction: || (&& (== net461) (>= netcoreapp2.0)) (&& (== net461) (>= netcoreapp2.1)) (&& (== net461) (>= netcoreapp3.0)) (&& (== net461) (>= netstandard2.0)) (&& (== net461) (>= netstandard2.1)) (== net5.0-windows7.0) (== net50) (== netstandard2.0) (== netstandard2.1)
      System.Data.SqlClient (>= 4.8.1) - restriction: || (&& (== net461) (>= netcoreapp2.0)) (&& (== net461) (>= netcoreapp2.1)) (&& (== net461) (>= netcoreapp3.0)) (&& (== net461) (>= netstandard2.0)) (&& (== net461) (>= netstandard2.1)) (== net5.0-windows7.0) (== net50) (== netstandard2.0) (== netstandard2.1)
      System.Diagnostics.EventLog (>= 5.0.1) - restriction: || (&& (== net461) (>= netcoreapp2.0)) (&& (== net461) (>= netcoreapp2.1)) (&& (== net461) (>= netcoreapp3.0)) (&& (== net461) (>= netstandard2.0)) (&& (== net461) (>= netstandard2.1)) (== net5.0-windows7.0) (== net50) (== netstandard2.0) (== netstandard2.1)
      System.Diagnostics.PerformanceCounter (>= 5.0.1) - restriction: || (&& (== net461) (>= netcoreapp2.0)) (&& (== net461) (>= netcoreapp2.1)) (&& (== net461) (>= netcoreapp3.0)) (&& (== net461) (>= netstandard2.0)) (&& (== net461) (>= netstandard2.1)) (== net5.0-windows7.0) (== net50) (== netstandard2.0) (== netstandard2.1)
      System.DirectoryServices (>= 5.0) - restriction: || (&& (== net461) (>= netcoreapp2.0)) (&& (== net461) (>= netcoreapp2.1)) (&& (== net461) (>= netcoreapp3.0)) (&& (== net461) (>= netstandard2.0)) (&& (== net461) (>= netstandard2.1)) (== net5.0-windows7.0) (== net50) (== netstandard2.0) (== netstandard2.1)
      System.DirectoryServices.AccountManagement (>= 5.0) - restriction: || (&& (== net461) (>= netcoreapp2.0)) (&& (== net461) (>= netcoreapp2.1)) (&& (== net461) (>= netcoreapp3.0)) (&& (== net461) (>= netstandard2.0)) (&& (== net461) (>= netstandard2.1)) (== net5.0-windows7.0) (== net50) (== netstandard2.0) (== netstandard2.1)
      System.DirectoryServices.Protocols (>= 5.0) - restriction: || (&& (== net461) (>= netcoreapp2.0)) (&& (== net461) (>= netcoreapp2.1)) (&& (== net461) (>= netcoreapp3.0)) (&& (== net461) (>= netstandard2.0)) (&& (== net461) (>= netstandard2.1)) (== net5.0-windows7.0) (== net50) (== netstandard2.0) (== netstandard2.1)
      System.Drawing.Common (>= 5.0) - restriction: || (&& (== net461) (>= netcoreapp2.0)) (&& (== net461) (>= netcoreapp2.1)) (&& (== net461) (>= netcoreapp3.0)) (&& (== net461) (>= netstandard2.0)) (&& (== net461) (>= netstandard2.1)) (== net5.0-windows7.0) (== net50) (== netstandard2.0) (== netstandard2.1)
      System.IO.FileSystem.AccessControl (>= 5.0) - restriction: || (&& (== net461) (>= netcoreapp2.0)) (&& (== net461) (>= netcoreapp2.1)) (&& (== net461) (>= netcoreapp3.0)) (&& (== net461) (>= netstandard2.0)) (&& (== net461) (>= netstandard2.1)) (== net5.0-windows7.0) (== net50) (== netstandard2.0) (== netstandard2.1)
      System.IO.Packaging (>= 5.0) - restriction: || (&& (== net461) (>= netcoreapp2.0)) (&& (== net461) (>= netcoreapp2.1)) (&& (== net461) (>= netcoreapp3.0)) (&& (== net461) (>= netstandard2.0)) (&& (== net461) (>= netstandard2.1)) (== net5.0-windows7.0) (== net50) (== netstandard2.0) (== netstandard2.1)
      System.IO.Pipes.AccessControl (>= 5.0) - restriction: || (&& (== net461) (>= netcoreapp2.0)) (&& (== net461) (>= netcoreapp2.1)) (&& (== net461) (>= netcoreapp3.0)) (&& (== net461) (>= netstandard2.0)) (&& (== net461) (>= netstandard2.1)) (== net5.0-windows7.0) (== net50) (== netstandard2.0) (== netstandard2.1)
      System.IO.Ports (>= 5.0) - restriction: || (&& (== net461) (>= netcoreapp2.0)) (&& (== net461) (>= netcoreapp2.1)) (&& (== net461) (>= netcoreapp3.0)) (&& (== net461) (>= netstandard2.0)) (&& (== net461) (>= netstandard2.1)) (== net5.0-windows7.0) (== net50) (== netstandard2.0) (== netstandard2.1)
      System.Management (>= 5.0) - restriction: || (&& (== net461) (>= netcoreapp2.0)) (&& (== net461) (>= netcoreapp2.1)) (&& (== net461) (>= netcoreapp3.0)) (&& (== net461) (>= netstandard2.0)) (&& (== net461) (>= netstandard2.1)) (== net5.0-windows7.0) (== net50) (== netstandard2.0) (== netstandard2.1)
      System.Reflection.Context (>= 5.0) - restriction: || (&& (== net461) (>= netcoreapp3.0)) (&& (== net461) (>= netstandard2.1)) (== net5.0-windows7.0) (== net50) (&& (== netstandard2.0) (>= netcoreapp3.0)) (&& (== netstandard2.0) (>= netstandard2.1)) (== netstandard2.1)
      System.Reflection.Emit (>= 4.7) - restriction: || (&& (== net461) (>= netcoreapp2.0)) (&& (== net461) (>= netcoreapp2.1)) (&& (== net461) (>= netcoreapp3.0)) (&& (== net461) (>= netstandard2.0)) (&& (== net461) (>= netstandard2.1)) (== net5.0-windows7.0) (== net50) (== netstandard2.0) (== netstandard2.1)
      System.Reflection.Emit.ILGeneration (>= 4.7) - restriction: || (&& (== net461) (>= netcoreapp2.0)) (&& (== net461) (>= netcoreapp2.1)) (&& (== net461) (>= netcoreapp3.0)) (&& (== net461) (>= netstandard2.0)) (&& (== net461) (>= netstandard2.1)) (== net5.0-windows7.0) (== net50) (== netstandard2.0) (== netstandard2.1)
      System.Reflection.Emit.Lightweight (>= 4.7) - restriction: || (&& (== net461) (>= netcoreapp2.0)) (&& (== net461) (>= netcoreapp2.1)) (&& (== net461) (>= netcoreapp3.0)) (&& (== net461) (>= netstandard2.0)) (&& (== net461) (>= netstandard2.1)) (== net5.0-windows7.0) (== net50) (== netstandard2.0) (== netstandard2.1)
      System.Runtime.Caching (>= 5.0) - restriction: || (&& (== net461) (>= netcoreapp2.0)) (&& (== net461) (>= netcoreapp2.1)) (&& (== net461) (>= netcoreapp3.0)) (&& (== net461) (>= netstandard2.0)) (&& (== net461) (>= netstandard2.1)) (== net5.0-windows7.0) (== net50) (== netstandard2.0) (== netstandard2.1)
      System.Security.AccessControl (>= 5.0) - restriction: || (&& (== net461) (>= netcoreapp2.0)) (&& (== net461) (>= netcoreapp2.1)) (&& (== net461) (>= netcoreapp3.0)) (&& (== net461) (>= netstandard2.0)) (&& (== net461) (>= netstandard2.1)) (== net5.0-windows7.0) (== net50) (== netstandard2.0) (== netstandard2.1)
      System.Security.Cryptography.Cng (>= 5.0) - restriction: || (&& (== net461) (>= netcoreapp2.0)) (&& (== net461) (>= netcoreapp2.1)) (&& (== net461) (>= netcoreapp3.0)) (&& (== net461) (>= netstandard2.0)) (&& (== net461) (>= netstandard2.1)) (== net5.0-windows7.0) (== net50) (== netstandard2.0) (== netstandard2.1)
      System.Security.Cryptography.Pkcs (>= 5.0.1) - restriction: || (&& (== net461) (>= netcoreapp2.0)) (&& (== net461) (>= netcoreapp2.1)) (&& (== net461) (>= netcoreapp3.0)) (&& (== net461) (>= netstandard2.0)) (&& (== net461) (>= netstandard2.1)) (== net5.0-windows7.0) (== net50) (== netstandard2.0) (== netstandard2.1)
      System.Security.Cryptography.ProtectedData (>= 5.0) - restriction: || (&& (== net461) (>= netcoreapp2.0)) (&& (== net461) (>= netcoreapp2.1)) (&& (== net461) (>= netcoreapp3.0)) (&& (== net461) (>= netstandard2.0)) (&& (== net461) (>= netstandard2.1)) (== net5.0-windows7.0) (== net50) (== netstandard2.0) (== netstandard2.1)
      System.Security.Cryptography.Xml (>= 5.0) - restriction: || (&& (== net461) (>= netcoreapp2.0)) (&& (== net461) (>= netcoreapp2.1)) (&& (== net461) (>= netcoreapp3.0)) (&& (== net461) (>= netstandard2.0)) (&& (== net461) (>= netstandard2.1)) (== net5.0-windows7.0) (== net50) (== netstandard2.0) (== netstandard2.1)
      System.Security.Permissions (>= 5.0) - restriction: || (&& (== net461) (>= netcoreapp2.0)) (&& (== net461) (>= netcoreapp2.1)) (&& (== net461) (>= netcoreapp3.0)) (&& (== net461) (>= netstandard2.0)) (&& (== net461) (>= netstandard2.1)) (== net5.0-windows7.0) (== net50) (== netstandard2.0) (== netstandard2.1)
      System.Security.Principal.Windows (>= 5.0) - restriction: || (&& (== net461) (>= netcoreapp2.0)) (&& (== net461) (>= netcoreapp2.1)) (&& (== net461) (>= netcoreapp3.0)) (&& (== net461) (>= netstandard2.0)) (&& (== net461) (>= netstandard2.1)) (== net5.0-windows7.0) (== net50) (== netstandard2.0) (== netstandard2.1)
      System.ServiceModel.Duplex (>= 4.8) - restriction: || (&& (== net461) (>= netcoreapp2.0)) (&& (== net461) (>= netcoreapp2.1)) (&& (== net461) (>= netcoreapp3.0)) (&& (== net461) (>= netstandard2.0)) (&& (== net461) (>= netstandard2.1)) (== net5.0-windows7.0) (== net50) (== netstandard2.0) (== netstandard2.1)
      System.ServiceModel.Http (>= 4.8) - restriction: || (&& (== net461) (>= netcoreapp2.0)) (&& (== net461) (>= netcoreapp2.1)) (&& (== net461) (>= netcoreapp3.0)) (&& (== net461) (>= netstandard2.0)) (&& (== net461) (>= netstandard2.1)) (== net5.0-windows7.0) (== net50) (== netstandard2.0) (== netstandard2.1)
      System.ServiceModel.NetTcp (>= 4.8) - restriction: || (&& (== net461) (>= netcoreapp2.0)) (&& (== net461) (>= netcoreapp2.1)) (&& (== net461) (>= netcoreapp3.0)) (&& (== net461) (>= netstandard2.0)) (&& (== net461) (>= netstandard2.1)) (== net5.0-windows7.0) (== net50) (== netstandard2.0) (== netstandard2.1)
      System.ServiceModel.Primitives (>= 4.8) - restriction: || (&& (== net461) (>= netcoreapp2.0)) (&& (== net461) (>= netcoreapp2.1)) (&& (== net461) (>= netcoreapp3.0)) (&& (== net461) (>= netstandard2.0)) (&& (== net461) (>= netstandard2.1)) (== net5.0-windows7.0) (== net50) (== netstandard2.0) (== netstandard2.1)
      System.ServiceModel.Security (>= 4.8) - restriction: || (&& (== net461) (>= netcoreapp2.0)) (&& (== net461) (>= netcoreapp2.1)) (&& (== net461) (>= netcoreapp3.0)) (&& (== net461) (>= netstandard2.0)) (&& (== net461) (>= netstandard2.1)) (== net5.0-windows7.0) (== net50) (== netstandard2.0) (== netstandard2.1)
      System.ServiceModel.Syndication (>= 5.0) - restriction: || (&& (== net461) (>= netcoreapp2.0)) (&& (== net461) (>= netcoreapp2.1)) (&& (== net461) (>= netcoreapp3.0)) (&& (== net461) (>= netstandard2.0)) (&& (== net461) (>= netstandard2.1)) (== net5.0-windows7.0) (== net50) (== netstandard2.0) (== netstandard2.1)
      System.ServiceProcess.ServiceController (>= 5.0) - restriction: || (&& (== net461) (>= netcoreapp2.0)) (&& (== net461) (>= netcoreapp2.1)) (&& (== net461) (>= netcoreapp3.0)) (&& (== net461) (>= netstandard2.0)) (&& (== net461) (>= netstandard2.1)) (== net5.0-windows7.0) (== net50) (== netstandard2.0) (== netstandard2.1)
      System.Speech (>= 5.0) - restriction: || (&& (== net461) (>= netcoreapp2.0)) (&& (== net461) (>= netcoreapp2.1)) (&& (== net461) (>= netcoreapp3.0)) (&& (== net461) (>= netstandard2.0)) (&& (== net461) (>= netstandard2.1)) (== net5.0-windows7.0) (== net50) (== netstandard2.0) (== netstandard2.1)
      System.Text.Encoding.CodePages (>= 5.0) - restriction: || (&& (== net461) (>= netcoreapp2.0)) (&& (== net461) (>= netcoreapp2.1)) (&& (== net461) (>= netcoreapp3.0)) (&& (== net461) (>= netstandard2.0)) (&& (== net461) (>= netstandard2.1)) (== net5.0-windows7.0) (== net50) (== netstandard2.0) (== netstandard2.1)
      System.Threading.AccessControl (>= 5.0) - restriction: || (&& (== net461) (>= netcoreapp2.0)) (&& (== net461) (>= netcoreapp2.1)) (&& (== net461) (>= netcoreapp3.0)) (&& (== net461) (>= netstandard2.0)) (&& (== net461) (>= netstandard2.1)) (== net5.0-windows7.0) (== net50) (== netstandard2.0) (== netstandard2.1)
    Mono.Cecil (0.11.3)
    Moq (4.16)
      Castle.Core (>= 4.4)
      System.Threading.Tasks.Extensions (>= 4.5.4)
    NETStandard.Library (2.0.3)
      Microsoft.NETCore.Platforms (>= 1.1)
    Newtonsoft.Json (13.0.1)
    Newtonsoft.Json.Bson (1.0.2) - restriction: || (&& (== net461) (>= netstandard2.1)) (== net5.0-windows7.0) (== net50) (&& (== netstandard2.0) (>= netstandard2.1)) (== netstandard2.1)
      Newtonsoft.Json (>= 12.0.1)
    NuGet.Frameworks (5.9.1) - restriction: || (&& (== net461) (>= netcoreapp1.0)) (== net5.0-windows7.0) (== net50) (&& (== netstandard2.0) (>= netcoreapp1.0)) (&& (== netstandard2.1) (>= netcoreapp1.0))
    NUnit (3.13)
      NETStandard.Library (>= 2.0) - restriction: || (&& (== net461) (< net35) (>= netstandard2.0)) (== net5.0-windows7.0) (== net50) (== netstandard2.0) (== netstandard2.1)
    NUnit3TestAdapter (3.17)
      Microsoft.DotNet.InternalAbstractions (>= 1.0) - restriction: || (&& (== net461) (>= netcoreapp2.1)) (== net5.0-windows7.0) (== net50) (&& (== netstandard2.0) (>= netcoreapp2.1)) (&& (== netstandard2.1) (>= netcoreapp2.1))
      System.ComponentModel.EventBasedAsync (>= 4.3) - restriction: || (&& (== net461) (>= netcoreapp2.1)) (== net5.0-windows7.0) (== net50) (&& (== netstandard2.0) (>= netcoreapp2.1)) (&& (== netstandard2.1) (>= netcoreapp2.1))
      System.ComponentModel.TypeConverter (>= 4.3) - restriction: || (&& (== net461) (>= netcoreapp2.1)) (== net5.0-windows7.0) (== net50) (&& (== netstandard2.0) (>= netcoreapp2.1)) (&& (== netstandard2.1) (>= netcoreapp2.1))
      System.Diagnostics.Process (>= 4.3) - restriction: || (&& (== net461) (>= netcoreapp2.1)) (== net5.0-windows7.0) (== net50) (&& (== netstandard2.0) (>= netcoreapp2.1)) (&& (== netstandard2.1) (>= netcoreapp2.1))
      System.Reflection (>= 4.3) - restriction: || (&& (== net461) (>= netcoreapp2.1)) (== net5.0-windows7.0) (== net50) (&& (== netstandard2.0) (>= netcoreapp2.1)) (&& (== netstandard2.1) (>= netcoreapp2.1))
      System.Runtime.InteropServices.RuntimeInformation (>= 4.3) - restriction: || (&& (== net461) (>= netcoreapp2.1)) (== net5.0-windows7.0) (== net50) (&& (== netstandard2.0) (>= netcoreapp2.1)) (&& (== netstandard2.1) (>= netcoreapp2.1))
      System.Threading.Thread (>= 4.3) - restriction: || (&& (== net461) (>= netcoreapp2.1)) (== net5.0-windows7.0) (== net50) (&& (== netstandard2.0) (>= netcoreapp2.1)) (&& (== netstandard2.1) (>= netcoreapp2.1))
      System.Xml.XmlDocument (>= 4.3) - restriction: || (&& (== net461) (>= netcoreapp2.1)) (== net5.0-windows7.0) (== net50) (&& (== netstandard2.0) (>= netcoreapp2.1)) (&& (== netstandard2.1) (>= netcoreapp2.1))
      System.Xml.XPath.XmlDocument (>= 4.3) - restriction: || (&& (== net461) (>= netcoreapp2.1)) (== net5.0-windows7.0) (== net50) (&& (== netstandard2.0) (>= netcoreapp2.1)) (&& (== netstandard2.1) (>= netcoreapp2.1))
    Owin (1.0)
    Polly (7.2.2)
      System.ValueTuple (>= 4.5) - restriction: || (== net461) (&& (== net5.0-windows7.0) (>= net461)) (&& (== net5.0-windows7.0) (< netstandard2.0)) (&& (== net50) (>= net461)) (&& (== net50) (< netstandard2.0)) (&& (== netstandard2.0) (>= net461)) (&& (== netstandard2.1) (>= net461)) (&& (== netstandard2.1) (< netstandard2.0))
    runtime.debian.8-x64.runtime.native.System.Security.Cryptography.OpenSsl (4.3.3) - restriction: || (== net5.0-windows7.0) (== net50) (== netstandard2.0) (== netstandard2.1)
    runtime.debian.9-x64.runtime.native.System.Security.Cryptography.OpenSsl (4.3.3) - restriction: || (== net5.0-windows7.0) (== net50) (== netstandard2.0) (== netstandard2.1)
    runtime.fedora.23-x64.runtime.native.System.Security.Cryptography.OpenSsl (4.3.3) - restriction: || (== net5.0-windows7.0) (== net50) (== netstandard2.0) (== netstandard2.1)
    runtime.fedora.24-x64.runtime.native.System.Security.Cryptography.OpenSsl (4.3.3) - restriction: || (== net5.0-windows7.0) (== net50) (== netstandard2.0) (== netstandard2.1)
    runtime.fedora.27-x64.runtime.native.System.Security.Cryptography.OpenSsl (4.3.3) - restriction: || (== net5.0-windows7.0) (== net50) (== netstandard2.0) (== netstandard2.1)
    runtime.fedora.28-x64.runtime.native.System.Security.Cryptography.OpenSsl (4.3.3) - restriction: || (== net5.0-windows7.0) (== net50) (== netstandard2.0) (== netstandard2.1)
    runtime.linux-arm.runtime.native.System.IO.Ports (5.0) - restriction: || (&& (== net461) (>= netcoreapp3.0)) (&& (== net461) (>= netstandard2.1)) (== net5.0-windows7.0) (== net50) (== netstandard2.0) (== netstandard2.1)
    runtime.linux-arm64.runtime.native.System.IO.Ports (5.0) - restriction: || (&& (== net461) (>= netcoreapp3.0)) (&& (== net461) (>= netstandard2.1)) (== net5.0-windows7.0) (== net50) (== netstandard2.0) (== netstandard2.1)
    runtime.linux-x64.runtime.native.System.IO.Ports (5.0) - restriction: || (&& (== net461) (>= netcoreapp3.0)) (&& (== net461) (>= netstandard2.1)) (== net5.0-windows7.0) (== net50) (== netstandard2.0) (== netstandard2.1)
    runtime.native.System (4.3.1) - restriction: || (== net5.0-windows7.0) (== net50) (== netstandard2.0) (== netstandard2.1)
      Microsoft.NETCore.Platforms (>= 1.1.1)
      Microsoft.NETCore.Targets (>= 1.1.3)
    runtime.native.System.Data.SqlClient.sni (4.7) - restriction: || (&& (== net461) (< net451)) (&& (== net461) (>= netcoreapp2.0)) (&& (== net461) (>= netcoreapp2.1)) (&& (== net461) (>= netcoreapp3.1)) (== net5.0-windows7.0) (== net50) (== netstandard2.0) (== netstandard2.1)
      runtime.win-arm64.runtime.native.System.Data.SqlClient.sni (>= 4.4)
      runtime.win-x64.runtime.native.System.Data.SqlClient.sni (>= 4.4)
      runtime.win-x86.runtime.native.System.Data.SqlClient.sni (>= 4.4)
    runtime.native.System.IO.Ports (5.0.1) - restriction: || (&& (== net461) (>= netcoreapp3.0)) (&& (== net461) (>= netstandard2.1)) (== net5.0-windows7.0) (== net50) (== netstandard2.0) (== netstandard2.1)
      runtime.linux-arm.runtime.native.System.IO.Ports (>= 5.0)
      runtime.linux-arm64.runtime.native.System.IO.Ports (>= 5.0)
      runtime.linux-x64.runtime.native.System.IO.Ports (>= 5.0)
      runtime.osx-x64.runtime.native.System.IO.Ports (>= 5.0)
    runtime.native.System.Net.Http (4.3.1) - restriction: || (== net5.0-windows7.0) (== net50) (== netstandard2.0) (== netstandard2.1)
      Microsoft.NETCore.Platforms (>= 1.1.1)
      Microsoft.NETCore.Targets (>= 1.1.3)
    runtime.native.System.Security.Cryptography.OpenSsl (4.3.3) - restriction: || (== net5.0-windows7.0) (== net50) (== netstandard2.0) (== netstandard2.1)
      runtime.debian.8-x64.runtime.native.System.Security.Cryptography.OpenSsl (>= 4.3.3)
      runtime.debian.9-x64.runtime.native.System.Security.Cryptography.OpenSsl (>= 4.3.3)
      runtime.fedora.23-x64.runtime.native.System.Security.Cryptography.OpenSsl (>= 4.3.3)
      runtime.fedora.24-x64.runtime.native.System.Security.Cryptography.OpenSsl (>= 4.3.3)
      runtime.fedora.27-x64.runtime.native.System.Security.Cryptography.OpenSsl (>= 4.3.3)
      runtime.fedora.28-x64.runtime.native.System.Security.Cryptography.OpenSsl (>= 4.3.3)
      runtime.opensuse.13.2-x64.runtime.native.System.Security.Cryptography.OpenSsl (>= 4.3.3)
      runtime.opensuse.42.1-x64.runtime.native.System.Security.Cryptography.OpenSsl (>= 4.3.3)
      runtime.opensuse.42.3-x64.runtime.native.System.Security.Cryptography.OpenSsl (>= 4.3.3)
      runtime.osx.10.10-x64.runtime.native.System.Security.Cryptography.OpenSsl (>= 4.3.3)
      runtime.rhel.7-x64.runtime.native.System.Security.Cryptography.OpenSsl (>= 4.3.3)
      runtime.ubuntu.14.04-x64.runtime.native.System.Security.Cryptography.OpenSsl (>= 4.3.3)
      runtime.ubuntu.16.04-x64.runtime.native.System.Security.Cryptography.OpenSsl (>= 4.3.3)
      runtime.ubuntu.16.10-x64.runtime.native.System.Security.Cryptography.OpenSsl (>= 4.3.3)
      runtime.ubuntu.18.04-x64.runtime.native.System.Security.Cryptography.OpenSsl (>= 4.3.3)
    runtime.opensuse.13.2-x64.runtime.native.System.Security.Cryptography.OpenSsl (4.3.3) - restriction: || (== net5.0-windows7.0) (== net50) (== netstandard2.0) (== netstandard2.1)
    runtime.opensuse.42.1-x64.runtime.native.System.Security.Cryptography.OpenSsl (4.3.3) - restriction: || (== net5.0-windows7.0) (== net50) (== netstandard2.0) (== netstandard2.1)
    runtime.opensuse.42.3-x64.runtime.native.System.Security.Cryptography.OpenSsl (4.3.3) - restriction: || (== net5.0-windows7.0) (== net50) (== netstandard2.0) (== netstandard2.1)
    runtime.osx-x64.runtime.native.System.IO.Ports (5.0) - restriction: || (&& (== net461) (>= netcoreapp3.0)) (&& (== net461) (>= netstandard2.1)) (== net5.0-windows7.0) (== net50) (== netstandard2.0) (== netstandard2.1)
    runtime.osx.10.10-x64.runtime.native.System.Security.Cryptography.OpenSsl (4.3.3) - restriction: || (== net5.0-windows7.0) (== net50) (== netstandard2.0) (== netstandard2.1)
    runtime.rhel.7-x64.runtime.native.System.Security.Cryptography.OpenSsl (4.3.3) - restriction: || (== net5.0-windows7.0) (== net50) (== netstandard2.0) (== netstandard2.1)
    runtime.ubuntu.14.04-x64.runtime.native.System.Security.Cryptography.OpenSsl (4.3.3) - restriction: || (== net5.0-windows7.0) (== net50) (== netstandard2.0) (== netstandard2.1)
    runtime.ubuntu.16.04-x64.runtime.native.System.Security.Cryptography.OpenSsl (4.3.3) - restriction: || (== net5.0-windows7.0) (== net50) (== netstandard2.0) (== netstandard2.1)
    runtime.ubuntu.16.10-x64.runtime.native.System.Security.Cryptography.OpenSsl (4.3.3) - restriction: || (== net5.0-windows7.0) (== net50) (== netstandard2.0) (== netstandard2.1)
    runtime.ubuntu.18.04-x64.runtime.native.System.Security.Cryptography.OpenSsl (4.3.3) - restriction: || (== net5.0-windows7.0) (== net50) (== netstandard2.0) (== netstandard2.1)
    runtime.win-arm64.runtime.native.System.Data.SqlClient.sni (4.4) - restriction: || (&& (== net461) (< net451)) (&& (== net461) (>= netcoreapp2.0)) (&& (== net461) (>= netcoreapp2.1)) (&& (== net461) (>= netcoreapp3.1)) (== net5.0-windows7.0) (== net50) (== netstandard2.0) (== netstandard2.1)
    runtime.win-x64.runtime.native.System.Data.SqlClient.sni (4.4) - restriction: || (&& (== net461) (< net451)) (&& (== net461) (>= netcoreapp2.0)) (&& (== net461) (>= netcoreapp2.1)) (&& (== net461) (>= netcoreapp3.1)) (== net5.0-windows7.0) (== net50) (== netstandard2.0) (== netstandard2.1)
    runtime.win-x86.runtime.native.System.Data.SqlClient.sni (4.4) - restriction: || (&& (== net461) (< net451)) (&& (== net461) (>= netcoreapp2.0)) (&& (== net461) (>= netcoreapp2.1)) (&& (== net461) (>= netcoreapp3.1)) (== net5.0-windows7.0) (== net50) (== netstandard2.0) (== netstandard2.1)
    Ryder (0.8)
      System.Collections (>= 4.3) - restriction: || (&& (== net461) (< net45)) (&& (== net461) (>= netcoreapp2.2)) (== net5.0-windows7.0) (== net50) (== netstandard2.0) (== netstandard2.1)
      System.Reflection.Emit.Lightweight (>= 4.3) - restriction: || (&& (== net461) (< net45)) (&& (== net461) (>= netcoreapp2.2)) (== net5.0-windows7.0) (== net50) (== netstandard2.0) (== netstandard2.1)
      System.Reflection.Extensions (>= 4.3) - restriction: || (&& (== net461) (< net45)) (&& (== net461) (>= netcoreapp2.2)) (== net5.0-windows7.0) (== net50) (== netstandard2.0) (== netstandard2.1)
      System.Reflection.TypeExtensions (>= 4.3) - restriction: || (&& (== net461) (< net45)) (&& (== net461) (>= netcoreapp2.2)) (== net5.0-windows7.0) (== net50) (== netstandard2.0) (== netstandard2.1)
      System.Runtime.Extensions (>= 4.3) - restriction: || (&& (== net461) (< net45)) (&& (== net461) (>= netcoreapp2.2)) (== net5.0-windows7.0) (== net50) (== netstandard2.0) (== netstandard2.1)
      System.Runtime.InteropServices (>= 4.3) - restriction: || (&& (== net461) (< net45)) (&& (== net461) (>= netcoreapp2.2)) (== net5.0-windows7.0) (== net50) (== netstandard2.0) (== netstandard2.1)
      System.Runtime.InteropServices.RuntimeInformation (>= 4.3) - restriction: || (&& (== net461) (< net45)) (&& (== net461) (>= netcoreapp2.2)) (== net5.0-windows7.0) (== net50) (== netstandard2.0) (== netstandard2.1)
    Selenium.Support (3.141)
      Selenium.WebDriver (>= 3.141)
    Selenium.WebDriver (3.141)
      Newtonsoft.Json (>= 10.0.3) - restriction: || (&& (== net461) (< net35) (>= netstandard2.0)) (== net5.0-windows7.0) (== net50) (== netstandard2.0) (== netstandard2.1)
    Shouldly (4.0.3)
      DiffEngine (>= 6.4.9) - restriction: || (&& (== net461) (>= netstandard2.0)) (== net5.0-windows7.0) (== net50) (== netstandard2.0) (== netstandard2.1)
      EmptyFiles (>= 2.3.3) - restriction: || (&& (== net461) (>= netstandard2.0)) (== net5.0-windows7.0) (== net50) (== netstandard2.0) (== netstandard2.1)
      Microsoft.CSharp (>= 4.7) - restriction: || (&& (== net461) (>= netstandard2.0)) (== net5.0-windows7.0) (== net50) (== netstandard2.0) (== netstandard2.1)
      System.Memory (>= 4.5.4) - restriction: || (&& (== net461) (>= netstandard2.0)) (== net5.0-windows7.0) (== net50) (== netstandard2.0) (== netstandard2.1)
    System.AppContext (4.3) - restriction: || (&& (== net461) (>= netcoreapp2.1)) (== net5.0-windows7.0) (== net50) (&& (== netstandard2.0) (>= netcoreapp2.1)) (&& (== netstandard2.1) (>= netcoreapp2.1))
      System.Runtime (>= 4.3) - restriction: || (&& (== net461) (< net46)) (== net5.0-windows7.0) (== net50) (== netstandard2.0) (== netstandard2.1)
    System.Buffers (4.5.1)
    System.CodeDom (5.0)
    System.Collections (4.3) - restriction: || (&& (== net461) (< net45)) (&& (== net461) (>= netcoreapp2.1)) (&& (== net461) (>= netcoreapp2.2)) (== net5.0-windows7.0) (== net50) (== netstandard2.0) (== netstandard2.1)
      Microsoft.NETCore.Platforms (>= 1.1) - restriction: || (&& (== net461) (< net45)) (== net5.0-windows7.0) (== net50) (== netstandard2.0) (== netstandard2.1)
      Microsoft.NETCore.Targets (>= 1.1) - restriction: || (&& (== net461) (< net45)) (== net5.0-windows7.0) (== net50) (== netstandard2.0) (== netstandard2.1)
      System.Runtime (>= 4.3) - restriction: || (&& (== net461) (< net45)) (== net5.0-windows7.0) (== net50) (== netstandard2.0) (== netstandard2.1)
    System.Collections.Concurrent (4.3) - restriction: || (&& (== net461) (< net45) (>= netstandard2.0)) (== net5.0-windows7.0) (== net50) (== netstandard2.0) (== netstandard2.1)
      System.Collections (>= 4.3) - restriction: || (&& (== net461) (< net45)) (== net5.0-windows7.0) (== net50) (== netstandard2.0) (== netstandard2.1)
      System.Diagnostics.Debug (>= 4.3) - restriction: || (&& (== net461) (< net45)) (== net5.0-windows7.0) (== net50) (== netstandard2.0) (== netstandard2.1)
      System.Diagnostics.Tracing (>= 4.3) - restriction: || (&& (== net461) (< net45)) (== net5.0-windows7.0) (== net50) (== netstandard2.0) (== netstandard2.1)
      System.Globalization (>= 4.3) - restriction: || (&& (== net461) (< net45)) (== net5.0-windows7.0) (== net50) (== netstandard2.0) (== netstandard2.1)
      System.Reflection (>= 4.3) - restriction: || (&& (== net461) (< net45)) (== net5.0-windows7.0) (== net50) (== netstandard2.0) (== netstandard2.1)
      System.Resources.ResourceManager (>= 4.3) - restriction: || (&& (== net461) (< net45)) (== net5.0-windows7.0) (== net50) (== netstandard2.0) (== netstandard2.1)
      System.Runtime (>= 4.3) - restriction: || (&& (== net461) (< net45)) (== net5.0-windows7.0) (== net50) (== netstandard2.0) (== netstandard2.1)
      System.Runtime.Extensions (>= 4.3) - restriction: || (&& (== net461) (< net45)) (== net5.0-windows7.0) (== net50) (== netstandard2.0) (== netstandard2.1)
      System.Threading (>= 4.3) - restriction: || (&& (== net461) (< net45)) (== net5.0-windows7.0) (== net50) (== netstandard2.0) (== netstandard2.1)
      System.Threading.Tasks (>= 4.3) - restriction: || (&& (== net461) (< net45)) (== net5.0-windows7.0) (== net50) (== netstandard2.0) (== netstandard2.1)
    System.Collections.Immutable (5.0)
      System.Memory (>= 4.5.4) - restriction: || (== net461) (&& (== net5.0-windows7.0) (>= net461)) (&& (== net5.0-windows7.0) (< netcoreapp2.1)) (&& (== net5.0-windows7.0) (< netstandard2.0)) (&& (== net5.0-windows7.0) (>= uap10.1)) (&& (== net50) (>= net461)) (&& (== net50) (< netcoreapp2.1)) (&& (== net50) (< netstandard2.0)) (&& (== net50) (>= uap10.1)) (== netstandard2.0) (== netstandard2.1)
    System.Collections.NonGeneric (4.3) - restriction: || (&& (== net461) (< net45) (>= net462)) (&& (== net461) (< net45) (>= netstandard1.5)) (&& (== net461) (>= xamarinios)) (== net5.0-windows7.0) (== net50) (== netstandard2.0) (== netstandard2.1)
      System.Diagnostics.Debug (>= 4.3) - restriction: || (&& (== net461) (< net46)) (== net5.0-windows7.0) (== net50) (== netstandard2.0) (== netstandard2.1)
      System.Globalization (>= 4.3) - restriction: || (&& (== net461) (< net46)) (== net5.0-windows7.0) (== net50) (== netstandard2.0) (== netstandard2.1)
      System.Resources.ResourceManager (>= 4.3) - restriction: || (&& (== net461) (< net46)) (== net5.0-windows7.0) (== net50) (== netstandard2.0) (== netstandard2.1)
      System.Runtime (>= 4.3) - restriction: || (&& (== net461) (< net46)) (== net5.0-windows7.0) (== net50) (== netstandard2.0) (== netstandard2.1)
      System.Runtime.Extensions (>= 4.3) - restriction: || (&& (== net461) (< net46)) (== net5.0-windows7.0) (== net50) (== netstandard2.0) (== netstandard2.1)
      System.Threading (>= 4.3) - restriction: || (&& (== net461) (< net46)) (== net5.0-windows7.0) (== net50) (== netstandard2.0) (== netstandard2.1)
    System.Collections.Specialized (4.3) - restriction: || (&& (== net461) (< net35)) (== net5.0-windows7.0) (== net50) (== netstandard2.0) (== netstandard2.1)
      System.Collections.NonGeneric (>= 4.3) - restriction: || (&& (== net461) (< net46)) (== net5.0-windows7.0) (== net50) (== netstandard2.0) (== netstandard2.1)
      System.Globalization (>= 4.3) - restriction: || (&& (== net461) (< net46)) (== net5.0-windows7.0) (== net50) (== netstandard2.0) (== netstandard2.1)
      System.Globalization.Extensions (>= 4.3) - restriction: || (&& (== net461) (< net46)) (== net5.0-windows7.0) (== net50) (== netstandard2.0) (== netstandard2.1)
      System.Resources.ResourceManager (>= 4.3) - restriction: || (&& (== net461) (< net46)) (== net5.0-windows7.0) (== net50) (== netstandard2.0) (== netstandard2.1)
      System.Runtime (>= 4.3) - restriction: || (&& (== net461) (< net46)) (== net5.0-windows7.0) (== net50) (== netstandard2.0) (== netstandard2.1)
      System.Runtime.Extensions (>= 4.3) - restriction: || (&& (== net461) (< net46)) (== net5.0-windows7.0) (== net50) (== netstandard2.0) (== netstandard2.1)
      System.Threading (>= 4.3) - restriction: || (&& (== net461) (< net46)) (== net5.0-windows7.0) (== net50) (== netstandard2.0) (== netstandard2.1)
    System.ComponentModel (4.3) - restriction: || (&& (== net461) (< net35)) (== net5.0-windows7.0) (== net50) (== netstandard2.0) (== netstandard2.1)
      System.Runtime (>= 4.3) - restriction: || (&& (== net461) (< net45)) (== net5.0-windows7.0) (== net50) (== netstandard2.0) (== netstandard2.1)
    System.ComponentModel.Annotations (5.0) - restriction: || (&& (== net461) (< net45)) (&& (== net461) (>= netcoreapp3.0)) (&& (== net461) (>= netstandard2.1)) (== net5.0-windows7.0) (== net50) (== netstandard2.0) (== netstandard2.1)
    System.ComponentModel.Composition (5.0) - restriction: || (&& (== net461) (>= netcoreapp3.0)) (&& (== net461) (>= netstandard2.1)) (== net5.0-windows7.0) (== net50) (== netstandard2.0) (== netstandard2.1)
    System.ComponentModel.Composition.Registration (5.0) - restriction: || (&& (== net461) (>= netcoreapp3.0)) (&& (== net461) (>= netstandard2.1)) (== net5.0-windows7.0) (== net50) (&& (== netstandard2.0) (>= netcoreapp3.0)) (&& (== netstandard2.0) (>= netstandard2.1)) (== netstandard2.1)
      System.ComponentModel.Composition (>= 5.0) - restriction: || (&& (== net461) (>= netstandard2.1)) (== net5.0-windows7.0) (== net50) (&& (== netstandard2.0) (>= netstandard2.1)) (== netstandard2.1)
      System.Reflection.Context (>= 5.0) - restriction: || (&& (== net461) (>= monoandroid)) (&& (== net461) (>= monotouch)) (&& (== net461) (>= netstandard2.1)) (&& (== net461) (>= xamarinios)) (&& (== net461) (>= xamarinmac)) (&& (== net461) (>= xamarintvos)) (&& (== net461) (>= xamarinwatchos)) (== net5.0-windows7.0) (== net50) (&& (== netstandard2.0) (>= monoandroid)) (&& (== netstandard2.0) (>= monotouch)) (&& (== netstandard2.0) (>= netstandard2.1)) (&& (== netstandard2.0) (>= xamarinios)) (&& (== netstandard2.0) (>= xamarinmac)) (&& (== netstandard2.0) (>= xamarintvos)) (&& (== netstandard2.0) (>= xamarinwatchos)) (== netstandard2.1)
    System.ComponentModel.EventBasedAsync (4.3) - restriction: || (&& (== net461) (>= netcoreapp2.1)) (== net5.0-windows7.0) (== net50) (&& (== netstandard2.0) (>= netcoreapp2.1)) (&& (== netstandard2.1) (>= netcoreapp2.1))
      System.Resources.ResourceManager (>= 4.3) - restriction: || (&& (== net461) (< net45)) (== net5.0-windows7.0) (== net50) (== netstandard2.0) (== netstandard2.1)
      System.Runtime (>= 4.3) - restriction: || (&& (== net461) (< net45)) (== net5.0-windows7.0) (== net50) (== netstandard2.0) (== netstandard2.1)
      System.Threading (>= 4.3) - restriction: || (&& (== net461) (< net45)) (== net5.0-windows7.0) (== net50) (== netstandard2.0) (== netstandard2.1)
      System.Threading.Tasks (>= 4.3) - restriction: || (&& (== net461) (< net45)) (== net5.0-windows7.0) (== net50) (== netstandard2.0) (== netstandard2.1)
    System.ComponentModel.Primitives (4.3) - restriction: || (&& (== net461) (< net45)) (&& (== net461) (< netstandard1.0) (>= win8)) (&& (== net461) (>= wp8)) (&& (== net461) (>= wpa81)) (&& (== net461) (>= xamarinios)) (== net5.0-windows7.0) (== net50) (== netstandard2.0) (== netstandard2.1)
      System.ComponentModel (>= 4.3) - restriction: || (&& (== net461) (< net45)) (== net5.0-windows7.0) (== net50) (== netstandard2.0) (== netstandard2.1)
      System.Resources.ResourceManager (>= 4.3) - restriction: || (&& (== net461) (< net45)) (== net5.0-windows7.0) (== net50) (== netstandard2.0) (== netstandard2.1)
      System.Runtime (>= 4.3) - restriction: || (&& (== net461) (< net45)) (== net5.0-windows7.0) (== net50) (== netstandard2.0) (== netstandard2.1)
    System.ComponentModel.TypeConverter (4.3) - restriction: || (&& (== net461) (< net45)) (&& (== net461) (>= netcoreapp2.1)) (&& (== net461) (>= xamarinios)) (== net5.0-windows7.0) (== net50) (== netstandard2.0) (== netstandard2.1)
      System.Collections (>= 4.3) - restriction: || (&& (== net461) (< net45)) (== net5.0-windows7.0) (== net50) (== netstandard2.0) (== netstandard2.1)
      System.Collections.NonGeneric (>= 4.3) - restriction: || (&& (== net461) (< net45) (>= netstandard1.5)) (&& (== net461) (>= net462)) (== net5.0-windows7.0) (== net50) (== netstandard2.0) (== netstandard2.1)
      System.Collections.Specialized (>= 4.3) - restriction: || (&& (== net461) (< net45) (>= netstandard1.5)) (== net5.0-windows7.0) (== net50) (== netstandard2.0) (== netstandard2.1)
      System.ComponentModel (>= 4.3) - restriction: || (&& (== net461) (< net45)) (== net5.0-windows7.0) (== net50) (== netstandard2.0) (== netstandard2.1)
      System.ComponentModel.Primitives (>= 4.3)
      System.Globalization (>= 4.3) - restriction: || (&& (== net461) (< net45)) (== net5.0-windows7.0) (== net50) (== netstandard2.0) (== netstandard2.1)
      System.Linq (>= 4.3) - restriction: || (&& (== net461) (< net45) (>= netstandard1.5)) (== net5.0-windows7.0) (== net50) (== netstandard2.0) (== netstandard2.1)
      System.Reflection (>= 4.3) - restriction: || (&& (== net461) (< net45)) (== net5.0-windows7.0) (== net50) (== netstandard2.0) (== netstandard2.1)
      System.Reflection.Extensions (>= 4.3) - restriction: || (&& (== net461) (< net45)) (== net5.0-windows7.0) (== net50) (== netstandard2.0) (== netstandard2.1)
      System.Reflection.Primitives (>= 4.3) - restriction: || (&& (== net461) (< net45)) (== net5.0-windows7.0) (== net50) (== netstandard2.0) (== netstandard2.1)
      System.Reflection.TypeExtensions (>= 4.3) - restriction: || (&& (== net461) (< net45) (>= netstandard1.5)) (== net5.0-windows7.0) (== net50) (== netstandard2.0) (== netstandard2.1)
      System.Resources.ResourceManager (>= 4.3) - restriction: || (&& (== net461) (< net45)) (== net5.0-windows7.0) (== net50) (== netstandard2.0) (== netstandard2.1)
      System.Runtime (>= 4.3) - restriction: || (&& (== net461) (< net45)) (== net5.0-windows7.0) (== net50) (== netstandard2.0) (== netstandard2.1)
      System.Runtime.Extensions (>= 4.3) - restriction: || (&& (== net461) (< net45)) (== net5.0-windows7.0) (== net50) (== netstandard2.0) (== netstandard2.1)
      System.Threading (>= 4.3) - restriction: || (&& (== net461) (< net45)) (== net5.0-windows7.0) (== net50) (== netstandard2.0) (== netstandard2.1)
    System.Composition (5.0.1) - restriction: || (&& (== net461) (>= netstandard2.0)) (== net5.0-windows7.0) (== net50) (== netstandard2.0) (== netstandard2.1)
      System.Composition.AttributedModel (>= 5.0.1)
      System.Composition.Convention (>= 5.0.1)
      System.Composition.Hosting (>= 5.0.1)
      System.Composition.Runtime (>= 5.0.1)
      System.Composition.TypedParts (>= 5.0.1)
    System.Composition.AttributedModel (5.0.1) - restriction: || (&& (== net461) (>= netstandard2.0)) (== net5.0-windows7.0) (== net50) (== netstandard2.0) (== netstandard2.1)
    System.Composition.Convention (5.0.1) - restriction: || (&& (== net461) (>= netstandard2.0)) (== net5.0-windows7.0) (== net50) (== netstandard2.0) (== netstandard2.1)
      System.Composition.AttributedModel (>= 5.0)
    System.Composition.Hosting (5.0.1) - restriction: || (&& (== net461) (>= netstandard2.0)) (== net5.0-windows7.0) (== net50) (== netstandard2.0) (== netstandard2.1)
      System.Composition.Runtime (>= 5.0)
    System.Composition.Runtime (5.0.1) - restriction: || (&& (== net461) (>= netstandard2.0)) (== net5.0-windows7.0) (== net50) (== netstandard2.0) (== netstandard2.1)
    System.Composition.TypedParts (5.0.1) - restriction: || (&& (== net461) (>= netstandard2.0)) (== net5.0-windows7.0) (== net50) (== netstandard2.0) (== netstandard2.1)
      System.Composition.AttributedModel (>= 5.0)
      System.Composition.Hosting (>= 5.0)
      System.Composition.Runtime (>= 5.0)
    System.Configuration.ConfigurationManager (5.0)
      System.Security.Cryptography.ProtectedData (>= 5.0) - restriction: || (== net5.0-windows7.0) (== net50) (== netstandard2.0) (== netstandard2.1)
      System.Security.Permissions (>= 5.0)
    System.Data.Common (4.3)
      System.Collections (>= 4.3) - restriction: || (&& (== net461) (< net451)) (== net5.0-windows7.0) (== net50) (== netstandard2.0) (== netstandard2.1)
      System.Globalization (>= 4.3) - restriction: || (&& (== net461) (< net451)) (== net5.0-windows7.0) (== net50) (== netstandard2.0) (== netstandard2.1)
      System.IO (>= 4.3) - restriction: || (&& (== net461) (< net451)) (== net5.0-windows7.0) (== net50) (== netstandard2.0) (== netstandard2.1)
      System.Resources.ResourceManager (>= 4.3) - restriction: || (&& (== net461) (< net451)) (== net5.0-windows7.0) (== net50) (== netstandard2.0) (== netstandard2.1)
      System.Runtime (>= 4.3) - restriction: || (&& (== net461) (< net451)) (== net5.0-windows7.0) (== net50) (== netstandard2.0) (== netstandard2.1)
      System.Runtime.Extensions (>= 4.3) - restriction: || (&& (== net461) (< net451)) (== net5.0-windows7.0) (== net50) (== netstandard2.0) (== netstandard2.1)
      System.Text.RegularExpressions (>= 4.3) - restriction: || (&& (== net461) (< net451)) (== net5.0-windows7.0) (== net50) (== netstandard2.0) (== netstandard2.1)
      System.Threading.Tasks (>= 4.3) - restriction: || (&& (== net461) (< net451)) (== net5.0-windows7.0) (== net50) (== netstandard2.0) (== netstandard2.1)
    System.Data.DataSetExtensions (4.5) - restriction: || (&& (== net461) (>= netcoreapp3.0)) (&& (== net461) (>= netstandard2.1)) (== net5.0-windows7.0) (== net50) (== netstandard2.0) (== netstandard2.1)
    System.Data.Odbc (5.0) - restriction: || (&& (== net461) (>= netcoreapp3.0)) (&& (== net461) (>= netstandard2.1)) (== net5.0-windows7.0) (== net50) (== netstandard2.0) (== netstandard2.1)
      Microsoft.NETCore.Platforms (>= 5.0) - restriction: || (&& (== net461) (>= netcoreapp2.0)) (== net5.0-windows7.0) (== net50) (&& (== netstandard2.0) (>= netcoreapp2.0)) (&& (== netstandard2.1) (>= netcoreapp2.0))
    System.Data.OleDb (5.0) - restriction: || (&& (== net461) (>= netcoreapp3.0)) (&& (== net461) (>= netstandard2.1)) (== net5.0-windows7.0) (== net50) (== netstandard2.0) (== netstandard2.1)
      Microsoft.Win32.Registry (>= 5.0) - restriction: || (&& (== net461) (>= monoandroid)) (&& (== net461) (>= monotouch)) (&& (== net461) (>= netcoreapp2.1)) (&& (== net461) (>= xamarinios)) (&& (== net461) (>= xamarinmac)) (&& (== net461) (>= xamarintvos)) (&& (== net461) (>= xamarinwatchos)) (== net5.0-windows7.0) (== net50) (== netstandard2.0) (== netstandard2.1)
      System.Configuration.ConfigurationManager (>= 5.0) - restriction: || (&& (== net461) (>= monoandroid)) (&& (== net461) (>= monotouch)) (&& (== net461) (>= netcoreapp2.1)) (&& (== net461) (>= xamarinios)) (&& (== net461) (>= xamarinmac)) (&& (== net461) (>= xamarintvos)) (&& (== net461) (>= xamarinwatchos)) (== net5.0-windows7.0) (== net50) (== netstandard2.0) (== netstandard2.1)
      System.Diagnostics.PerformanceCounter (>= 5.0) - restriction: || (&& (== net461) (>= netcoreapp2.1)) (== net5.0-windows7.0) (== net50) (== netstandard2.0) (== netstandard2.1)
      System.Memory (>= 4.5.4) - restriction: || (&& (== net5.0-windows7.0) (< netcoreapp2.1)) (&& (== net50) (< netcoreapp2.1)) (== netstandard2.0) (== netstandard2.1)
      System.Security.Principal.Windows (>= 5.0) - restriction: || (&& (== net461) (>= monoandroid)) (&& (== net461) (>= monotouch)) (&& (== net461) (>= netcoreapp2.1)) (&& (== net461) (>= xamarinios)) (&& (== net461) (>= xamarinmac)) (&& (== net461) (>= xamarintvos)) (&& (== net461) (>= xamarinwatchos)) (== net5.0-windows7.0) (== net50) (== netstandard2.0) (== netstandard2.1)
    System.Data.SqlClient (4.8.2)
      Microsoft.Win32.Registry (>= 4.7) - restriction: || (&& (== net461) (< net451) (>= netstandard2.0)) (&& (== net461) (>= netcoreapp2.0)) (&& (== net461) (>= netcoreapp2.1)) (&& (== net461) (>= netcoreapp3.1)) (== net5.0-windows7.0) (== net50) (== netstandard2.0) (== netstandard2.1)
      runtime.native.System.Data.SqlClient.sni (>= 4.7) - restriction: || (&& (== net461) (< net451)) (&& (== net461) (>= netcoreapp2.0)) (&& (== net461) (>= netcoreapp2.1)) (&& (== net461) (>= netcoreapp3.1)) (== net5.0-windows7.0) (== net50) (== netstandard2.0) (== netstandard2.1)
      System.Buffers (>= 4.5.1) - restriction: || (&& (== net461) (< net451) (>= netstandard2.0)) (&& (== net5.0-windows7.0) (< netcoreapp2.0)) (&& (== net50) (< netcoreapp2.0)) (== netstandard2.0) (== netstandard2.1)
      System.Diagnostics.DiagnosticSource (>= 4.7) - restriction: || (&& (== net461) (< net451)) (&& (== net461) (>= netcoreapp2.0)) (&& (== net461) (>= netcoreapp2.1)) (&& (== net461) (>= uap10.1)) (&& (== net5.0-windows7.0) (< netcoreapp2.0)) (&& (== net5.0-windows7.0) (< netcoreapp2.1)) (&& (== net5.0-windows7.0) (< netcoreapp3.1)) (&& (== net5.0-windows7.0) (< netstandard2.0)) (&& (== net5.0-windows7.0) (>= uap10.1)) (&& (== net50) (< netcoreapp2.0)) (&& (== net50) (< netcoreapp2.1)) (&& (== net50) (< netcoreapp3.1)) (&& (== net50) (< netstandard2.0)) (&& (== net50) (>= uap10.1)) (== netstandard2.0) (== netstandard2.1)
      System.Memory (>= 4.5.4) - restriction: || (&& (== net461) (< net451) (>= netstandard2.0)) (&& (== net461) (>= netcoreapp2.0)) (&& (== net461) (>= uap10.1)) (&& (== net5.0-windows7.0) (< netcoreapp2.0)) (&& (== net5.0-windows7.0) (< netcoreapp2.1)) (&& (== net5.0-windows7.0) (>= uap10.1)) (&& (== net50) (< netcoreapp2.0)) (&& (== net50) (< netcoreapp2.1)) (&& (== net50) (>= uap10.1)) (== netstandard2.0) (== netstandard2.1)
      System.Security.Principal.Windows (>= 4.7) - restriction: || (&& (== net461) (< net451)) (&& (== net461) (>= netcoreapp2.0)) (&& (== net461) (>= netcoreapp2.1)) (&& (== net461) (>= netcoreapp3.1)) (== net5.0-windows7.0) (== net50) (== netstandard2.0) (== netstandard2.1)
      System.Text.Encoding.CodePages (>= 4.7) - restriction: || (&& (== net461) (< net451)) (&& (== net461) (>= netcoreapp2.0)) (&& (== net461) (>= netcoreapp2.1)) (&& (== net461) (>= uap10.1)) (&& (== net5.0-windows7.0) (< netcoreapp2.0)) (&& (== net5.0-windows7.0) (< netcoreapp2.1)) (&& (== net5.0-windows7.0) (< netcoreapp3.1)) (&& (== net5.0-windows7.0) (< netstandard2.0)) (&& (== net5.0-windows7.0) (>= uap10.1)) (&& (== net50) (< netcoreapp2.0)) (&& (== net50) (< netcoreapp2.1)) (&& (== net50) (< netcoreapp3.1)) (&& (== net50) (< netstandard2.0)) (&& (== net50) (>= uap10.1)) (== netstandard2.0) (== netstandard2.1)
    System.Diagnostics.Debug (4.3) - restriction: || (&& (== net461) (>= netcoreapp2.1)) (== net5.0-windows7.0) (== net50) (== netstandard2.0) (== netstandard2.1)
      Microsoft.NETCore.Platforms (>= 1.1) - restriction: || (&& (== net461) (< net45)) (== net5.0-windows7.0) (== net50) (== netstandard2.0) (== netstandard2.1)
      Microsoft.NETCore.Targets (>= 1.1) - restriction: || (&& (== net461) (< net45)) (== net5.0-windows7.0) (== net50) (== netstandard2.0) (== netstandard2.1)
      System.Runtime (>= 4.3) - restriction: || (&& (== net461) (< net45)) (== net5.0-windows7.0) (== net50) (== netstandard2.0) (== netstandard2.1)
    System.Diagnostics.DiagnosticSource (5.0.1)
      System.Memory (>= 4.5.4) - restriction: || (== net461) (&& (== net5.0-windows7.0) (>= net45) (< netstandard1.3)) (&& (== net5.0-windows7.0) (>= net46)) (&& (== net5.0-windows7.0) (< netcoreapp2.1)) (&& (== net5.0-windows7.0) (< netstandard2.0)) (&& (== net5.0-windows7.0) (>= uap10.1)) (&& (== net50) (>= net45) (< netstandard1.3)) (&& (== net50) (>= net46)) (&& (== net50) (< netcoreapp2.1)) (&& (== net50) (< netstandard2.0)) (&& (== net50) (>= uap10.1)) (== netstandard2.0) (== netstandard2.1)
      System.Runtime.CompilerServices.Unsafe (>= 5.0) - restriction: || (== net461) (&& (== net5.0-windows7.0) (>= monotouch)) (&& (== net5.0-windows7.0) (>= net45) (< netstandard1.3)) (&& (== net5.0-windows7.0) (>= net46)) (&& (== net5.0-windows7.0) (< netcoreapp2.1)) (&& (== net5.0-windows7.0) (< netcoreapp3.0)) (&& (== net5.0-windows7.0) (< netstandard2.0)) (&& (== net5.0-windows7.0) (>= uap10.1)) (&& (== net50) (>= monotouch)) (&& (== net50) (>= net45) (< netstandard1.3)) (&& (== net50) (>= net46)) (&& (== net50) (< netcoreapp2.1)) (&& (== net50) (< netcoreapp3.0)) (&& (== net50) (< netstandard2.0)) (&& (== net50) (>= uap10.1)) (== netstandard2.0) (== netstandard2.1)
    System.Diagnostics.EventLog (5.0.1) - restriction: || (&& (== net461) (>= netcoreapp3.0)) (&& (== net461) (>= netstandard2.1)) (== net5.0-windows7.0) (== net50) (== netstandard2.0) (== netstandard2.1)
      Microsoft.NETCore.Platforms (>= 5.0.1) - restriction: || (&& (== net461) (>= netcoreapp2.0)) (== net5.0-windows7.0) (== net50) (&& (== netstandard2.0) (>= netcoreapp2.0)) (&& (== netstandard2.1) (>= netcoreapp2.0))
      Microsoft.Win32.Registry (>= 5.0) - restriction: || (&& (== net461) (>= netcoreapp2.0)) (== net5.0-windows7.0) (== net50) (&& (== netstandard2.0) (>= netcoreapp2.0)) (&& (== netstandard2.1) (>= netcoreapp2.0))
      System.Security.Principal.Windows (>= 5.0)
    System.Diagnostics.PerformanceCounter (5.0.1) - restriction: || (&& (== net461) (>= netcoreapp3.0)) (&& (== net461) (>= netstandard2.1)) (== net5.0-windows7.0) (== net50) (== netstandard2.0) (== netstandard2.1)
      Microsoft.NETCore.Platforms (>= 5.0.1) - restriction: || (&& (== net461) (>= netcoreapp2.0)) (&& (== net461) (>= netcoreapp2.1)) (== net5.0-windows7.0) (== net50) (&& (== netstandard2.0) (>= netcoreapp2.0)) (&& (== netstandard2.0) (>= netcoreapp2.1)) (&& (== netstandard2.1) (>= netcoreapp2.0)) (&& (== netstandard2.1) (>= netcoreapp2.1))
      Microsoft.Win32.Registry (>= 5.0) - restriction: || (&& (== net461) (>= netcoreapp2.0)) (&& (== net461) (>= netcoreapp2.1)) (== net5.0-windows7.0) (== net50) (&& (== netstandard2.0) (>= netcoreapp2.0)) (&& (== netstandard2.0) (>= netcoreapp2.1)) (&& (== netstandard2.1) (>= netcoreapp2.0)) (&& (== netstandard2.1) (>= netcoreapp2.1))
      System.Configuration.ConfigurationManager (>= 5.0) - restriction: || (&& (== net461) (>= netcoreapp2.0)) (&& (== net461) (>= netcoreapp2.1)) (== net5.0-windows7.0) (== net50) (&& (== netstandard2.0) (>= netcoreapp2.0)) (&& (== netstandard2.0) (>= netcoreapp2.1)) (&& (== netstandard2.1) (>= netcoreapp2.0)) (&& (== netstandard2.1) (>= netcoreapp2.1))
      System.Security.Principal.Windows (>= 5.0) - restriction: || (&& (== net461) (>= netcoreapp2.0)) (&& (== net461) (>= netcoreapp2.1)) (== net5.0-windows7.0) (== net50) (&& (== netstandard2.0) (>= netcoreapp2.0)) (&& (== netstandard2.0) (>= netcoreapp2.1)) (&& (== netstandard2.1) (>= netcoreapp2.0)) (&& (== netstandard2.1) (>= netcoreapp2.1))
    System.Diagnostics.Process (4.3) - restriction: || (&& (== net461) (< net45)) (&& (== net461) (>= netcoreapp2.1)) (== net5.0-windows7.0) (== net50) (== netstandard2.0) (== netstandard2.1)
      Microsoft.NETCore.Platforms (>= 1.1) - restriction: || (&& (== net461) (< net46)) (== net5.0-windows7.0) (== net50) (== netstandard2.0) (== netstandard2.1)
      Microsoft.Win32.Primitives (>= 4.3) - restriction: || (&& (== net461) (< net46)) (== net5.0-windows7.0) (== net50) (== netstandard2.0) (== netstandard2.1)
      Microsoft.Win32.Registry (>= 4.3) - restriction: || (&& (== net461) (< net46)) (== net5.0-windows7.0) (== net50) (== netstandard2.0) (== netstandard2.1)
      runtime.native.System (>= 4.3) - restriction: || (&& (== net461) (< net46)) (== net5.0-windows7.0) (== net50) (== netstandard2.0) (== netstandard2.1)
      System.Collections (>= 4.3) - restriction: || (&& (== net461) (< net46)) (== net5.0-windows7.0) (== net50) (== netstandard2.0) (== netstandard2.1)
      System.Diagnostics.Debug (>= 4.3) - restriction: || (&& (== net461) (< net46)) (== net5.0-windows7.0) (== net50) (== netstandard2.0) (== netstandard2.1)
      System.Globalization (>= 4.3) - restriction: || (&& (== net461) (< net46)) (== net5.0-windows7.0) (== net50) (== netstandard2.0) (== netstandard2.1)
      System.IO (>= 4.3) - restriction: || (&& (== net461) (< net46)) (== net5.0-windows7.0) (== net50) (== netstandard2.0) (== netstandard2.1)
      System.IO.FileSystem (>= 4.3) - restriction: || (&& (== net461) (< net46)) (== net5.0-windows7.0) (== net50) (== netstandard2.0) (== netstandard2.1)
      System.IO.FileSystem.Primitives (>= 4.3) - restriction: || (&& (== net461) (< net46)) (== net5.0-windows7.0) (== net50) (== netstandard2.0) (== netstandard2.1)
      System.Resources.ResourceManager (>= 4.3) - restriction: || (&& (== net461) (< net46)) (== net5.0-windows7.0) (== net50) (== netstandard2.0) (== netstandard2.1)
      System.Runtime (>= 4.3) - restriction: || (&& (== net461) (< net46)) (== net5.0-windows7.0) (== net50) (== netstandard2.0) (== netstandard2.1)
      System.Runtime.Extensions (>= 4.3) - restriction: || (&& (== net461) (< net46)) (== net5.0-windows7.0) (== net50) (== netstandard2.0) (== netstandard2.1)
      System.Runtime.Handles (>= 4.3) - restriction: || (&& (== net461) (< net46)) (== net5.0-windows7.0) (== net50) (== netstandard2.0) (== netstandard2.1)
      System.Runtime.InteropServices (>= 4.3) - restriction: || (&& (== net461) (< net46)) (== net5.0-windows7.0) (== net50) (== netstandard2.0) (== netstandard2.1)
      System.Text.Encoding (>= 4.3) - restriction: || (&& (== net461) (< net46)) (== net5.0-windows7.0) (== net50) (== netstandard2.0) (== netstandard2.1)
      System.Text.Encoding.Extensions (>= 4.3) - restriction: || (&& (== net461) (< net46)) (== net5.0-windows7.0) (== net50) (== netstandard2.0) (== netstandard2.1)
      System.Threading (>= 4.3) - restriction: || (&& (== net461) (< net46)) (== net5.0-windows7.0) (== net50) (== netstandard2.0) (== netstandard2.1)
      System.Threading.Tasks (>= 4.3) - restriction: || (&& (== net461) (< net46)) (== net5.0-windows7.0) (== net50) (== netstandard2.0) (== netstandard2.1)
      System.Threading.Thread (>= 4.3) - restriction: || (&& (== net461) (< net46)) (== net5.0-windows7.0) (== net50) (== netstandard2.0) (== netstandard2.1)
      System.Threading.ThreadPool (>= 4.3) - restriction: || (&& (== net461) (< net46)) (== net5.0-windows7.0) (== net50) (== netstandard2.0) (== netstandard2.1)
    System.Diagnostics.Tools (4.3) - restriction: || (&& (== net461) (< net45)) (&& (== net461) (>= uap10.0)) (== net5.0-windows7.0) (== net50) (== netstandard2.0) (== netstandard2.1)
      Microsoft.NETCore.Platforms (>= 1.1) - restriction: || (&& (== net461) (< net45)) (== net5.0-windows7.0) (== net50) (== netstandard2.0) (== netstandard2.1)
      Microsoft.NETCore.Targets (>= 1.1) - restriction: || (&& (== net461) (< net45)) (== net5.0-windows7.0) (== net50) (== netstandard2.0) (== netstandard2.1)
      System.Runtime (>= 4.3) - restriction: || (&& (== net461) (< net45)) (== net5.0-windows7.0) (== net50) (== netstandard2.0) (== netstandard2.1)
    System.Diagnostics.TraceSource (4.3) - restriction: || (&& (== net461) (< net35)) (== net5.0-windows7.0) (== net50) (== netstandard2.0) (== netstandard2.1)
      Microsoft.NETCore.Platforms (>= 1.1) - restriction: || (&& (== net461) (< net46)) (== net5.0-windows7.0) (== net50) (== netstandard2.0) (== netstandard2.1)
      runtime.native.System (>= 4.3) - restriction: || (&& (== net461) (< net46)) (== net5.0-windows7.0) (== net50) (== netstandard2.0) (== netstandard2.1)
      System.Collections (>= 4.3) - restriction: || (&& (== net461) (< net46)) (== net5.0-windows7.0) (== net50) (== netstandard2.0) (== netstandard2.1)
      System.Diagnostics.Debug (>= 4.3) - restriction: || (&& (== net461) (< net46)) (== net5.0-windows7.0) (== net50) (== netstandard2.0) (== netstandard2.1)
      System.Globalization (>= 4.3) - restriction: || (&& (== net461) (< net46)) (== net5.0-windows7.0) (== net50) (== netstandard2.0) (== netstandard2.1)
      System.Resources.ResourceManager (>= 4.3) - restriction: || (&& (== net461) (< net46)) (== net5.0-windows7.0) (== net50) (== netstandard2.0) (== netstandard2.1)
      System.Runtime (>= 4.3) - restriction: || (&& (== net461) (< net46)) (== net5.0-windows7.0) (== net50) (== netstandard2.0) (== netstandard2.1)
      System.Runtime.Extensions (>= 4.3) - restriction: || (&& (== net461) (< net46)) (== net5.0-windows7.0) (== net50) (== netstandard2.0) (== netstandard2.1)
      System.Threading (>= 4.3) - restriction: || (&& (== net461) (< net46)) (== net5.0-windows7.0) (== net50) (== netstandard2.0) (== netstandard2.1)
    System.Diagnostics.Tracing (4.3) - restriction: || (== net5.0-windows7.0) (== net50) (== netstandard2.0) (== netstandard2.1)
      Microsoft.NETCore.Platforms (>= 1.1) - restriction: || (&& (== net461) (< net45)) (== net5.0-windows7.0) (== net50) (== netstandard2.0) (== netstandard2.1)
      Microsoft.NETCore.Targets (>= 1.1) - restriction: || (&& (== net461) (< net45)) (== net5.0-windows7.0) (== net50) (== netstandard2.0) (== netstandard2.1)
      System.Runtime (>= 4.3) - restriction: || (&& (== net461) (< net45)) (== net5.0-windows7.0) (== net50) (== netstandard2.0) (== netstandard2.1)
    System.DirectoryServices (5.0) - restriction: || (&& (== net461) (>= netcoreapp3.0)) (&& (== net461) (>= netstandard2.1)) (== net5.0-windows7.0) (== net50) (== netstandard2.0) (== netstandard2.1)
      Microsoft.NETCore.Platforms (>= 5.0) - restriction: || (&& (== net461) (>= netcoreapp2.0)) (== net5.0-windows7.0) (== net50) (&& (== netstandard2.0) (>= netcoreapp2.0)) (&& (== netstandard2.1) (>= netcoreapp2.0))
      System.IO.FileSystem.AccessControl (>= 5.0) - restriction: || (&& (== net461) (< net45) (>= netstandard2.0)) (&& (== net461) (>= netcoreapp2.0)) (== net5.0-windows7.0) (== net50) (== netstandard2.0) (== netstandard2.1)
      System.Security.AccessControl (>= 5.0) - restriction: || (&& (== net461) (< net45) (>= netstandard2.0)) (&& (== net461) (>= netcoreapp2.0)) (== net5.0-windows7.0) (== net50) (== netstandard2.0) (== netstandard2.1)
      System.Security.Permissions (>= 5.0) - restriction: || (&& (== net461) (< net45) (>= netstandard2.0)) (&& (== net461) (>= netcoreapp2.0)) (== net5.0-windows7.0) (== net50) (== netstandard2.0) (== netstandard2.1)
      System.Security.Principal.Windows (>= 5.0) - restriction: || (&& (== net461) (< net45) (>= netstandard2.0)) (&& (== net461) (>= netcoreapp2.0)) (== net5.0-windows7.0) (== net50) (== netstandard2.0) (== netstandard2.1)
    System.DirectoryServices.AccountManagement (5.0) - restriction: || (&& (== net461) (>= netcoreapp3.0)) (&& (== net461) (>= netstandard2.1)) (== net5.0-windows7.0) (== net50) (== netstandard2.0) (== netstandard2.1)
      Microsoft.NETCore.Platforms (>= 5.0) - restriction: || (&& (== net461) (>= netcoreapp2.0)) (== net5.0-windows7.0) (== net50) (&& (== netstandard2.0) (>= netcoreapp2.0)) (&& (== netstandard2.1) (>= netcoreapp2.0))
      System.Configuration.ConfigurationManager (>= 5.0) - restriction: || (&& (== net461) (>= netcoreapp2.0)) (== net5.0-windows7.0) (== net50) (&& (== netstandard2.0) (>= netcoreapp2.0)) (&& (== netstandard2.1) (>= netcoreapp2.0))
      System.DirectoryServices (>= 5.0) - restriction: || (&& (== net461) (>= netcoreapp2.0)) (== net5.0-windows7.0) (== net50) (&& (== netstandard2.0) (>= netcoreapp2.0)) (&& (== netstandard2.1) (>= netcoreapp2.0))
      System.DirectoryServices.Protocols (>= 5.0) - restriction: || (&& (== net461) (>= netcoreapp2.0)) (== net5.0-windows7.0) (== net50) (&& (== netstandard2.0) (>= netcoreapp2.0)) (&& (== netstandard2.1) (>= netcoreapp2.0))
      System.IO.FileSystem.AccessControl (>= 5.0) - restriction: || (&& (== net461) (>= netcoreapp2.0)) (== net5.0-windows7.0) (== net50) (&& (== netstandard2.0) (>= netcoreapp2.0)) (&& (== netstandard2.1) (>= netcoreapp2.0))
      System.Security.AccessControl (>= 5.0) - restriction: || (&& (== net461) (>= netcoreapp2.0)) (== net5.0-windows7.0) (== net50) (&& (== netstandard2.0) (>= netcoreapp2.0)) (&& (== netstandard2.1) (>= netcoreapp2.0))
      System.Security.Principal.Windows (>= 5.0) - restriction: || (&& (== net461) (< net45) (>= netstandard2.0)) (&& (== net461) (>= netcoreapp2.0)) (== net5.0-windows7.0) (== net50) (== netstandard2.0) (== netstandard2.1)
    System.DirectoryServices.Protocols (5.0) - restriction: || (&& (== net461) (>= netcoreapp3.0)) (&& (== net461) (>= netstandard2.1)) (== net5.0-windows7.0) (== net50) (== netstandard2.0) (== netstandard2.1)
      Microsoft.NETCore.Platforms (>= 5.0) - restriction: || (&& (== net461) (>= netcoreapp2.0)) (== net5.0-windows7.0) (== net50) (&& (== netstandard2.0) (>= netcoreapp2.0)) (&& (== netstandard2.1) (>= netcoreapp2.0))
      System.Security.Principal.Windows (>= 5.0) - restriction: || (&& (== net461) (< net45) (>= netstandard2.0)) (&& (== net461) (>= netcoreapp2.0)) (== net5.0-windows7.0) (== net50) (== netstandard2.0) (== netstandard2.1)
    System.Drawing.Common (5.0.2)
      Microsoft.Win32.SystemEvents (>= 5.0) - restriction: || (&& (== net461) (>= netcoreapp2.0)) (&& (== net461) (>= netcoreapp3.0)) (== net5.0-windows7.0) (== net50) (&& (== netstandard2.0) (>= netcoreapp2.0)) (&& (== netstandard2.0) (>= netcoreapp3.0)) (&& (== netstandard2.1) (>= netcoreapp2.0)) (&& (== netstandard2.1) (>= netcoreapp3.0))
    System.Dynamic.Runtime (4.3) - restriction: || (&& (== net461) (< net45)) (== net5.0-windows7.0) (== net50) (== netstandard2.0) (== netstandard2.1)
      System.Collections (>= 4.3) - restriction: || (&& (== net461) (< net45)) (== net5.0-windows7.0) (== net50) (== netstandard2.0) (== netstandard2.1)
      System.Diagnostics.Debug (>= 4.3) - restriction: || (&& (== net461) (< net45)) (== net5.0-windows7.0) (== net50) (== netstandard2.0) (== netstandard2.1)
      System.Linq (>= 4.3) - restriction: || (&& (== net461) (< net45)) (== net5.0-windows7.0) (== net50) (== netstandard2.0) (== netstandard2.1)
      System.Linq.Expressions (>= 4.3) - restriction: || (&& (== net461) (< net45)) (== net5.0-windows7.0) (== net50) (== netstandard2.0) (== netstandard2.1)
      System.ObjectModel (>= 4.3) - restriction: || (&& (== net461) (< net45)) (== net5.0-windows7.0) (== net50) (== netstandard2.0) (== netstandard2.1)
      System.Reflection (>= 4.3) - restriction: || (&& (== net461) (< net45)) (== net5.0-windows7.0) (== net50) (== netstandard2.0) (== netstandard2.1)
      System.Reflection.Emit (>= 4.3) - restriction: || (&& (== net461) (< net45)) (== net5.0-windows7.0) (== net50) (== netstandard2.0) (== netstandard2.1)
      System.Reflection.Emit.ILGeneration (>= 4.3) - restriction: || (&& (== net461) (< net45)) (== net5.0-windows7.0) (== net50) (== netstandard2.0) (== netstandard2.1)
      System.Reflection.Primitives (>= 4.3) - restriction: || (&& (== net461) (< net45)) (== net5.0-windows7.0) (== net50) (== netstandard2.0) (== netstandard2.1)
      System.Reflection.TypeExtensions (>= 4.3) - restriction: || (&& (== net461) (< net45)) (== net5.0-windows7.0) (== net50) (== netstandard2.0) (== netstandard2.1)
      System.Resources.ResourceManager (>= 4.3) - restriction: || (&& (== net461) (< net45)) (== net5.0-windows7.0) (== net50) (== netstandard2.0) (== netstandard2.1)
      System.Runtime (>= 4.3) - restriction: || (&& (== net461) (< net45)) (== net5.0-windows7.0) (== net50) (== netstandard2.0) (== netstandard2.1)
      System.Runtime.Extensions (>= 4.3) - restriction: || (&& (== net461) (< net45)) (== net5.0-windows7.0) (== net50) (== netstandard2.0) (== netstandard2.1)
      System.Threading (>= 4.3) - restriction: || (&& (== net461) (< net45)) (== net5.0-windows7.0) (== net50) (== netstandard2.0) (== netstandard2.1)
    System.Formats.Asn1 (5.0) - restriction: || (&& (== net461) (>= monoandroid)) (&& (== net461) (>= monotouch)) (&& (== net461) (>= netcoreapp2.1)) (&& (== net461) (>= netcoreapp3.0)) (&& (== net461) (>= xamarinios)) (&& (== net461) (>= xamarinmac)) (&& (== net461) (>= xamarintvos)) (&& (== net461) (>= xamarinwatchos)) (== net5.0-windows7.0) (== net50) (== netstandard2.0) (== netstandard2.1)
      System.Buffers (>= 4.5.1) - restriction: || (== net461) (&& (== net5.0-windows7.0) (>= monotouch)) (&& (== net5.0-windows7.0) (>= net461)) (&& (== net5.0-windows7.0) (< netcoreapp2.0)) (&& (== net5.0-windows7.0) (>= xamarinios)) (&& (== net5.0-windows7.0) (>= xamarinmac)) (&& (== net5.0-windows7.0) (>= xamarintvos)) (&& (== net5.0-windows7.0) (>= xamarinwatchos)) (&& (== net50) (>= monotouch)) (&& (== net50) (>= net461)) (&& (== net50) (< netcoreapp2.0)) (&& (== net50) (>= xamarinios)) (&& (== net50) (>= xamarinmac)) (&& (== net50) (>= xamarintvos)) (&& (== net50) (>= xamarinwatchos)) (== netstandard2.0) (== netstandard2.1)
      System.Memory (>= 4.5.4) - restriction: || (== net461) (&& (== net5.0-windows7.0) (>= net461)) (&& (== net5.0-windows7.0) (< netcoreapp2.0)) (&& (== net5.0-windows7.0) (< netcoreapp2.1)) (&& (== net5.0-windows7.0) (>= uap10.1)) (&& (== net50) (>= net461)) (&& (== net50) (< netcoreapp2.0)) (&& (== net50) (< netcoreapp2.1)) (&& (== net50) (>= uap10.1)) (== netstandard2.0) (== netstandard2.1)
    System.Globalization (4.3) - restriction: || (&& (== net461) (< net45) (>= netstandard1.6)) (&& (== net461) (< net451)) (&& (== net461) (>= netcoreapp2.1)) (== net5.0-windows7.0) (== net50) (== netstandard2.0) (== netstandard2.1)
      Microsoft.NETCore.Platforms (>= 1.1) - restriction: || (&& (== net461) (< net45)) (== net5.0-windows7.0) (== net50) (== netstandard2.0) (== netstandard2.1)
      Microsoft.NETCore.Targets (>= 1.1) - restriction: || (&& (== net461) (< net45)) (== net5.0-windows7.0) (== net50) (== netstandard2.0) (== netstandard2.1)
      System.Runtime (>= 4.3) - restriction: || (&& (== net461) (< net45)) (== net5.0-windows7.0) (== net50) (== netstandard2.0) (== netstandard2.1)
    System.Globalization.Calendars (4.3) - restriction: || (&& (== net461) (< net45) (>= netstandard1.6)) (== net5.0-windows7.0) (== net50) (== netstandard2.0) (== netstandard2.1)
      Microsoft.NETCore.Platforms (>= 1.1) - restriction: || (&& (== net461) (< net46)) (== net5.0-windows7.0) (== net50) (== netstandard2.0) (== netstandard2.1)
      Microsoft.NETCore.Targets (>= 1.1) - restriction: || (&& (== net461) (< net46)) (== net5.0-windows7.0) (== net50) (== netstandard2.0) (== netstandard2.1)
      System.Globalization (>= 4.3) - restriction: || (&& (== net461) (< net46)) (== net5.0-windows7.0) (== net50) (== netstandard2.0) (== netstandard2.1)
      System.Runtime (>= 4.3) - restriction: || (&& (== net461) (< net46)) (== net5.0-windows7.0) (== net50) (== netstandard2.0) (== netstandard2.1)
    System.Globalization.Extensions (4.3) - restriction: || (== net5.0-windows7.0) (== net50) (== netstandard2.0) (== netstandard2.1)
      Microsoft.NETCore.Platforms (>= 1.1) - restriction: || (&& (== net461) (< net46)) (== net5.0-windows7.0) (== net50) (== netstandard2.0) (== netstandard2.1)
      System.Globalization (>= 4.3) - restriction: || (&& (== net461) (< net46)) (== net5.0-windows7.0) (== net50) (== netstandard2.0) (== netstandard2.1)
      System.Resources.ResourceManager (>= 4.3) - restriction: || (&& (== net461) (< net46)) (== net5.0-windows7.0) (== net50) (== netstandard2.0) (== netstandard2.1)
      System.Runtime (>= 4.3) - restriction: || (&& (== net461) (< net46)) (== net5.0-windows7.0) (== net50) (== netstandard2.0) (== netstandard2.1)
      System.Runtime.Extensions (>= 4.3) - restriction: || (&& (== net461) (< net46)) (== net5.0-windows7.0) (== net50) (== netstandard2.0) (== netstandard2.1)
      System.Runtime.InteropServices (>= 4.3) - restriction: || (&& (== net461) (< net46)) (== net5.0-windows7.0) (== net50) (== netstandard2.0) (== netstandard2.1)
    System.IdentityModel.Tokens.Jwt (6.10.2)
      Microsoft.IdentityModel.JsonWebTokens (>= 6.10.2)
      Microsoft.IdentityModel.Tokens (>= 6.10.2)
    System.Interactive (5.0)
    System.Interactive.Async (5.0)
      System.Linq.Async (>= 5.0)
    System.IO (4.3) - restriction: || (&& (== net461) (< net451)) (&& (== net461) (>= netcoreapp2.1)) (== net5.0-windows7.0) (== net50) (== netstandard2.0) (== netstandard2.1)
      Microsoft.NETCore.Platforms (>= 1.1) - restriction: || (&& (== net461) (< net45)) (== net5.0-windows7.0) (== net50) (== netstandard2.0) (== netstandard2.1)
      Microsoft.NETCore.Targets (>= 1.1) - restriction: || (&& (== net461) (< net45)) (== net5.0-windows7.0) (== net50) (== netstandard2.0) (== netstandard2.1)
      System.Runtime (>= 4.3) - restriction: || (&& (== net461) (< net45)) (== net5.0-windows7.0) (== net50) (== netstandard2.0) (== netstandard2.1)
      System.Text.Encoding (>= 4.3) - restriction: || (&& (== net461) (< net45)) (== net5.0-windows7.0) (== net50) (== netstandard2.0) (== netstandard2.1)
      System.Threading.Tasks (>= 4.3) - restriction: || (&& (== net461) (< net45)) (== net5.0-windows7.0) (== net50) (== netstandard2.0) (== netstandard2.1)
    System.IO.FileSystem (4.3) - restriction: || (&& (== net461) (>= netcoreapp2.1)) (== net5.0-windows7.0) (== net50) (== netstandard2.0) (== netstandard2.1)
      Microsoft.NETCore.Platforms (>= 1.1) - restriction: || (&& (== net461) (< net46)) (== net5.0-windows7.0) (== net50) (== netstandard2.0) (== netstandard2.1)
      Microsoft.NETCore.Targets (>= 1.1) - restriction: || (&& (== net461) (< net46)) (== net5.0-windows7.0) (== net50) (== netstandard2.0) (== netstandard2.1)
      System.IO (>= 4.3) - restriction: || (&& (== net461) (< net46)) (== net5.0-windows7.0) (== net50) (== netstandard2.0) (== netstandard2.1)
      System.IO.FileSystem.Primitives (>= 4.3)
      System.Runtime (>= 4.3) - restriction: || (&& (== net461) (< net46)) (== net5.0-windows7.0) (== net50) (== netstandard2.0) (== netstandard2.1)
      System.Runtime.Handles (>= 4.3) - restriction: || (&& (== net461) (< net46)) (== net5.0-windows7.0) (== net50) (== netstandard2.0) (== netstandard2.1)
      System.Text.Encoding (>= 4.3) - restriction: || (&& (== net461) (< net46)) (== net5.0-windows7.0) (== net50) (== netstandard2.0) (== netstandard2.1)
      System.Threading.Tasks (>= 4.3) - restriction: || (&& (== net461) (< net46)) (== net5.0-windows7.0) (== net50) (== netstandard2.0) (== netstandard2.1)
    System.IO.FileSystem.AccessControl (5.0) - restriction: || (&& (== net461) (>= netcoreapp3.0)) (&& (== net461) (>= netstandard2.1)) (== net5.0-windows7.0) (== net50) (== netstandard2.0) (== netstandard2.1)
      System.Buffers (>= 4.5.1) - restriction: || (&& (== net461) (>= monoandroid)) (&& (== net461) (>= monotouch)) (&& (== net461) (< net46) (>= netstandard2.0)) (&& (== net461) (>= xamarinios)) (&& (== net461) (>= xamarinmac)) (&& (== net461) (>= xamarintvos)) (&& (== net461) (>= xamarinwatchos)) (&& (== net5.0-windows7.0) (>= monotouch)) (&& (== net5.0-windows7.0) (< netcoreapp2.0)) (&& (== net5.0-windows7.0) (>= xamarinios)) (&& (== net5.0-windows7.0) (>= xamarinmac)) (&& (== net5.0-windows7.0) (>= xamarintvos)) (&& (== net5.0-windows7.0) (>= xamarinwatchos)) (&& (== net50) (>= monotouch)) (&& (== net50) (< netcoreapp2.0)) (&& (== net50) (>= xamarinios)) (&& (== net50) (>= xamarinmac)) (&& (== net50) (>= xamarintvos)) (&& (== net50) (>= xamarinwatchos)) (== netstandard2.0) (== netstandard2.1)
      System.Memory (>= 4.5.4) - restriction: || (&& (== net461) (< net46) (>= netstandard2.0)) (&& (== net461) (>= netcoreapp2.0)) (&& (== net461) (>= uap10.1)) (&& (== net5.0-windows7.0) (< netcoreapp2.0)) (&& (== net5.0-windows7.0) (< netcoreapp2.1)) (&& (== net5.0-windows7.0) (>= uap10.1)) (&& (== net50) (< netcoreapp2.0)) (&& (== net50) (< netcoreapp2.1)) (&& (== net50) (>= uap10.1)) (== netstandard2.0) (== netstandard2.1)
      System.Security.AccessControl (>= 5.0)
      System.Security.Principal.Windows (>= 5.0)
    System.IO.FileSystem.Primitives (4.3) - restriction: || (&& (== net461) (< net45)) (== net5.0-windows7.0) (== net50) (== netstandard2.0) (== netstandard2.1)
      System.Runtime (>= 4.3) - restriction: || (&& (== net461) (< net46)) (== net5.0-windows7.0) (== net50) (== netstandard2.0) (== netstandard2.1)
    System.IO.Packaging (5.0) - restriction: || (&& (== net461) (>= netcoreapp3.0)) (&& (== net461) (>= netstandard2.1)) (== net5.0-windows7.0) (== net50) (== netstandard2.0) (== netstandard2.1)
    System.IO.Pipelines (5.0.1) - restriction: || (&& (== net461) (>= net50)) (&& (== net461) (>= netstandard2.0)) (== net5.0-windows7.0) (== net50) (== netstandard2.0) (== netstandard2.1)
    System.IO.Pipes.AccessControl (5.0) - restriction: || (&& (== net461) (>= netcoreapp3.0)) (&& (== net461) (>= netstandard2.1)) (== net5.0-windows7.0) (== net50) (== netstandard2.0) (== netstandard2.1)
      System.Security.AccessControl (>= 5.0)
      System.Security.Principal.Windows (>= 5.0)
    System.IO.Ports (5.0.1) - restriction: || (&& (== net461) (>= netcoreapp3.0)) (&& (== net461) (>= netstandard2.1)) (== net5.0-windows7.0) (== net50) (== netstandard2.0) (== netstandard2.1)
      Microsoft.Win32.Registry (>= 5.0) - restriction: || (&& (== net461) (>= monoandroid)) (&& (== net461) (>= monotouch)) (&& (== net461) (>= netcoreapp2.1)) (&& (== net461) (>= xamarinios)) (&& (== net461) (>= xamarinmac)) (&& (== net461) (>= xamarintvos)) (&& (== net461) (>= xamarinwatchos)) (== net5.0-windows7.0) (== net50) (== netstandard2.0) (== netstandard2.1)
      runtime.native.System.IO.Ports (>= 5.0.1) - restriction: || (&& (== net461) (>= monoandroid)) (&& (== net461) (>= monotouch)) (&& (== net461) (>= netcoreapp2.1)) (&& (== net461) (>= xamarinios)) (&& (== net461) (>= xamarinmac)) (&& (== net461) (>= xamarintvos)) (&& (== net461) (>= xamarinwatchos)) (== net5.0-windows7.0) (== net50) (== netstandard2.0) (== netstandard2.1)
      System.Memory (>= 4.5.4) - restriction: || (&& (== net5.0-windows7.0) (< netcoreapp2.1)) (&& (== net50) (< netcoreapp2.1)) (== netstandard2.0) (== netstandard2.1)
    System.Linq (4.3) - restriction: || (&& (== net461) (< net45) (>= netstandard1.5)) (&& (== net461) (>= xamarinios)) (== net5.0-windows7.0) (== net50) (== netstandard2.0) (== netstandard2.1)
      System.Collections (>= 4.3) - restriction: || (&& (== net461) (< net45)) (== net5.0-windows7.0) (== net50) (== netstandard2.0) (== netstandard2.1)
      System.Diagnostics.Debug (>= 4.3) - restriction: || (&& (== net461) (< net45) (>= netstandard1.6)) (== net5.0-windows7.0) (== net50) (== netstandard2.0) (== netstandard2.1)
      System.Resources.ResourceManager (>= 4.3) - restriction: || (&& (== net461) (< net45) (>= netstandard1.6)) (== net5.0-windows7.0) (== net50) (== netstandard2.0) (== netstandard2.1)
      System.Runtime (>= 4.3) - restriction: || (&& (== net461) (< net45)) (== net5.0-windows7.0) (== net50) (== netstandard2.0) (== netstandard2.1)
      System.Runtime.Extensions (>= 4.3) - restriction: || (&& (== net461) (< net45) (>= netstandard1.6)) (== net5.0-windows7.0) (== net50) (== netstandard2.0) (== netstandard2.1)
    System.Linq.Async (5.0)
      Microsoft.Bcl.AsyncInterfaces (>= 1.1.1) - restriction: || (== net461) (&& (== net5.0-windows7.0) (>= net461)) (&& (== net5.0-windows7.0) (< netstandard2.1)) (&& (== net50) (>= net461)) (&& (== net50) (< netstandard2.1)) (== netstandard2.0) (&& (== netstandard2.1) (>= net461))
    System.Linq.Expressions (4.3) - restriction: || (&& (== net461) (< net45)) (== net5.0-windows7.0) (== net50) (== netstandard2.0) (== netstandard2.1)
      System.Collections (>= 4.3) - restriction: || (&& (== net461) (< net45) (>= netstandard1.6)) (== net5.0-windows7.0) (== net50) (== netstandard2.0) (== netstandard2.1)
      System.Diagnostics.Debug (>= 4.3) - restriction: || (&& (== net461) (< net45) (>= netstandard1.6)) (== net5.0-windows7.0) (== net50) (== netstandard2.0) (== netstandard2.1)
      System.Globalization (>= 4.3) - restriction: || (&& (== net461) (< net45) (>= netstandard1.6)) (== net5.0-windows7.0) (== net50) (== netstandard2.0) (== netstandard2.1)
      System.IO (>= 4.3) - restriction: || (&& (== net461) (< net45) (>= netstandard1.6)) (== net5.0-windows7.0) (== net50) (== netstandard2.0) (== netstandard2.1)
      System.Linq (>= 4.3) - restriction: || (&& (== net461) (< net45) (>= netstandard1.6)) (== net5.0-windows7.0) (== net50) (== netstandard2.0) (== netstandard2.1)
      System.ObjectModel (>= 4.3) - restriction: || (&& (== net461) (< net45) (>= netstandard1.6)) (== net5.0-windows7.0) (== net50) (== netstandard2.0) (== netstandard2.1)
      System.Reflection (>= 4.3) - restriction: || (&& (== net461) (< net45)) (== net5.0-windows7.0) (== net50) (== netstandard2.0) (== netstandard2.1)
      System.Reflection.Emit (>= 4.3) - restriction: || (&& (== net461) (< net45) (>= netstandard1.6)) (== net5.0-windows7.0) (== net50) (== netstandard2.0) (== netstandard2.1)
      System.Reflection.Emit.ILGeneration (>= 4.3) - restriction: || (&& (== net461) (< net45) (>= netstandard1.6)) (== net5.0-windows7.0) (== net50) (== netstandard2.0) (== netstandard2.1)
      System.Reflection.Emit.Lightweight (>= 4.3) - restriction: || (&& (== net461) (< net45) (>= netstandard1.6)) (== net5.0-windows7.0) (== net50) (== netstandard2.0) (== netstandard2.1)
      System.Reflection.Extensions (>= 4.3) - restriction: || (&& (== net461) (< net45) (>= netstandard1.6)) (== net5.0-windows7.0) (== net50) (== netstandard2.0) (== netstandard2.1)
      System.Reflection.Primitives (>= 4.3) - restriction: || (&& (== net461) (< net45) (>= netstandard1.6)) (== net5.0-windows7.0) (== net50) (== netstandard2.0) (== netstandard2.1)
      System.Reflection.TypeExtensions (>= 4.3) - restriction: || (&& (== net461) (< net45) (>= netstandard1.6)) (== net5.0-windows7.0) (== net50) (== netstandard2.0) (== netstandard2.1)
      System.Resources.ResourceManager (>= 4.3) - restriction: || (&& (== net461) (< net45) (>= netstandard1.6)) (== net5.0-windows7.0) (== net50) (== netstandard2.0) (== netstandard2.1)
      System.Runtime (>= 4.3) - restriction: || (&& (== net461) (< net45)) (== net5.0-windows7.0) (== net50) (== netstandard2.0) (== netstandard2.1)
      System.Runtime.Extensions (>= 4.3) - restriction: || (&& (== net461) (< net45) (>= netstandard1.6)) (== net5.0-windows7.0) (== net50) (== netstandard2.0) (== netstandard2.1)
      System.Threading (>= 4.3) - restriction: || (&& (== net461) (< net45) (>= netstandard1.6)) (== net5.0-windows7.0) (== net50) (== netstandard2.0) (== netstandard2.1)
    System.Management (5.0) - restriction: || (&& (== net461) (>= netcoreapp3.0)) (&& (== net461) (>= netstandard2.1)) (== net5.0-windows7.0) (== net50) (== netstandard2.0) (== netstandard2.1)
      Microsoft.NETCore.Platforms (>= 5.0) - restriction: || (&& (== net461) (>= netcoreapp2.0)) (== net5.0-windows7.0) (== net50) (&& (== netstandard2.0) (>= netcoreapp2.0)) (&& (== netstandard2.1) (>= netcoreapp2.0))
      Microsoft.Win32.Registry (>= 5.0) - restriction: || (&& (== net461) (>= netcoreapp2.0)) (== net5.0-windows7.0) (== net50) (&& (== netstandard2.0) (>= netcoreapp2.0)) (&& (== netstandard2.1) (>= netcoreapp2.0))
      System.CodeDom (>= 5.0) - restriction: || (&& (== net461) (< net45) (>= netstandard2.0)) (&& (== net461) (>= netcoreapp2.0)) (== net5.0-windows7.0) (== net50) (== netstandard2.0) (== netstandard2.1)
    System.Memory (4.5.4)
      System.Buffers (>= 4.5.1) - restriction: || (== net461) (&& (== net5.0-windows7.0) (>= monotouch)) (&& (== net5.0-windows7.0) (>= net461)) (&& (== net5.0-windows7.0) (< netcoreapp2.0)) (&& (== net5.0-windows7.0) (< netstandard1.1)) (&& (== net5.0-windows7.0) (< netstandard2.0)) (&& (== net5.0-windows7.0) (>= xamarinios)) (&& (== net5.0-windows7.0) (>= xamarinmac)) (&& (== net5.0-windows7.0) (>= xamarintvos)) (&& (== net5.0-windows7.0) (>= xamarinwatchos)) (&& (== net50) (>= monotouch)) (&& (== net50) (>= net461)) (&& (== net50) (< netcoreapp2.0)) (&& (== net50) (< netstandard1.1)) (&& (== net50) (< netstandard2.0)) (&& (== net50) (>= xamarinios)) (&& (== net50) (>= xamarinmac)) (&& (== net50) (>= xamarintvos)) (&& (== net50) (>= xamarinwatchos)) (== netstandard2.0) (== netstandard2.1)
      System.Numerics.Vectors (>= 4.4) - restriction: || (&& (== net461) (< net45) (>= netstandard2.0)) (&& (== net5.0-windows7.0) (< netcoreapp2.0)) (&& (== net50) (< netcoreapp2.0)) (== netstandard2.0) (== netstandard2.1)
      System.Runtime.CompilerServices.Unsafe (>= 4.5.3) - restriction: || (== net461) (&& (== net5.0-windows7.0) (>= monotouch)) (&& (== net5.0-windows7.0) (>= net461)) (&& (== net5.0-windows7.0) (< netcoreapp2.0)) (&& (== net5.0-windows7.0) (< netcoreapp2.1)) (&& (== net5.0-windows7.0) (< netstandard1.1)) (&& (== net5.0-windows7.0) (< netstandard2.0)) (&& (== net5.0-windows7.0) (>= uap10.1)) (&& (== net5.0-windows7.0) (>= xamarinios)) (&& (== net5.0-windows7.0) (>= xamarinmac)) (&& (== net5.0-windows7.0) (>= xamarintvos)) (&& (== net5.0-windows7.0) (>= xamarinwatchos)) (&& (== net50) (>= monotouch)) (&& (== net50) (>= net461)) (&& (== net50) (< netcoreapp2.0)) (&& (== net50) (< netcoreapp2.1)) (&& (== net50) (< netstandard1.1)) (&& (== net50) (< netstandard2.0)) (&& (== net50) (>= uap10.1)) (&& (== net50) (>= xamarinios)) (&& (== net50) (>= xamarinmac)) (&& (== net50) (>= xamarintvos)) (&& (== net50) (>= xamarinwatchos)) (== netstandard2.0) (== netstandard2.1)
    System.Net.Http (4.3.4) - restriction: || (== net5.0-windows7.0) (== net50) (== netstandard2.0) (== netstandard2.1)
      Microsoft.NETCore.Platforms (>= 1.1.1) - restriction: || (&& (== net461) (< net45)) (== net5.0-windows7.0) (== net50) (== netstandard2.0) (== netstandard2.1)
      runtime.native.System (>= 4.3) - restriction: || (&& (== net461) (< net45) (>= netstandard1.6)) (== net5.0-windows7.0) (== net50) (== netstandard2.0) (== netstandard2.1)
      runtime.native.System.Net.Http (>= 4.3) - restriction: || (&& (== net461) (< net45) (>= netstandard1.6)) (== net5.0-windows7.0) (== net50) (== netstandard2.0) (== netstandard2.1)
      runtime.native.System.Security.Cryptography.OpenSsl (>= 4.3.2) - restriction: || (&& (== net461) (< net45) (>= netstandard1.6)) (== net5.0-windows7.0) (== net50) (== netstandard2.0) (== netstandard2.1)
      System.Collections (>= 4.3) - restriction: || (&& (== net461) (< net45)) (== net5.0-windows7.0) (== net50) (== netstandard2.0) (== netstandard2.1)
      System.Diagnostics.Debug (>= 4.3) - restriction: || (&& (== net461) (< net45)) (== net5.0-windows7.0) (== net50) (== netstandard2.0) (== netstandard2.1)
      System.Diagnostics.DiagnosticSource (>= 4.3) - restriction: || (&& (== net461) (< net45)) (== net5.0-windows7.0) (== net50) (== netstandard2.0) (== netstandard2.1)
      System.Diagnostics.Tracing (>= 4.3) - restriction: || (&& (== net461) (< net45)) (== net5.0-windows7.0) (== net50) (== netstandard2.0) (== netstandard2.1)
      System.Globalization (>= 4.3) - restriction: || (&& (== net461) (< net45)) (== net5.0-windows7.0) (== net50) (== netstandard2.0) (== netstandard2.1)
      System.Globalization.Extensions (>= 4.3) - restriction: || (&& (== net461) (< net45) (>= netstandard1.6)) (== net5.0-windows7.0) (== net50) (== netstandard2.0) (== netstandard2.1)
      System.IO (>= 4.3) - restriction: || (&& (== net461) (< net45)) (== net5.0-windows7.0) (== net50) (== netstandard2.0) (== netstandard2.1)
      System.IO.FileSystem (>= 4.3) - restriction: || (&& (== net461) (< net45) (>= netstandard1.6)) (== net5.0-windows7.0) (== net50) (== netstandard2.0) (== netstandard2.1)
      System.Net.Primitives (>= 4.3) - restriction: || (&& (== net461) (< net45)) (== net5.0-windows7.0) (== net50) (== netstandard2.0) (== netstandard2.1)
      System.Resources.ResourceManager (>= 4.3) - restriction: || (&& (== net461) (< net45)) (== net5.0-windows7.0) (== net50) (== netstandard2.0) (== netstandard2.1)
      System.Runtime (>= 4.3) - restriction: || (&& (== net461) (< net45)) (== net5.0-windows7.0) (== net50) (== netstandard2.0) (== netstandard2.1)
      System.Runtime.Extensions (>= 4.3) - restriction: || (&& (== net461) (< net45)) (== net5.0-windows7.0) (== net50) (== netstandard2.0) (== netstandard2.1)
      System.Runtime.Handles (>= 4.3) - restriction: || (&& (== net461) (< net45)) (== net5.0-windows7.0) (== net50) (== netstandard2.0) (== netstandard2.1)
      System.Runtime.InteropServices (>= 4.3) - restriction: || (&& (== net461) (< net45)) (== net5.0-windows7.0) (== net50) (== netstandard2.0) (== netstandard2.1)
      System.Security.Cryptography.Algorithms (>= 4.3) - restriction: || (&& (== net461) (< net45) (>= netstandard1.6)) (== net5.0-windows7.0) (== net50) (== netstandard2.0) (== netstandard2.1)
      System.Security.Cryptography.Encoding (>= 4.3) - restriction: || (&& (== net461) (< net45)) (== net5.0-windows7.0) (== net50) (== netstandard2.0) (== netstandard2.1)
      System.Security.Cryptography.OpenSsl (>= 4.3) - restriction: || (&& (== net461) (< net45) (>= netstandard1.6)) (== net5.0-windows7.0) (== net50) (== netstandard2.0) (== netstandard2.1)
      System.Security.Cryptography.Primitives (>= 4.3) - restriction: || (&& (== net461) (< net45) (>= netstandard1.6)) (== net5.0-windows7.0) (== net50) (== netstandard2.0) (== netstandard2.1)
      System.Security.Cryptography.X509Certificates (>= 4.3)
      System.Text.Encoding (>= 4.3) - restriction: || (&& (== net461) (< net45)) (== net5.0-windows7.0) (== net50) (== netstandard2.0) (== netstandard2.1)
      System.Threading (>= 4.3) - restriction: || (&& (== net461) (< net45)) (== net5.0-windows7.0) (== net50) (== netstandard2.0) (== netstandard2.1)
      System.Threading.Tasks (>= 4.3) - restriction: || (&& (== net461) (< net45)) (== net5.0-windows7.0) (== net50) (== netstandard2.0) (== netstandard2.1)
    System.Net.Primitives (4.3.1) - restriction: || (== net5.0-windows7.0) (== net50) (== netstandard2.0) (== netstandard2.1)
      Microsoft.NETCore.Platforms (>= 1.1.1) - restriction: || (&& (== net461) (< net45)) (&& (== net461) (< netstandard1.1)) (== net5.0-windows7.0) (== net50) (== netstandard2.0) (== netstandard2.1)
      Microsoft.NETCore.Targets (>= 1.1.3) - restriction: || (&& (== net461) (< net45)) (&& (== net461) (< netstandard1.1)) (== net5.0-windows7.0) (== net50) (== netstandard2.0) (== netstandard2.1)
      System.Runtime (>= 4.3.1) - restriction: || (&& (== net461) (< net45)) (&& (== net461) (< netstandard1.1)) (== net5.0-windows7.0) (== net50) (== netstandard2.0) (== netstandard2.1)
      System.Runtime.Handles (>= 4.3) - restriction: || (&& (== net461) (< net45)) (== net5.0-windows7.0) (== net50) (== netstandard2.0) (== netstandard2.1)
    System.Numerics.Vectors (4.5)
    System.ObjectModel (4.3) - restriction: || (&& (== net461) (< net45)) (== net5.0-windows7.0) (== net50) (== netstandard2.0) (== netstandard2.1)
      System.Collections (>= 4.3) - restriction: || (&& (== net461) (< net45)) (== net5.0-windows7.0) (== net50) (== netstandard2.0) (== netstandard2.1)
      System.Diagnostics.Debug (>= 4.3) - restriction: || (&& (== net461) (< net45)) (== net5.0-windows7.0) (== net50) (== netstandard2.0) (== netstandard2.1)
      System.Resources.ResourceManager (>= 4.3) - restriction: || (&& (== net461) (< net45)) (== net5.0-windows7.0) (== net50) (== netstandard2.0) (== netstandard2.1)
      System.Runtime (>= 4.3) - restriction: || (&& (== net461) (< net45)) (== net5.0-windows7.0) (== net50) (== netstandard2.0) (== netstandard2.1)
      System.Threading (>= 4.3) - restriction: || (&& (== net461) (< net45)) (== net5.0-windows7.0) (== net50) (== netstandard2.0) (== netstandard2.1)
    System.Private.DataContractSerialization (4.3) - restriction: || (&& (== net461) (< net45)) (&& (== net461) (>= uap10.0)) (== net5.0-windows7.0) (== net50) (== netstandard2.0) (== netstandard2.1)
      System.Collections (>= 4.3) - restriction: || (&& (== net461) (< net46)) (== net5.0-windows7.0) (== net50) (== netstandard2.0) (== netstandard2.1)
      System.Collections.Concurrent (>= 4.3) - restriction: || (&& (== net461) (< net46)) (== net5.0-windows7.0) (== net50) (== netstandard2.0) (== netstandard2.1)
      System.Diagnostics.Debug (>= 4.3) - restriction: || (&& (== net461) (< net46)) (== net5.0-windows7.0) (== net50) (== netstandard2.0) (== netstandard2.1)
      System.Globalization (>= 4.3) - restriction: || (&& (== net461) (< net46)) (== net5.0-windows7.0) (== net50) (== netstandard2.0) (== netstandard2.1)
      System.IO (>= 4.3) - restriction: || (&& (== net461) (< net46)) (== net5.0-windows7.0) (== net50) (== netstandard2.0) (== netstandard2.1)
      System.Linq (>= 4.3) - restriction: || (&& (== net461) (< net46)) (== net5.0-windows7.0) (== net50) (== netstandard2.0) (== netstandard2.1)
      System.Reflection (>= 4.3) - restriction: || (&& (== net461) (< net46)) (== net5.0-windows7.0) (== net50) (== netstandard2.0) (== netstandard2.1)
      System.Reflection.Emit.ILGeneration (>= 4.3) - restriction: || (&& (== net461) (< net46)) (== net5.0-windows7.0) (== net50) (== netstandard2.0) (== netstandard2.1)
      System.Reflection.Emit.Lightweight (>= 4.3) - restriction: || (&& (== net461) (< net46)) (== net5.0-windows7.0) (== net50) (== netstandard2.0) (== netstandard2.1)
      System.Reflection.Extensions (>= 4.3) - restriction: || (&& (== net461) (< net46)) (== net5.0-windows7.0) (== net50) (== netstandard2.0) (== netstandard2.1)
      System.Reflection.Primitives (>= 4.3) - restriction: || (&& (== net461) (< net46)) (== net5.0-windows7.0) (== net50) (== netstandard2.0) (== netstandard2.1)
      System.Reflection.TypeExtensions (>= 4.3)
      System.Resources.ResourceManager (>= 4.3) - restriction: || (&& (== net461) (< net46)) (== net5.0-windows7.0) (== net50) (== netstandard2.0) (== netstandard2.1)
      System.Runtime (>= 4.3) - restriction: || (&& (== net461) (< net46)) (== net5.0-windows7.0) (== net50) (== netstandard2.0) (== netstandard2.1)
      System.Runtime.Extensions (>= 4.3) - restriction: || (&& (== net461) (< net46)) (== net5.0-windows7.0) (== net50) (== netstandard2.0) (== netstandard2.1)
      System.Runtime.Serialization.Primitives (>= 4.3)
      System.Text.Encoding (>= 4.3) - restriction: || (&& (== net461) (< net46)) (== net5.0-windows7.0) (== net50) (== netstandard2.0) (== netstandard2.1)
      System.Text.Encoding.Extensions (>= 4.3) - restriction: || (&& (== net461) (< net46)) (== net5.0-windows7.0) (== net50) (== netstandard2.0) (== netstandard2.1)
      System.Text.RegularExpressions (>= 4.3) - restriction: || (&& (== net461) (< net46)) (== net5.0-windows7.0) (== net50) (== netstandard2.0) (== netstandard2.1)
      System.Threading (>= 4.3) - restriction: || (&& (== net461) (< net46)) (== net5.0-windows7.0) (== net50) (== netstandard2.0) (== netstandard2.1)
      System.Threading.Tasks (>= 4.3) - restriction: || (&& (== net461) (< net46)) (== net5.0-windows7.0) (== net50) (== netstandard2.0) (== netstandard2.1)
      System.Xml.ReaderWriter (>= 4.3) - restriction: || (&& (== net461) (< net46)) (== net5.0-windows7.0) (== net50) (== netstandard2.0) (== netstandard2.1)
      System.Xml.XDocument (>= 4.3) - restriction: || (&& (== net461) (< net46)) (== net5.0-windows7.0) (== net50) (== netstandard2.0) (== netstandard2.1)
      System.Xml.XmlDocument (>= 4.3)
      System.Xml.XmlSerializer (>= 4.3) - restriction: || (&& (== net461) (< net46)) (== net5.0-windows7.0) (== net50) (== netstandard2.0) (== netstandard2.1)
    System.Private.ServiceModel (4.8.1) - restriction: || (&& (== net461) (< net45) (>= netstandard2.0)) (== net5.0-windows7.0) (== net50) (== netstandard2.0) (== netstandard2.1)
      System.Numerics.Vectors (>= 4.5) - restriction: || (&& (== net461) (>= netstandard2.0)) (== net5.0-windows7.0) (== net50) (== netstandard2.0) (== netstandard2.1)
      System.Reflection.DispatchProxy (>= 4.7.1) - restriction: || (&& (== net461) (>= netstandard2.0)) (== net5.0-windows7.0) (== net50) (== netstandard2.0) (== netstandard2.1)
      System.Security.Cryptography.Xml (>= 4.7) - restriction: || (&& (== net461) (>= netstandard2.0)) (== net5.0-windows7.0) (== net50) (== netstandard2.0) (== netstandard2.1)
      System.Security.Principal.Windows (>= 4.7) - restriction: || (&& (== net461) (>= netstandard2.0)) (== net5.0-windows7.0) (== net50) (== netstandard2.0) (== netstandard2.1)
    System.Private.Uri (4.3.2) - restriction: || (&& (== net461) (< net45)) (== net5.0-windows7.0) (== net50) (== netstandard2.0) (== netstandard2.1)
      Microsoft.NETCore.Platforms (>= 1.1.1)
      Microsoft.NETCore.Targets (>= 1.1.3)
    System.Reactive (5.0)
      System.Runtime.InteropServices.WindowsRuntime (>= 4.3) - restriction: || (&& (== net461) (>= netstandard2.0)) (&& (== net5.0-windows7.0) (< netcoreapp3.1)) (&& (== net50) (< netcoreapp3.1)) (== netstandard2.0) (== netstandard2.1)
      System.Threading.Tasks.Extensions (>= 4.5.4) - restriction: || (&& (== net461) (>= net472)) (&& (== net461) (>= netstandard2.0)) (&& (== net461) (>= uap10.1)) (&& (== net5.0-windows7.0) (>= net472)) (&& (== net5.0-windows7.0) (< netcoreapp3.1)) (&& (== net5.0-windows7.0) (>= uap10.1)) (&& (== net50) (>= net472)) (&& (== net50) (< netcoreapp3.1)) (&& (== net50) (>= uap10.1)) (== netstandard2.0) (== netstandard2.1)
    System.Reflection (4.3) - restriction: || (&& (== net461) (< net35)) (&& (== net461) (>= netcoreapp2.1)) (== net5.0-windows7.0) (== net50) (== netstandard2.0) (== netstandard2.1)
      Microsoft.NETCore.Platforms (>= 1.1) - restriction: || (&& (== net461) (< net45)) (== net5.0-windows7.0) (== net50) (== netstandard2.0) (== netstandard2.1)
      Microsoft.NETCore.Targets (>= 1.1) - restriction: || (&& (== net461) (< net45)) (== net5.0-windows7.0) (== net50) (== netstandard2.0) (== netstandard2.1)
      System.IO (>= 4.3) - restriction: || (&& (== net461) (< net45)) (== net5.0-windows7.0) (== net50) (== netstandard2.0) (== netstandard2.1)
      System.Reflection.Primitives (>= 4.3) - restriction: || (&& (== net461) (< net45)) (== net5.0-windows7.0) (== net50) (== netstandard2.0) (== netstandard2.1)
      System.Runtime (>= 4.3) - restriction: || (&& (== net461) (< net45)) (== net5.0-windows7.0) (== net50) (== netstandard2.0) (== netstandard2.1)
    System.Reflection.Context (5.0) - restriction: || (&& (== net461) (>= netcoreapp3.0)) (&& (== net461) (>= netstandard2.1)) (== net5.0-windows7.0) (== net50) (&& (== netstandard2.0) (>= netcoreapp3.0)) (&& (== netstandard2.0) (>= netstandard2.1)) (== netstandard2.1)
    System.Reflection.DispatchProxy (4.7.1) - restriction: || (&& (== net461) (< net45) (>= netstandard2.0)) (== net5.0-windows7.0) (== net50) (== netstandard2.0) (== netstandard2.1)
    System.Reflection.Emit (4.7) - restriction: || (&& (== net461) (< net45) (>= netstandard1.6)) (&& (== net461) (< net45) (>= netstandard2.0)) (&& (== net461) (>= netcoreapp3.0)) (&& (== net461) (>= netstandard2.1)) (== net5.0-windows7.0) (== net50) (== netstandard2.0) (== netstandard2.1)
      System.Reflection.Emit.ILGeneration (>= 4.7) - restriction: || (&& (== net461) (< net45)) (&& (== net461) (< netstandard1.1)) (&& (== net461) (>= uap10.1)) (&& (== net461) (>= wpa81)) (&& (== net5.0-windows7.0) (< netcoreapp2.0) (< netstandard2.1)) (&& (== net5.0-windows7.0) (< netstandard1.1)) (&& (== net5.0-windows7.0) (< netstandard2.0)) (&& (== net5.0-windows7.0) (>= uap10.1)) (&& (== net50) (< netcoreapp2.0) (< netstandard2.1)) (&& (== net50) (< netstandard1.1)) (&& (== net50) (< netstandard2.0)) (&& (== net50) (>= uap10.1)) (== netstandard2.0) (&& (== netstandard2.1) (< netstandard1.1)) (&& (== netstandard2.1) (< netstandard2.0)) (&& (== netstandard2.1) (>= uap10.1))
    System.Reflection.Emit.ILGeneration (4.7) - restriction: || (&& (== net461) (< net45) (>= netstandard2.0)) (&& (== net461) (>= netcoreapp3.0)) (&& (== net461) (>= netstandard2.0) (< portable-net45+wp8)) (&& (== net461) (>= netstandard2.0) (>= uap10.1)) (&& (== net461) (>= netstandard2.0) (>= wpa81)) (&& (== net461) (>= netstandard2.1)) (== net5.0-windows7.0) (== net50) (== netstandard2.0) (== netstandard2.1)
    System.Reflection.Emit.Lightweight (4.7) - restriction: || (&& (== net461) (>= netcoreapp3.0)) (&& (== net461) (>= netstandard2.0)) (&& (== net461) (>= netstandard2.1)) (== net5.0-windows7.0) (== net50) (== netstandard2.0) (== netstandard2.1)
      System.Reflection.Emit.ILGeneration (>= 4.7) - restriction: || (&& (== net461) (< net45)) (&& (== net461) (< portable-net45+wp8)) (&& (== net461) (>= uap10.1)) (&& (== net461) (>= wpa81)) (&& (== net5.0-windows7.0) (< netcoreapp2.0) (< netstandard2.1)) (&& (== net5.0-windows7.0) (< netstandard2.0)) (&& (== net5.0-windows7.0) (< portable-net45+wp8)) (&& (== net5.0-windows7.0) (>= uap10.1)) (&& (== net50) (< netcoreapp2.0) (< netstandard2.1)) (&& (== net50) (< netstandard2.0)) (&& (== net50) (< portable-net45+wp8)) (&& (== net50) (>= uap10.1)) (== netstandard2.0) (&& (== netstandard2.1) (< netstandard2.0)) (&& (== netstandard2.1) (< portable-net45+wp8)) (&& (== netstandard2.1) (>= uap10.1))
    System.Reflection.Extensions (4.3) - restriction: || (&& (== net461) (< net45)) (&& (== net461) (>= netcoreapp2.2)) (== net5.0-windows7.0) (== net50) (== netstandard2.0) (== netstandard2.1)
      Microsoft.NETCore.Platforms (>= 1.1) - restriction: || (&& (== net461) (< net45)) (== net5.0-windows7.0) (== net50) (== netstandard2.0) (== netstandard2.1)
      Microsoft.NETCore.Targets (>= 1.1) - restriction: || (&& (== net461) (< net45)) (== net5.0-windows7.0) (== net50) (== netstandard2.0) (== netstandard2.1)
      System.Reflection (>= 4.3) - restriction: || (&& (== net461) (< net45)) (== net5.0-windows7.0) (== net50) (== netstandard2.0) (== netstandard2.1)
      System.Runtime (>= 4.3) - restriction: || (&& (== net461) (< net45)) (== net5.0-windows7.0) (== net50) (== netstandard2.0) (== netstandard2.1)
    System.Reflection.Metadata (5.0) - restriction: || (&& (== net461) (>= netcoreapp1.0)) (&& (== net461) (>= netstandard2.0)) (== net5.0-windows7.0) (== net50) (== netstandard2.0) (== netstandard2.1)
      System.Collections.Immutable (>= 5.0) - restriction: || (== net461) (&& (== net5.0-windows7.0) (>= net461)) (&& (== net5.0-windows7.0) (< net50)) (&& (== net5.0-windows7.0) (< netstandard1.1)) (&& (== net5.0-windows7.0) (< netstandard2.0)) (&& (== net50) (>= net461)) (&& (== net50) (< netstandard1.1)) (&& (== net50) (< netstandard2.0)) (== netstandard2.0) (== netstandard2.1)
    System.Reflection.Primitives (4.3) - restriction: || (&& (== net461) (< net45)) (&& (== net461) (>= netcoreapp2.1)) (&& (== net461) (>= xamarinios)) (== net5.0-windows7.0) (== net50) (== netstandard2.0) (== netstandard2.1)
      Microsoft.NETCore.Platforms (>= 1.1) - restriction: || (&& (== net461) (< net45)) (== net5.0-windows7.0) (== net50) (== netstandard2.0) (== netstandard2.1)
      Microsoft.NETCore.Targets (>= 1.1) - restriction: || (&& (== net461) (< net45)) (== net5.0-windows7.0) (== net50) (== netstandard2.0) (== netstandard2.1)
      System.Runtime (>= 4.3) - restriction: || (&& (== net461) (< net45)) (== net5.0-windows7.0) (== net50) (== netstandard2.0) (== netstandard2.1)
    System.Reflection.TypeExtensions (4.7) - restriction: || (&& (== net461) (< net45)) (&& (== net461) (>= netcoreapp2.1)) (&& (== net461) (>= netcoreapp2.2)) (== net5.0-windows7.0) (== net50) (== netstandard2.0) (== netstandard2.1)
    System.Resources.Extensions (5.0) - restriction: || (&& (== net461) (>= netcoreapp3.0)) (== net5.0-windows7.0) (== net50) (&& (== netstandard2.0) (>= netcoreapp3.0)) (&& (== netstandard2.1) (>= netcoreapp3.0))
    System.Resources.ResourceManager (4.3) - restriction: || (&& (== net461) (< net45) (>= netstandard1.6)) (&& (== net461) (< net451)) (&& (== net461) (>= netcoreapp2.1)) (== net5.0-windows7.0) (== net50) (== netstandard2.0) (== netstandard2.1)
      Microsoft.NETCore.Platforms (>= 1.1) - restriction: || (&& (== net461) (< net45)) (== net5.0-windows7.0) (== net50) (== netstandard2.0) (== netstandard2.1)
      Microsoft.NETCore.Targets (>= 1.1) - restriction: || (&& (== net461) (< net45)) (== net5.0-windows7.0) (== net50) (== netstandard2.0) (== netstandard2.1)
      System.Globalization (>= 4.3) - restriction: || (&& (== net461) (< net45)) (== net5.0-windows7.0) (== net50) (== netstandard2.0) (== netstandard2.1)
      System.Reflection (>= 4.3) - restriction: || (&& (== net461) (< net45)) (== net5.0-windows7.0) (== net50) (== netstandard2.0) (== netstandard2.1)
      System.Runtime (>= 4.3) - restriction: || (&& (== net461) (< net45)) (== net5.0-windows7.0) (== net50) (== netstandard2.0) (== netstandard2.1)
    System.Runtime (4.3.1) - restriction: || (&& (== net461) (< net45)) (&& (== net461) (>= netcoreapp2.1)) (&& (== net461) (>= netcoreapp2.2)) (== net5.0-windows7.0) (== net50) (== netstandard2.0) (== netstandard2.1)
      Microsoft.NETCore.Platforms (>= 1.1.1) - restriction: || (&& (== net461) (< net45)) (== net5.0-windows7.0) (== net50) (== netstandard2.0) (== netstandard2.1)
      Microsoft.NETCore.Targets (>= 1.1.3) - restriction: || (&& (== net461) (< net45)) (== net5.0-windows7.0) (== net50) (== netstandard2.0) (== netstandard2.1)
    System.Runtime.Caching (5.0) - restriction: || (&& (== net461) (>= netcoreapp3.0)) (&& (== net461) (>= netstandard2.1)) (== net5.0-windows7.0) (== net50) (== netstandard2.0) (== netstandard2.1)
      System.Configuration.ConfigurationManager (>= 5.0) - restriction: || (&& (== net461) (< net45) (>= netstandard2.0)) (== net5.0-windows7.0) (== net50) (== netstandard2.0) (== netstandard2.1)
    System.Runtime.CompilerServices.Unsafe (5.0)
    System.Runtime.Extensions (4.3.1) - restriction: || (&& (== net461) (< net45)) (&& (== net461) (>= netcoreapp2.1)) (&& (== net461) (>= netcoreapp2.2)) (== net5.0-windows7.0) (== net50) (== netstandard2.0) (== netstandard2.1)
      Microsoft.NETCore.Platforms (>= 1.1.1) - restriction: || (&& (== net461) (< net45)) (== net5.0-windows7.0) (== net50) (== netstandard2.0) (== netstandard2.1)
      Microsoft.NETCore.Targets (>= 1.1.3) - restriction: || (&& (== net461) (< net45)) (== net5.0-windows7.0) (== net50) (== netstandard2.0) (== netstandard2.1)
      System.Runtime (>= 4.3.1) - restriction: || (&& (== net461) (< net45)) (== net5.0-windows7.0) (== net50) (== netstandard2.0) (== netstandard2.1)
    System.Runtime.Handles (4.3) - restriction: || (== net5.0-windows7.0) (== net50) (== netstandard2.0) (== netstandard2.1)
      Microsoft.NETCore.Platforms (>= 1.1) - restriction: || (&& (== net461) (< net46)) (== net5.0-windows7.0) (== net50) (== netstandard2.0) (== netstandard2.1)
      Microsoft.NETCore.Targets (>= 1.1) - restriction: || (&& (== net461) (< net46)) (== net5.0-windows7.0) (== net50) (== netstandard2.0) (== netstandard2.1)
      System.Runtime (>= 4.3) - restriction: || (&& (== net461) (< net46)) (== net5.0-windows7.0) (== net50) (== netstandard2.0) (== netstandard2.1)
    System.Runtime.InteropServices (4.3) - restriction: || (&& (== net461) (< net45)) (&& (== net461) (>= netcoreapp2.1)) (&& (== net461) (>= netcoreapp2.2)) (== net5.0-windows7.0) (== net50) (== netstandard2.0) (== netstandard2.1)
      Microsoft.NETCore.Platforms (>= 1.1) - restriction: || (&& (== net461) (< net45)) (&& (== net461) (>= netcoreapp1.1)) (== net5.0-windows7.0) (== net50) (== netstandard2.0) (== netstandard2.1)
      Microsoft.NETCore.Targets (>= 1.1) - restriction: || (&& (== net461) (< net45)) (&& (== net461) (>= netcoreapp1.1)) (== net5.0-windows7.0) (== net50) (== netstandard2.0) (== netstandard2.1)
      System.Reflection (>= 4.3) - restriction: || (&& (== net461) (< net45)) (&& (== net461) (>= netcoreapp1.1)) (== net5.0-windows7.0) (== net50) (== netstandard2.0) (== netstandard2.1)
      System.Reflection.Primitives (>= 4.3) - restriction: || (&& (== net461) (< net45)) (&& (== net461) (>= netcoreapp1.1)) (== net5.0-windows7.0) (== net50) (== netstandard2.0) (== netstandard2.1)
      System.Runtime (>= 4.3) - restriction: || (&& (== net461) (< net45)) (&& (== net461) (>= net462)) (&& (== net461) (>= netcoreapp1.1)) (== net5.0-windows7.0) (== net50) (== netstandard2.0) (== netstandard2.1)
      System.Runtime.Handles (>= 4.3) - restriction: || (&& (== net461) (< net45)) (&& (== net461) (>= netcoreapp1.1)) (== net5.0-windows7.0) (== net50) (== netstandard2.0) (== netstandard2.1)
    System.Runtime.InteropServices.RuntimeInformation (4.3)
    System.Runtime.InteropServices.WindowsRuntime (4.3) - restriction: || (&& (== net461) (== net5.0-windows7.0)) (&& (== net461) (== net50)) (&& (== net461) (>= netstandard2.0)) (&& (== net5.0-windows7.0) (< netcoreapp3.1)) (&& (== net50) (< netcoreapp3.1)) (== netstandard2.0) (== netstandard2.1)
      System.Runtime (>= 4.3) - restriction: || (&& (== net461) (< net45)) (== net5.0-windows7.0) (== net50) (== netstandard2.0) (== netstandard2.1)
    System.Runtime.Loader (4.3) - restriction: || (&& (== net461) (>= netstandard2.0)) (== net5.0-windows7.0) (== net50) (== netstandard2.0) (== netstandard2.1)
      System.IO (>= 4.3) - restriction: || (&& (== net461) (>= netstandard1.5)) (== net5.0-windows7.0) (== net50) (== netstandard2.0) (== netstandard2.1)
      System.Reflection (>= 4.3) - restriction: || (&& (== net461) (>= netstandard1.5)) (== net5.0-windows7.0) (== net50) (== netstandard2.0) (== netstandard2.1)
      System.Runtime (>= 4.3) - restriction: || (&& (== net461) (>= netstandard1.5)) (== net5.0-windows7.0) (== net50) (== netstandard2.0) (== netstandard2.1)
    System.Runtime.Numerics (4.3) - restriction: || (&& (== net461) (< net45) (>= netstandard1.6)) (== net5.0-windows7.0) (== net50) (== netstandard2.0) (== netstandard2.1)
      System.Globalization (>= 4.3) - restriction: || (&& (== net461) (< net45)) (== net5.0-windows7.0) (== net50) (== netstandard2.0) (== netstandard2.1)
      System.Resources.ResourceManager (>= 4.3) - restriction: || (&& (== net461) (< net45)) (== net5.0-windows7.0) (== net50) (== netstandard2.0) (== netstandard2.1)
      System.Runtime (>= 4.3) - restriction: || (&& (== net461) (< net45)) (== net5.0-windows7.0) (== net50) (== netstandard2.0) (== netstandard2.1)
      System.Runtime.Extensions (>= 4.3) - restriction: || (&& (== net461) (< net45)) (== net5.0-windows7.0) (== net50) (== netstandard2.0) (== netstandard2.1)
    System.Runtime.Serialization.Formatters (4.3) - restriction: || (&& (== net461) (< net45)) (&& (== net461) (>= uap10.0)) (&& (== net461) (>= xamarinios)) (== net5.0-windows7.0) (== net50) (== netstandard2.0) (== netstandard2.1)
      System.Collections (>= 4.3) - restriction: || (&& (== net461) (< net46)) (== net5.0-windows7.0) (== net50) (== netstandard2.0) (== netstandard2.1)
      System.Reflection (>= 4.3) - restriction: || (&& (== net461) (< net46)) (== net5.0-windows7.0) (== net50) (== netstandard2.0) (== netstandard2.1)
      System.Resources.ResourceManager (>= 4.3) - restriction: || (&& (== net461) (< net46)) (== net5.0-windows7.0) (== net50) (== netstandard2.0) (== netstandard2.1)
      System.Runtime (>= 4.3) - restriction: || (&& (== net461) (< net46)) (== net5.0-windows7.0) (== net50) (== netstandard2.0) (== netstandard2.1)
      System.Runtime.Serialization.Primitives (>= 4.3)
    System.Runtime.Serialization.Json (4.3) - restriction: || (&& (== net461) (< net45)) (&& (== net461) (>= uap10.0)) (== net5.0-windows7.0) (== net50) (== netstandard2.0) (== netstandard2.1)
      System.IO (>= 4.3) - restriction: || (&& (== net461) (< net45)) (== net5.0-windows7.0) (== net50) (== netstandard2.0) (== netstandard2.1)
      System.Private.DataContractSerialization (>= 4.3) - restriction: || (&& (== net461) (< net45)) (== net5.0-windows7.0) (== net50) (== netstandard2.0) (== netstandard2.1)
      System.Runtime (>= 4.3) - restriction: || (&& (== net461) (< net45)) (== net5.0-windows7.0) (== net50) (== netstandard2.0) (== netstandard2.1)
    System.Runtime.Serialization.Primitives (4.3) - restriction: || (&& (== net461) (< net45) (>= netstandard1.6)) (&& (== net461) (< net45) (>= netstandard2.0)) (== net5.0-windows7.0) (== net50) (== netstandard2.0) (== netstandard2.1)
      System.Resources.ResourceManager (>= 4.3) - restriction: || (&& (== net461) (< net45)) (== net5.0-windows7.0) (== net50) (== netstandard2.0) (== netstandard2.1)
      System.Runtime (>= 4.3) - restriction: || (&& (== net461) (< net45)) (== net5.0-windows7.0) (== net50) (== netstandard2.0) (== netstandard2.1)
    System.Security.AccessControl (5.0)
      Microsoft.NETCore.Platforms (>= 5.0) - restriction: || (&& (== net461) (>= netcoreapp2.0)) (== net5.0-windows7.0) (== net50) (&& (== netstandard2.0) (>= netcoreapp2.0)) (&& (== netstandard2.1) (>= netcoreapp2.0))
      System.Security.Principal.Windows (>= 5.0)
    System.Security.Cryptography.Algorithms (4.3.1)
      System.Security.Cryptography.Primitives (>= 4.3)
    System.Security.Cryptography.Cng (5.0) - restriction: || (&& (== net461) (>= monoandroid) (>= netcoreapp2.0)) (&& (== net461) (>= monoandroid) (>= netstandard2.0)) (&& (== net461) (>= monoandroid) (>= netstandard2.1)) (&& (== net461) (>= monotouch) (>= netcoreapp2.0)) (&& (== net461) (>= monotouch) (>= netstandard2.0)) (&& (== net461) (>= monotouch) (>= netstandard2.1)) (&& (== net461) (>= netcoreapp2.0) (>= xamarintvos)) (&& (== net461) (>= netcoreapp2.0) (>= xamarinwatchos)) (&& (== net461) (>= netcoreapp2.1)) (&& (== net461) (>= netcoreapp3.0)) (&& (== net461) (>= netstandard2.0) (>= xamarintvos)) (&& (== net461) (>= netstandard2.0) (>= xamarinwatchos)) (&& (== net461) (>= netstandard2.1) (>= xamarintvos)) (&& (== net461) (>= netstandard2.1) (>= xamarinwatchos)) (&& (== net461) (>= xamarinios)) (&& (== net461) (>= xamarinmac)) (== net5.0-windows7.0) (== net50) (== netstandard2.0) (== netstandard2.1)
      System.Formats.Asn1 (>= 5.0) - restriction: || (&& (== net461) (>= netcoreapp3.0)) (== net5.0-windows7.0) (== net50) (&& (== netstandard2.0) (>= netcoreapp3.0)) (&& (== netstandard2.1) (>= netcoreapp3.0))
    System.Security.Cryptography.Csp (4.3) - restriction: || (&& (== net461) (< net45) (>= netstandard1.6)) (== net5.0-windows7.0) (== net50) (== netstandard2.0) (== netstandard2.1)
      Microsoft.NETCore.Platforms (>= 1.1) - restriction: || (&& (== net461) (< net46)) (== net5.0-windows7.0) (== net50) (== netstandard2.0) (== netstandard2.1)
      System.IO (>= 4.3) - restriction: || (&& (== net461) (< net46)) (== net5.0-windows7.0) (== net50) (== netstandard2.0) (== netstandard2.1)
      System.Reflection (>= 4.3) - restriction: || (&& (== net461) (< net46)) (== net5.0-windows7.0) (== net50) (== netstandard2.0) (== netstandard2.1)
      System.Resources.ResourceManager (>= 4.3) - restriction: || (&& (== net461) (< net46)) (== net5.0-windows7.0) (== net50) (== netstandard2.0) (== netstandard2.1)
      System.Runtime (>= 4.3) - restriction: || (&& (== net461) (< net46)) (== net5.0-windows7.0) (== net50) (== netstandard2.0) (== netstandard2.1)
      System.Runtime.Extensions (>= 4.3) - restriction: || (&& (== net461) (< net46)) (== net5.0-windows7.0) (== net50) (== netstandard2.0) (== netstandard2.1)
      System.Runtime.Handles (>= 4.3) - restriction: || (&& (== net461) (< net46)) (== net5.0-windows7.0) (== net50) (== netstandard2.0) (== netstandard2.1)
      System.Runtime.InteropServices (>= 4.3) - restriction: || (&& (== net461) (< net46)) (== net5.0-windows7.0) (== net50) (== netstandard2.0) (== netstandard2.1)
      System.Security.Cryptography.Algorithms (>= 4.3)
      System.Security.Cryptography.Encoding (>= 4.3) - restriction: || (&& (== net461) (< net46)) (== net5.0-windows7.0) (== net50) (== netstandard2.0) (== netstandard2.1)
      System.Security.Cryptography.Primitives (>= 4.3)
      System.Text.Encoding (>= 4.3) - restriction: || (&& (== net461) (< net46)) (== net5.0-windows7.0) (== net50) (== netstandard2.0) (== netstandard2.1)
      System.Threading (>= 4.3) - restriction: || (&& (== net461) (< net46)) (== net5.0-windows7.0) (== net50) (== netstandard2.0) (== netstandard2.1)
    System.Security.Cryptography.Encoding (4.3) - restriction: || (== net5.0-windows7.0) (== net50) (== netstandard2.0) (== netstandard2.1)
      Microsoft.NETCore.Platforms (>= 1.1) - restriction: || (&& (== net461) (< net46)) (== net5.0-windows7.0) (== net50) (== netstandard2.0) (== netstandard2.1)
      runtime.native.System.Security.Cryptography.OpenSsl (>= 4.3) - restriction: || (&& (== net461) (< net46)) (== net5.0-windows7.0) (== net50) (== netstandard2.0) (== netstandard2.1)
      System.Collections (>= 4.3) - restriction: || (&& (== net461) (< net46)) (== net5.0-windows7.0) (== net50) (== netstandard2.0) (== netstandard2.1)
      System.Collections.Concurrent (>= 4.3) - restriction: || (&& (== net461) (< net46)) (== net5.0-windows7.0) (== net50) (== netstandard2.0) (== netstandard2.1)
      System.Linq (>= 4.3) - restriction: || (&& (== net461) (< net46)) (== net5.0-windows7.0) (== net50) (== netstandard2.0) (== netstandard2.1)
      System.Resources.ResourceManager (>= 4.3) - restriction: || (&& (== net461) (< net46)) (== net5.0-windows7.0) (== net50) (== netstandard2.0) (== netstandard2.1)
      System.Runtime (>= 4.3) - restriction: || (&& (== net461) (< net46)) (== net5.0-windows7.0) (== net50) (== netstandard2.0) (== netstandard2.1)
      System.Runtime.Extensions (>= 4.3) - restriction: || (&& (== net461) (< net46)) (== net5.0-windows7.0) (== net50) (== netstandard2.0) (== netstandard2.1)
      System.Runtime.Handles (>= 4.3) - restriction: || (&& (== net461) (< net46)) (== net5.0-windows7.0) (== net50) (== netstandard2.0) (== netstandard2.1)
      System.Runtime.InteropServices (>= 4.3) - restriction: || (&& (== net461) (< net46)) (== net5.0-windows7.0) (== net50) (== netstandard2.0) (== netstandard2.1)
      System.Security.Cryptography.Primitives (>= 4.3) - restriction: || (&& (== net461) (< net46)) (== net5.0-windows7.0) (== net50) (== netstandard2.0) (== netstandard2.1)
      System.Text.Encoding (>= 4.3) - restriction: || (&& (== net461) (< net46)) (== net5.0-windows7.0) (== net50) (== netstandard2.0) (== netstandard2.1)
    System.Security.Cryptography.OpenSsl (5.0) - restriction: || (== net5.0-windows7.0) (== net50) (== netstandard2.0) (== netstandard2.1)
      System.Formats.Asn1 (>= 5.0) - restriction: || (&& (== net461) (>= netcoreapp3.0)) (== net5.0-windows7.0) (== net50) (&& (== netstandard2.0) (>= netcoreapp3.0)) (&& (== netstandard2.1) (>= netcoreapp3.0))
    System.Security.Cryptography.Pkcs (5.0.1) - restriction: || (&& (== net461) (>= monoandroid)) (&& (== net461) (>= monotouch)) (&& (== net461) (>= netcoreapp2.1)) (&& (== net461) (>= netcoreapp3.0)) (&& (== net461) (>= netstandard2.1)) (&& (== net461) (>= xamarinios)) (&& (== net461) (>= xamarinmac)) (&& (== net461) (>= xamarintvos)) (&& (== net461) (>= xamarinwatchos)) (== net5.0-windows7.0) (== net50) (== netstandard2.0) (== netstandard2.1)
      System.Buffers (>= 4.5.1) - restriction: || (&& (== net461) (< net46) (>= netstandard2.0)) (&& (== net5.0-windows7.0) (< netcoreapp2.0) (< netstandard2.1)) (&& (== net50) (< netcoreapp2.0) (< netstandard2.1)) (== netstandard2.0)
      System.Formats.Asn1 (>= 5.0) - restriction: || (&& (== net461) (>= monoandroid)) (&& (== net461) (>= monotouch)) (&& (== net461) (< net46) (>= netstandard2.0)) (&& (== net461) (>= netcoreapp2.0)) (&& (== net461) (>= netcoreapp3.0)) (&& (== net461) (>= netstandard2.1)) (&& (== net461) (>= uap10.1)) (&& (== net461) (>= xamarinios)) (&& (== net461) (>= xamarinmac)) (&& (== net461) (>= xamarintvos)) (&& (== net461) (>= xamarinwatchos)) (== net5.0-windows7.0) (== net50) (== netstandard2.0) (== netstandard2.1)
      System.Memory (>= 4.5.4) - restriction: || (&& (== net461) (< net46) (>= netstandard2.0)) (&& (== net461) (>= netcoreapp2.0)) (&& (== net461) (>= uap10.1)) (&& (== net5.0-windows7.0) (< netcoreapp2.0) (< netstandard2.1)) (&& (== net5.0-windows7.0) (< netcoreapp2.1) (< netstandard2.1)) (&& (== net5.0-windows7.0) (>= uap10.1)) (&& (== net50) (< netcoreapp2.0) (< netstandard2.1)) (&& (== net50) (< netcoreapp2.1) (< netstandard2.1)) (&& (== net50) (>= uap10.1)) (== netstandard2.0) (&& (== netstandard2.1) (>= uap10.1))
      System.Security.Cryptography.Cng (>= 5.0) - restriction: || (&& (== net461) (< net46) (>= netstandard2.0)) (&& (== net461) (>= netcoreapp2.0)) (&& (== net461) (>= netcoreapp2.1)) (&& (== net461) (>= netcoreapp3.0)) (&& (== net461) (>= netstandard2.1)) (== net5.0-windows7.0) (== net50) (== netstandard2.0) (== netstandard2.1)
    System.Security.Cryptography.Primitives (4.3)
      System.Diagnostics.Debug (>= 4.3) - restriction: || (&& (== net461) (< net46)) (== net5.0-windows7.0) (== net50) (== netstandard2.0) (== netstandard2.1)
      System.Globalization (>= 4.3) - restriction: || (&& (== net461) (< net46)) (== net5.0-windows7.0) (== net50) (== netstandard2.0) (== netstandard2.1)
      System.IO (>= 4.3) - restriction: || (&& (== net461) (< net46)) (== net5.0-windows7.0) (== net50) (== netstandard2.0) (== netstandard2.1)
      System.Resources.ResourceManager (>= 4.3) - restriction: || (&& (== net461) (< net46)) (== net5.0-windows7.0) (== net50) (== netstandard2.0) (== netstandard2.1)
      System.Runtime (>= 4.3) - restriction: || (&& (== net461) (< net46)) (== net5.0-windows7.0) (== net50) (== netstandard2.0) (== netstandard2.1)
      System.Threading (>= 4.3) - restriction: || (&& (== net461) (< net46)) (== net5.0-windows7.0) (== net50) (== netstandard2.0) (== netstandard2.1)
      System.Threading.Tasks (>= 4.3) - restriction: || (&& (== net461) (< net46)) (== net5.0-windows7.0) (== net50) (== netstandard2.0) (== netstandard2.1)
    System.Security.Cryptography.ProtectedData (5.0) - restriction: || (== net5.0-windows7.0) (== net50) (== netstandard2.0) (== netstandard2.1)
      System.Memory (>= 4.5.4) - restriction: || (&& (== net461) (< net46) (>= netstandard2.0)) (&& (== net5.0-windows7.0) (< netcoreapp2.1)) (&& (== net50) (< netcoreapp2.1)) (== netstandard2.0) (== netstandard2.1)
    System.Security.Cryptography.X509Certificates (4.3.2) - restriction: || (&& (== net461) (< net45)) (== net5.0-windows7.0) (== net50) (== netstandard2.0) (== netstandard2.1)
      Microsoft.NETCore.Platforms (>= 1.1) - restriction: || (&& (== net461) (< net46) (>= netstandard1.6)) (== net5.0-windows7.0) (== net50) (== netstandard2.0) (== netstandard2.1)
      runtime.native.System (>= 4.3) - restriction: || (&& (== net461) (< net46) (>= netstandard1.6)) (== net5.0-windows7.0) (== net50) (== netstandard2.0) (== netstandard2.1)
      runtime.native.System.Net.Http (>= 4.3) - restriction: || (&& (== net461) (< net46) (>= netstandard1.6)) (== net5.0-windows7.0) (== net50) (== netstandard2.0) (== netstandard2.1)
      runtime.native.System.Security.Cryptography.OpenSsl (>= 4.3.2) - restriction: || (&& (== net461) (< net46) (>= netstandard1.6)) (== net5.0-windows7.0) (== net50) (== netstandard2.0) (== netstandard2.1)
      System.Collections (>= 4.3) - restriction: || (&& (== net461) (< net46) (>= netstandard1.6)) (== net5.0-windows7.0) (== net50) (== netstandard2.0) (== netstandard2.1)
      System.Diagnostics.Debug (>= 4.3) - restriction: || (&& (== net461) (< net46) (>= netstandard1.6)) (== net5.0-windows7.0) (== net50) (== netstandard2.0) (== netstandard2.1)
      System.Globalization (>= 4.3) - restriction: || (&& (== net461) (< net46) (>= netstandard1.6)) (== net5.0-windows7.0) (== net50) (== netstandard2.0) (== netstandard2.1)
      System.Globalization.Calendars (>= 4.3) - restriction: || (&& (== net461) (< net46) (>= netstandard1.6)) (== net5.0-windows7.0) (== net50) (== netstandard2.0) (== netstandard2.1)
      System.IO (>= 4.3) - restriction: || (&& (== net461) (< net46) (>= netstandard1.6)) (== net5.0-windows7.0) (== net50) (== netstandard2.0) (== netstandard2.1)
      System.IO.FileSystem (>= 4.3) - restriction: || (&& (== net461) (< net46) (>= netstandard1.6)) (== net5.0-windows7.0) (== net50) (== netstandard2.0) (== netstandard2.1)
      System.IO.FileSystem.Primitives (>= 4.3) - restriction: || (&& (== net461) (< net46) (>= netstandard1.6)) (== net5.0-windows7.0) (== net50) (== netstandard2.0) (== netstandard2.1)
      System.Resources.ResourceManager (>= 4.3) - restriction: || (&& (== net461) (< net46) (>= netstandard1.6)) (== net5.0-windows7.0) (== net50) (== netstandard2.0) (== netstandard2.1)
      System.Runtime (>= 4.3) - restriction: || (&& (== net461) (< net46)) (== net5.0-windows7.0) (== net50) (== netstandard2.0) (== netstandard2.1)
      System.Runtime.Extensions (>= 4.3) - restriction: || (&& (== net461) (< net46) (>= netstandard1.6)) (== net5.0-windows7.0) (== net50) (== netstandard2.0) (== netstandard2.1)
      System.Runtime.Handles (>= 4.3) - restriction: || (&& (== net461) (< net46)) (== net5.0-windows7.0) (== net50) (== netstandard2.0) (== netstandard2.1)
      System.Runtime.InteropServices (>= 4.3) - restriction: || (&& (== net461) (< net46) (>= netstandard1.6)) (== net5.0-windows7.0) (== net50) (== netstandard2.0) (== netstandard2.1)
      System.Runtime.Numerics (>= 4.3) - restriction: || (&& (== net461) (< net46) (>= netstandard1.6)) (== net5.0-windows7.0) (== net50) (== netstandard2.0) (== netstandard2.1)
      System.Security.Cryptography.Algorithms (>= 4.3)
      System.Security.Cryptography.Cng (>= 4.3) - restriction: || (&& (== net461) (< net46) (>= netstandard1.6)) (== net5.0-windows7.0) (== net50) (== netstandard2.0) (== netstandard2.1)
      System.Security.Cryptography.Csp (>= 4.3) - restriction: || (&& (== net461) (< net46) (>= netstandard1.6)) (== net5.0-windows7.0) (== net50) (== netstandard2.0) (== netstandard2.1)
      System.Security.Cryptography.Encoding (>= 4.3)
      System.Security.Cryptography.OpenSsl (>= 4.3) - restriction: || (&& (== net461) (< net46) (>= netstandard1.6)) (== net5.0-windows7.0) (== net50) (== netstandard2.0) (== netstandard2.1)
      System.Security.Cryptography.Primitives (>= 4.3) - restriction: || (&& (== net461) (< net46) (>= netstandard1.6)) (== net5.0-windows7.0) (== net50) (== netstandard2.0) (== netstandard2.1)
      System.Text.Encoding (>= 4.3) - restriction: || (&& (== net461) (< net46) (>= netstandard1.6)) (== net5.0-windows7.0) (== net50) (== netstandard2.0) (== netstandard2.1)
      System.Threading (>= 4.3) - restriction: || (&& (== net461) (< net46) (>= netstandard1.6)) (== net5.0-windows7.0) (== net50) (== netstandard2.0) (== netstandard2.1)
    System.Security.Cryptography.Xml (5.0)
      System.Memory (>= 4.5.4) - restriction: || (&& (== net5.0-windows7.0) (< netcoreapp2.1)) (&& (== net50) (< netcoreapp2.1)) (== netstandard2.0) (== netstandard2.1)
      System.Security.Cryptography.Pkcs (>= 5.0) - restriction: || (&& (== net461) (>= monoandroid)) (&& (== net461) (>= monotouch)) (&& (== net461) (>= netcoreapp2.1)) (&& (== net461) (>= xamarinios)) (&& (== net461) (>= xamarinmac)) (&& (== net461) (>= xamarintvos)) (&& (== net461) (>= xamarinwatchos)) (== net5.0-windows7.0) (== net50) (== netstandard2.0) (== netstandard2.1)
      System.Security.Permissions (>= 5.0)
    System.Security.Permissions (5.0)
      System.Security.AccessControl (>= 5.0)
      System.Windows.Extensions (>= 5.0) - restriction: || (&& (== net461) (>= netcoreapp3.0)) (== net5.0-windows7.0) (== net50) (&& (== netstandard2.0) (>= netcoreapp3.0)) (&& (== netstandard2.1) (>= netcoreapp3.0))
    System.Security.Principal.Windows (5.0)
    System.Security.SecureString (4.3) - restriction: || (&& (== net461) (>= monoandroid10.0)) (&& (== net461) (>= monoandroid9.0)) (&& (== net461) (< net45)) (&& (== net461) (>= uap10.0)) (&& (== net461) (>= xamarinios)) (== net5.0-windows7.0) (== net50) (== netstandard2.0) (== netstandard2.1)
      Microsoft.NETCore.Platforms (>= 1.1) - restriction: || (&& (== net461) (< net46)) (== net5.0-windows7.0) (== net50) (== netstandard2.0) (== netstandard2.1)
      System.Resources.ResourceManager (>= 4.3) - restriction: || (&& (== net461) (< net46)) (== net5.0-windows7.0) (== net50) (== netstandard2.0) (== netstandard2.1)
      System.Runtime (>= 4.3) - restriction: || (&& (== net461) (< net46)) (== net5.0-windows7.0) (== net50) (== netstandard2.0) (== netstandard2.1)
      System.Runtime.Handles (>= 4.3) - restriction: || (&& (== net461) (< net46)) (== net5.0-windows7.0) (== net50) (== netstandard2.0) (== netstandard2.1)
      System.Runtime.InteropServices (>= 4.3) - restriction: || (&& (== net461) (< net46)) (== net5.0-windows7.0) (== net50) (== netstandard2.0) (== netstandard2.1)
      System.Security.Cryptography.Primitives (>= 4.3) - restriction: || (&& (== net461) (< net46)) (== net5.0-windows7.0) (== net50) (== netstandard2.0) (== netstandard2.1)
      System.Text.Encoding (>= 4.3) - restriction: || (&& (== net461) (< net46)) (== net5.0-windows7.0) (== net50) (== netstandard2.0) (== netstandard2.1)
      System.Threading (>= 4.3) - restriction: || (&& (== net461) (< net46)) (== net5.0-windows7.0) (== net50) (== netstandard2.0) (== netstandard2.1)
    System.ServiceModel.Duplex (4.8.1)
      System.Private.ServiceModel (>= 4.8.1) - restriction: || (&& (== net461) (< net45) (>= netstandard2.0)) (== net5.0-windows7.0) (== net50) (== netstandard2.0) (== netstandard2.1)
      System.ServiceModel.Primitives (>= 4.8.1)
    System.ServiceModel.Http (4.8.1)
      System.Private.ServiceModel (>= 4.8.1) - restriction: || (&& (== net461) (< net45) (>= netstandard2.0)) (== net5.0-windows7.0) (== net50) (== netstandard2.0) (== netstandard2.1)
      System.ServiceModel.Primitives (>= 4.8.1)
    System.ServiceModel.NetTcp (4.8.1)
      System.Private.ServiceModel (>= 4.8.1) - restriction: || (&& (== net461) (< net45) (>= netstandard2.0)) (== net5.0-windows7.0) (== net50) (== netstandard2.0) (== netstandard2.1)
      System.ServiceModel.Primitives (>= 4.8.1)
    System.ServiceModel.Primitives (4.8.1)
      System.Private.ServiceModel (>= 4.8.1) - restriction: || (&& (== net461) (< net45) (>= netstandard2.0)) (&& (== net461) (>= netcoreapp2.1)) (== net5.0-windows7.0) (== net50) (== netstandard2.0) (== netstandard2.1)
    System.ServiceModel.Security (4.8.1)
      System.Private.ServiceModel (>= 4.8.1) - restriction: || (&& (== net461) (< net45) (>= netstandard2.0)) (== net5.0-windows7.0) (== net50) (== netstandard2.0) (== netstandard2.1)
      System.ServiceModel.Primitives (>= 4.8.1)
    System.ServiceModel.Syndication (5.0) - restriction: || (&& (== net461) (>= netcoreapp3.0)) (&& (== net461) (>= netstandard2.1)) (== net5.0-windows7.0) (== net50) (== netstandard2.0) (== netstandard2.1)
    System.ServiceProcess.ServiceController (5.0) - restriction: || (&& (== net461) (< net452) (>= netstandard2.0)) (&& (== net461) (>= netcoreapp3.0)) (&& (== net461) (>= netstandard2.1)) (== net5.0-windows7.0) (== net50) (== netstandard2.0) (== netstandard2.1)
      System.Buffers (>= 4.5.1) - restriction: || (&& (== net461) (>= monoandroid)) (&& (== net461) (>= monotouch)) (&& (== net461) (>= xamarinios)) (&& (== net461) (>= xamarinmac)) (&& (== net461) (>= xamarintvos)) (&& (== net461) (>= xamarinwatchos)) (&& (== net5.0-windows7.0) (>= monotouch)) (&& (== net5.0-windows7.0) (< netcoreapp2.0)) (&& (== net5.0-windows7.0) (>= xamarinios)) (&& (== net5.0-windows7.0) (>= xamarinmac)) (&& (== net5.0-windows7.0) (>= xamarintvos)) (&& (== net5.0-windows7.0) (>= xamarinwatchos)) (&& (== net50) (>= monotouch)) (&& (== net50) (< netcoreapp2.0)) (&& (== net50) (>= xamarinios)) (&& (== net50) (>= xamarinmac)) (&& (== net50) (>= xamarintvos)) (&& (== net50) (>= xamarinwatchos)) (== netstandard2.0) (== netstandard2.1)
      System.Diagnostics.EventLog (>= 5.0)
      System.Memory (>= 4.5.4) - restriction: || (&& (== net461) (>= netcoreapp2.0)) (&& (== net461) (>= uap10.1)) (&& (== net5.0-windows7.0) (< netcoreapp2.0)) (&& (== net5.0-windows7.0) (< netcoreapp2.1)) (&& (== net5.0-windows7.0) (>= uap10.1)) (&& (== net50) (< netcoreapp2.0)) (&& (== net50) (< netcoreapp2.1)) (&& (== net50) (>= uap10.1)) (== netstandard2.0) (== netstandard2.1)
    System.Speech (5.0) - restriction: || (&& (== net461) (>= netcoreapp3.0)) (&& (== net461) (>= netstandard2.1)) (== net5.0-windows7.0) (== net50) (== netstandard2.0) (== netstandard2.1)
      Microsoft.NETCore.Platforms (>= 5.0.1) - restriction: || (&& (== net461) (>= netcoreapp2.1)) (== net5.0-windows7.0) (== net50) (&& (== netstandard2.0) (>= netcoreapp2.1)) (&& (== netstandard2.1) (>= netcoreapp2.1))
      Microsoft.Win32.Registry (>= 5.0) - restriction: || (&& (== net461) (>= netcoreapp2.1)) (== net5.0-windows7.0) (== net50) (&& (== netstandard2.0) (>= netcoreapp2.1)) (&& (== netstandard2.1) (>= netcoreapp2.1))
    System.Text.Encoding (4.3) - restriction: || (== net5.0-windows7.0) (== net50) (== netstandard2.0) (== netstandard2.1)
      Microsoft.NETCore.Platforms (>= 1.1) - restriction: || (&& (== net461) (< net45)) (== net5.0-windows7.0) (== net50) (== netstandard2.0) (== netstandard2.1)
      Microsoft.NETCore.Targets (>= 1.1) - restriction: || (&& (== net461) (< net45)) (== net5.0-windows7.0) (== net50) (== netstandard2.0) (== netstandard2.1)
      System.Runtime (>= 4.3) - restriction: || (&& (== net461) (< net45)) (== net5.0-windows7.0) (== net50) (== netstandard2.0) (== netstandard2.1)
    System.Text.Encoding.CodePages (5.0)
      Microsoft.NETCore.Platforms (>= 5.0) - restriction: || (&& (== net461) (>= net50)) (&& (== net461) (>= netcoreapp2.0)) (== net5.0-windows7.0) (== net50) (&& (== netstandard2.0) (>= net50)) (&& (== netstandard2.0) (>= netcoreapp2.0)) (&& (== netstandard2.1) (>= net50)) (&& (== netstandard2.1) (>= netcoreapp2.0))
      System.Runtime.CompilerServices.Unsafe (>= 5.0) - restriction: || (== net461) (&& (== net5.0-windows7.0) (>= net461)) (&& (== net5.0-windows7.0) (< net50)) (&& (== net5.0-windows7.0) (< netcoreapp2.0)) (&& (== net50) (>= net461)) (&& (== net50) (< netcoreapp2.0)) (== netstandard2.0) (== netstandard2.1)
    System.Text.Encoding.Extensions (4.3) - restriction: || (&& (== net461) (< net45)) (== net5.0-windows7.0) (== net50) (== netstandard2.0) (== netstandard2.1)
      Microsoft.NETCore.Platforms (>= 1.1) - restriction: || (&& (== net461) (< net45)) (== net5.0-windows7.0) (== net50) (== netstandard2.0) (== netstandard2.1)
      Microsoft.NETCore.Targets (>= 1.1) - restriction: || (&& (== net461) (< net45)) (== net5.0-windows7.0) (== net50) (== netstandard2.0) (== netstandard2.1)
      System.Runtime (>= 4.3) - restriction: || (&& (== net461) (< net45)) (== net5.0-windows7.0) (== net50) (== netstandard2.0) (== netstandard2.1)
      System.Text.Encoding (>= 4.3) - restriction: || (&& (== net461) (< net45)) (== net5.0-windows7.0) (== net50) (== netstandard2.0) (== netstandard2.1)
    System.Text.Encodings.Web (5.0.1)
      System.Buffers (>= 4.5.1) - restriction: || (== net461) (&& (== net5.0-windows7.0) (>= net461)) (&& (== net5.0-windows7.0) (< netcoreapp2.0) (< netstandard2.1)) (&& (== net50) (>= net461)) (&& (== net50) (< netcoreapp2.0) (< netstandard2.1)) (== netstandard2.0) (&& (== netstandard2.1) (>= net461))
      System.Memory (>= 4.5.4) - restriction: || (== net461) (&& (== net5.0-windows7.0) (>= net461)) (&& (== net5.0-windows7.0) (< netcoreapp2.0) (< netstandard2.1)) (&& (== net5.0-windows7.0) (< netcoreapp2.1) (< netstandard2.1)) (&& (== net5.0-windows7.0) (>= uap10.1)) (&& (== net50) (>= net461)) (&& (== net50) (< netcoreapp2.0) (< netstandard2.1)) (&& (== net50) (< netcoreapp2.1) (< netstandard2.1)) (&& (== net50) (>= uap10.1)) (== netstandard2.0) (&& (== netstandard2.1) (>= net461)) (&& (== netstandard2.1) (>= uap10.1))
    System.Text.Json (5.0.2)
      Microsoft.Bcl.AsyncInterfaces (>= 5.0) - restriction: || (== net461) (&& (== net5.0-windows7.0) (>= monotouch)) (&& (== net5.0-windows7.0) (>= net461)) (&& (== net5.0-windows7.0) (< netcoreapp2.0)) (&& (== net5.0-windows7.0) (< netcoreapp2.1)) (&& (== net5.0-windows7.0) (< netcoreapp3.0)) (&& (== net5.0-windows7.0) (< netstandard2.0) (>= xamarintvos)) (&& (== net5.0-windows7.0) (< netstandard2.0) (>= xamarinwatchos)) (&& (== net5.0-windows7.0) (>= uap10.1)) (&& (== net50) (>= monotouch)) (&& (== net50) (>= net461)) (&& (== net50) (< netcoreapp2.0)) (&& (== net50) (< netcoreapp2.1)) (&& (== net50) (< netcoreapp3.0)) (&& (== net50) (< netstandard2.0) (>= xamarintvos)) (&& (== net50) (< netstandard2.0) (>= xamarinwatchos)) (&& (== net50) (>= uap10.1)) (== netstandard2.0) (== netstandard2.1)
      System.Buffers (>= 4.5.1) - restriction: || (== net461) (&& (== net5.0-windows7.0) (>= monotouch)) (&& (== net5.0-windows7.0) (>= net461)) (&& (== net5.0-windows7.0) (< netcoreapp2.0)) (&& (== net5.0-windows7.0) (< netstandard2.0) (>= xamarintvos)) (&& (== net5.0-windows7.0) (< netstandard2.0) (>= xamarinwatchos)) (&& (== net50) (>= monotouch)) (&& (== net50) (>= net461)) (&& (== net50) (< netcoreapp2.0)) (&& (== net50) (< netstandard2.0) (>= xamarintvos)) (&& (== net50) (< netstandard2.0) (>= xamarinwatchos)) (== netstandard2.0) (== netstandard2.1)
      System.Memory (>= 4.5.4) - restriction: || (== net461) (&& (== net5.0-windows7.0) (>= net461)) (&& (== net5.0-windows7.0) (< netcoreapp2.0)) (&& (== net5.0-windows7.0) (< netcoreapp2.1)) (&& (== net5.0-windows7.0) (>= uap10.1)) (&& (== net50) (>= net461)) (&& (== net50) (< netcoreapp2.0)) (&& (== net50) (< netcoreapp2.1)) (&& (== net50) (>= uap10.1)) (== netstandard2.0) (== netstandard2.1)
      System.Numerics.Vectors (>= 4.5) - restriction: || (== net461) (&& (== net5.0-windows7.0) (>= net461)) (&& (== net5.0-windows7.0) (< netcoreapp2.0)) (&& (== net50) (>= net461)) (&& (== net50) (< netcoreapp2.0)) (== netstandard2.0) (== netstandard2.1)
      System.Runtime.CompilerServices.Unsafe (>= 5.0) - restriction: || (== net461) (&& (== net5.0-windows7.0) (>= monotouch)) (&& (== net5.0-windows7.0) (>= net461)) (&& (== net5.0-windows7.0) (< net50)) (&& (== net5.0-windows7.0) (< netcoreapp2.0)) (&& (== net5.0-windows7.0) (< netcoreapp2.1)) (&& (== net5.0-windows7.0) (< netcoreapp3.0)) (&& (== net5.0-windows7.0) (< netstandard2.0) (>= xamarintvos)) (&& (== net5.0-windows7.0) (< netstandard2.0) (>= xamarinwatchos)) (&& (== net5.0-windows7.0) (>= uap10.1)) (&& (== net50) (>= monotouch)) (&& (== net50) (>= net461)) (&& (== net50) (< netcoreapp2.0)) (&& (== net50) (< netcoreapp2.1)) (&& (== net50) (< netcoreapp3.0)) (&& (== net50) (< netstandard2.0) (>= xamarintvos)) (&& (== net50) (< netstandard2.0) (>= xamarinwatchos)) (&& (== net50) (>= uap10.1)) (== netstandard2.0) (== netstandard2.1)
      System.Text.Encodings.Web (>= 5.0.1) - restriction: || (== net461) (&& (== net5.0-windows7.0) (>= monotouch)) (&& (== net5.0-windows7.0) (>= net461)) (&& (== net5.0-windows7.0) (< net50)) (&& (== net5.0-windows7.0) (< netcoreapp2.0)) (&& (== net5.0-windows7.0) (< netcoreapp2.1)) (&& (== net5.0-windows7.0) (< netcoreapp3.0)) (&& (== net5.0-windows7.0) (< netstandard2.0) (>= xamarintvos)) (&& (== net5.0-windows7.0) (< netstandard2.0) (>= xamarinwatchos)) (&& (== net5.0-windows7.0) (>= uap10.1)) (&& (== net50) (>= monotouch)) (&& (== net50) (>= net461)) (&& (== net50) (< netcoreapp2.0)) (&& (== net50) (< netcoreapp2.1)) (&& (== net50) (< netcoreapp3.0)) (&& (== net50) (< netstandard2.0) (>= xamarintvos)) (&& (== net50) (< netstandard2.0) (>= xamarinwatchos)) (&& (== net50) (>= uap10.1)) (== netstandard2.0) (== netstandard2.1)
      System.Threading.Tasks.Extensions (>= 4.5.4) - restriction: || (== net461) (&& (== net5.0-windows7.0) (>= net461)) (&& (== net5.0-windows7.0) (< netcoreapp2.0)) (&& (== net5.0-windows7.0) (< netcoreapp2.1)) (&& (== net5.0-windows7.0) (>= uap10.1)) (&& (== net50) (>= net461)) (&& (== net50) (< netcoreapp2.0)) (&& (== net50) (< netcoreapp2.1)) (&& (== net50) (>= uap10.1)) (== netstandard2.0) (== netstandard2.1)
      System.ValueTuple (>= 4.5) - restriction: || (== net461) (&& (== net5.0-windows7.0) (>= net461)) (&& (== net50) (>= net461)) (&& (== netstandard2.0) (>= net461)) (&& (== netstandard2.1) (>= net461))
    System.Text.RegularExpressions (4.3.1) - restriction: || (&& (== net461) (< net451)) (== net5.0-windows7.0) (== net50) (== netstandard2.0) (== netstandard2.1)
      System.Collections (>= 4.3) - restriction: || (&& (== net461) (< net45) (>= netstandard1.6)) (&& (== net5.0-windows7.0) (< netcoreapp1.1)) (&& (== net50) (< netcoreapp1.1)) (== netstandard2.0) (== netstandard2.1)
      System.Globalization (>= 4.3) - restriction: || (&& (== net461) (< net45) (>= netstandard1.6)) (&& (== net5.0-windows7.0) (< netcoreapp1.1)) (&& (== net50) (< netcoreapp1.1)) (== netstandard2.0) (== netstandard2.1)
      System.Resources.ResourceManager (>= 4.3) - restriction: || (&& (== net461) (< net45) (>= netstandard1.6)) (&& (== net5.0-windows7.0) (< netcoreapp1.1)) (&& (== net50) (< netcoreapp1.1)) (== netstandard2.0) (== netstandard2.1)
      System.Runtime (>= 4.3.1) - restriction: || (&& (== net461) (< net45)) (&& (== net461) (>= netcoreapp1.1)) (== net5.0-windows7.0) (== net50) (== netstandard2.0) (== netstandard2.1)
      System.Runtime.Extensions (>= 4.3.1) - restriction: || (&& (== net461) (< net45) (>= netstandard1.6)) (&& (== net5.0-windows7.0) (< netcoreapp1.1)) (&& (== net50) (< netcoreapp1.1)) (== netstandard2.0) (== netstandard2.1)
      System.Threading (>= 4.3) - restriction: || (&& (== net461) (< net45) (>= netstandard1.6)) (&& (== net5.0-windows7.0) (< netcoreapp1.1)) (&& (== net50) (< netcoreapp1.1)) (== netstandard2.0) (== netstandard2.1)
    System.Threading (4.3) - restriction: || (&& (== net461) (< net45) (>= netstandard1.6)) (&& (== net461) (>= netcoreapp2.1)) (== net5.0-windows7.0) (== net50) (== netstandard2.0) (== netstandard2.1)
      System.Runtime (>= 4.3) - restriction: || (&& (== net461) (< net45)) (== net5.0-windows7.0) (== net50) (== netstandard2.0) (== netstandard2.1)
      System.Threading.Tasks (>= 4.3) - restriction: || (&& (== net461) (< net45)) (== net5.0-windows7.0) (== net50) (== netstandard2.0) (== netstandard2.1)
    System.Threading.AccessControl (5.0) - restriction: || (&& (== net461) (>= netcoreapp3.0)) (&& (== net461) (>= netstandard2.1)) (== net5.0-windows7.0) (== net50) (== netstandard2.0) (== netstandard2.1)
      System.Memory (>= 4.5.4) - restriction: || (&& (== net461) (< net46) (>= netstandard2.0)) (&& (== net5.0-windows7.0) (< netcoreapp2.1)) (&& (== net50) (< netcoreapp2.1)) (== netstandard2.0) (== netstandard2.1)
      System.Security.AccessControl (>= 5.0)
      System.Security.Principal.Windows (>= 5.0)
    System.Threading.Tasks (4.3) - restriction: || (&& (== net461) (< net451)) (&& (== net461) (>= netcoreapp2.1)) (== net5.0-windows7.0) (== net50) (== netstandard2.0) (== netstandard2.1)
      Microsoft.NETCore.Platforms (>= 1.1) - restriction: || (&& (== net461) (< net45)) (== net5.0-windows7.0) (== net50) (== netstandard2.0) (== netstandard2.1)
      Microsoft.NETCore.Targets (>= 1.1) - restriction: || (&& (== net461) (< net45)) (== net5.0-windows7.0) (== net50) (== netstandard2.0) (== netstandard2.1)
      System.Runtime (>= 4.3) - restriction: || (&& (== net461) (< net45)) (== net5.0-windows7.0) (== net50) (== netstandard2.0) (== netstandard2.1)
    System.Threading.Tasks.Extensions (4.5.4)
      System.Runtime.CompilerServices.Unsafe (>= 4.5.3) - restriction: || (== net461) (&& (== net5.0-windows7.0) (>= net461)) (&& (== net5.0-windows7.0) (< netcoreapp2.1)) (&& (== net5.0-windows7.0) (< netstandard1.0)) (&& (== net5.0-windows7.0) (< netstandard2.0)) (&& (== net5.0-windows7.0) (>= wp8)) (&& (== net50) (>= net461)) (&& (== net50) (< netcoreapp2.1)) (&& (== net50) (< netstandard1.0)) (&& (== net50) (< netstandard2.0)) (&& (== net50) (>= wp8)) (== netstandard2.0) (== netstandard2.1)
    System.Threading.Tasks.Parallel (4.3) - restriction: || (&& (== net461) (>= netstandard2.0)) (== net5.0-windows7.0) (== net50) (== netstandard2.0) (== netstandard2.1)
      System.Collections.Concurrent (>= 4.3) - restriction: || (&& (== net461) (< net45)) (== net5.0-windows7.0) (== net50) (== netstandard2.0) (== netstandard2.1)
      System.Diagnostics.Debug (>= 4.3) - restriction: || (&& (== net461) (< net45)) (== net5.0-windows7.0) (== net50) (== netstandard2.0) (== netstandard2.1)
      System.Diagnostics.Tracing (>= 4.3) - restriction: || (&& (== net461) (< net45)) (== net5.0-windows7.0) (== net50) (== netstandard2.0) (== netstandard2.1)
      System.Resources.ResourceManager (>= 4.3) - restriction: || (&& (== net461) (< net45)) (== net5.0-windows7.0) (== net50) (== netstandard2.0) (== netstandard2.1)
      System.Runtime (>= 4.3) - restriction: || (&& (== net461) (< net45)) (== net5.0-windows7.0) (== net50) (== netstandard2.0) (== netstandard2.1)
      System.Runtime.Extensions (>= 4.3) - restriction: || (&& (== net461) (< net45)) (== net5.0-windows7.0) (== net50) (== netstandard2.0) (== netstandard2.1)
      System.Threading (>= 4.3) - restriction: || (&& (== net461) (< net45)) (== net5.0-windows7.0) (== net50) (== netstandard2.0) (== netstandard2.1)
      System.Threading.Tasks (>= 4.3) - restriction: || (&& (== net461) (< net45)) (== net5.0-windows7.0) (== net50) (== netstandard2.0) (== netstandard2.1)
    System.Threading.Thread (4.3) - restriction: || (&& (== net461) (< net45)) (&& (== net461) (>= netcoreapp2.1)) (== net5.0-windows7.0) (== net50) (== netstandard2.0) (== netstandard2.1)
      System.Runtime (>= 4.3) - restriction: || (&& (== net461) (< net46)) (== net5.0-windows7.0) (== net50) (== netstandard2.0) (== netstandard2.1)
    System.Threading.ThreadPool (4.3) - restriction: || (&& (== net461) (< net45)) (== net5.0-windows7.0) (== net50) (== netstandard2.0) (== netstandard2.1)
      System.Runtime (>= 4.3) - restriction: || (&& (== net461) (< net46)) (== net5.0-windows7.0) (== net50) (== netstandard2.0) (== netstandard2.1)
      System.Runtime.Handles (>= 4.3) - restriction: || (&& (== net461) (< net46)) (== net5.0-windows7.0) (== net50) (== netstandard2.0) (== netstandard2.1)
    System.ValueTuple (4.5)
    System.Windows.Extensions (5.0) - restriction: || (&& (== net461) (>= netcoreapp3.0)) (== net5.0-windows7.0) (== net50) (&& (== netstandard2.0) (>= netcoreapp3.0)) (&& (== netstandard2.1) (>= netcoreapp3.0))
      System.Drawing.Common (>= 5.0) - restriction: || (&& (== net461) (>= netcoreapp3.0)) (== net5.0-windows7.0) (== net50) (&& (== netstandard2.0) (>= netcoreapp3.0)) (&& (== netstandard2.1) (>= netcoreapp3.0))
    System.Xml.ReaderWriter (4.3.1) - restriction: || (&& (== net461) (< net45)) (&& (== net461) (>= netcoreapp2.1)) (&& (== net461) (>= uap10.0)) (== net5.0-windows7.0) (== net50) (== netstandard2.0) (== netstandard2.1)
      System.Collections (>= 4.3) - restriction: || (&& (== net461) (< net45)) (== net5.0-windows7.0) (== net50) (== netstandard2.0) (== netstandard2.1)
      System.Diagnostics.Debug (>= 4.3) - restriction: || (&& (== net461) (< net45)) (== net5.0-windows7.0) (== net50) (== netstandard2.0) (== netstandard2.1)
      System.Globalization (>= 4.3) - restriction: || (&& (== net461) (< net45)) (== net5.0-windows7.0) (== net50) (== netstandard2.0) (== netstandard2.1)
      System.IO (>= 4.3) - restriction: || (&& (== net461) (< net45)) (== net5.0-windows7.0) (== net50) (== netstandard2.0) (== netstandard2.1)
      System.IO.FileSystem (>= 4.3) - restriction: || (&& (== net461) (< net45)) (== net5.0-windows7.0) (== net50) (== netstandard2.0) (== netstandard2.1)
      System.IO.FileSystem.Primitives (>= 4.3) - restriction: || (&& (== net461) (< net45)) (== net5.0-windows7.0) (== net50) (== netstandard2.0) (== netstandard2.1)
      System.Resources.ResourceManager (>= 4.3) - restriction: || (&& (== net461) (< net45)) (== net5.0-windows7.0) (== net50) (== netstandard2.0) (== netstandard2.1)
      System.Runtime (>= 4.3) - restriction: || (&& (== net461) (< net45)) (== net5.0-windows7.0) (== net50) (== netstandard2.0) (== netstandard2.1)
      System.Runtime.Extensions (>= 4.3) - restriction: || (&& (== net461) (< net45)) (== net5.0-windows7.0) (== net50) (== netstandard2.0) (== netstandard2.1)
      System.Runtime.InteropServices (>= 4.3) - restriction: || (&& (== net461) (< net45)) (== net5.0-windows7.0) (== net50) (== netstandard2.0) (== netstandard2.1)
      System.Text.Encoding (>= 4.3) - restriction: || (&& (== net461) (< net45)) (== net5.0-windows7.0) (== net50) (== netstandard2.0) (== netstandard2.1)
      System.Text.Encoding.Extensions (>= 4.3) - restriction: || (&& (== net461) (< net45)) (== net5.0-windows7.0) (== net50) (== netstandard2.0) (== netstandard2.1)
      System.Text.RegularExpressions (>= 4.3) - restriction: || (&& (== net461) (< net45)) (== net5.0-windows7.0) (== net50) (== netstandard2.0) (== netstandard2.1)
      System.Threading.Tasks (>= 4.3) - restriction: || (&& (== net461) (< net45)) (== net5.0-windows7.0) (== net50) (== netstandard2.0) (== netstandard2.1)
      System.Threading.Tasks.Extensions (>= 4.3) - restriction: || (&& (== net461) (< net45)) (== net5.0-windows7.0) (== net50) (== netstandard2.0) (== netstandard2.1)
    System.Xml.XDocument (4.3) - restriction: || (&& (== net461) (< net45)) (&& (== net461) (>= uap10.0)) (== net5.0-windows7.0) (== net50) (== netstandard2.0) (== netstandard2.1)
      System.Collections (>= 4.3) - restriction: || (&& (== net461) (< net45)) (== net5.0-windows7.0) (== net50) (== netstandard2.0) (== netstandard2.1)
      System.Diagnostics.Debug (>= 4.3) - restriction: || (&& (== net461) (< net45)) (== net5.0-windows7.0) (== net50) (== netstandard2.0) (== netstandard2.1)
      System.Diagnostics.Tools (>= 4.3) - restriction: || (&& (== net461) (< net45)) (== net5.0-windows7.0) (== net50) (== netstandard2.0) (== netstandard2.1)
      System.Globalization (>= 4.3) - restriction: || (&& (== net461) (< net45)) (== net5.0-windows7.0) (== net50) (== netstandard2.0) (== netstandard2.1)
      System.IO (>= 4.3) - restriction: || (&& (== net461) (< net45)) (== net5.0-windows7.0) (== net50) (== netstandard2.0) (== netstandard2.1)
      System.Reflection (>= 4.3) - restriction: || (&& (== net461) (< net45)) (== net5.0-windows7.0) (== net50) (== netstandard2.0) (== netstandard2.1)
      System.Resources.ResourceManager (>= 4.3) - restriction: || (&& (== net461) (< net45)) (== net5.0-windows7.0) (== net50) (== netstandard2.0) (== netstandard2.1)
      System.Runtime (>= 4.3) - restriction: || (&& (== net461) (< net45)) (== net5.0-windows7.0) (== net50) (== netstandard2.0) (== netstandard2.1)
      System.Runtime.Extensions (>= 4.3) - restriction: || (&& (== net461) (< net45)) (== net5.0-windows7.0) (== net50) (== netstandard2.0) (== netstandard2.1)
      System.Text.Encoding (>= 4.3) - restriction: || (&& (== net461) (< net45)) (== net5.0-windows7.0) (== net50) (== netstandard2.0) (== netstandard2.1)
      System.Threading (>= 4.3) - restriction: || (&& (== net461) (< net45)) (== net5.0-windows7.0) (== net50) (== netstandard2.0) (== netstandard2.1)
      System.Xml.ReaderWriter (>= 4.3) - restriction: || (&& (== net461) (< net45)) (== net5.0-windows7.0) (== net50) (== netstandard2.0) (== netstandard2.1)
    System.Xml.XmlDocument (4.3) - restriction: || (&& (== net461) (< net45)) (&& (== net461) (>= netcoreapp2.1)) (&& (== net461) (>= xamarinios)) (== net5.0-windows7.0) (== net50) (== netstandard2.0) (== netstandard2.1)
      System.Collections (>= 4.3) - restriction: || (&& (== net461) (< net46)) (== net5.0-windows7.0) (== net50) (== netstandard2.0) (== netstandard2.1)
      System.Diagnostics.Debug (>= 4.3) - restriction: || (&& (== net461) (< net46)) (== net5.0-windows7.0) (== net50) (== netstandard2.0) (== netstandard2.1)
      System.Globalization (>= 4.3) - restriction: || (&& (== net461) (< net46)) (== net5.0-windows7.0) (== net50) (== netstandard2.0) (== netstandard2.1)
      System.IO (>= 4.3) - restriction: || (&& (== net461) (< net46)) (== net5.0-windows7.0) (== net50) (== netstandard2.0) (== netstandard2.1)
      System.Resources.ResourceManager (>= 4.3) - restriction: || (&& (== net461) (< net46)) (== net5.0-windows7.0) (== net50) (== netstandard2.0) (== netstandard2.1)
      System.Runtime (>= 4.3) - restriction: || (&& (== net461) (< net46)) (== net5.0-windows7.0) (== net50) (== netstandard2.0) (== netstandard2.1)
      System.Runtime.Extensions (>= 4.3) - restriction: || (&& (== net461) (< net46)) (== net5.0-windows7.0) (== net50) (== netstandard2.0) (== netstandard2.1)
      System.Text.Encoding (>= 4.3) - restriction: || (&& (== net461) (< net46)) (== net5.0-windows7.0) (== net50) (== netstandard2.0) (== netstandard2.1)
      System.Threading (>= 4.3) - restriction: || (&& (== net461) (< net46)) (== net5.0-windows7.0) (== net50) (== netstandard2.0) (== netstandard2.1)
      System.Xml.ReaderWriter (>= 4.3) - restriction: || (&& (== net461) (< net46)) (== net5.0-windows7.0) (== net50) (== netstandard2.0) (== netstandard2.1)
    System.Xml.XmlSerializer (4.3) - restriction: || (&& (== net461) (< net45)) (&& (== net461) (>= uap10.0)) (== net5.0-windows7.0) (== net50) (== netstandard2.0) (== netstandard2.1)
      System.Collections (>= 4.3) - restriction: || (&& (== net461) (< net45)) (== net5.0-windows7.0) (== net50) (== netstandard2.0) (== netstandard2.1)
      System.Globalization (>= 4.3) - restriction: || (&& (== net461) (< net45)) (== net5.0-windows7.0) (== net50) (== netstandard2.0) (== netstandard2.1)
      System.IO (>= 4.3) - restriction: || (&& (== net461) (< net45)) (== net5.0-windows7.0) (== net50) (== netstandard2.0) (== netstandard2.1)
      System.Linq (>= 4.3) - restriction: || (&& (== net461) (< net45)) (== net5.0-windows7.0) (== net50) (== netstandard2.0) (== netstandard2.1)
      System.Reflection (>= 4.3) - restriction: || (&& (== net461) (< net45)) (== net5.0-windows7.0) (== net50) (== netstandard2.0) (== netstandard2.1)
      System.Reflection.Emit (>= 4.3) - restriction: || (&& (== net461) (< net45)) (== net5.0-windows7.0) (== net50) (== netstandard2.0) (== netstandard2.1)
      System.Reflection.Emit.ILGeneration (>= 4.3) - restriction: || (&& (== net461) (< net45)) (== net5.0-windows7.0) (== net50) (== netstandard2.0) (== netstandard2.1)
      System.Reflection.Extensions (>= 4.3) - restriction: || (&& (== net461) (< net45)) (== net5.0-windows7.0) (== net50) (== netstandard2.0) (== netstandard2.1)
      System.Reflection.Primitives (>= 4.3) - restriction: || (&& (== net461) (< net45)) (== net5.0-windows7.0) (== net50) (== netstandard2.0) (== netstandard2.1)
      System.Reflection.TypeExtensions (>= 4.3) - restriction: || (&& (== net461) (< net45)) (== net5.0-windows7.0) (== net50) (== netstandard2.0) (== netstandard2.1)
      System.Resources.ResourceManager (>= 4.3) - restriction: || (&& (== net461) (< net45)) (== net5.0-windows7.0) (== net50) (== netstandard2.0) (== netstandard2.1)
      System.Runtime (>= 4.3) - restriction: || (&& (== net461) (< net45)) (== net5.0-windows7.0) (== net50) (== netstandard2.0) (== netstandard2.1)
      System.Runtime.Extensions (>= 4.3) - restriction: || (&& (== net461) (< net45)) (== net5.0-windows7.0) (== net50) (== netstandard2.0) (== netstandard2.1)
      System.Text.RegularExpressions (>= 4.3) - restriction: || (&& (== net461) (< net45)) (== net5.0-windows7.0) (== net50) (== netstandard2.0) (== netstandard2.1)
      System.Threading (>= 4.3) - restriction: || (&& (== net461) (< net45)) (== net5.0-windows7.0) (== net50) (== netstandard2.0) (== netstandard2.1)
      System.Xml.ReaderWriter (>= 4.3) - restriction: || (&& (== net461) (< net45)) (== net5.0-windows7.0) (== net50) (== netstandard2.0) (== netstandard2.1)
      System.Xml.XmlDocument (>= 4.3) - restriction: || (&& (== net461) (< net45)) (== net5.0-windows7.0) (== net50) (== netstandard2.0) (== netstandard2.1)
    System.Xml.XPath (4.3) - restriction: || (&& (== net461) (>= netcoreapp2.1)) (== net5.0-windows7.0) (== net50) (&& (== netstandard2.0) (>= netcoreapp2.1)) (&& (== netstandard2.1) (>= netcoreapp2.1))
      System.Collections (>= 4.3) - restriction: || (&& (== net461) (< net46)) (== net5.0-windows7.0) (== net50) (== netstandard2.0) (== netstandard2.1)
      System.Diagnostics.Debug (>= 4.3) - restriction: || (&& (== net461) (< net46)) (== net5.0-windows7.0) (== net50) (== netstandard2.0) (== netstandard2.1)
      System.Globalization (>= 4.3) - restriction: || (&& (== net461) (< net46)) (== net5.0-windows7.0) (== net50) (== netstandard2.0) (== netstandard2.1)
      System.IO (>= 4.3) - restriction: || (&& (== net461) (< net46)) (== net5.0-windows7.0) (== net50) (== netstandard2.0) (== netstandard2.1)
      System.Resources.ResourceManager (>= 4.3) - restriction: || (&& (== net461) (< net46)) (== net5.0-windows7.0) (== net50) (== netstandard2.0) (== netstandard2.1)
      System.Runtime (>= 4.3) - restriction: || (&& (== net461) (< net46)) (== net5.0-windows7.0) (== net50) (== netstandard2.0) (== netstandard2.1)
      System.Runtime.Extensions (>= 4.3) - restriction: || (&& (== net461) (< net46)) (== net5.0-windows7.0) (== net50) (== netstandard2.0) (== netstandard2.1)
      System.Threading (>= 4.3) - restriction: || (&& (== net461) (< net46)) (== net5.0-windows7.0) (== net50) (== netstandard2.0) (== netstandard2.1)
      System.Xml.ReaderWriter (>= 4.3) - restriction: || (&& (== net461) (< net46)) (== net5.0-windows7.0) (== net50) (== netstandard2.0) (== netstandard2.1)
    System.Xml.XPath.XmlDocument (4.3) - restriction: || (&& (== net461) (>= netcoreapp2.1)) (== net5.0-windows7.0) (== net50) (&& (== netstandard2.0) (>= netcoreapp2.1)) (&& (== netstandard2.1) (>= netcoreapp2.1))
      System.Collections (>= 4.3) - restriction: || (&& (== net461) (< net46)) (== net5.0-windows7.0) (== net50) (== netstandard2.0) (== netstandard2.1)
      System.Globalization (>= 4.3) - restriction: || (&& (== net461) (< net46)) (== net5.0-windows7.0) (== net50) (== netstandard2.0) (== netstandard2.1)
      System.IO (>= 4.3) - restriction: || (&& (== net461) (< net46)) (== net5.0-windows7.0) (== net50) (== netstandard2.0) (== netstandard2.1)
      System.Resources.ResourceManager (>= 4.3) - restriction: || (&& (== net461) (< net46)) (== net5.0-windows7.0) (== net50) (== netstandard2.0) (== netstandard2.1)
      System.Runtime (>= 4.3) - restriction: || (&& (== net461) (< net46)) (== net5.0-windows7.0) (== net50) (== netstandard2.0) (== netstandard2.1)
      System.Runtime.Extensions (>= 4.3) - restriction: || (&& (== net461) (< net46)) (== net5.0-windows7.0) (== net50) (== netstandard2.0) (== netstandard2.1)
      System.Threading (>= 4.3) - restriction: || (&& (== net461) (< net46)) (== net5.0-windows7.0) (== net50) (== netstandard2.0) (== netstandard2.1)
      System.Xml.ReaderWriter (>= 4.3) - restriction: || (&& (== net461) (< net46)) (== net5.0-windows7.0) (== net50) (== netstandard2.0) (== netstandard2.1)
      System.Xml.XmlDocument (>= 4.3)
      System.Xml.XPath (>= 4.3)
    Unofficial.Microsoft.mshtml (7.0.3300)
    Xpand.Collections (1.0.4)
    Xpand.Patcher (2.0.28)
      Mono.Cecil (>= 0.11.2) - restriction: || (== net461) (&& (== net5.0-windows7.0) (>= net45)) (&& (== net50) (>= net45)) (&& (== netstandard2.0) (>= net45)) (&& (== netstandard2.1) (>= net45))
    Xpand.VersionConverter (2.202.11)
    YamlDotNet (11.1.1)
  remote: C:\Program Files (x86)\DevExpress 20.2\Components\System\Components\Packages
    DevExpress.AspNetCore.Common (20.2.6) - restriction: || (&& (== net461) (>= netstandard2.1)) (== net5.0-windows7.0) (== net50) (&& (== netstandard2.0) (>= netstandard2.1)) (== netstandard2.1)
      DevExpress.AspNetCore.Core (20.2.6) - restriction: || (&& (== net461) (>= netstandard2.0)) (== net5.0-windows7.0) (== net50) (== netstandard2.0) (== netstandard2.1)
      DevExpress.Data (20.2.6) - restriction: || (&& (== net461) (>= netstandard2.0)) (== net5.0-windows7.0) (== net50) (== netstandard2.0) (== netstandard2.1)
      Microsoft.AspNetCore.Mvc.ViewFeatures (>= 2.0) - restriction: || (&& (== net461) (>= netstandard2.0)) (== net5.0-windows7.0) (== net50) (== netstandard2.0) (== netstandard2.1)
      NETStandard.Library (>= 2.0.3) - restriction: || (&& (== net461) (>= netstandard2.0)) (== net5.0-windows7.0) (== net50) (== netstandard2.0) (== netstandard2.1)
    DevExpress.AspNetCore.Core (20.2.6) - restriction: || (&& (== net461) (>= netstandard2.1)) (== net5.0-windows7.0) (== net50) (&& (== netstandard2.0) (>= netstandard2.1)) (== netstandard2.1)
      DevExpress.Data (20.2.6) - restriction: || (&& (== net461) (>= netstandard2.0)) (== net5.0-windows7.0) (== net50) (== netstandard2.0) (== netstandard2.1)
      DevExpress.Office.Core (20.2.6) - restriction: || (&& (== net461) (>= netstandard2.0)) (== net5.0-windows7.0) (== net50) (== netstandard2.0) (== netstandard2.1)
      DevExpress.Printing.Core (20.2.6) - restriction: || (&& (== net461) (>= netstandard2.0)) (== net5.0-windows7.0) (== net50) (== netstandard2.0) (== netstandard2.1)
      Microsoft.AspNetCore.Mvc.ViewFeatures (>= 2.0) - restriction: || (&& (== net461) (>= netstandard2.0)) (== net5.0-windows7.0) (== net50) (== netstandard2.0) (== netstandard2.1)
      Microsoft.Extensions.Caching.Abstractions (>= 2.0) - restriction: || (&& (== net461) (>= netstandard2.0)) (== net5.0-windows7.0) (== net50) (== netstandard2.0) (== netstandard2.1)
      NETStandard.Library (>= 2.0.3) - restriction: || (&& (== net461) (>= netstandard2.0)) (== net5.0-windows7.0) (== net50) (== netstandard2.0) (== netstandard2.1)
      System.Drawing.Common (>= 4.5) - restriction: || (&& (== net461) (>= netstandard2.0)) (== net5.0-windows7.0) (== net50) (== netstandard2.0) (== netstandard2.1)
    DevExpress.AspNetCore.Reporting (20.2.6) - restriction: || (&& (== net461) (>= netstandard2.1)) (== net5.0-windows7.0) (== net50) (&& (== netstandard2.0) (>= netstandard2.1)) (== netstandard2.1)
      DevExpress.AspNetCore.Common (20.2.6) - restriction: || (&& (== net461) (>= netstandard2.0)) (== net5.0-windows7.0) (== net50) (== netstandard2.0) (== netstandard2.1)
      DevExpress.AspNetCore.Core (20.2.6) - restriction: || (&& (== net461) (>= netstandard2.0)) (== net5.0-windows7.0) (== net50) (== netstandard2.0) (== netstandard2.1)
      DevExpress.AspNetCore.Resources (20.2.6) - restriction: || (&& (== net461) (>= netstandard2.0)) (== net5.0-windows7.0) (== net50) (== netstandard2.0) (== netstandard2.1)
      DevExpress.Data (20.2.6) - restriction: || (&& (== net461) (>= netstandard2.0)) (== net5.0-windows7.0) (== net50) (== netstandard2.0) (== netstandard2.1)
      DevExpress.DataAccess (20.2.6) - restriction: || (&& (== net461) (>= netstandard2.0)) (== net5.0-windows7.0) (== net50) (== netstandard2.0) (== netstandard2.1)
      DevExpress.Printing.Core (20.2.6) - restriction: || (&& (== net461) (>= netstandard2.0)) (== net5.0-windows7.0) (== net50) (== netstandard2.0) (== netstandard2.1)
      DevExpress.Reporting.Core (20.2.6) - restriction: || (&& (== net461) (>= netstandard2.0)) (== net5.0-windows7.0) (== net50) (== netstandard2.0) (== netstandard2.1)
      DevExpress.Web.Reporting.Common (20.2.6) - restriction: || (&& (== net461) (>= netstandard2.0)) (== net5.0-windows7.0) (== net50) (== netstandard2.0) (== netstandard2.1)
      Microsoft.AspNetCore.DataProtection.Abstractions (>= 2.0) - restriction: || (&& (== net461) (>= netstandard2.0)) (== net5.0-windows7.0) (== net50) (== netstandard2.0) (== netstandard2.1)
      Microsoft.AspNetCore.Hosting.Abstractions (>= 2.0) - restriction: || (&& (== net461) (>= netstandard2.0)) (== net5.0-windows7.0) (== net50) (== netstandard2.0) (== netstandard2.1)
      Microsoft.AspNetCore.Html.Abstractions (>= 2.0) - restriction: || (&& (== net461) (>= netstandard2.0)) (== net5.0-windows7.0) (== net50) (== netstandard2.0) (== netstandard2.1)
      Microsoft.AspNetCore.Mvc.Abstractions (>= 2.0) - restriction: || (&& (== net461) (>= netstandard2.0)) (== net5.0-windows7.0) (== net50) (== netstandard2.0) (== netstandard2.1)
      Microsoft.AspNetCore.Mvc.Core (>= 2.0) - restriction: || (&& (== net461) (>= netstandard2.0)) (== net5.0-windows7.0) (== net50) (== netstandard2.0) (== netstandard2.1)
      Microsoft.AspNetCore.Mvc.ViewFeatures (>= 2.0) - restriction: || (&& (== net461) (>= netstandard2.0)) (== net5.0-windows7.0) (== net50) (== netstandard2.0) (== netstandard2.1)
      Microsoft.Extensions.Configuration (>= 2.0) - restriction: || (&& (== net461) (>= netstandard2.0)) (== net5.0-windows7.0) (== net50) (== netstandard2.0) (== netstandard2.1)
      Microsoft.Extensions.Configuration.Abstractions (>= 2.0) - restriction: || (&& (== net461) (>= netstandard2.0)) (== net5.0-windows7.0) (== net50) (== netstandard2.0) (== netstandard2.1)
      Microsoft.Extensions.Configuration.FileExtensions (>= 2.0) - restriction: || (&& (== net461) (>= netstandard2.0)) (== net5.0-windows7.0) (== net50) (== netstandard2.0) (== netstandard2.1)
      Microsoft.Extensions.Configuration.Json (>= 2.0) - restriction: || (&& (== net461) (>= netstandard2.0)) (== net5.0-windows7.0) (== net50) (== netstandard2.0) (== netstandard2.1)
      Microsoft.Extensions.DependencyInjection (>= 2.0) - restriction: || (&& (== net461) (>= netstandard2.0)) (== net5.0-windows7.0) (== net50) (== netstandard2.0) (== netstandard2.1)
      Microsoft.Extensions.DependencyInjection.Abstractions (>= 2.0) - restriction: || (&& (== net461) (>= netstandard2.0)) (== net5.0-windows7.0) (== net50) (== netstandard2.0) (== netstandard2.1)
      NETStandard.Library (>= 2.0.3) - restriction: || (&& (== net461) (>= netstandard2.0)) (== net5.0-windows7.0) (== net50) (== netstandard2.0) (== netstandard2.1)
      System.CodeDom (>= 4.4) - restriction: || (&& (== net461) (>= netstandard2.0)) (== net5.0-windows7.0) (== net50) (== netstandard2.0) (== netstandard2.1)
      System.Diagnostics.PerformanceCounter (>= 4.5) - restriction: || (&& (== net461) (>= netstandard2.0)) (== net5.0-windows7.0) (== net50) (== netstandard2.0) (== netstandard2.1)
    DevExpress.AspNetCore.Resources (20.2.6) - restriction: || (&& (== net461) (>= netstandard2.1)) (== net5.0-windows7.0) (== net50) (&& (== netstandard2.0) (>= netstandard2.1)) (== netstandard2.1)
      DevExpress.AspNetCore.Core (20.2.6) - restriction: || (&& (== net461) (>= netstandard2.0)) (== net5.0-windows7.0) (== net50) (== netstandard2.0) (== netstandard2.1)
      DevExpress.Data (20.2.6) - restriction: || (&& (== net461) (>= netstandard2.0)) (== net5.0-windows7.0) (== net50) (== netstandard2.0) (== netstandard2.1)
      Microsoft.AspNetCore.Mvc (>= 2.0) - restriction: || (&& (== net461) (>= netstandard2.0)) (== net5.0-windows7.0) (== net50) (== netstandard2.0) (== netstandard2.1)
      NETStandard.Library (>= 2.0.3) - restriction: || (&& (== net461) (>= netstandard2.0)) (== net5.0-windows7.0) (== net50) (== netstandard2.0) (== netstandard2.1)
    DevExpress.Blazor (20.2.6) - restriction: || (&& (== net461) (>= netstandard2.1)) (== net5.0-windows7.0) (== net50) (&& (== netstandard2.0) (>= netstandard2.1)) (== netstandard2.1)
      DevExpress.Data (20.2.6) - restriction: || (&& (== net461) (>= netstandard2.1)) (== net5.0-windows7.0) (== net50) (&& (== netstandard2.0) (>= netstandard2.1)) (== netstandard2.1)
      DevExtreme.AspNet.Data (>= 2.8) - restriction: || (&& (== net461) (>= netstandard2.1)) (== net5.0-windows7.0) (== net50) (&& (== netstandard2.0) (>= netstandard2.1)) (== netstandard2.1)
      Microsoft.AspNetCore.Components (>= 3.1.7) - restriction: || (&& (== net461) (>= netstandard2.1)) (== net5.0-windows7.0) (== net50) (&& (== netstandard2.0) (>= netstandard2.1)) (== netstandard2.1)
      Microsoft.AspNetCore.Components.Web (>= 3.1.7) - restriction: || (&& (== net461) (>= netstandard2.1)) (== net5.0-windows7.0) (== net50) (&& (== netstandard2.0) (>= netstandard2.1)) (== netstandard2.1)
    DevExpress.Blazor.Reporting (20.2.6) - restriction: || (&& (== net461) (>= netstandard2.1)) (== net5.0-windows7.0) (== net50) (&& (== netstandard2.0) (>= netstandard2.1)) (== netstandard2.1)
      DevExpress.AspNetCore.Common (20.2.6) - restriction: || (&& (== net461) (>= netstandard2.1)) (== net5.0-windows7.0) (== net50) (&& (== netstandard2.0) (>= netstandard2.1)) (== netstandard2.1)
      DevExpress.AspNetCore.Reporting (20.2.6) - restriction: || (&& (== net461) (>= netstandard2.1)) (== net5.0-windows7.0) (== net50) (&& (== netstandard2.0) (>= netstandard2.1)) (== netstandard2.1)
      DevExpress.Reporting.Core (20.2.6) - restriction: || (&& (== net461) (>= netstandard2.1)) (== net5.0-windows7.0) (== net50) (&& (== netstandard2.0) (>= netstandard2.1)) (== netstandard2.1)
      DevExpress.Web.Reporting.Common (20.2.6) - restriction: || (&& (== net461) (>= netstandard2.1)) (== net5.0-windows7.0) (== net50) (&& (== netstandard2.0) (>= netstandard2.1)) (== netstandard2.1)
      Microsoft.AspNetCore.Components (>= 3.1.3) - restriction: || (&& (== net461) (>= netstandard2.1)) (== net5.0-windows7.0) (== net50) (&& (== netstandard2.0) (>= netstandard2.1)) (== netstandard2.1)
      Microsoft.AspNetCore.Components.Web (>= 3.1.3) - restriction: || (&& (== net461) (>= netstandard2.1)) (== net5.0-windows7.0) (== net50) (&& (== netstandard2.0) (>= netstandard2.1)) (== netstandard2.1)
      Microsoft.AspNetCore.Hosting (>= 2.2.7) - restriction: || (&& (== net461) (>= netstandard2.1)) (== net5.0-windows7.0) (== net50) (&& (== netstandard2.0) (>= netstandard2.1)) (== netstandard2.1)
      Microsoft.AspNetCore.Razor.Runtime (>= 2.2) - restriction: || (&& (== net461) (>= netstandard2.1)) (== net5.0-windows7.0) (== net50) (&& (== netstandard2.0) (>= netstandard2.1)) (== netstandard2.1)
      System.CodeDom (>= 4.7) - restriction: || (&& (== net461) (>= netstandard2.1)) (== net5.0-windows7.0) (== net50) (&& (== netstandard2.0) (>= netstandard2.1)) (== netstandard2.1)
    DevExpress.Charts (20.2.6)
      DevExpress.Charts.Core (20.2.6)
      DevExpress.Data (20.2.6)
      DevExpress.DataVisualization.Core (20.2.6)
      DevExpress.Printing.Core (20.2.6)
      NETStandard.Library (>= 2.0.3) - restriction: || (&& (== net461) (< net452) (>= netstandard2.0)) (== net5.0-windows7.0) (== net50) (== netstandard2.0) (== netstandard2.1)
      System.Drawing.Common (>= 4.5) - restriction: || (&& (== net461) (< net452) (>= netstandard2.0)) (== net5.0-windows7.0) (== net50) (== netstandard2.0) (== netstandard2.1)
    DevExpress.Charts.Core (20.2.6)
      DevExpress.Data (20.2.6)
      NETStandard.Library (>= 2.0.3) - restriction: || (&& (== net461) (< net452) (>= netstandard2.0)) (== net5.0-windows7.0) (== net50) (== netstandard2.0) (== netstandard2.1)
    DevExpress.CodeParser (20.2.6)
      DevExpress.Data (20.2.6)
    DevExpress.Dashboard.Core (20.2.6)
      DevExpress.Charts (20.2.6)
      DevExpress.Charts.Core (20.2.6)
      DevExpress.Data (20.2.6)
      DevExpress.DataAccess (20.2.6)
      DevExpress.Gauges.Core (20.2.6)
      DevExpress.Map.Core (20.2.6)
      DevExpress.Office.Core (20.2.6)
      DevExpress.PivotGrid.Core (20.2.6)
      DevExpress.Printing.Core (20.2.6)
      DevExpress.Reporting.Core (20.2.6)
      DevExpress.RichEdit.Core (20.2.6)
      DevExpress.Sparkline.Core (20.2.6)
      DevExpress.TreeMap (20.2.6)
      DevExpress.TreeMap.Core (20.2.6)
      DevExpress.Xpo (20.2.6)
      NETStandard.Library (>= 2.0.3) - restriction: || (&& (== net461) (< net452) (>= netstandard2.0)) (== net5.0-windows7.0) (== net50) (== netstandard2.0) (== netstandard2.1)
      System.Drawing.Common (>= 4.5) - restriction: || (&& (== net461) (< net452) (>= netstandard2.0)) (== net5.0-windows7.0) (== net50) (== netstandard2.0) (== netstandard2.1)
    DevExpress.Data.Desktop (20.2.6) - restriction: || (== net461) (&& (== net5.0-windows7.0) (>= net452)) (&& (== net50) (>= net452)) (&& (== netstandard2.0) (>= net452)) (&& (== netstandard2.1) (>= net452))
      DevExpress.Data (20.2.6) - restriction: || (== net461) (&& (== net5.0-windows7.0) (>= net452)) (&& (== net50) (>= net452)) (&& (== netstandard2.0) (>= net452)) (&& (== netstandard2.1) (>= net452))
    DevExpress.DataAccess (20.2.6)
      DevExpress.CodeParser (20.2.6)
      DevExpress.Data (20.2.6)
      DevExpress.Office.Core (20.2.6)
      DevExpress.Printing.Core (20.2.6)
      DevExpress.RichEdit.Core (20.2.6)
      DevExpress.Xpo (20.2.6)
    DevExpress.DataAccess.UI (20.2.6) - restriction: || (== net461) (&& (== net5.0-windows7.0) (>= net452)) (&& (== net50) (>= net452)) (&& (== netstandard2.0) (>= net452)) (&& (== netstandard2.1) (>= net452))
      DevExpress.CodeParser (20.2.6) - restriction: || (== net461) (&& (== net5.0-windows7.0) (>= net452)) (&& (== net50) (>= net452)) (&& (== netstandard2.0) (>= net452)) (&& (== netstandard2.1) (>= net452))
      DevExpress.Data (20.2.6) - restriction: || (== net461) (&& (== net5.0-windows7.0) (>= net452)) (&& (== net50) (>= net452)) (&& (== netstandard2.0) (>= net452)) (&& (== netstandard2.1) (>= net452))
      DevExpress.Data.Desktop (20.2.6) - restriction: || (== net461) (&& (== net5.0-windows7.0) (>= net452)) (&& (== net50) (>= net452)) (&& (== netstandard2.0) (>= net452)) (&& (== netstandard2.1) (>= net452))
      DevExpress.DataAccess (20.2.6) - restriction: || (== net461) (&& (== net5.0-windows7.0) (>= net452)) (&& (== net50) (>= net452)) (&& (== netstandard2.0) (>= net452)) (&& (== netstandard2.1) (>= net452))
      DevExpress.Diagram.Core (20.2.6) - restriction: || (== net461) (&& (== net5.0-windows7.0) (>= net452)) (&& (== net50) (>= net452)) (&& (== netstandard2.0) (>= net452)) (&& (== netstandard2.1) (>= net452))
      DevExpress.Printing.Core (20.2.6) - restriction: || (== net461) (&& (== net5.0-windows7.0) (>= net452)) (&& (== net50) (>= net452)) (&& (== netstandard2.0) (>= net452)) (&& (== netstandard2.1) (>= net452))
      DevExpress.RichEdit.Core (20.2.6) - restriction: || (== net461) (&& (== net5.0-windows7.0) (>= net452)) (&& (== net50) (>= net452)) (&& (== netstandard2.0) (>= net452)) (&& (== netstandard2.1) (>= net452))
      DevExpress.Utils (20.2.6) - restriction: || (== net461) (&& (== net5.0-windows7.0) (>= net452)) (&& (== net50) (>= net452)) (&& (== netstandard2.0) (>= net452)) (&& (== netstandard2.1) (>= net452))
      DevExpress.Utils.UI (20.2.6) - restriction: || (== net461) (&& (== net5.0-windows7.0) (>= net452)) (&& (== net50) (>= net452)) (&& (== netstandard2.0) (>= net452)) (&& (== netstandard2.1) (>= net452))
      DevExpress.Win.Diagram (20.2.6) - restriction: || (== net461) (&& (== net5.0-windows7.0) (>= net452)) (&& (== net50) (>= net452)) (&& (== netstandard2.0) (>= net452)) (&& (== netstandard2.1) (>= net452))
      DevExpress.Win.Grid (20.2.6) - restriction: || (== net461) (&& (== net5.0-windows7.0) (>= net452)) (&& (== net50) (>= net452)) (&& (== netstandard2.0) (>= net452)) (&& (== netstandard2.1) (>= net452))
      DevExpress.Win.Navigation (20.2.6) - restriction: || (== net461) (&& (== net5.0-windows7.0) (>= net452)) (&& (== net50) (>= net452)) (&& (== netstandard2.0) (>= net452)) (&& (== netstandard2.1) (>= net452))
      DevExpress.Win.Printing (20.2.6) - restriction: || (== net461) (&& (== net5.0-windows7.0) (>= net452)) (&& (== net50) (>= net452)) (&& (== netstandard2.0) (>= net452)) (&& (== netstandard2.1) (>= net452))
      DevExpress.Win.RichEdit (20.2.6) - restriction: || (== net461) (&& (== net5.0-windows7.0) (>= net452)) (&& (== net50) (>= net452)) (&& (== netstandard2.0) (>= net452)) (&& (== netstandard2.1) (>= net452))
      DevExpress.Win.TreeList (20.2.6) - restriction: || (== net461) (&& (== net5.0-windows7.0) (>= net452)) (&& (== net50) (>= net452)) (&& (== netstandard2.0) (>= net452)) (&& (== netstandard2.1) (>= net452))
      DevExpress.Xpo (20.2.6) - restriction: || (== net461) (&& (== net5.0-windows7.0) (>= net452)) (&& (== net50) (>= net452)) (&& (== netstandard2.0) (>= net452)) (&& (== netstandard2.1) (>= net452))
    DevExpress.DataVisualization.Core (20.2.6)
      DevExpress.Data (20.2.6)
    DevExpress.Diagram.Core (20.2.6) - restriction: || (== net461) (&& (== net5.0-windows7.0) (>= net452)) (&& (== net50) (>= net452)) (&& (== netstandard2.0) (>= net452)) (&& (== netstandard2.1) (>= net452))
      DevExpress.Data (20.2.6) - restriction: || (== net461) (&& (== net5.0-windows7.0) (>= net452)) (&& (== net50) (>= net452)) (&& (== netstandard2.0) (>= net452)) (&& (== netstandard2.1) (>= net452))
      DevExpress.Data.Desktop (20.2.6) - restriction: || (== net461) (&& (== net5.0-windows7.0) (>= net452)) (&& (== net50) (>= net452)) (&& (== netstandard2.0) (>= net452)) (&& (== netstandard2.1) (>= net452))
      DevExpress.Printing.Core (20.2.6) - restriction: || (== net461) (&& (== net5.0-windows7.0) (>= net452)) (&& (== net50) (>= net452)) (&& (== netstandard2.0) (>= net452)) (&& (== netstandard2.1) (>= net452))
    DevExpress.EasyTest (20.2.6)
      Microsoft.Win32.Registry (>= 4.5) - restriction: || (&& (== net461) (< net452) (>= netstandard2.0)) (== net5.0-windows7.0) (== net50) (== netstandard2.0) (== netstandard2.1)
      NETStandard.Library (>= 2.0.3) - restriction: || (&& (== net461) (< net452) (>= netstandard2.0)) (== net5.0-windows7.0) (== net50) (== netstandard2.0) (== netstandard2.1)
      System.Configuration.ConfigurationManager (>= 4.5) - restriction: || (&& (== net461) (< net452) (>= netstandard2.0)) (== net5.0-windows7.0) (== net50) (== netstandard2.0) (== netstandard2.1)
      System.Data.SqlClient (>= 4.5) - restriction: || (&& (== net461) (< net452) (>= netstandard2.0)) (== net5.0-windows7.0) (== net50) (== netstandard2.0) (== netstandard2.1)
      System.Drawing.Common (>= 4.5) - restriction: || (&& (== net461) (< net452) (>= netstandard2.0)) (== net5.0-windows7.0) (== net50) (== netstandard2.0) (== netstandard2.1)
      System.ServiceProcess.ServiceController (>= 4.5) - restriction: || (&& (== net461) (< net452) (>= netstandard2.0)) (== net5.0-windows7.0) (== net50) (== netstandard2.0) (== netstandard2.1)
    DevExpress.ExpressApp (20.2.6)
      DevExpress.Data (20.2.6)
      DevExpress.Images (20.2.6)
      DevExpress.Printing.Core (20.2.6)
      DevExpress.Utils (20.2.6) - restriction: || (== net461) (&& (== net5.0-windows7.0) (>= net452)) (&& (== net50) (>= net452)) (&& (== netstandard2.0) (>= net452)) (&& (== netstandard2.1) (>= net452))
    DevExpress.ExpressApp.AuditTrail (20.2.6)
      DevExpress.Data (20.2.6)
      DevExpress.ExpressApp (20.2.6)
      DevExpress.ExpressApp.Xpo (20.2.6)
      DevExpress.Persistent.BaseImpl (20.2.6)
      DevExpress.Xpo (20.2.6)
      NETStandard.Library (>= 2.0.3) - restriction: || (&& (== net461) (< net452) (>= netstandard2.0)) (== net5.0-windows7.0) (== net50) (== netstandard2.0) (== netstandard2.1)
      System.Configuration.ConfigurationManager (>= 4.5) - restriction: || (&& (== net461) (< net452) (>= netstandard2.0)) (== net5.0-windows7.0) (== net50) (== netstandard2.0) (== netstandard2.1)
      System.Drawing.Common (>= 4.5) - restriction: || (&& (== net461) (< net452) (>= netstandard2.0)) (== net5.0-windows7.0) (== net50) (== netstandard2.0) (== netstandard2.1)
    DevExpress.ExpressApp.Blazor (20.2.6) - restriction: || (&& (== net461) (>= netstandard2.1)) (== net5.0-windows7.0) (== net50) (&& (== netstandard2.0) (>= netstandard2.1)) (== netstandard2.1)
      DevExpress.Blazor (20.2.6) - restriction: || (&& (== net461) (>= netstandard2.1)) (== net5.0-windows7.0) (== net50) (&& (== netstandard2.0) (>= netstandard2.1)) (== netstandard2.1)
      DevExpress.Data (20.2.6) - restriction: || (&& (== net461) (>= netstandard2.1)) (== net5.0-windows7.0) (== net50) (&& (== netstandard2.0) (>= netstandard2.1)) (== netstandard2.1)
      DevExpress.ExpressApp (20.2.6) - restriction: || (&& (== net461) (>= netstandard2.1)) (== net5.0-windows7.0) (== net50) (&& (== netstandard2.0) (>= netstandard2.1)) (== netstandard2.1)
      DevExpress.Persistent.Base (20.2.6) - restriction: || (&& (== net461) (>= netstandard2.1)) (== net5.0-windows7.0) (== net50) (&& (== netstandard2.0) (>= netstandard2.1)) (== netstandard2.1)
      DevExtreme.AspNet.Data (>= 2.8) - restriction: || (&& (== net461) (>= netstandard2.1)) (== net5.0-windows7.0) (== net50) (&& (== netstandard2.0) (>= netstandard2.1)) (== netstandard2.1)
      Microsoft.AspNetCore.Authentication.Abstractions (>= 2.2) - restriction: || (&& (== net461) (>= netstandard2.1)) (== net5.0-windows7.0) (== net50) (&& (== netstandard2.0) (>= netstandard2.1)) (== netstandard2.1)
      Microsoft.AspNetCore.Components (>= 3.1.7) - restriction: || (&& (== net461) (>= netstandard2.1)) (== net5.0-windows7.0) (== net50) (&& (== netstandard2.0) (>= netstandard2.1)) (== netstandard2.1)
      Microsoft.AspNetCore.Components.Authorization (>= 3.1.7) - restriction: || (&& (== net461) (>= netstandard2.1)) (== net5.0-windows7.0) (== net50) (&& (== netstandard2.0) (>= netstandard2.1)) (== netstandard2.1)
      Microsoft.AspNetCore.Components.Web (>= 3.1.7) - restriction: || (&& (== net461) (>= netstandard2.1)) (== net5.0-windows7.0) (== net50) (&& (== netstandard2.0) (>= netstandard2.1)) (== netstandard2.1)
      Microsoft.AspNetCore.DataProtection.Extensions (>= 3.0.3) - restriction: || (&& (== net461) (>= netstandard2.1)) (== net5.0-windows7.0) (== net50) (&& (== netstandard2.0) (>= netstandard2.1)) (== netstandard2.1)
      Microsoft.AspNetCore.Http.Abstractions (>= 2.2) - restriction: || (&& (== net461) (>= netstandard2.1)) (== net5.0-windows7.0) (== net50) (&& (== netstandard2.0) (>= netstandard2.1)) (== netstandard2.1)
      Microsoft.AspNetCore.Http.Extensions (>= 2.2) - restriction: || (&& (== net461) (>= netstandard2.1)) (== net5.0-windows7.0) (== net50) (&& (== netstandard2.0) (>= netstandard2.1)) (== netstandard2.1)
      Microsoft.AspNetCore.Localization (>= 2.2) - restriction: || (&& (== net461) (>= netstandard2.1)) (== net5.0-windows7.0) (== net50) (&& (== netstandard2.0) (>= netstandard2.1)) (== netstandard2.1)
      Microsoft.Extensions.Configuration.Abstractions (>= 3.1) - restriction: || (&& (== net461) (>= netstandard2.1)) (== net5.0-windows7.0) (== net50) (&& (== netstandard2.0) (>= netstandard2.1)) (== netstandard2.1)
      Microsoft.Extensions.Options.ConfigurationExtensions (>= 3.1) - restriction: || (&& (== net461) (>= netstandard2.1)) (== net5.0-windows7.0) (== net50) (&& (== netstandard2.0) (>= netstandard2.1)) (== netstandard2.1)
      System.Drawing.Common (>= 4.6) - restriction: || (&& (== net461) (>= netstandard2.1)) (== net5.0-windows7.0) (== net50) (&& (== netstandard2.0) (>= netstandard2.1)) (== netstandard2.1)
    DevExpress.ExpressApp.Blazor.All (20.2.6)
      DevExpress.ExpressApp.Blazor (20.2.6) - restriction: || (&& (== net461) (>= netstandard2.1)) (== net5.0-windows7.0) (== net50) (&& (== netstandard2.0) (>= netstandard2.1)) (== netstandard2.1)
      DevExpress.ExpressApp.Core.All (20.2.6) - restriction: || (&& (== net461) (>= netstandard2.1)) (== net5.0-windows7.0) (== net50) (&& (== netstandard2.0) (>= netstandard2.1)) (== netstandard2.1)
      DevExpress.ExpressApp.FileAttachment.Blazor (20.2.6) - restriction: || (&& (== net461) (>= netstandard2.1)) (== net5.0-windows7.0) (== net50) (&& (== netstandard2.0) (>= netstandard2.1)) (== netstandard2.1)
      DevExpress.ExpressApp.ReportsV2.Blazor (20.2.6) - restriction: || (&& (== net461) (>= netstandard2.1)) (== net5.0-windows7.0) (== net50) (&& (== netstandard2.0) (>= netstandard2.1)) (== netstandard2.1)
      DevExpress.ExpressApp.Validation.Blazor (20.2.6) - restriction: || (&& (== net461) (>= netstandard2.1)) (== net5.0-windows7.0) (== net50) (&& (== netstandard2.0) (>= netstandard2.1)) (== netstandard2.1)
    DevExpress.ExpressApp.Chart (20.2.6)
      DevExpress.Charts (20.2.6)
      DevExpress.Data (20.2.6)
      DevExpress.ExpressApp (20.2.6)
      DevExpress.Persistent.Base (20.2.6)
      NETStandard.Library (>= 2.0.3) - restriction: || (&& (== net461) (< net452) (>= netstandard2.0)) (== net5.0-windows7.0) (== net50) (== netstandard2.0) (== netstandard2.1)
      System.Drawing.Common (>= 4.5) - restriction: || (&& (== net461) (< net452) (>= netstandard2.0)) (== net5.0-windows7.0) (== net50) (== netstandard2.0) (== netstandard2.1)
    DevExpress.ExpressApp.Chart.Web (20.2.6) - restriction: || (== net461) (&& (== net5.0-windows7.0) (>= net452)) (&& (== net50) (>= net452)) (&& (== netstandard2.0) (>= net452)) (&& (== netstandard2.1) (>= net452))
      DevExpress.Charts (20.2.6) - restriction: || (== net461) (&& (== net5.0-windows7.0) (>= net452)) (&& (== net50) (>= net452)) (&& (== netstandard2.0) (>= net452)) (&& (== netstandard2.1) (>= net452))
      DevExpress.Data (20.2.6) - restriction: || (== net461) (&& (== net5.0-windows7.0) (>= net452)) (&& (== net50) (>= net452)) (&& (== netstandard2.0) (>= net452)) (&& (== netstandard2.1) (>= net452))
      DevExpress.ExpressApp (20.2.6) - restriction: || (== net461) (&& (== net5.0-windows7.0) (>= net452)) (&& (== net50) (>= net452)) (&& (== netstandard2.0) (>= net452)) (&& (== netstandard2.1) (>= net452))
      DevExpress.ExpressApp.Chart (20.2.6) - restriction: || (== net461) (&& (== net5.0-windows7.0) (>= net452)) (&& (== net50) (>= net452)) (&& (== netstandard2.0) (>= net452)) (&& (== netstandard2.1) (>= net452))
      DevExpress.ExpressApp.Web (20.2.6) - restriction: || (== net461) (&& (== net5.0-windows7.0) (>= net452)) (&& (== net50) (>= net452)) (&& (== netstandard2.0) (>= net452)) (&& (== netstandard2.1) (>= net452))
      DevExpress.Persistent.Base (20.2.6) - restriction: || (== net461) (&& (== net5.0-windows7.0) (>= net452)) (&& (== net50) (>= net452)) (&& (== netstandard2.0) (>= net452)) (&& (== netstandard2.1) (>= net452))
      DevExpress.Web (20.2.6) - restriction: || (== net461) (&& (== net5.0-windows7.0) (>= net452)) (&& (== net50) (>= net452)) (&& (== netstandard2.0) (>= net452)) (&& (== netstandard2.1) (>= net452))
      DevExpress.Web.Visualization (20.2.6) - restriction: || (== net461) (&& (== net5.0-windows7.0) (>= net452)) (&& (== net50) (>= net452)) (&& (== netstandard2.0) (>= net452)) (&& (== netstandard2.1) (>= net452))
    DevExpress.ExpressApp.Chart.Win (20.2.6) - restriction: || (== net461) (&& (== net5.0-windows7.0) (>= net452)) (&& (== net50) (>= net452)) (&& (== netstandard2.0) (>= net452)) (&& (== netstandard2.1) (>= net452))
      DevExpress.Charts (20.2.6) - restriction: || (== net461) (&& (== net5.0-windows7.0) (>= net452)) (&& (== net50) (>= net452)) (&& (== netstandard2.0) (>= net452)) (&& (== netstandard2.1) (>= net452))
      DevExpress.Data (20.2.6) - restriction: || (== net461) (&& (== net5.0-windows7.0) (>= net452)) (&& (== net50) (>= net452)) (&& (== netstandard2.0) (>= net452)) (&& (== netstandard2.1) (>= net452))
      DevExpress.ExpressApp (20.2.6) - restriction: || (== net461) (&& (== net5.0-windows7.0) (>= net452)) (&& (== net50) (>= net452)) (&& (== netstandard2.0) (>= net452)) (&& (== netstandard2.1) (>= net452))
      DevExpress.ExpressApp.Chart (20.2.6) - restriction: || (== net461) (&& (== net5.0-windows7.0) (>= net452)) (&& (== net50) (>= net452)) (&& (== netstandard2.0) (>= net452)) (&& (== netstandard2.1) (>= net452))
      DevExpress.ExpressApp.Win (20.2.6) - restriction: || (== net461) (&& (== net5.0-windows7.0) (>= net452)) (&& (== net50) (>= net452)) (&& (== netstandard2.0) (>= net452)) (&& (== netstandard2.1) (>= net452))
      DevExpress.Persistent.Base (20.2.6) - restriction: || (== net461) (&& (== net5.0-windows7.0) (>= net452)) (&& (== net50) (>= net452)) (&& (== netstandard2.0) (>= net452)) (&& (== netstandard2.1) (>= net452))
      DevExpress.Printing.Core (20.2.6) - restriction: || (== net461) (&& (== net5.0-windows7.0) (>= net452)) (&& (== net50) (>= net452)) (&& (== netstandard2.0) (>= net452)) (&& (== netstandard2.1) (>= net452))
      DevExpress.Utils (20.2.6) - restriction: || (== net461) (&& (== net5.0-windows7.0) (>= net452)) (&& (== net50) (>= net452)) (&& (== netstandard2.0) (>= net452)) (&& (== netstandard2.1) (>= net452))
      DevExpress.Win.Charts (20.2.6) - restriction: || (== net461) (&& (== net5.0-windows7.0) (>= net452)) (&& (== net50) (>= net452)) (&& (== netstandard2.0) (>= net452)) (&& (== netstandard2.1) (>= net452))
      DevExpress.Win.Navigation (20.2.6) - restriction: || (== net461) (&& (== net5.0-windows7.0) (>= net452)) (&& (== net50) (>= net452)) (&& (== netstandard2.0) (>= net452)) (&& (== netstandard2.1) (>= net452))
    DevExpress.ExpressApp.CloneObject (20.2.6)
      DevExpress.Data (20.2.6)
      DevExpress.ExpressApp (20.2.6)
      DevExpress.Persistent.Base (20.2.6)
      NETStandard.Library (>= 2.0.3) - restriction: || (&& (== net461) (< net452) (>= netstandard2.0)) (== net5.0-windows7.0) (== net50) (== netstandard2.0) (== netstandard2.1)
      System.Drawing.Common (>= 4.5) - restriction: || (&& (== net461) (< net452) (>= netstandard2.0)) (== net5.0-windows7.0) (== net50) (== netstandard2.0) (== netstandard2.1)
    DevExpress.ExpressApp.ConditionalAppearance (20.2.6)
      DevExpress.Data (20.2.6)
      DevExpress.ExpressApp (20.2.6)
      DevExpress.Persistent.Base (20.2.6)
      NETStandard.Library (>= 2.0.3) - restriction: || (&& (== net461) (< net452) (>= netstandard2.0)) (== net5.0-windows7.0) (== net50) (== netstandard2.0) (== netstandard2.1)
      System.Drawing.Common (>= 4.5) - restriction: || (&& (== net461) (< net452) (>= netstandard2.0)) (== net5.0-windows7.0) (== net50) (== netstandard2.0) (== netstandard2.1)
    DevExpress.ExpressApp.Core.All (20.2.6)
      DevExpress.EasyTest (20.2.6)
      DevExpress.ExpressApp.AuditTrail (20.2.6)
      DevExpress.ExpressApp.Chart (20.2.6)
      DevExpress.ExpressApp.CloneObject (20.2.6)
      DevExpress.ExpressApp.ConditionalAppearance (20.2.6)
      DevExpress.ExpressApp.Dashboards (20.2.6)
      DevExpress.ExpressApp.Images (20.2.6) - restriction: || (== net461) (&& (== net5.0-windows7.0) (>= net452)) (&& (== net50) (>= net452)) (&& (== netstandard2.0) (>= net452)) (&& (== netstandard2.1) (>= net452))
      DevExpress.ExpressApp.Kpi (20.2.6)
      DevExpress.ExpressApp.Notifications (20.2.6)
      DevExpress.ExpressApp.Objects (20.2.6)
      DevExpress.ExpressApp.Office (20.2.6)
      DevExpress.ExpressApp.PivotChart (20.2.6)
      DevExpress.ExpressApp.PivotGrid (20.2.6)
      DevExpress.ExpressApp.ReportsV2 (20.2.6)
      DevExpress.ExpressApp.Scheduler (20.2.6) - restriction: || (== net461) (&& (== net5.0-windows7.0) (>= net452)) (&& (== net50) (>= net452)) (&& (== netstandard2.0) (>= net452)) (&& (== netstandard2.1) (>= net452))
      DevExpress.ExpressApp.ScriptRecorder (20.2.6)
      DevExpress.ExpressApp.Security (20.2.6)
      DevExpress.ExpressApp.StateMachine (20.2.6)
      DevExpress.ExpressApp.TreeListEditors (20.2.6)
      DevExpress.ExpressApp.Validation (20.2.6)
      DevExpress.ExpressApp.ViewVariantsModule (20.2.6)
      DevExpress.ExpressApp.Workflow (20.2.6) - restriction: || (== net461) (&& (== net5.0-windows7.0) (>= net452)) (&& (== net50) (>= net452)) (&& (== netstandard2.0) (>= net452)) (&& (== netstandard2.1) (>= net452))
      DevExpress.Persistent.Base (20.2.6)
    DevExpress.ExpressApp.Dashboards (20.2.6)
      DevExpress.Dashboard.Core (20.2.6)
      DevExpress.Data (20.2.6)
      DevExpress.DataAccess (20.2.6)
      DevExpress.ExpressApp (20.2.6)
      DevExpress.Persistent.Base (20.2.6)
      NETStandard.Library (>= 2.0.3) - restriction: || (&& (== net461) (< net452) (>= netstandard2.0)) (== net5.0-windows7.0) (== net50) (== netstandard2.0) (== netstandard2.1)
      System.Drawing.Common (>= 4.5) - restriction: || (&& (== net461) (< net452) (>= netstandard2.0)) (== net5.0-windows7.0) (== net50) (== netstandard2.0) (== netstandard2.1)
    DevExpress.ExpressApp.Dashboards.Web (20.2.6) - restriction: || (== net461) (&& (== net5.0-windows7.0) (>= net452)) (&& (== net50) (>= net452)) (&& (== netstandard2.0) (>= net452)) (&& (== netstandard2.1) (>= net452))
      DevExpress.Dashboard.Core (20.2.6) - restriction: || (== net461) (&& (== net5.0-windows7.0) (>= net452)) (&& (== net50) (>= net452)) (&& (== netstandard2.0) (>= net452)) (&& (== netstandard2.1) (>= net452))
      DevExpress.Data (20.2.6) - restriction: || (== net461) (&& (== net5.0-windows7.0) (>= net452)) (&& (== net50) (>= net452)) (&& (== netstandard2.0) (>= net452)) (&& (== netstandard2.1) (>= net452))
      DevExpress.DataAccess (20.2.6) - restriction: || (== net461) (&& (== net5.0-windows7.0) (>= net452)) (&& (== net50) (>= net452)) (&& (== netstandard2.0) (>= net452)) (&& (== netstandard2.1) (>= net452))
      DevExpress.ExpressApp (20.2.6) - restriction: || (== net461) (&& (== net5.0-windows7.0) (>= net452)) (&& (== net50) (>= net452)) (&& (== netstandard2.0) (>= net452)) (&& (== netstandard2.1) (>= net452))
      DevExpress.ExpressApp.Dashboards (20.2.6) - restriction: || (== net461) (&& (== net5.0-windows7.0) (>= net452)) (&& (== net50) (>= net452)) (&& (== netstandard2.0) (>= net452)) (&& (== netstandard2.1) (>= net452))
      DevExpress.ExpressApp.Web (20.2.6) - restriction: || (== net461) (&& (== net5.0-windows7.0) (>= net452)) (&& (== net50) (>= net452)) (&& (== netstandard2.0) (>= net452)) (&& (== netstandard2.1) (>= net452))
      DevExpress.Persistent.Base (20.2.6) - restriction: || (== net461) (&& (== net5.0-windows7.0) (>= net452)) (&& (== net50) (>= net452)) (&& (== netstandard2.0) (>= net452)) (&& (== netstandard2.1) (>= net452))
      DevExpress.Web (20.2.6) - restriction: || (== net461) (&& (== net5.0-windows7.0) (>= net452)) (&& (== net50) (>= net452)) (&& (== netstandard2.0) (>= net452)) (&& (== netstandard2.1) (>= net452))
      DevExpress.Web.Dashboard (20.2.6) - restriction: || (== net461) (&& (== net5.0-windows7.0) (>= net452)) (&& (== net50) (>= net452)) (&& (== netstandard2.0) (>= net452)) (&& (== netstandard2.1) (>= net452))
      DevExpress.Web.Dashboard.Common (20.2.6) - restriction: || (== net461) (&& (== net5.0-windows7.0) (>= net452)) (&& (== net50) (>= net452)) (&& (== netstandard2.0) (>= net452)) (&& (== netstandard2.1) (>= net452))
    DevExpress.ExpressApp.Dashboards.Win (20.2.6) - restriction: || (== net461) (&& (== net5.0-windows7.0) (>= net452)) (&& (== net50) (>= net452)) (&& (== netstandard2.0) (>= net452)) (&& (== netstandard2.1) (>= net452))
      DevExpress.Dashboard.Core (20.2.6) - restriction: || (== net461) (&& (== net5.0-windows7.0) (>= net452)) (&& (== net50) (>= net452)) (&& (== netstandard2.0) (>= net452)) (&& (== netstandard2.1) (>= net452))
      DevExpress.Data (20.2.6) - restriction: || (== net461) (&& (== net5.0-windows7.0) (>= net452)) (&& (== net50) (>= net452)) (&& (== netstandard2.0) (>= net452)) (&& (== netstandard2.1) (>= net452))
      DevExpress.DataAccess (20.2.6) - restriction: || (== net461) (&& (== net5.0-windows7.0) (>= net452)) (&& (== net50) (>= net452)) (&& (== netstandard2.0) (>= net452)) (&& (== netstandard2.1) (>= net452))
      DevExpress.DataAccess.UI (20.2.6) - restriction: || (== net461) (&& (== net5.0-windows7.0) (>= net452)) (&& (== net50) (>= net452)) (&& (== netstandard2.0) (>= net452)) (&& (== netstandard2.1) (>= net452))
      DevExpress.ExpressApp (20.2.6) - restriction: || (== net461) (&& (== net5.0-windows7.0) (>= net452)) (&& (== net50) (>= net452)) (&& (== netstandard2.0) (>= net452)) (&& (== netstandard2.1) (>= net452))
      DevExpress.ExpressApp.Dashboards (20.2.6) - restriction: || (== net461) (&& (== net5.0-windows7.0) (>= net452)) (&& (== net50) (>= net452)) (&& (== netstandard2.0) (>= net452)) (&& (== netstandard2.1) (>= net452))
      DevExpress.ExpressApp.Win (20.2.6) - restriction: || (== net461) (&& (== net5.0-windows7.0) (>= net452)) (&& (== net50) (>= net452)) (&& (== netstandard2.0) (>= net452)) (&& (== netstandard2.1) (>= net452))
      DevExpress.Persistent.Base (20.2.6) - restriction: || (== net461) (&& (== net5.0-windows7.0) (>= net452)) (&& (== net50) (>= net452)) (&& (== netstandard2.0) (>= net452)) (&& (== netstandard2.1) (>= net452))
      DevExpress.Utils (20.2.6) - restriction: || (== net461) (&& (== net5.0-windows7.0) (>= net452)) (&& (== net50) (>= net452)) (&& (== netstandard2.0) (>= net452)) (&& (== netstandard2.1) (>= net452))
      DevExpress.Win.Dashboard (20.2.6) - restriction: || (== net461) (&& (== net5.0-windows7.0) (>= net452)) (&& (== net50) (>= net452)) (&& (== netstandard2.0) (>= net452)) (&& (== netstandard2.1) (>= net452))
      DevExpress.Win.Navigation (20.2.6) - restriction: || (== net461) (&& (== net5.0-windows7.0) (>= net452)) (&& (== net50) (>= net452)) (&& (== netstandard2.0) (>= net452)) (&& (== netstandard2.1) (>= net452))
    DevExpress.ExpressApp.EasyTest.BlazorAdapter (20.2.6)
      DevExpress.EasyTest (20.2.6) - restriction: || (&& (== net461) (>= netstandard2.0)) (== net5.0-windows7.0) (== net50) (== netstandard2.0) (== netstandard2.1)
      NETStandard.Library (>= 2.0.3) - restriction: || (&& (== net461) (>= netstandard2.0)) (== net5.0-windows7.0) (== net50) (== netstandard2.0) (== netstandard2.1)
      Selenium.Support (>= 3.13) - restriction: || (&& (== net461) (>= netstandard2.0)) (== net5.0-windows7.0) (== net50) (== netstandard2.0) (== netstandard2.1)
      System.Drawing.Common (>= 4.5) - restriction: || (&& (== net461) (>= netstandard2.0)) (== net5.0-windows7.0) (== net50) (== netstandard2.0) (== netstandard2.1)
      System.Runtime.Loader (>= 4.3) - restriction: || (&& (== net461) (>= netstandard2.0)) (== net5.0-windows7.0) (== net50) (== netstandard2.0) (== netstandard2.1)
    DevExpress.ExpressApp.EasyTest.WebAdapter (20.2.6)
      DevExpress.Data (20.2.6) - restriction: || (== net461) (&& (== net5.0-windows7.0) (>= net452)) (&& (== net50) (>= net452)) (&& (== netstandard2.0) (>= net452)) (&& (== netstandard2.1) (>= net452))
      DevExpress.EasyTest (20.2.6) - restriction: || (== net461) (&& (== net5.0-windows7.0) (>= net452)) (&& (== net50) (>= net452)) (&& (== netstandard2.0) (>= net452)) (&& (== netstandard2.1) (>= net452))
    DevExpress.ExpressApp.EasyTest.WinAdapter (20.2.6)
      DevExpress.Data (20.2.6) - restriction: || (== net461) (&& (== net5.0-windows7.0) (>= net452)) (&& (== net50) (>= net452)) (&& (== netstandard2.0) (>= net452)) (&& (== netstandard2.1) (>= net452))
      DevExpress.DataAccess.UI (20.2.6) - restriction: || (== net461) (&& (== net5.0-windows7.0) (>= net452)) (&& (== net50) (>= net452)) (&& (== netstandard2.0) (>= net452)) (&& (== netstandard2.1) (>= net452))
      DevExpress.EasyTest (20.2.6) - restriction: || (== net461) (&& (== net5.0-windows7.0) (>= net452)) (&& (== net50) (>= net452)) (&& (== netstandard2.0) (>= net452)) (&& (== netstandard2.1) (>= net452))
      DevExpress.ExpressApp (20.2.6) - restriction: || (== net461) (&& (== net5.0-windows7.0) (>= net452)) (&& (== net50) (>= net452)) (&& (== netstandard2.0) (>= net452)) (&& (== netstandard2.1) (>= net452))
      DevExpress.ExpressApp.HtmlPropertyEditor.Win (20.2.6) - restriction: || (== net461) (&& (== net5.0-windows7.0) (>= net452)) (&& (== net50) (>= net452)) (&& (== netstandard2.0) (>= net452)) (&& (== netstandard2.1) (>= net452))
      DevExpress.ExpressApp.Office.Win (20.2.6) - restriction: || (== net461) (&& (== net5.0-windows7.0) (>= net452)) (&& (== net50) (>= net452)) (&& (== netstandard2.0) (>= net452)) (&& (== netstandard2.1) (>= net452))
      DevExpress.ExpressApp.PivotChart.Win (20.2.6) - restriction: || (== net461) (&& (== net5.0-windows7.0) (>= net452)) (&& (== net50) (>= net452)) (&& (== netstandard2.0) (>= net452)) (&& (== netstandard2.1) (>= net452))
      DevExpress.ExpressApp.Win (20.2.6) - restriction: || (== net461) (&& (== net5.0-windows7.0) (>= net452)) (&& (== net50) (>= net452)) (&& (== netstandard2.0) (>= net452)) (&& (== netstandard2.1) (>= net452))
      DevExpress.PivotGrid.Core (20.2.6) - restriction: || (== net461) (&& (== net5.0-windows7.0) (>= net452)) (&& (== net50) (>= net452)) (&& (== netstandard2.0) (>= net452)) (&& (== netstandard2.1) (>= net452))
      DevExpress.Scheduler.Core (20.2.6) - restriction: || (== net461) (&& (== net5.0-windows7.0) (>= net452)) (&& (== net50) (>= net452)) (&& (== netstandard2.0) (>= net452)) (&& (== netstandard2.1) (>= net452))
      DevExpress.Scheduler.CoreDesktop (20.2.6) - restriction: || (== net461) (&& (== net5.0-windows7.0) (>= net452)) (&& (== net50) (>= net452)) (&& (== netstandard2.0) (>= net452)) (&& (== netstandard2.1) (>= net452))
      DevExpress.Spreadsheet.Core (20.2.6) - restriction: || (== net461) (&& (== net5.0-windows7.0) (>= net452)) (&& (== net50) (>= net452)) (&& (== netstandard2.0) (>= net452)) (&& (== netstandard2.1) (>= net452))
      DevExpress.Utils (20.2.6) - restriction: || (== net461) (&& (== net5.0-windows7.0) (>= net452)) (&& (== net50) (>= net452)) (&& (== netstandard2.0) (>= net452)) (&& (== netstandard2.1) (>= net452))
      DevExpress.Win (20.2.6) - restriction: || (== net461) (&& (== net5.0-windows7.0) (>= net452)) (&& (== net50) (>= net452)) (&& (== netstandard2.0) (>= net452)) (&& (== netstandard2.1) (>= net452))
      DevExpress.Win.Grid (20.2.6) - restriction: || (== net461) (&& (== net5.0-windows7.0) (>= net452)) (&& (== net50) (>= net452)) (&& (== netstandard2.0) (>= net452)) (&& (== netstandard2.1) (>= net452))
      DevExpress.Win.Navigation (20.2.6) - restriction: || (== net461) (&& (== net5.0-windows7.0) (>= net452)) (&& (== net50) (>= net452)) (&& (== netstandard2.0) (>= net452)) (&& (== netstandard2.1) (>= net452))
      DevExpress.Win.PivotGrid (20.2.6) - restriction: || (== net461) (&& (== net5.0-windows7.0) (>= net452)) (&& (== net50) (>= net452)) (&& (== netstandard2.0) (>= net452)) (&& (== netstandard2.1) (>= net452))
      DevExpress.Win.RichEdit (20.2.6) - restriction: || (== net461) (&& (== net5.0-windows7.0) (>= net452)) (&& (== net50) (>= net452)) (&& (== netstandard2.0) (>= net452)) (&& (== netstandard2.1) (>= net452))
      DevExpress.Win.Scheduler (20.2.6) - restriction: || (== net461) (&& (== net5.0-windows7.0) (>= net452)) (&& (== net50) (>= net452)) (&& (== netstandard2.0) (>= net452)) (&& (== netstandard2.1) (>= net452))
      DevExpress.Win.Spreadsheet (20.2.6) - restriction: || (== net461) (&& (== net5.0-windows7.0) (>= net452)) (&& (== net50) (>= net452)) (&& (== netstandard2.0) (>= net452)) (&& (== netstandard2.1) (>= net452))
      DevExpress.Win.TreeList (20.2.6) - restriction: || (== net461) (&& (== net5.0-windows7.0) (>= net452)) (&& (== net50) (>= net452)) (&& (== netstandard2.0) (>= net452)) (&& (== netstandard2.1) (>= net452))
      DevExpress.Win.VerticalGrid (20.2.6) - restriction: || (== net461) (&& (== net5.0-windows7.0) (>= net452)) (&& (== net50) (>= net452)) (&& (== netstandard2.0) (>= net452)) (&& (== netstandard2.1) (>= net452))
    DevExpress.ExpressApp.FileAttachment.Blazor (20.2.6) - restriction: || (&& (== net461) (>= netstandard2.1)) (== net5.0-windows7.0) (== net50) (&& (== netstandard2.0) (>= netstandard2.1)) (== netstandard2.1)
      DevExpress.Blazor (20.2.6) - restriction: || (&& (== net461) (>= netstandard2.1)) (== net5.0-windows7.0) (== net50) (&& (== netstandard2.0) (>= netstandard2.1)) (== netstandard2.1)
      DevExpress.Data (20.2.6) - restriction: || (&& (== net461) (>= netstandard2.1)) (== net5.0-windows7.0) (== net50) (&& (== netstandard2.0) (>= netstandard2.1)) (== netstandard2.1)
      DevExpress.ExpressApp (20.2.6) - restriction: || (&& (== net461) (>= netstandard2.1)) (== net5.0-windows7.0) (== net50) (&& (== netstandard2.0) (>= netstandard2.1)) (== netstandard2.1)
      DevExpress.ExpressApp.Blazor (20.2.6) - restriction: || (&& (== net461) (>= netstandard2.1)) (== net5.0-windows7.0) (== net50) (&& (== netstandard2.0) (>= netstandard2.1)) (== netstandard2.1)
      DevExpress.Persistent.Base (20.2.6) - restriction: || (&& (== net461) (>= netstandard2.1)) (== net5.0-windows7.0) (== net50) (&& (== netstandard2.0) (>= netstandard2.1)) (== netstandard2.1)
      Microsoft.AspNetCore.Components (>= 3.1.7) - restriction: || (&& (== net461) (>= netstandard2.1)) (== net5.0-windows7.0) (== net50) (&& (== netstandard2.0) (>= netstandard2.1)) (== netstandard2.1)
      Microsoft.AspNetCore.Components.Web (>= 3.1.7) - restriction: || (&& (== net461) (>= netstandard2.1)) (== net5.0-windows7.0) (== net50) (&& (== netstandard2.0) (>= netstandard2.1)) (== netstandard2.1)
    DevExpress.ExpressApp.FileAttachment.Web (20.2.6) - restriction: || (== net461) (&& (== net5.0-windows7.0) (>= net452)) (&& (== net50) (>= net452)) (&& (== netstandard2.0) (>= net452)) (&& (== netstandard2.1) (>= net452))
      DevExpress.Data (20.2.6) - restriction: || (== net461) (&& (== net5.0-windows7.0) (>= net452)) (&& (== net50) (>= net452)) (&& (== netstandard2.0) (>= net452)) (&& (== netstandard2.1) (>= net452))
      DevExpress.ExpressApp (20.2.6) - restriction: || (== net461) (&& (== net5.0-windows7.0) (>= net452)) (&& (== net50) (>= net452)) (&& (== netstandard2.0) (>= net452)) (&& (== netstandard2.1) (>= net452))
      DevExpress.ExpressApp.Web (20.2.6) - restriction: || (== net461) (&& (== net5.0-windows7.0) (>= net452)) (&& (== net50) (>= net452)) (&& (== netstandard2.0) (>= net452)) (&& (== netstandard2.1) (>= net452))
      DevExpress.Persistent.Base (20.2.6) - restriction: || (== net461) (&& (== net5.0-windows7.0) (>= net452)) (&& (== net50) (>= net452)) (&& (== netstandard2.0) (>= net452)) (&& (== netstandard2.1) (>= net452))
      DevExpress.Web (20.2.6) - restriction: || (== net461) (&& (== net5.0-windows7.0) (>= net452)) (&& (== net50) (>= net452)) (&& (== netstandard2.0) (>= net452)) (&& (== netstandard2.1) (>= net452))
    DevExpress.ExpressApp.FileAttachment.Win (20.2.6) - restriction: || (== net461) (&& (== net5.0-windows7.0) (>= net452)) (&& (== net50) (>= net452)) (&& (== netstandard2.0) (>= net452)) (&& (== netstandard2.1) (>= net452))
      DevExpress.Data (20.2.6) - restriction: || (== net461) (&& (== net5.0-windows7.0) (>= net452)) (&& (== net50) (>= net452)) (&& (== netstandard2.0) (>= net452)) (&& (== netstandard2.1) (>= net452))
      DevExpress.Data.Desktop (20.2.6) - restriction: || (== net461) (&& (== net5.0-windows7.0) (>= net452)) (&& (== net50) (>= net452)) (&& (== netstandard2.0) (>= net452)) (&& (== netstandard2.1) (>= net452))
      DevExpress.ExpressApp (20.2.6) - restriction: || (== net461) (&& (== net5.0-windows7.0) (>= net452)) (&& (== net50) (>= net452)) (&& (== netstandard2.0) (>= net452)) (&& (== netstandard2.1) (>= net452))
      DevExpress.ExpressApp.Win (20.2.6) - restriction: || (== net461) (&& (== net5.0-windows7.0) (>= net452)) (&& (== net50) (>= net452)) (&& (== netstandard2.0) (>= net452)) (&& (== netstandard2.1) (>= net452))
      DevExpress.Persistent.Base (20.2.6) - restriction: || (== net461) (&& (== net5.0-windows7.0) (>= net452)) (&& (== net50) (>= net452)) (&& (== netstandard2.0) (>= net452)) (&& (== netstandard2.1) (>= net452))
      DevExpress.Utils (20.2.6) - restriction: || (== net461) (&& (== net5.0-windows7.0) (>= net452)) (&& (== net50) (>= net452)) (&& (== netstandard2.0) (>= net452)) (&& (== netstandard2.1) (>= net452))
      DevExpress.Win.Navigation (20.2.6) - restriction: || (== net461) (&& (== net5.0-windows7.0) (>= net452)) (&& (== net50) (>= net452)) (&& (== netstandard2.0) (>= net452)) (&& (== netstandard2.1) (>= net452))
    DevExpress.ExpressApp.HtmlPropertyEditor.Web (20.2.6) - restriction: || (== net461) (&& (== net5.0-windows7.0) (>= net452)) (&& (== net50) (>= net452)) (&& (== netstandard2.0) (>= net452)) (&& (== netstandard2.1) (>= net452))
      DevExpress.Data (20.2.6) - restriction: || (== net461) (&& (== net5.0-windows7.0) (>= net452)) (&& (== net50) (>= net452)) (&& (== netstandard2.0) (>= net452)) (&& (== netstandard2.1) (>= net452))
      DevExpress.ExpressApp (20.2.6) - restriction: || (== net461) (&& (== net5.0-windows7.0) (>= net452)) (&& (== net50) (>= net452)) (&& (== netstandard2.0) (>= net452)) (&& (== netstandard2.1) (>= net452))
      DevExpress.ExpressApp.Web (20.2.6) - restriction: || (== net461) (&& (== net5.0-windows7.0) (>= net452)) (&& (== net50) (>= net452)) (&& (== netstandard2.0) (>= net452)) (&& (== netstandard2.1) (>= net452))
      DevExpress.Web (20.2.6) - restriction: || (== net461) (&& (== net5.0-windows7.0) (>= net452)) (&& (== net50) (>= net452)) (&& (== netstandard2.0) (>= net452)) (&& (== netstandard2.1) (>= net452))
    DevExpress.ExpressApp.HtmlPropertyEditor.Win (20.2.6) - restriction: || (== net461) (&& (== net5.0-windows7.0) (>= net452)) (&& (== net50) (>= net452)) (&& (== netstandard2.0) (>= net452)) (&& (== netstandard2.1) (>= net452))
      DevExpress.Data (20.2.6) - restriction: || (== net461) (&& (== net5.0-windows7.0) (>= net452)) (&& (== net50) (>= net452)) (&& (== netstandard2.0) (>= net452)) (&& (== netstandard2.1) (>= net452))
      DevExpress.ExpressApp (20.2.6) - restriction: || (== net461) (&& (== net5.0-windows7.0) (>= net452)) (&& (== net50) (>= net452)) (&& (== netstandard2.0) (>= net452)) (&& (== netstandard2.1) (>= net452))
      DevExpress.ExpressApp.Win (20.2.6) - restriction: || (== net461) (&& (== net5.0-windows7.0) (>= net452)) (&& (== net50) (>= net452)) (&& (== netstandard2.0) (>= net452)) (&& (== netstandard2.1) (>= net452))
      DevExpress.Utils (20.2.6) - restriction: || (== net461) (&& (== net5.0-windows7.0) (>= net452)) (&& (== net50) (>= net452)) (&& (== netstandard2.0) (>= net452)) (&& (== netstandard2.1) (>= net452))
      DevExpress.Win.Navigation (20.2.6) - restriction: || (== net461) (&& (== net5.0-windows7.0) (>= net452)) (&& (== net50) (>= net452)) (&& (== netstandard2.0) (>= net452)) (&& (== netstandard2.1) (>= net452))
    DevExpress.ExpressApp.Images (20.2.6) - restriction: || (== net461) (&& (== net5.0-windows7.0) (>= net452)) (&& (== net50) (>= net452)) (&& (== netstandard2.0) (>= net452)) (&& (== netstandard2.1) (>= net452))
    DevExpress.ExpressApp.Kpi (20.2.6)
      DevExpress.Data (20.2.6)
      DevExpress.ExpressApp (20.2.6)
      DevExpress.ExpressApp.Validation (20.2.6)
      DevExpress.Persistent.Base (20.2.6)
      NETStandard.Library (>= 2.0.3) - restriction: || (&& (== net461) (< net452) (>= netstandard2.0)) (== net5.0-windows7.0) (== net50) (== netstandard2.0) (== netstandard2.1)
      System.Drawing.Common (>= 4.5) - restriction: || (&& (== net461) (< net452) (>= netstandard2.0)) (== net5.0-windows7.0) (== net50) (== netstandard2.0) (== netstandard2.1)
    DevExpress.ExpressApp.Maps.Web (20.2.6) - restriction: || (== net461) (&& (== net5.0-windows7.0) (>= net452)) (&& (== net50) (>= net452)) (&& (== netstandard2.0) (>= net452)) (&& (== netstandard2.1) (>= net452))
      DevExpress.Data (20.2.6) - restriction: || (== net461) (&& (== net5.0-windows7.0) (>= net452)) (&& (== net50) (>= net452)) (&& (== netstandard2.0) (>= net452)) (&& (== netstandard2.1) (>= net452))
      DevExpress.ExpressApp (20.2.6) - restriction: || (== net461) (&& (== net5.0-windows7.0) (>= net452)) (&& (== net50) (>= net452)) (&& (== netstandard2.0) (>= net452)) (&& (== netstandard2.1) (>= net452))
      DevExpress.ExpressApp.Web (20.2.6) - restriction: || (== net461) (&& (== net5.0-windows7.0) (>= net452)) (&& (== net50) (>= net452)) (&& (== netstandard2.0) (>= net452)) (&& (== netstandard2.1) (>= net452))
      DevExpress.Persistent.Base (20.2.6) - restriction: || (== net461) (&& (== net5.0-windows7.0) (>= net452)) (&& (== net50) (>= net452)) (&& (== netstandard2.0) (>= net452)) (&& (== netstandard2.1) (>= net452))
      DevExpress.Web (20.2.6) - restriction: || (== net461) (&& (== net5.0-windows7.0) (>= net452)) (&& (== net50) (>= net452)) (&& (== netstandard2.0) (>= net452)) (&& (== netstandard2.1) (>= net452))
    DevExpress.ExpressApp.Notifications (20.2.6)
      DevExpress.Data (20.2.6)
      DevExpress.ExpressApp (20.2.6)
      DevExpress.Persistent.Base (20.2.6)
      NETStandard.Library (>= 2.0.3) - restriction: || (&& (== net461) (< net452) (>= netstandard2.0)) (== net5.0-windows7.0) (== net50) (== netstandard2.0) (== netstandard2.1)
      System.Drawing.Common (>= 4.5) - restriction: || (&& (== net461) (< net452) (>= netstandard2.0)) (== net5.0-windows7.0) (== net50) (== netstandard2.0) (== netstandard2.1)
    DevExpress.ExpressApp.Notifications.Web (20.2.6) - restriction: || (== net461) (&& (== net5.0-windows7.0) (>= net452)) (&& (== net50) (>= net452)) (&& (== netstandard2.0) (>= net452)) (&& (== netstandard2.1) (>= net452))
      DevExpress.Data (20.2.6) - restriction: || (== net461) (&& (== net5.0-windows7.0) (>= net452)) (&& (== net50) (>= net452)) (&& (== netstandard2.0) (>= net452)) (&& (== netstandard2.1) (>= net452))
      DevExpress.ExpressApp (20.2.6) - restriction: || (== net461) (&& (== net5.0-windows7.0) (>= net452)) (&& (== net50) (>= net452)) (&& (== netstandard2.0) (>= net452)) (&& (== netstandard2.1) (>= net452))
      DevExpress.ExpressApp.Notifications (20.2.6) - restriction: || (== net461) (&& (== net5.0-windows7.0) (>= net452)) (&& (== net50) (>= net452)) (&& (== netstandard2.0) (>= net452)) (&& (== netstandard2.1) (>= net452))
      DevExpress.ExpressApp.Web (20.2.6) - restriction: || (== net461) (&& (== net5.0-windows7.0) (>= net452)) (&& (== net50) (>= net452)) (&& (== netstandard2.0) (>= net452)) (&& (== netstandard2.1) (>= net452))
      DevExpress.Web (20.2.6) - restriction: || (== net461) (&& (== net5.0-windows7.0) (>= net452)) (&& (== net50) (>= net452)) (&& (== netstandard2.0) (>= net452)) (&& (== netstandard2.1) (>= net452))
    DevExpress.ExpressApp.Notifications.Win (20.2.6) - restriction: || (== net461) (&& (== net5.0-windows7.0) (>= net452)) (&& (== net50) (>= net452)) (&& (== netstandard2.0) (>= net452)) (&& (== netstandard2.1) (>= net452))
      DevExpress.Data (20.2.6) - restriction: || (== net461) (&& (== net5.0-windows7.0) (>= net452)) (&& (== net50) (>= net452)) (&& (== netstandard2.0) (>= net452)) (&& (== netstandard2.1) (>= net452))
      DevExpress.ExpressApp (20.2.6) - restriction: || (== net461) (&& (== net5.0-windows7.0) (>= net452)) (&& (== net50) (>= net452)) (&& (== netstandard2.0) (>= net452)) (&& (== netstandard2.1) (>= net452))
      DevExpress.ExpressApp.Notifications (20.2.6) - restriction: || (== net461) (&& (== net5.0-windows7.0) (>= net452)) (&& (== net50) (>= net452)) (&& (== netstandard2.0) (>= net452)) (&& (== netstandard2.1) (>= net452))
      DevExpress.ExpressApp.Win (20.2.6) - restriction: || (== net461) (&& (== net5.0-windows7.0) (>= net452)) (&& (== net50) (>= net452)) (&& (== netstandard2.0) (>= net452)) (&& (== netstandard2.1) (>= net452))
      DevExpress.Utils (20.2.6) - restriction: || (== net461) (&& (== net5.0-windows7.0) (>= net452)) (&& (== net50) (>= net452)) (&& (== netstandard2.0) (>= net452)) (&& (== netstandard2.1) (>= net452))
      DevExpress.Win.Grid (20.2.6) - restriction: || (== net461) (&& (== net5.0-windows7.0) (>= net452)) (&& (== net50) (>= net452)) (&& (== netstandard2.0) (>= net452)) (&& (== netstandard2.1) (>= net452))
      DevExpress.Win.Navigation (20.2.6) - restriction: || (== net461) (&& (== net5.0-windows7.0) (>= net452)) (&& (== net50) (>= net452)) (&& (== netstandard2.0) (>= net452)) (&& (== netstandard2.1) (>= net452))
    DevExpress.ExpressApp.Objects (20.2.6)
      DevExpress.Data (20.2.6)
      DevExpress.ExpressApp (20.2.6)
      NETStandard.Library (>= 2.0.3) - restriction: || (&& (== net461) (< net452) (>= netstandard2.0)) (== net5.0-windows7.0) (== net50) (== netstandard2.0) (== netstandard2.1)
      System.Drawing.Common (>= 4.5) - restriction: || (&& (== net461) (< net452) (>= netstandard2.0)) (== net5.0-windows7.0) (== net50) (== netstandard2.0) (== netstandard2.1)
    DevExpress.ExpressApp.Office (20.2.6)
      DevExpress.Data (20.2.6)
      DevExpress.ExpressApp (20.2.6)
      DevExpress.Office.Core (20.2.6)
      DevExpress.Persistent.Base (20.2.6)
      DevExpress.RichEdit.Core (20.2.6)
      DevExpress.Spreadsheet.Core (20.2.6)
      NETStandard.Library (>= 2.0.3) - restriction: || (&& (== net461) (< net452) (>= netstandard2.0)) (== net5.0-windows7.0) (== net50) (== netstandard2.0) (== netstandard2.1)
      System.Drawing.Common (>= 4.5) - restriction: || (&& (== net461) (< net452) (>= netstandard2.0)) (== net5.0-windows7.0) (== net50) (== netstandard2.0) (== netstandard2.1)
    DevExpress.ExpressApp.Office.Web (20.2.6) - restriction: || (== net461) (&& (== net5.0-windows7.0) (>= net452)) (&& (== net50) (>= net452)) (&& (== netstandard2.0) (>= net452)) (&& (== netstandard2.1) (>= net452))
      DevExpress.Data (20.2.6) - restriction: || (== net461) (&& (== net5.0-windows7.0) (>= net452)) (&& (== net50) (>= net452)) (&& (== netstandard2.0) (>= net452)) (&& (== netstandard2.1) (>= net452))
      DevExpress.ExpressApp (20.2.6) - restriction: || (== net461) (&& (== net5.0-windows7.0) (>= net452)) (&& (== net50) (>= net452)) (&& (== netstandard2.0) (>= net452)) (&& (== netstandard2.1) (>= net452))
      DevExpress.ExpressApp.Office (20.2.6) - restriction: || (== net461) (&& (== net5.0-windows7.0) (>= net452)) (&& (== net50) (>= net452)) (&& (== netstandard2.0) (>= net452)) (&& (== netstandard2.1) (>= net452))
      DevExpress.ExpressApp.Web (20.2.6) - restriction: || (== net461) (&& (== net5.0-windows7.0) (>= net452)) (&& (== net50) (>= net452)) (&& (== netstandard2.0) (>= net452)) (&& (== netstandard2.1) (>= net452))
      DevExpress.Persistent.Base (20.2.6) - restriction: || (== net461) (&& (== net5.0-windows7.0) (>= net452)) (&& (== net50) (>= net452)) (&& (== netstandard2.0) (>= net452)) (&& (== netstandard2.1) (>= net452))
      DevExpress.RichEdit.Core (20.2.6) - restriction: || (== net461) (&& (== net5.0-windows7.0) (>= net452)) (&& (== net50) (>= net452)) (&& (== netstandard2.0) (>= net452)) (&& (== netstandard2.1) (>= net452))
      DevExpress.Spreadsheet.Core (20.2.6) - restriction: || (== net461) (&& (== net5.0-windows7.0) (>= net452)) (&& (== net50) (>= net452)) (&& (== netstandard2.0) (>= net452)) (&& (== netstandard2.1) (>= net452))
      DevExpress.Web (20.2.6) - restriction: || (== net461) (&& (== net5.0-windows7.0) (>= net452)) (&& (== net50) (>= net452)) (&& (== netstandard2.0) (>= net452)) (&& (== netstandard2.1) (>= net452))
      DevExpress.Web.Office (20.2.6) - restriction: || (== net461) (&& (== net5.0-windows7.0) (>= net452)) (&& (== net50) (>= net452)) (&& (== netstandard2.0) (>= net452)) (&& (== netstandard2.1) (>= net452))
    DevExpress.ExpressApp.Office.Win (20.2.6) - restriction: || (== net461) (&& (== net5.0-windows7.0) (>= net452)) (&& (== net50) (>= net452)) (&& (== netstandard2.0) (>= net452)) (&& (== netstandard2.1) (>= net452))
      DevExpress.Data (20.2.6) - restriction: || (== net461) (&& (== net5.0-windows7.0) (>= net452)) (&& (== net50) (>= net452)) (&& (== netstandard2.0) (>= net452)) (&& (== netstandard2.1) (>= net452))
      DevExpress.ExpressApp (20.2.6) - restriction: || (== net461) (&& (== net5.0-windows7.0) (>= net452)) (&& (== net50) (>= net452)) (&& (== netstandard2.0) (>= net452)) (&& (== netstandard2.1) (>= net452))
      DevExpress.ExpressApp.Office (20.2.6) - restriction: || (== net461) (&& (== net5.0-windows7.0) (>= net452)) (&& (== net50) (>= net452)) (&& (== netstandard2.0) (>= net452)) (&& (== netstandard2.1) (>= net452))
      DevExpress.ExpressApp.Win (20.2.6) - restriction: || (== net461) (&& (== net5.0-windows7.0) (>= net452)) (&& (== net50) (>= net452)) (&& (== netstandard2.0) (>= net452)) (&& (== netstandard2.1) (>= net452))
      DevExpress.Office.Core (20.2.6) - restriction: || (== net461) (&& (== net5.0-windows7.0) (>= net452)) (&& (== net50) (>= net452)) (&& (== netstandard2.0) (>= net452)) (&& (== netstandard2.1) (>= net452))
      DevExpress.Persistent.Base (20.2.6) - restriction: || (== net461) (&& (== net5.0-windows7.0) (>= net452)) (&& (== net50) (>= net452)) (&& (== netstandard2.0) (>= net452)) (&& (== netstandard2.1) (>= net452))
      DevExpress.RichEdit.Core (20.2.6) - restriction: || (== net461) (&& (== net5.0-windows7.0) (>= net452)) (&& (== net50) (>= net452)) (&& (== netstandard2.0) (>= net452)) (&& (== netstandard2.1) (>= net452))
      DevExpress.Spreadsheet.Core (20.2.6) - restriction: || (== net461) (&& (== net5.0-windows7.0) (>= net452)) (&& (== net50) (>= net452)) (&& (== netstandard2.0) (>= net452)) (&& (== netstandard2.1) (>= net452))
      DevExpress.Utils (20.2.6) - restriction: || (== net461) (&& (== net5.0-windows7.0) (>= net452)) (&& (== net50) (>= net452)) (&& (== netstandard2.0) (>= net452)) (&& (== netstandard2.1) (>= net452))
      DevExpress.Win.Grid (20.2.6) - restriction: || (== net461) (&& (== net5.0-windows7.0) (>= net452)) (&& (== net50) (>= net452)) (&& (== netstandard2.0) (>= net452)) (&& (== netstandard2.1) (>= net452))
      DevExpress.Win.Navigation (20.2.6) - restriction: || (== net461) (&& (== net5.0-windows7.0) (>= net452)) (&& (== net50) (>= net452)) (&& (== netstandard2.0) (>= net452)) (&& (== netstandard2.1) (>= net452))
      DevExpress.Win.RichEdit (20.2.6) - restriction: || (== net461) (&& (== net5.0-windows7.0) (>= net452)) (&& (== net50) (>= net452)) (&& (== netstandard2.0) (>= net452)) (&& (== netstandard2.1) (>= net452))
      DevExpress.Win.Spreadsheet (20.2.6) - restriction: || (== net461) (&& (== net5.0-windows7.0) (>= net452)) (&& (== net50) (>= net452)) (&& (== netstandard2.0) (>= net452)) (&& (== netstandard2.1) (>= net452))
    DevExpress.ExpressApp.PivotChart (20.2.6)
      DevExpress.Charts (20.2.6)
      DevExpress.Data (20.2.6)
      DevExpress.ExpressApp (20.2.6)
      DevExpress.Persistent.Base (20.2.6)
      DevExpress.PivotGrid.Core (20.2.6)
      NETStandard.Library (>= 2.0.3) - restriction: || (&& (== net461) (< net452) (>= netstandard2.0)) (== net5.0-windows7.0) (== net50) (== netstandard2.0) (== netstandard2.1)
      System.Drawing.Common (>= 4.5) - restriction: || (&& (== net461) (< net452) (>= netstandard2.0)) (== net5.0-windows7.0) (== net50) (== netstandard2.0) (== netstandard2.1)
    DevExpress.ExpressApp.PivotChart.Web (20.2.6) - restriction: || (== net461) (&& (== net5.0-windows7.0) (>= net452)) (&& (== net50) (>= net452)) (&& (== netstandard2.0) (>= net452)) (&& (== netstandard2.1) (>= net452))
      DevExpress.Charts (20.2.6) - restriction: || (== net461) (&& (== net5.0-windows7.0) (>= net452)) (&& (== net50) (>= net452)) (&& (== netstandard2.0) (>= net452)) (&& (== netstandard2.1) (>= net452))
      DevExpress.Data (20.2.6) - restriction: || (== net461) (&& (== net5.0-windows7.0) (>= net452)) (&& (== net50) (>= net452)) (&& (== netstandard2.0) (>= net452)) (&& (== netstandard2.1) (>= net452))
      DevExpress.ExpressApp (20.2.6) - restriction: || (== net461) (&& (== net5.0-windows7.0) (>= net452)) (&& (== net50) (>= net452)) (&& (== netstandard2.0) (>= net452)) (&& (== netstandard2.1) (>= net452))
      DevExpress.ExpressApp.PivotChart (20.2.6) - restriction: || (== net461) (&& (== net5.0-windows7.0) (>= net452)) (&& (== net50) (>= net452)) (&& (== netstandard2.0) (>= net452)) (&& (== netstandard2.1) (>= net452))
      DevExpress.ExpressApp.Web (20.2.6) - restriction: || (== net461) (&& (== net5.0-windows7.0) (>= net452)) (&& (== net50) (>= net452)) (&& (== netstandard2.0) (>= net452)) (&& (== netstandard2.1) (>= net452))
      DevExpress.Persistent.Base (20.2.6) - restriction: || (== net461) (&& (== net5.0-windows7.0) (>= net452)) (&& (== net50) (>= net452)) (&& (== netstandard2.0) (>= net452)) (&& (== netstandard2.1) (>= net452))
      DevExpress.PivotGrid.Core (20.2.6) - restriction: || (== net461) (&& (== net5.0-windows7.0) (>= net452)) (&& (== net50) (>= net452)) (&& (== netstandard2.0) (>= net452)) (&& (== netstandard2.1) (>= net452))
      DevExpress.Printing.Core (20.2.6) - restriction: || (== net461) (&& (== net5.0-windows7.0) (>= net452)) (&& (== net50) (>= net452)) (&& (== netstandard2.0) (>= net452)) (&& (== netstandard2.1) (>= net452))
      DevExpress.Web (20.2.6) - restriction: || (== net461) (&& (== net5.0-windows7.0) (>= net452)) (&& (== net50) (>= net452)) (&& (== netstandard2.0) (>= net452)) (&& (== netstandard2.1) (>= net452))
      DevExpress.Web.Visualization (20.2.6) - restriction: || (== net461) (&& (== net5.0-windows7.0) (>= net452)) (&& (== net50) (>= net452)) (&& (== netstandard2.0) (>= net452)) (&& (== netstandard2.1) (>= net452))
    DevExpress.ExpressApp.PivotChart.Win (20.2.6) - restriction: || (== net461) (&& (== net5.0-windows7.0) (>= net452)) (&& (== net50) (>= net452)) (&& (== netstandard2.0) (>= net452)) (&& (== netstandard2.1) (>= net452))
      DevExpress.Charts (20.2.6) - restriction: || (== net461) (&& (== net5.0-windows7.0) (>= net452)) (&& (== net50) (>= net452)) (&& (== netstandard2.0) (>= net452)) (&& (== netstandard2.1) (>= net452))
      DevExpress.Data (20.2.6) - restriction: || (== net461) (&& (== net5.0-windows7.0) (>= net452)) (&& (== net50) (>= net452)) (&& (== netstandard2.0) (>= net452)) (&& (== netstandard2.1) (>= net452))
      DevExpress.ExpressApp (20.2.6) - restriction: || (== net461) (&& (== net5.0-windows7.0) (>= net452)) (&& (== net50) (>= net452)) (&& (== netstandard2.0) (>= net452)) (&& (== netstandard2.1) (>= net452))
      DevExpress.ExpressApp.PivotChart (20.2.6) - restriction: || (== net461) (&& (== net5.0-windows7.0) (>= net452)) (&& (== net50) (>= net452)) (&& (== netstandard2.0) (>= net452)) (&& (== netstandard2.1) (>= net452))
      DevExpress.ExpressApp.Win (20.2.6) - restriction: || (== net461) (&& (== net5.0-windows7.0) (>= net452)) (&& (== net50) (>= net452)) (&& (== netstandard2.0) (>= net452)) (&& (== netstandard2.1) (>= net452))
      DevExpress.Persistent.Base (20.2.6) - restriction: || (== net461) (&& (== net5.0-windows7.0) (>= net452)) (&& (== net50) (>= net452)) (&& (== netstandard2.0) (>= net452)) (&& (== netstandard2.1) (>= net452))
      DevExpress.PivotGrid.Core (20.2.6) - restriction: || (== net461) (&& (== net5.0-windows7.0) (>= net452)) (&& (== net50) (>= net452)) (&& (== netstandard2.0) (>= net452)) (&& (== netstandard2.1) (>= net452))
      DevExpress.Printing.Core (20.2.6) - restriction: || (== net461) (&& (== net5.0-windows7.0) (>= net452)) (&& (== net50) (>= net452)) (&& (== netstandard2.0) (>= net452)) (&& (== netstandard2.1) (>= net452))
      DevExpress.Utils (20.2.6) - restriction: || (== net461) (&& (== net5.0-windows7.0) (>= net452)) (&& (== net50) (>= net452)) (&& (== netstandard2.0) (>= net452)) (&& (== netstandard2.1) (>= net452))
      DevExpress.Win.Charts (20.2.6) - restriction: || (== net461) (&& (== net5.0-windows7.0) (>= net452)) (&& (== net50) (>= net452)) (&& (== netstandard2.0) (>= net452)) (&& (== netstandard2.1) (>= net452))
      DevExpress.Win.Navigation (20.2.6) - restriction: || (== net461) (&& (== net5.0-windows7.0) (>= net452)) (&& (== net50) (>= net452)) (&& (== netstandard2.0) (>= net452)) (&& (== netstandard2.1) (>= net452))
      DevExpress.Win.PivotGrid (20.2.6) - restriction: || (== net461) (&& (== net5.0-windows7.0) (>= net452)) (&& (== net50) (>= net452)) (&& (== netstandard2.0) (>= net452)) (&& (== netstandard2.1) (>= net452))
    DevExpress.ExpressApp.PivotGrid (20.2.6)
      DevExpress.Data (20.2.6)
      DevExpress.ExpressApp (20.2.6)
      DevExpress.PivotGrid.Core (20.2.6)
      NETStandard.Library (>= 2.0.3) - restriction: || (&& (== net461) (< net452) (>= netstandard2.0)) (== net5.0-windows7.0) (== net50) (== netstandard2.0) (== netstandard2.1)
      System.Drawing.Common (>= 4.5) - restriction: || (&& (== net461) (< net452) (>= netstandard2.0)) (== net5.0-windows7.0) (== net50) (== netstandard2.0) (== netstandard2.1)
    DevExpress.ExpressApp.PivotGrid.Web (20.2.6) - restriction: || (== net461) (&& (== net5.0-windows7.0) (>= net452)) (&& (== net50) (>= net452)) (&& (== netstandard2.0) (>= net452)) (&& (== netstandard2.1) (>= net452))
      DevExpress.Charts (20.2.6) - restriction: || (== net461) (&& (== net5.0-windows7.0) (>= net452)) (&& (== net50) (>= net452)) (&& (== netstandard2.0) (>= net452)) (&& (== netstandard2.1) (>= net452))
      DevExpress.Data (20.2.6) - restriction: || (== net461) (&& (== net5.0-windows7.0) (>= net452)) (&& (== net50) (>= net452)) (&& (== netstandard2.0) (>= net452)) (&& (== netstandard2.1) (>= net452))
      DevExpress.ExpressApp (20.2.6) - restriction: || (== net461) (&& (== net5.0-windows7.0) (>= net452)) (&& (== net50) (>= net452)) (&& (== netstandard2.0) (>= net452)) (&& (== netstandard2.1) (>= net452))
      DevExpress.ExpressApp.PivotGrid (20.2.6) - restriction: || (== net461) (&& (== net5.0-windows7.0) (>= net452)) (&& (== net50) (>= net452)) (&& (== netstandard2.0) (>= net452)) (&& (== netstandard2.1) (>= net452))
      DevExpress.ExpressApp.Web (20.2.6) - restriction: || (== net461) (&& (== net5.0-windows7.0) (>= net452)) (&& (== net50) (>= net452)) (&& (== netstandard2.0) (>= net452)) (&& (== netstandard2.1) (>= net452))
      DevExpress.PivotGrid.Core (20.2.6) - restriction: || (== net461) (&& (== net5.0-windows7.0) (>= net452)) (&& (== net50) (>= net452)) (&& (== netstandard2.0) (>= net452)) (&& (== netstandard2.1) (>= net452))
      DevExpress.Web (20.2.6) - restriction: || (== net461) (&& (== net5.0-windows7.0) (>= net452)) (&& (== net50) (>= net452)) (&& (== netstandard2.0) (>= net452)) (&& (== netstandard2.1) (>= net452))
      DevExpress.Web.Visualization (20.2.6) - restriction: || (== net461) (&& (== net5.0-windows7.0) (>= net452)) (&& (== net50) (>= net452)) (&& (== netstandard2.0) (>= net452)) (&& (== netstandard2.1) (>= net452))
    DevExpress.ExpressApp.PivotGrid.Win (20.2.6) - restriction: || (== net461) (&& (== net5.0-windows7.0) (>= net452)) (&& (== net50) (>= net452)) (&& (== netstandard2.0) (>= net452)) (&& (== netstandard2.1) (>= net452))
      DevExpress.Charts (20.2.6) - restriction: || (== net461) (&& (== net5.0-windows7.0) (>= net452)) (&& (== net50) (>= net452)) (&& (== netstandard2.0) (>= net452)) (&& (== netstandard2.1) (>= net452))
      DevExpress.Data (20.2.6) - restriction: || (== net461) (&& (== net5.0-windows7.0) (>= net452)) (&& (== net50) (>= net452)) (&& (== netstandard2.0) (>= net452)) (&& (== netstandard2.1) (>= net452))
      DevExpress.ExpressApp (20.2.6) - restriction: || (== net461) (&& (== net5.0-windows7.0) (>= net452)) (&& (== net50) (>= net452)) (&& (== netstandard2.0) (>= net452)) (&& (== netstandard2.1) (>= net452))
      DevExpress.ExpressApp.PivotGrid (20.2.6) - restriction: || (== net461) (&& (== net5.0-windows7.0) (>= net452)) (&& (== net50) (>= net452)) (&& (== netstandard2.0) (>= net452)) (&& (== netstandard2.1) (>= net452))
      DevExpress.ExpressApp.Win (20.2.6) - restriction: || (== net461) (&& (== net5.0-windows7.0) (>= net452)) (&& (== net50) (>= net452)) (&& (== netstandard2.0) (>= net452)) (&& (== netstandard2.1) (>= net452))
      DevExpress.PivotGrid.Core (20.2.6) - restriction: || (== net461) (&& (== net5.0-windows7.0) (>= net452)) (&& (== net50) (>= net452)) (&& (== netstandard2.0) (>= net452)) (&& (== netstandard2.1) (>= net452))
      DevExpress.Utils (20.2.6) - restriction: || (== net461) (&& (== net5.0-windows7.0) (>= net452)) (&& (== net50) (>= net452)) (&& (== netstandard2.0) (>= net452)) (&& (== netstandard2.1) (>= net452))
      DevExpress.Win.Charts (20.2.6) - restriction: || (== net461) (&& (== net5.0-windows7.0) (>= net452)) (&& (== net50) (>= net452)) (&& (== netstandard2.0) (>= net452)) (&& (== netstandard2.1) (>= net452))
      DevExpress.Win.Navigation (20.2.6) - restriction: || (== net461) (&& (== net5.0-windows7.0) (>= net452)) (&& (== net50) (>= net452)) (&& (== netstandard2.0) (>= net452)) (&& (== netstandard2.1) (>= net452))
      DevExpress.Win.PivotGrid (20.2.6) - restriction: || (== net461) (&& (== net5.0-windows7.0) (>= net452)) (&& (== net50) (>= net452)) (&& (== netstandard2.0) (>= net452)) (&& (== netstandard2.1) (>= net452))
    DevExpress.ExpressApp.ReportsV2 (20.2.6)
      DevExpress.Data (20.2.6)
      DevExpress.ExpressApp (20.2.6)
      DevExpress.Persistent.Base (20.2.6)
      DevExpress.Printing.Core (20.2.6)
      DevExpress.Reporting.Core (20.2.6)
      NETStandard.Library (>= 2.0.3) - restriction: || (&& (== net461) (< net452) (>= netstandard2.0)) (== net5.0-windows7.0) (== net50) (== netstandard2.0) (== netstandard2.1)
      System.Drawing.Common (>= 4.5) - restriction: || (&& (== net461) (< net452) (>= netstandard2.0)) (== net5.0-windows7.0) (== net50) (== netstandard2.0) (== netstandard2.1)
    DevExpress.ExpressApp.ReportsV2.Blazor (20.2.6) - restriction: || (&& (== net461) (>= netstandard2.1)) (== net5.0-windows7.0) (== net50) (&& (== netstandard2.0) (>= netstandard2.1)) (== netstandard2.1)
      DevExpress.Blazor.Reporting (20.2.6) - restriction: || (&& (== net461) (>= netstandard2.1)) (== net5.0-windows7.0) (== net50) (&& (== netstandard2.0) (>= netstandard2.1)) (== netstandard2.1)
      DevExpress.Data (20.2.6) - restriction: || (&& (== net461) (>= netstandard2.1)) (== net5.0-windows7.0) (== net50) (&& (== netstandard2.0) (>= netstandard2.1)) (== netstandard2.1)
      DevExpress.DataAccess (20.2.6) - restriction: || (&& (== net461) (>= netstandard2.1)) (== net5.0-windows7.0) (== net50) (&& (== netstandard2.0) (>= netstandard2.1)) (== netstandard2.1)
      DevExpress.ExpressApp (20.2.6) - restriction: || (&& (== net461) (>= netstandard2.1)) (== net5.0-windows7.0) (== net50) (&& (== netstandard2.0) (>= netstandard2.1)) (== netstandard2.1)
      DevExpress.ExpressApp.Blazor (20.2.6) - restriction: || (&& (== net461) (>= netstandard2.1)) (== net5.0-windows7.0) (== net50) (&& (== netstandard2.0) (>= netstandard2.1)) (== netstandard2.1)
      DevExpress.ExpressApp.ReportsV2 (20.2.6) - restriction: || (&& (== net461) (>= netstandard2.1)) (== net5.0-windows7.0) (== net50) (&& (== netstandard2.0) (>= netstandard2.1)) (== netstandard2.1)
      DevExpress.Persistent.Base (20.2.6) - restriction: || (&& (== net461) (>= netstandard2.1)) (== net5.0-windows7.0) (== net50) (&& (== netstandard2.0) (>= netstandard2.1)) (== netstandard2.1)
      DevExpress.Printing.Core (20.2.6) - restriction: || (&& (== net461) (>= netstandard2.1)) (== net5.0-windows7.0) (== net50) (&& (== netstandard2.0) (>= netstandard2.1)) (== netstandard2.1)
      DevExpress.Reporting.Core (20.2.6) - restriction: || (&& (== net461) (>= netstandard2.1)) (== net5.0-windows7.0) (== net50) (&& (== netstandard2.0) (>= netstandard2.1)) (== netstandard2.1)
      DevExpress.Web.Reporting.Common (20.2.6) - restriction: || (&& (== net461) (>= netstandard2.1)) (== net5.0-windows7.0) (== net50) (&& (== netstandard2.0) (>= netstandard2.1)) (== netstandard2.1)
      Microsoft.AspNetCore.Components (>= 3.1.7) - restriction: || (&& (== net461) (>= netstandard2.1)) (== net5.0-windows7.0) (== net50) (&& (== netstandard2.0) (>= netstandard2.1)) (== netstandard2.1)
      Microsoft.AspNetCore.Components.Web (>= 3.1.7) - restriction: || (&& (== net461) (>= netstandard2.1)) (== net5.0-windows7.0) (== net50) (&& (== netstandard2.0) (>= netstandard2.1)) (== netstandard2.1)
    DevExpress.ExpressApp.ReportsV2.Web (20.2.6) - restriction: || (== net461) (&& (== net5.0-windows7.0) (>= net452)) (&& (== net50) (>= net452)) (&& (== netstandard2.0) (>= net452)) (&& (== netstandard2.1) (>= net452))
      DevExpress.Data (20.2.6) - restriction: || (== net461) (&& (== net5.0-windows7.0) (>= net452)) (&& (== net50) (>= net452)) (&& (== netstandard2.0) (>= net452)) (&& (== netstandard2.1) (>= net452))
      DevExpress.ExpressApp (20.2.6) - restriction: || (== net461) (&& (== net5.0-windows7.0) (>= net452)) (&& (== net50) (>= net452)) (&& (== netstandard2.0) (>= net452)) (&& (== netstandard2.1) (>= net452))
      DevExpress.ExpressApp.ReportsV2 (20.2.6) - restriction: || (== net461) (&& (== net5.0-windows7.0) (>= net452)) (&& (== net50) (>= net452)) (&& (== netstandard2.0) (>= net452)) (&& (== netstandard2.1) (>= net452))
      DevExpress.ExpressApp.Web (20.2.6) - restriction: || (== net461) (&& (== net5.0-windows7.0) (>= net452)) (&& (== net50) (>= net452)) (&& (== netstandard2.0) (>= net452)) (&& (== netstandard2.1) (>= net452))
      DevExpress.Persistent.Base (20.2.6) - restriction: || (== net461) (&& (== net5.0-windows7.0) (>= net452)) (&& (== net50) (>= net452)) (&& (== netstandard2.0) (>= net452)) (&& (== netstandard2.1) (>= net452))
      DevExpress.Printing.Core (20.2.6) - restriction: || (== net461) (&& (== net5.0-windows7.0) (>= net452)) (&& (== net50) (>= net452)) (&& (== netstandard2.0) (>= net452)) (&& (== netstandard2.1) (>= net452))
      DevExpress.Reporting.Core (20.2.6) - restriction: || (== net461) (&& (== net5.0-windows7.0) (>= net452)) (&& (== net50) (>= net452)) (&& (== netstandard2.0) (>= net452)) (&& (== netstandard2.1) (>= net452))
      DevExpress.Web (20.2.6) - restriction: || (== net461) (&& (== net5.0-windows7.0) (>= net452)) (&& (== net50) (>= net452)) (&& (== netstandard2.0) (>= net452)) (&& (== netstandard2.1) (>= net452))
      DevExpress.Web.Reporting (20.2.6) - restriction: || (== net461) (&& (== net5.0-windows7.0) (>= net452)) (&& (== net50) (>= net452)) (&& (== netstandard2.0) (>= net452)) (&& (== netstandard2.1) (>= net452))
      DevExpress.Web.Reporting.Common (20.2.6) - restriction: || (== net461) (&& (== net5.0-windows7.0) (>= net452)) (&& (== net50) (>= net452)) (&& (== netstandard2.0) (>= net452)) (&& (== netstandard2.1) (>= net452))
    DevExpress.ExpressApp.ReportsV2.Win (20.2.6) - restriction: || (== net461) (&& (== net5.0-windows7.0) (>= net452)) (&& (== net50) (>= net452)) (&& (== netstandard2.0) (>= net452)) (&& (== netstandard2.1) (>= net452))
      DevExpress.Data (20.2.6) - restriction: || (== net461) (&& (== net5.0-windows7.0) (>= net452)) (&& (== net50) (>= net452)) (&& (== netstandard2.0) (>= net452)) (&& (== netstandard2.1) (>= net452))
      DevExpress.DataAccess (20.2.6) - restriction: || (== net461) (&& (== net5.0-windows7.0) (>= net452)) (&& (== net50) (>= net452)) (&& (== netstandard2.0) (>= net452)) (&& (== netstandard2.1) (>= net452))
      DevExpress.DataAccess.UI (20.2.6) - restriction: || (== net461) (&& (== net5.0-windows7.0) (>= net452)) (&& (== net50) (>= net452)) (&& (== netstandard2.0) (>= net452)) (&& (== netstandard2.1) (>= net452))
      DevExpress.ExpressApp (20.2.6) - restriction: || (== net461) (&& (== net5.0-windows7.0) (>= net452)) (&& (== net50) (>= net452)) (&& (== netstandard2.0) (>= net452)) (&& (== netstandard2.1) (>= net452))
      DevExpress.ExpressApp.ReportsV2 (20.2.6) - restriction: || (== net461) (&& (== net5.0-windows7.0) (>= net452)) (&& (== net50) (>= net452)) (&& (== netstandard2.0) (>= net452)) (&& (== netstandard2.1) (>= net452))
      DevExpress.ExpressApp.Win (20.2.6) - restriction: || (== net461) (&& (== net5.0-windows7.0) (>= net452)) (&& (== net50) (>= net452)) (&& (== netstandard2.0) (>= net452)) (&& (== netstandard2.1) (>= net452))
      DevExpress.Persistent.Base (20.2.6) - restriction: || (== net461) (&& (== net5.0-windows7.0) (>= net452)) (&& (== net50) (>= net452)) (&& (== netstandard2.0) (>= net452)) (&& (== netstandard2.1) (>= net452))
      DevExpress.Printing.Core (20.2.6) - restriction: || (== net461) (&& (== net5.0-windows7.0) (>= net452)) (&& (== net50) (>= net452)) (&& (== netstandard2.0) (>= net452)) (&& (== netstandard2.1) (>= net452))
      DevExpress.Reporting.Core (20.2.6) - restriction: || (== net461) (&& (== net5.0-windows7.0) (>= net452)) (&& (== net50) (>= net452)) (&& (== netstandard2.0) (>= net452)) (&& (== netstandard2.1) (>= net452))
      DevExpress.Utils (20.2.6) - restriction: || (== net461) (&& (== net5.0-windows7.0) (>= net452)) (&& (== net50) (>= net452)) (&& (== netstandard2.0) (>= net452)) (&& (== netstandard2.1) (>= net452))
      DevExpress.Utils.UI (20.2.6) - restriction: || (== net461) (&& (== net5.0-windows7.0) (>= net452)) (&& (== net50) (>= net452)) (&& (== netstandard2.0) (>= net452)) (&& (== netstandard2.1) (>= net452))
      DevExpress.Win.Grid (20.2.6) - restriction: || (== net461) (&& (== net5.0-windows7.0) (>= net452)) (&& (== net50) (>= net452)) (&& (== netstandard2.0) (>= net452)) (&& (== netstandard2.1) (>= net452))
      DevExpress.Win.Navigation (20.2.6) - restriction: || (== net461) (&& (== net5.0-windows7.0) (>= net452)) (&& (== net50) (>= net452)) (&& (== netstandard2.0) (>= net452)) (&& (== netstandard2.1) (>= net452))
      DevExpress.Win.Printing (20.2.6) - restriction: || (== net461) (&& (== net5.0-windows7.0) (>= net452)) (&& (== net50) (>= net452)) (&& (== netstandard2.0) (>= net452)) (&& (== netstandard2.1) (>= net452))
      DevExpress.Win.Reporting (20.2.6) - restriction: || (== net461) (&& (== net5.0-windows7.0) (>= net452)) (&& (== net50) (>= net452)) (&& (== netstandard2.0) (>= net452)) (&& (== netstandard2.1) (>= net452))
      DevExpress.Win.TreeList (20.2.6) - restriction: || (== net461) (&& (== net5.0-windows7.0) (>= net452)) (&& (== net50) (>= net452)) (&& (== netstandard2.0) (>= net452)) (&& (== netstandard2.1) (>= net452))
    DevExpress.ExpressApp.Scheduler (20.2.6) - restriction: || (== net461) (&& (== net5.0-windows7.0) (>= net452)) (&& (== net50) (>= net452)) (&& (== netstandard2.0) (>= net452)) (&& (== netstandard2.1) (>= net452))
      DevExpress.Data (20.2.6) - restriction: || (== net461) (&& (== net5.0-windows7.0) (>= net452)) (&& (== net50) (>= net452)) (&& (== netstandard2.0) (>= net452)) (&& (== netstandard2.1) (>= net452))
      DevExpress.ExpressApp (20.2.6) - restriction: || (== net461) (&& (== net5.0-windows7.0) (>= net452)) (&& (== net50) (>= net452)) (&& (== netstandard2.0) (>= net452)) (&& (== netstandard2.1) (>= net452))
      DevExpress.Persistent.Base (20.2.6) - restriction: || (== net461) (&& (== net5.0-windows7.0) (>= net452)) (&& (== net50) (>= net452)) (&& (== netstandard2.0) (>= net452)) (&& (== netstandard2.1) (>= net452))
      DevExpress.Scheduler.Core (20.2.6) - restriction: || (== net461) (&& (== net5.0-windows7.0) (>= net452)) (&& (== net50) (>= net452)) (&& (== netstandard2.0) (>= net452)) (&& (== netstandard2.1) (>= net452))
      DevExpress.Scheduler.CoreDesktop (20.2.6) - restriction: || (== net461) (&& (== net5.0-windows7.0) (>= net452)) (&& (== net50) (>= net452)) (&& (== netstandard2.0) (>= net452)) (&& (== netstandard2.1) (>= net452))
    DevExpress.ExpressApp.Scheduler.Web (20.2.6) - restriction: || (== net461) (&& (== net5.0-windows7.0) (>= net452)) (&& (== net50) (>= net452)) (&& (== netstandard2.0) (>= net452)) (&& (== netstandard2.1) (>= net452))
      DevExpress.Data (20.2.6) - restriction: || (== net461) (&& (== net5.0-windows7.0) (>= net452)) (&& (== net50) (>= net452)) (&& (== netstandard2.0) (>= net452)) (&& (== netstandard2.1) (>= net452))
      DevExpress.ExpressApp (20.2.6) - restriction: || (== net461) (&& (== net5.0-windows7.0) (>= net452)) (&& (== net50) (>= net452)) (&& (== netstandard2.0) (>= net452)) (&& (== netstandard2.1) (>= net452))
      DevExpress.ExpressApp.Scheduler (20.2.6) - restriction: || (== net461) (&& (== net5.0-windows7.0) (>= net452)) (&& (== net50) (>= net452)) (&& (== netstandard2.0) (>= net452)) (&& (== netstandard2.1) (>= net452))
      DevExpress.ExpressApp.Web (20.2.6) - restriction: || (== net461) (&& (== net5.0-windows7.0) (>= net452)) (&& (== net50) (>= net452)) (&& (== netstandard2.0) (>= net452)) (&& (== netstandard2.1) (>= net452))
      DevExpress.Persistent.Base (20.2.6) - restriction: || (== net461) (&& (== net5.0-windows7.0) (>= net452)) (&& (== net50) (>= net452)) (&& (== netstandard2.0) (>= net452)) (&& (== netstandard2.1) (>= net452))
      DevExpress.Scheduler.Core (20.2.6) - restriction: || (== net461) (&& (== net5.0-windows7.0) (>= net452)) (&& (== net50) (>= net452)) (&& (== netstandard2.0) (>= net452)) (&& (== netstandard2.1) (>= net452))
      DevExpress.Scheduler.CoreDesktop (20.2.6) - restriction: || (== net461) (&& (== net5.0-windows7.0) (>= net452)) (&& (== net50) (>= net452)) (&& (== netstandard2.0) (>= net452)) (&& (== netstandard2.1) (>= net452))
      DevExpress.Web (20.2.6) - restriction: || (== net461) (&& (== net5.0-windows7.0) (>= net452)) (&& (== net50) (>= net452)) (&& (== netstandard2.0) (>= net452)) (&& (== netstandard2.1) (>= net452))
      DevExpress.Web.Scheduler (20.2.6) - restriction: || (== net461) (&& (== net5.0-windows7.0) (>= net452)) (&& (== net50) (>= net452)) (&& (== netstandard2.0) (>= net452)) (&& (== netstandard2.1) (>= net452))
    DevExpress.ExpressApp.Scheduler.Win (20.2.6) - restriction: || (== net461) (&& (== net5.0-windows7.0) (>= net452)) (&& (== net50) (>= net452)) (&& (== netstandard2.0) (>= net452)) (&& (== netstandard2.1) (>= net452))
      DevExpress.Data (20.2.6) - restriction: || (== net461) (&& (== net5.0-windows7.0) (>= net452)) (&& (== net50) (>= net452)) (&& (== netstandard2.0) (>= net452)) (&& (== netstandard2.1) (>= net452))
      DevExpress.ExpressApp (20.2.6) - restriction: || (== net461) (&& (== net5.0-windows7.0) (>= net452)) (&& (== net50) (>= net452)) (&& (== netstandard2.0) (>= net452)) (&& (== netstandard2.1) (>= net452))
      DevExpress.ExpressApp.Scheduler (20.2.6) - restriction: || (== net461) (&& (== net5.0-windows7.0) (>= net452)) (&& (== net50) (>= net452)) (&& (== netstandard2.0) (>= net452)) (&& (== netstandard2.1) (>= net452))
      DevExpress.ExpressApp.Win (20.2.6) - restriction: || (== net461) (&& (== net5.0-windows7.0) (>= net452)) (&& (== net50) (>= net452)) (&& (== netstandard2.0) (>= net452)) (&& (== netstandard2.1) (>= net452))
      DevExpress.Persistent.Base (20.2.6) - restriction: || (== net461) (&& (== net5.0-windows7.0) (>= net452)) (&& (== net50) (>= net452)) (&& (== netstandard2.0) (>= net452)) (&& (== netstandard2.1) (>= net452))
      DevExpress.Scheduler.Core (20.2.6) - restriction: || (== net461) (&& (== net5.0-windows7.0) (>= net452)) (&& (== net50) (>= net452)) (&& (== netstandard2.0) (>= net452)) (&& (== netstandard2.1) (>= net452))
      DevExpress.Scheduler.CoreDesktop (20.2.6) - restriction: || (== net461) (&& (== net5.0-windows7.0) (>= net452)) (&& (== net50) (>= net452)) (&& (== netstandard2.0) (>= net452)) (&& (== netstandard2.1) (>= net452))
      DevExpress.Utils (20.2.6) - restriction: || (== net461) (&& (== net5.0-windows7.0) (>= net452)) (&& (== net50) (>= net452)) (&& (== netstandard2.0) (>= net452)) (&& (== netstandard2.1) (>= net452))
      DevExpress.Win.Navigation (20.2.6) - restriction: || (== net461) (&& (== net5.0-windows7.0) (>= net452)) (&& (== net50) (>= net452)) (&& (== netstandard2.0) (>= net452)) (&& (== netstandard2.1) (>= net452))
      DevExpress.Win.Scheduler (20.2.6) - restriction: || (== net461) (&& (== net5.0-windows7.0) (>= net452)) (&& (== net50) (>= net452)) (&& (== netstandard2.0) (>= net452)) (&& (== netstandard2.1) (>= net452))
    DevExpress.ExpressApp.ScriptRecorder (20.2.6)
      DevExpress.ExpressApp (20.2.6)
      NETStandard.Library (>= 2.0.3) - restriction: || (&& (== net461) (< net452) (>= netstandard2.0)) (== net5.0-windows7.0) (== net50) (== netstandard2.0) (== netstandard2.1)
      System.Drawing.Common (>= 4.5) - restriction: || (&& (== net461) (< net452) (>= netstandard2.0)) (== net5.0-windows7.0) (== net50) (== netstandard2.0) (== netstandard2.1)
    DevExpress.ExpressApp.ScriptRecorder.Web (20.2.6) - restriction: || (== net461) (&& (== net5.0-windows7.0) (>= net452)) (&& (== net50) (>= net452)) (&& (== netstandard2.0) (>= net452)) (&& (== netstandard2.1) (>= net452))
      DevExpress.Data (20.2.6) - restriction: || (== net461) (&& (== net5.0-windows7.0) (>= net452)) (&& (== net50) (>= net452)) (&& (== netstandard2.0) (>= net452)) (&& (== netstandard2.1) (>= net452))
      DevExpress.ExpressApp (20.2.6) - restriction: || (== net461) (&& (== net5.0-windows7.0) (>= net452)) (&& (== net50) (>= net452)) (&& (== netstandard2.0) (>= net452)) (&& (== netstandard2.1) (>= net452))
      DevExpress.ExpressApp.ScriptRecorder (20.2.6) - restriction: || (== net461) (&& (== net5.0-windows7.0) (>= net452)) (&& (== net50) (>= net452)) (&& (== netstandard2.0) (>= net452)) (&& (== netstandard2.1) (>= net452))
      DevExpress.ExpressApp.Web (20.2.6) - restriction: || (== net461) (&& (== net5.0-windows7.0) (>= net452)) (&& (== net50) (>= net452)) (&& (== netstandard2.0) (>= net452)) (&& (== netstandard2.1) (>= net452))
    DevExpress.ExpressApp.ScriptRecorder.Win (20.2.6) - restriction: || (== net461) (&& (== net5.0-windows7.0) (>= net452)) (&& (== net50) (>= net452)) (&& (== netstandard2.0) (>= net452)) (&& (== netstandard2.1) (>= net452))
      DevExpress.Data (20.2.6) - restriction: || (== net461) (&& (== net5.0-windows7.0) (>= net452)) (&& (== net50) (>= net452)) (&& (== netstandard2.0) (>= net452)) (&& (== netstandard2.1) (>= net452))
      DevExpress.ExpressApp (20.2.6) - restriction: || (== net461) (&& (== net5.0-windows7.0) (>= net452)) (&& (== net50) (>= net452)) (&& (== netstandard2.0) (>= net452)) (&& (== netstandard2.1) (>= net452))
      DevExpress.ExpressApp.ScriptRecorder (20.2.6) - restriction: || (== net461) (&& (== net5.0-windows7.0) (>= net452)) (&& (== net50) (>= net452)) (&& (== netstandard2.0) (>= net452)) (&& (== netstandard2.1) (>= net452))
      DevExpress.ExpressApp.Win (20.2.6) - restriction: || (== net461) (&& (== net5.0-windows7.0) (>= net452)) (&& (== net50) (>= net452)) (&& (== netstandard2.0) (>= net452)) (&& (== netstandard2.1) (>= net452))
      DevExpress.Utils (20.2.6) - restriction: || (== net461) (&& (== net5.0-windows7.0) (>= net452)) (&& (== net50) (>= net452)) (&& (== netstandard2.0) (>= net452)) (&& (== netstandard2.1) (>= net452))
      DevExpress.Win.Navigation (20.2.6) - restriction: || (== net461) (&& (== net5.0-windows7.0) (>= net452)) (&& (== net50) (>= net452)) (&& (== netstandard2.0) (>= net452)) (&& (== netstandard2.1) (>= net452))
    DevExpress.ExpressApp.Security (20.2.6)
      DevExpress.Data (20.2.6)
      DevExpress.ExpressApp (20.2.6)
      DevExpress.Persistent.Base (20.2.6)
      Microsoft.Extensions.Options (>= 3.1.5) - restriction: || (&& (== net461) (< net452) (>= netstandard2.0)) (== net5.0-windows7.0) (== net50) (== netstandard2.0) (== netstandard2.1)
      NETStandard.Library (>= 2.0.3) - restriction: || (&& (== net461) (< net452) (>= netstandard2.0)) (== net5.0-windows7.0) (== net50) (== netstandard2.0) (== netstandard2.1)
      System.Drawing.Common (>= 4.5) - restriction: || (&& (== net461) (< net452) (>= netstandard2.0)) (== net5.0-windows7.0) (== net50) (== netstandard2.0) (== netstandard2.1)
      System.Security.Permissions (>= 4.5) - restriction: || (&& (== net461) (< net452) (>= netstandard2.0)) (== net5.0-windows7.0) (== net50) (== netstandard2.0) (== netstandard2.1)
    DevExpress.ExpressApp.Security.Xpo (20.2.6)
      DevExpress.Data (20.2.6)
      DevExpress.ExpressApp (20.2.6)
      DevExpress.ExpressApp.Security (20.2.6)
      DevExpress.ExpressApp.Xpo (20.2.6)
      DevExpress.Persistent.Base (20.2.6)
      DevExpress.Xpo (20.2.6)
      NETStandard.Library (>= 2.0.3) - restriction: || (&& (== net461) (< net452) (>= netstandard2.0)) (== net5.0-windows7.0) (== net50) (== netstandard2.0) (== netstandard2.1)
      System.ServiceModel.Http (>= 4.6) - restriction: || (&& (== net461) (< net452) (>= netstandard2.0)) (== net5.0-windows7.0) (== net50) (== netstandard2.0) (== netstandard2.1)
      System.ServiceModel.NetTcp (>= 4.6) - restriction: || (&& (== net461) (< net452) (>= netstandard2.0)) (== net5.0-windows7.0) (== net50) (== netstandard2.0) (== netstandard2.1)
      System.ServiceModel.Primitives (>= 4.6) - restriction: || (&& (== net461) (< net452) (>= netstandard2.0)) (== net5.0-windows7.0) (== net50) (== netstandard2.0) (== netstandard2.1)
    DevExpress.ExpressApp.StateMachine (20.2.6)
      DevExpress.Data (20.2.6)
      DevExpress.ExpressApp (20.2.6)
      DevExpress.ExpressApp.ConditionalAppearance (20.2.6)
      DevExpress.ExpressApp.Validation (20.2.6)
      DevExpress.Persistent.Base (20.2.6)
      NETStandard.Library (>= 2.0.3) - restriction: || (&& (== net461) (< net452) (>= netstandard2.0)) (== net5.0-windows7.0) (== net50) (== netstandard2.0) (== netstandard2.1)
      System.Drawing.Common (>= 4.5) - restriction: || (&& (== net461) (< net452) (>= netstandard2.0)) (== net5.0-windows7.0) (== net50) (== netstandard2.0) (== netstandard2.1)
    DevExpress.ExpressApp.TreeListEditors (20.2.6)
      DevExpress.Data (20.2.6)
      DevExpress.ExpressApp (20.2.6)
      DevExpress.Persistent.Base (20.2.6)
      NETStandard.Library (>= 2.0.3) - restriction: || (&& (== net461) (< net452) (>= netstandard2.0)) (== net5.0-windows7.0) (== net50) (== netstandard2.0) (== netstandard2.1)
      System.Drawing.Common (>= 4.5) - restriction: || (&& (== net461) (< net452) (>= netstandard2.0)) (== net5.0-windows7.0) (== net50) (== netstandard2.0) (== netstandard2.1)
    DevExpress.ExpressApp.TreeListEditors.Web (20.2.6) - restriction: || (== net461) (&& (== net5.0-windows7.0) (>= net452)) (&& (== net50) (>= net452)) (&& (== netstandard2.0) (>= net452)) (&& (== netstandard2.1) (>= net452))
      DevExpress.Data (20.2.6) - restriction: || (== net461) (&& (== net5.0-windows7.0) (>= net452)) (&& (== net50) (>= net452)) (&& (== netstandard2.0) (>= net452)) (&& (== netstandard2.1) (>= net452))
      DevExpress.ExpressApp (20.2.6) - restriction: || (== net461) (&& (== net5.0-windows7.0) (>= net452)) (&& (== net50) (>= net452)) (&& (== netstandard2.0) (>= net452)) (&& (== netstandard2.1) (>= net452))
      DevExpress.ExpressApp.TreeListEditors (20.2.6) - restriction: || (== net461) (&& (== net5.0-windows7.0) (>= net452)) (&& (== net50) (>= net452)) (&& (== netstandard2.0) (>= net452)) (&& (== netstandard2.1) (>= net452))
      DevExpress.ExpressApp.Web (20.2.6) - restriction: || (== net461) (&& (== net5.0-windows7.0) (>= net452)) (&& (== net50) (>= net452)) (&& (== netstandard2.0) (>= net452)) (&& (== netstandard2.1) (>= net452))
      DevExpress.Persistent.Base (20.2.6) - restriction: || (== net461) (&& (== net5.0-windows7.0) (>= net452)) (&& (== net50) (>= net452)) (&& (== netstandard2.0) (>= net452)) (&& (== netstandard2.1) (>= net452))
      DevExpress.Web (20.2.6) - restriction: || (== net461) (&& (== net5.0-windows7.0) (>= net452)) (&& (== net50) (>= net452)) (&& (== netstandard2.0) (>= net452)) (&& (== netstandard2.1) (>= net452))
    DevExpress.ExpressApp.TreeListEditors.Win (20.2.6) - restriction: || (== net461) (&& (== net5.0-windows7.0) (>= net452)) (&& (== net50) (>= net452)) (&& (== netstandard2.0) (>= net452)) (&& (== netstandard2.1) (>= net452))
      DevExpress.Data (20.2.6) - restriction: || (== net461) (&& (== net5.0-windows7.0) (>= net452)) (&& (== net50) (>= net452)) (&& (== netstandard2.0) (>= net452)) (&& (== netstandard2.1) (>= net452))
      DevExpress.ExpressApp (20.2.6) - restriction: || (== net461) (&& (== net5.0-windows7.0) (>= net452)) (&& (== net50) (>= net452)) (&& (== netstandard2.0) (>= net452)) (&& (== netstandard2.1) (>= net452))
      DevExpress.ExpressApp.TreeListEditors (20.2.6) - restriction: || (== net461) (&& (== net5.0-windows7.0) (>= net452)) (&& (== net50) (>= net452)) (&& (== netstandard2.0) (>= net452)) (&& (== netstandard2.1) (>= net452))
      DevExpress.ExpressApp.Win (20.2.6) - restriction: || (== net461) (&& (== net5.0-windows7.0) (>= net452)) (&& (== net50) (>= net452)) (&& (== netstandard2.0) (>= net452)) (&& (== netstandard2.1) (>= net452))
      DevExpress.Persistent.Base (20.2.6) - restriction: || (== net461) (&& (== net5.0-windows7.0) (>= net452)) (&& (== net50) (>= net452)) (&& (== netstandard2.0) (>= net452)) (&& (== netstandard2.1) (>= net452))
      DevExpress.Utils (20.2.6) - restriction: || (== net461) (&& (== net5.0-windows7.0) (>= net452)) (&& (== net50) (>= net452)) (&& (== netstandard2.0) (>= net452)) (&& (== netstandard2.1) (>= net452))
      DevExpress.Win.Navigation (20.2.6) - restriction: || (== net461) (&& (== net5.0-windows7.0) (>= net452)) (&& (== net50) (>= net452)) (&& (== netstandard2.0) (>= net452)) (&& (== netstandard2.1) (>= net452))
      DevExpress.Win.TreeList (20.2.6) - restriction: || (== net461) (&& (== net5.0-windows7.0) (>= net452)) (&& (== net50) (>= net452)) (&& (== netstandard2.0) (>= net452)) (&& (== netstandard2.1) (>= net452))
    DevExpress.ExpressApp.Validation (20.2.6)
      DevExpress.Data (20.2.6)
      DevExpress.ExpressApp (20.2.6)
      DevExpress.Persistent.Base (20.2.6)
      NETStandard.Library (>= 2.0.3) - restriction: || (&& (== net461) (< net452) (>= netstandard2.0)) (== net5.0-windows7.0) (== net50) (== netstandard2.0) (== netstandard2.1)
      System.Drawing.Common (>= 4.5) - restriction: || (&& (== net461) (< net452) (>= netstandard2.0)) (== net5.0-windows7.0) (== net50) (== netstandard2.0) (== netstandard2.1)
    DevExpress.ExpressApp.Validation.Blazor (20.2.6) - restriction: || (&& (== net461) (>= netstandard2.1)) (== net5.0-windows7.0) (== net50) (&& (== netstandard2.0) (>= netstandard2.1)) (== netstandard2.1)
      DevExpress.Data (20.2.6) - restriction: || (&& (== net461) (>= netstandard2.1)) (== net5.0-windows7.0) (== net50) (&& (== netstandard2.0) (>= netstandard2.1)) (== netstandard2.1)
      DevExpress.ExpressApp (20.2.6) - restriction: || (&& (== net461) (>= netstandard2.1)) (== net5.0-windows7.0) (== net50) (&& (== netstandard2.0) (>= netstandard2.1)) (== netstandard2.1)
      DevExpress.ExpressApp.Blazor (20.2.6) - restriction: || (&& (== net461) (>= netstandard2.1)) (== net5.0-windows7.0) (== net50) (&& (== netstandard2.0) (>= netstandard2.1)) (== netstandard2.1)
      DevExpress.ExpressApp.Validation (20.2.6) - restriction: || (&& (== net461) (>= netstandard2.1)) (== net5.0-windows7.0) (== net50) (&& (== netstandard2.0) (>= netstandard2.1)) (== netstandard2.1)
      DevExpress.Persistent.Base (20.2.6) - restriction: || (&& (== net461) (>= netstandard2.1)) (== net5.0-windows7.0) (== net50) (&& (== netstandard2.0) (>= netstandard2.1)) (== netstandard2.1)
      Microsoft.AspNetCore.Components (>= 3.1.7) - restriction: || (&& (== net461) (>= netstandard2.1)) (== net5.0-windows7.0) (== net50) (&& (== netstandard2.0) (>= netstandard2.1)) (== netstandard2.1)
      Microsoft.AspNetCore.Components.Web (>= 3.1.7) - restriction: || (&& (== net461) (>= netstandard2.1)) (== net5.0-windows7.0) (== net50) (&& (== netstandard2.0) (>= netstandard2.1)) (== netstandard2.1)
      System.Drawing.Common (>= 4.6) - restriction: || (&& (== net461) (>= netstandard2.1)) (== net5.0-windows7.0) (== net50) (&& (== netstandard2.0) (>= netstandard2.1)) (== netstandard2.1)
    DevExpress.ExpressApp.Validation.Web (20.2.6) - restriction: || (== net461) (&& (== net5.0-windows7.0) (>= net452)) (&& (== net50) (>= net452)) (&& (== netstandard2.0) (>= net452)) (&& (== netstandard2.1) (>= net452))
      DevExpress.Data (20.2.6) - restriction: || (== net461) (&& (== net5.0-windows7.0) (>= net452)) (&& (== net50) (>= net452)) (&& (== netstandard2.0) (>= net452)) (&& (== netstandard2.1) (>= net452))
      DevExpress.ExpressApp (20.2.6) - restriction: || (== net461) (&& (== net5.0-windows7.0) (>= net452)) (&& (== net50) (>= net452)) (&& (== netstandard2.0) (>= net452)) (&& (== netstandard2.1) (>= net452))
      DevExpress.ExpressApp.Validation (20.2.6) - restriction: || (== net461) (&& (== net5.0-windows7.0) (>= net452)) (&& (== net50) (>= net452)) (&& (== netstandard2.0) (>= net452)) (&& (== netstandard2.1) (>= net452))
      DevExpress.ExpressApp.Web (20.2.6) - restriction: || (== net461) (&& (== net5.0-windows7.0) (>= net452)) (&& (== net50) (>= net452)) (&& (== netstandard2.0) (>= net452)) (&& (== netstandard2.1) (>= net452))
      DevExpress.Persistent.Base (20.2.6) - restriction: || (== net461) (&& (== net5.0-windows7.0) (>= net452)) (&& (== net50) (>= net452)) (&& (== netstandard2.0) (>= net452)) (&& (== netstandard2.1) (>= net452))
      DevExpress.Web (20.2.6) - restriction: || (== net461) (&& (== net5.0-windows7.0) (>= net452)) (&& (== net50) (>= net452)) (&& (== netstandard2.0) (>= net452)) (&& (== netstandard2.1) (>= net452))
    DevExpress.ExpressApp.Validation.Win (20.2.6) - restriction: || (== net461) (&& (== net5.0-windows7.0) (>= net452)) (&& (== net50) (>= net452)) (&& (== netstandard2.0) (>= net452)) (&& (== netstandard2.1) (>= net452))
      DevExpress.Data (20.2.6) - restriction: || (== net461) (&& (== net5.0-windows7.0) (>= net452)) (&& (== net50) (>= net452)) (&& (== netstandard2.0) (>= net452)) (&& (== netstandard2.1) (>= net452))
      DevExpress.ExpressApp (20.2.6) - restriction: || (== net461) (&& (== net5.0-windows7.0) (>= net452)) (&& (== net50) (>= net452)) (&& (== netstandard2.0) (>= net452)) (&& (== netstandard2.1) (>= net452))
      DevExpress.ExpressApp.Validation (20.2.6) - restriction: || (== net461) (&& (== net5.0-windows7.0) (>= net452)) (&& (== net50) (>= net452)) (&& (== netstandard2.0) (>= net452)) (&& (== netstandard2.1) (>= net452))
      DevExpress.ExpressApp.Win (20.2.6) - restriction: || (== net461) (&& (== net5.0-windows7.0) (>= net452)) (&& (== net50) (>= net452)) (&& (== netstandard2.0) (>= net452)) (&& (== netstandard2.1) (>= net452))
      DevExpress.Persistent.Base (20.2.6) - restriction: || (== net461) (&& (== net5.0-windows7.0) (>= net452)) (&& (== net50) (>= net452)) (&& (== netstandard2.0) (>= net452)) (&& (== netstandard2.1) (>= net452))
      DevExpress.Win.Grid (20.2.6) - restriction: || (== net461) (&& (== net5.0-windows7.0) (>= net452)) (&& (== net50) (>= net452)) (&& (== netstandard2.0) (>= net452)) (&& (== netstandard2.1) (>= net452))
      DevExpress.Win.Navigation (20.2.6) - restriction: || (== net461) (&& (== net5.0-windows7.0) (>= net452)) (&& (== net50) (>= net452)) (&& (== netstandard2.0) (>= net452)) (&& (== netstandard2.1) (>= net452))
    DevExpress.ExpressApp.ViewVariantsModule (20.2.6)
      DevExpress.Data (20.2.6)
      DevExpress.ExpressApp (20.2.6)
      NETStandard.Library (>= 2.0.3) - restriction: || (&& (== net461) (< net452) (>= netstandard2.0)) (== net5.0-windows7.0) (== net50) (== netstandard2.0) (== netstandard2.1)
      System.Drawing.Common (>= 4.5) - restriction: || (&& (== net461) (< net452) (>= netstandard2.0)) (== net5.0-windows7.0) (== net50) (== netstandard2.0) (== netstandard2.1)
    DevExpress.ExpressApp.Web (20.2.6) - restriction: || (== net461) (&& (== net5.0-windows7.0) (>= net452)) (&& (== net50) (>= net452)) (&& (== netstandard2.0) (>= net452)) (&& (== netstandard2.1) (>= net452))
      DevExpress.Data (20.2.6) - restriction: || (== net461) (&& (== net5.0-windows7.0) (>= net452)) (&& (== net50) (>= net452)) (&& (== netstandard2.0) (>= net452)) (&& (== netstandard2.1) (>= net452))
      DevExpress.ExpressApp (20.2.6) - restriction: || (== net461) (&& (== net5.0-windows7.0) (>= net452)) (&& (== net50) (>= net452)) (&& (== netstandard2.0) (>= net452)) (&& (== netstandard2.1) (>= net452))
      DevExpress.Persistent.Base (20.2.6) - restriction: || (== net461) (&& (== net5.0-windows7.0) (>= net452)) (&& (== net50) (>= net452)) (&& (== netstandard2.0) (>= net452)) (&& (== netstandard2.1) (>= net452))
      DevExpress.Printing.Core (20.2.6) - restriction: || (== net461) (&& (== net5.0-windows7.0) (>= net452)) (&& (== net50) (>= net452)) (&& (== netstandard2.0) (>= net452)) (&& (== netstandard2.1) (>= net452))
      DevExpress.Utils (20.2.6) - restriction: || (== net461) (&& (== net5.0-windows7.0) (>= net452)) (&& (== net50) (>= net452)) (&& (== netstandard2.0) (>= net452)) (&& (== netstandard2.1) (>= net452))
      DevExpress.Web (20.2.6) - restriction: || (== net461) (&& (== net5.0-windows7.0) (>= net452)) (&& (== net50) (>= net452)) (&& (== netstandard2.0) (>= net452)) (&& (== netstandard2.1) (>= net452))
      DevExpress.Web.Themes (20.2.6) - restriction: || (== net461) (&& (== net5.0-windows7.0) (>= net452)) (&& (== net50) (>= net452)) (&& (== netstandard2.0) (>= net452)) (&& (== netstandard2.1) (>= net452))
    DevExpress.ExpressApp.Web.All (20.2.6)
      DevExpress.ExpressApp.Chart.Web (20.2.6) - restriction: || (== net461) (&& (== net5.0-windows7.0) (>= net452)) (&& (== net50) (>= net452)) (&& (== netstandard2.0) (>= net452)) (&& (== netstandard2.1) (>= net452))
      DevExpress.ExpressApp.Core.All (20.2.6) - restriction: || (== net461) (&& (== net5.0-windows7.0) (>= net452)) (&& (== net50) (>= net452)) (&& (== netstandard2.0) (>= net452)) (&& (== netstandard2.1) (>= net452))
      DevExpress.ExpressApp.Dashboards.Web (20.2.6) - restriction: || (== net461) (&& (== net5.0-windows7.0) (>= net452)) (&& (== net50) (>= net452)) (&& (== netstandard2.0) (>= net452)) (&& (== netstandard2.1) (>= net452))
      DevExpress.ExpressApp.EasyTest.WebAdapter (20.2.6) - restriction: || (== net461) (&& (== net5.0-windows7.0) (>= net452)) (&& (== net50) (>= net452)) (&& (== netstandard2.0) (>= net452)) (&& (== netstandard2.1) (>= net452))
      DevExpress.ExpressApp.FileAttachment.Web (20.2.6) - restriction: || (== net461) (&& (== net5.0-windows7.0) (>= net452)) (&& (== net50) (>= net452)) (&& (== netstandard2.0) (>= net452)) (&& (== netstandard2.1) (>= net452))
      DevExpress.ExpressApp.HtmlPropertyEditor.Web (20.2.6) - restriction: || (== net461) (&& (== net5.0-windows7.0) (>= net452)) (&& (== net50) (>= net452)) (&& (== netstandard2.0) (>= net452)) (&& (== netstandard2.1) (>= net452))
      DevExpress.ExpressApp.Maps.Web (20.2.6) - restriction: || (== net461) (&& (== net5.0-windows7.0) (>= net452)) (&& (== net50) (>= net452)) (&& (== netstandard2.0) (>= net452)) (&& (== netstandard2.1) (>= net452))
      DevExpress.ExpressApp.Notifications.Web (20.2.6) - restriction: || (== net461) (&& (== net5.0-windows7.0) (>= net452)) (&& (== net50) (>= net452)) (&& (== netstandard2.0) (>= net452)) (&& (== netstandard2.1) (>= net452))
      DevExpress.ExpressApp.Office.Web (20.2.6) - restriction: || (== net461) (&& (== net5.0-windows7.0) (>= net452)) (&& (== net50) (>= net452)) (&& (== netstandard2.0) (>= net452)) (&& (== netstandard2.1) (>= net452))
      DevExpress.ExpressApp.PivotChart.Web (20.2.6) - restriction: || (== net461) (&& (== net5.0-windows7.0) (>= net452)) (&& (== net50) (>= net452)) (&& (== netstandard2.0) (>= net452)) (&& (== netstandard2.1) (>= net452))
      DevExpress.ExpressApp.PivotGrid.Web (20.2.6) - restriction: || (== net461) (&& (== net5.0-windows7.0) (>= net452)) (&& (== net50) (>= net452)) (&& (== netstandard2.0) (>= net452)) (&& (== netstandard2.1) (>= net452))
      DevExpress.ExpressApp.ReportsV2.Web (20.2.6) - restriction: || (== net461) (&& (== net5.0-windows7.0) (>= net452)) (&& (== net50) (>= net452)) (&& (== netstandard2.0) (>= net452)) (&& (== netstandard2.1) (>= net452))
      DevExpress.ExpressApp.Scheduler.Web (20.2.6) - restriction: || (== net461) (&& (== net5.0-windows7.0) (>= net452)) (&& (== net50) (>= net452)) (&& (== netstandard2.0) (>= net452)) (&& (== netstandard2.1) (>= net452))
      DevExpress.ExpressApp.ScriptRecorder.Web (20.2.6) - restriction: || (== net461) (&& (== net5.0-windows7.0) (>= net452)) (&& (== net50) (>= net452)) (&& (== netstandard2.0) (>= net452)) (&& (== netstandard2.1) (>= net452))
      DevExpress.ExpressApp.TreeListEditors.Web (20.2.6) - restriction: || (== net461) (&& (== net5.0-windows7.0) (>= net452)) (&& (== net50) (>= net452)) (&& (== netstandard2.0) (>= net452)) (&& (== netstandard2.1) (>= net452))
      DevExpress.ExpressApp.Validation.Web (20.2.6) - restriction: || (== net461) (&& (== net5.0-windows7.0) (>= net452)) (&& (== net50) (>= net452)) (&& (== netstandard2.0) (>= net452)) (&& (== netstandard2.1) (>= net452))
      DevExpress.ExpressApp.Web (20.2.6) - restriction: || (== net461) (&& (== net5.0-windows7.0) (>= net452)) (&& (== net50) (>= net452)) (&& (== netstandard2.0) (>= net452)) (&& (== netstandard2.1) (>= net452))
    DevExpress.ExpressApp.Win (20.2.6) - restriction: || (== net461) (&& (== net5.0-windows7.0) (>= net452)) (&& (== net50) (>= net452)) (&& (== netstandard2.0) (>= net452)) (&& (== netstandard2.1) (>= net452))
      DevExpress.Data (20.2.6) - restriction: || (== net461) (&& (== net5.0-windows7.0) (>= net452)) (&& (== net50) (>= net452)) (&& (== netstandard2.0) (>= net452)) (&& (== netstandard2.1) (>= net452))
      DevExpress.Data.Desktop (20.2.6) - restriction: || (== net461) (&& (== net5.0-windows7.0) (>= net452)) (&& (== net50) (>= net452)) (&& (== netstandard2.0) (>= net452)) (&& (== netstandard2.1) (>= net452))
      DevExpress.DataAccess.UI (20.2.6) - restriction: || (== net461) (&& (== net5.0-windows7.0) (>= net452)) (&& (== net50) (>= net452)) (&& (== netstandard2.0) (>= net452)) (&& (== netstandard2.1) (>= net452))
      DevExpress.ExpressApp (20.2.6) - restriction: || (== net461) (&& (== net5.0-windows7.0) (>= net452)) (&& (== net50) (>= net452)) (&& (== netstandard2.0) (>= net452)) (&& (== netstandard2.1) (>= net452))
      DevExpress.Office.Core (20.2.6) - restriction: || (== net461) (&& (== net5.0-windows7.0) (>= net452)) (&& (== net50) (>= net452)) (&& (== netstandard2.0) (>= net452)) (&& (== netstandard2.1) (>= net452))
      DevExpress.Persistent.Base (20.2.6) - restriction: || (== net461) (&& (== net5.0-windows7.0) (>= net452)) (&& (== net50) (>= net452)) (&& (== netstandard2.0) (>= net452)) (&& (== netstandard2.1) (>= net452))
      DevExpress.Printing.Core (20.2.6) - restriction: || (== net461) (&& (== net5.0-windows7.0) (>= net452)) (&& (== net50) (>= net452)) (&& (== netstandard2.0) (>= net452)) (&& (== netstandard2.1) (>= net452))
      DevExpress.RichEdit.Core (20.2.6) - restriction: || (== net461) (&& (== net5.0-windows7.0) (>= net452)) (&& (== net50) (>= net452)) (&& (== netstandard2.0) (>= net452)) (&& (== netstandard2.1) (>= net452))
      DevExpress.Utils (20.2.6) - restriction: || (== net461) (&& (== net5.0-windows7.0) (>= net452)) (&& (== net50) (>= net452)) (&& (== netstandard2.0) (>= net452)) (&& (== netstandard2.1) (>= net452))
      DevExpress.Win (20.2.6) - restriction: || (== net461) (&& (== net5.0-windows7.0) (>= net452)) (&& (== net50) (>= net452)) (&& (== netstandard2.0) (>= net452)) (&& (== netstandard2.1) (>= net452))
      DevExpress.Win.BonusSkins (20.2.6) - restriction: || (== net461) (&& (== net5.0-windows7.0) (>= net452)) (&& (== net50) (>= net452)) (&& (== netstandard2.0) (>= net452)) (&& (== netstandard2.1) (>= net452))
      DevExpress.Win.Grid (20.2.6) - restriction: || (== net461) (&& (== net5.0-windows7.0) (>= net452)) (&& (== net50) (>= net452)) (&& (== netstandard2.0) (>= net452)) (&& (== netstandard2.1) (>= net452))
      DevExpress.Win.Navigation (20.2.6) - restriction: || (== net461) (&& (== net5.0-windows7.0) (>= net452)) (&& (== net50) (>= net452)) (&& (== netstandard2.0) (>= net452)) (&& (== netstandard2.1) (>= net452))
      DevExpress.Win.Printing (20.2.6) - restriction: || (== net461) (&& (== net5.0-windows7.0) (>= net452)) (&& (== net50) (>= net452)) (&& (== netstandard2.0) (>= net452)) (&& (== netstandard2.1) (>= net452))
      DevExpress.Win.RichEdit (20.2.6) - restriction: || (== net461) (&& (== net5.0-windows7.0) (>= net452)) (&& (== net50) (>= net452)) (&& (== netstandard2.0) (>= net452)) (&& (== netstandard2.1) (>= net452))
      DevExpress.Win.TreeList (20.2.6) - restriction: || (== net461) (&& (== net5.0-windows7.0) (>= net452)) (&& (== net50) (>= net452)) (&& (== netstandard2.0) (>= net452)) (&& (== netstandard2.1) (>= net452))
      DevExpress.Win.VerticalGrid (20.2.6) - restriction: || (== net461) (&& (== net5.0-windows7.0) (>= net452)) (&& (== net50) (>= net452)) (&& (== netstandard2.0) (>= net452)) (&& (== netstandard2.1) (>= net452))
    DevExpress.ExpressApp.Win.All (20.2.6)
      DevExpress.ExpressApp.Chart.Win (20.2.6) - restriction: || (== net461) (&& (== net5.0-windows7.0) (>= net452)) (&& (== net50) (>= net452)) (&& (== netstandard2.0) (>= net452)) (&& (== netstandard2.1) (>= net452))
      DevExpress.ExpressApp.Core.All (20.2.6) - restriction: || (== net461) (&& (== net5.0-windows7.0) (>= net452)) (&& (== net50) (>= net452)) (&& (== netstandard2.0) (>= net452)) (&& (== netstandard2.1) (>= net452))
      DevExpress.ExpressApp.Dashboards.Win (20.2.6) - restriction: || (== net461) (&& (== net5.0-windows7.0) (>= net452)) (&& (== net50) (>= net452)) (&& (== netstandard2.0) (>= net452)) (&& (== netstandard2.1) (>= net452))
      DevExpress.ExpressApp.EasyTest.WinAdapter (20.2.6) - restriction: || (== net461) (&& (== net5.0-windows7.0) (>= net452)) (&& (== net50) (>= net452)) (&& (== netstandard2.0) (>= net452)) (&& (== netstandard2.1) (>= net452))
      DevExpress.ExpressApp.FileAttachment.Win (20.2.6) - restriction: || (== net461) (&& (== net5.0-windows7.0) (>= net452)) (&& (== net50) (>= net452)) (&& (== netstandard2.0) (>= net452)) (&& (== netstandard2.1) (>= net452))
      DevExpress.ExpressApp.HtmlPropertyEditor.Win (20.2.6) - restriction: || (== net461) (&& (== net5.0-windows7.0) (>= net452)) (&& (== net50) (>= net452)) (&& (== netstandard2.0) (>= net452)) (&& (== netstandard2.1) (>= net452))
      DevExpress.ExpressApp.Notifications.Win (20.2.6) - restriction: || (== net461) (&& (== net5.0-windows7.0) (>= net452)) (&& (== net50) (>= net452)) (&& (== netstandard2.0) (>= net452)) (&& (== netstandard2.1) (>= net452))
      DevExpress.ExpressApp.Office.Win (20.2.6) - restriction: || (== net461) (&& (== net5.0-windows7.0) (>= net452)) (&& (== net50) (>= net452)) (&& (== netstandard2.0) (>= net452)) (&& (== netstandard2.1) (>= net452))
      DevExpress.ExpressApp.PivotChart.Win (20.2.6) - restriction: || (== net461) (&& (== net5.0-windows7.0) (>= net452)) (&& (== net50) (>= net452)) (&& (== netstandard2.0) (>= net452)) (&& (== netstandard2.1) (>= net452))
      DevExpress.ExpressApp.PivotGrid.Win (20.2.6) - restriction: || (== net461) (&& (== net5.0-windows7.0) (>= net452)) (&& (== net50) (>= net452)) (&& (== netstandard2.0) (>= net452)) (&& (== netstandard2.1) (>= net452))
      DevExpress.ExpressApp.ReportsV2.Win (20.2.6) - restriction: || (== net461) (&& (== net5.0-windows7.0) (>= net452)) (&& (== net50) (>= net452)) (&& (== netstandard2.0) (>= net452)) (&& (== netstandard2.1) (>= net452))
      DevExpress.ExpressApp.Scheduler.Win (20.2.6) - restriction: || (== net461) (&& (== net5.0-windows7.0) (>= net452)) (&& (== net50) (>= net452)) (&& (== netstandard2.0) (>= net452)) (&& (== netstandard2.1) (>= net452))
      DevExpress.ExpressApp.ScriptRecorder.Win (20.2.6) - restriction: || (== net461) (&& (== net5.0-windows7.0) (>= net452)) (&& (== net50) (>= net452)) (&& (== netstandard2.0) (>= net452)) (&& (== netstandard2.1) (>= net452))
      DevExpress.ExpressApp.TreeListEditors.Win (20.2.6) - restriction: || (== net461) (&& (== net5.0-windows7.0) (>= net452)) (&& (== net50) (>= net452)) (&& (== netstandard2.0) (>= net452)) (&& (== netstandard2.1) (>= net452))
      DevExpress.ExpressApp.Validation.Win (20.2.6) - restriction: || (== net461) (&& (== net5.0-windows7.0) (>= net452)) (&& (== net50) (>= net452)) (&& (== netstandard2.0) (>= net452)) (&& (== netstandard2.1) (>= net452))
      DevExpress.ExpressApp.Win (20.2.6) - restriction: || (== net461) (&& (== net5.0-windows7.0) (>= net452)) (&& (== net50) (>= net452)) (&& (== netstandard2.0) (>= net452)) (&& (== netstandard2.1) (>= net452))
      DevExpress.ExpressApp.Workflow.Win (20.2.6) - restriction: || (== net461) (&& (== net5.0-windows7.0) (>= net452)) (&& (== net50) (>= net452)) (&& (== netstandard2.0) (>= net452)) (&& (== netstandard2.1) (>= net452))
    DevExpress.ExpressApp.Workflow (20.2.6) - restriction: || (== net461) (&& (== net5.0-windows7.0) (>= net452)) (&& (== net50) (>= net452)) (&& (== netstandard2.0) (>= net452)) (&& (== netstandard2.1) (>= net452))
      DevExpress.Data (20.2.6) - restriction: || (== net461) (&& (== net5.0-windows7.0) (>= net452)) (&& (== net50) (>= net452)) (&& (== netstandard2.0) (>= net452)) (&& (== netstandard2.1) (>= net452))
      DevExpress.ExpressApp (20.2.6) - restriction: || (== net461) (&& (== net5.0-windows7.0) (>= net452)) (&& (== net50) (>= net452)) (&& (== netstandard2.0) (>= net452)) (&& (== netstandard2.1) (>= net452))
      DevExpress.ExpressApp.ConditionalAppearance (20.2.6) - restriction: || (== net461) (&& (== net5.0-windows7.0) (>= net452)) (&& (== net50) (>= net452)) (&& (== netstandard2.0) (>= net452)) (&& (== netstandard2.1) (>= net452))
      DevExpress.ExpressApp.Security (20.2.6) - restriction: || (== net461) (&& (== net5.0-windows7.0) (>= net452)) (&& (== net50) (>= net452)) (&& (== netstandard2.0) (>= net452)) (&& (== netstandard2.1) (>= net452))
      DevExpress.Persistent.Base (20.2.6) - restriction: || (== net461) (&& (== net5.0-windows7.0) (>= net452)) (&& (== net50) (>= net452)) (&& (== netstandard2.0) (>= net452)) (&& (== netstandard2.1) (>= net452))
      DevExpress.Utils (20.2.6) - restriction: || (== net461) (&& (== net5.0-windows7.0) (>= net452)) (&& (== net50) (>= net452)) (&& (== netstandard2.0) (>= net452)) (&& (== netstandard2.1) (>= net452))
    DevExpress.ExpressApp.Workflow.Win (20.2.6) - restriction: || (== net461) (&& (== net5.0-windows7.0) (>= net452)) (&& (== net50) (>= net452)) (&& (== netstandard2.0) (>= net452)) (&& (== netstandard2.1) (>= net452))
      DevExpress.Data (20.2.6) - restriction: || (== net461) (&& (== net5.0-windows7.0) (>= net452)) (&& (== net50) (>= net452)) (&& (== netstandard2.0) (>= net452)) (&& (== netstandard2.1) (>= net452))
      DevExpress.ExpressApp (20.2.6) - restriction: || (== net461) (&& (== net5.0-windows7.0) (>= net452)) (&& (== net50) (>= net452)) (&& (== netstandard2.0) (>= net452)) (&& (== netstandard2.1) (>= net452))
      DevExpress.ExpressApp.Win (20.2.6) - restriction: || (== net461) (&& (== net5.0-windows7.0) (>= net452)) (&& (== net50) (>= net452)) (&& (== netstandard2.0) (>= net452)) (&& (== netstandard2.1) (>= net452))
      DevExpress.ExpressApp.Workflow (20.2.6) - restriction: || (== net461) (&& (== net5.0-windows7.0) (>= net452)) (&& (== net50) (>= net452)) (&& (== netstandard2.0) (>= net452)) (&& (== netstandard2.1) (>= net452))
      DevExpress.Persistent.Base (20.2.6) - restriction: || (== net461) (&& (== net5.0-windows7.0) (>= net452)) (&& (== net50) (>= net452)) (&& (== netstandard2.0) (>= net452)) (&& (== netstandard2.1) (>= net452))
      DevExpress.Utils (20.2.6) - restriction: || (== net461) (&& (== net5.0-windows7.0) (>= net452)) (&& (== net50) (>= net452)) (&& (== netstandard2.0) (>= net452)) (&& (== netstandard2.1) (>= net452))
    DevExpress.ExpressApp.Xpo (20.2.6)
      DevExpress.Data (20.2.6)
      DevExpress.ExpressApp (20.2.6)
      DevExpress.Xpo (20.2.6)
      NETStandard.Library (>= 2.0.3) - restriction: || (&& (== net461) (< net452) (>= netstandard2.0)) (== net5.0-windows7.0) (== net50) (== netstandard2.0) (== netstandard2.1)
      System.Drawing.Common (>= 4.5) - restriction: || (&& (== net461) (< net452) (>= netstandard2.0)) (== net5.0-windows7.0) (== net50) (== netstandard2.0) (== netstandard2.1)
      System.Security.Permissions (>= 4.5) - restriction: || (&& (== net461) (< net452) (>= netstandard2.0)) (== net5.0-windows7.0) (== net50) (== netstandard2.0) (== netstandard2.1)
    DevExpress.Gauges.Core (20.2.6)
      DevExpress.Data (20.2.6)
      DevExpress.Printing.Core (20.2.6)
      NETStandard.Library (>= 2.0.3) - restriction: || (&& (== net461) (< net452) (>= netstandard2.0)) (== net5.0-windows7.0) (== net50) (== netstandard2.0) (== netstandard2.1)
      System.Drawing.Common (>= 4.5) - restriction: || (&& (== net461) (< net452) (>= netstandard2.0)) (== net5.0-windows7.0) (== net50) (== netstandard2.0) (== netstandard2.1)
    DevExpress.Images (20.2.6) - restriction: || (== net461) (&& (== net5.0-windows7.0) (>= net452)) (&& (== net50) (>= net452)) (&& (== netstandard2.0) (>= net452)) (&& (== netstandard2.1) (>= net452))
      DevExpress.Data (20.2.6)
    DevExpress.Map.Core (20.2.6)
      DevExpress.Data (20.2.6)
      NETStandard.Library (>= 2.0.3) - restriction: || (&& (== net461) (< net452) (>= netstandard2.0)) (== net5.0-windows7.0) (== net50) (== netstandard2.0) (== netstandard2.1)
      System.Drawing.Common (>= 4.5) - restriction: || (&& (== net461) (< net452) (>= netstandard2.0)) (== net5.0-windows7.0) (== net50) (== netstandard2.0) (== netstandard2.1)
    DevExpress.Office.Core (20.2.6)
      DevExpress.Data (20.2.6)
      DevExpress.Pdf.Core (20.2.6)
      DevExpress.Printing.Core (20.2.6)
      NETStandard.Library (>= 2.0.3) - restriction: || (&& (== net461) (< net452) (>= netstandard2.0)) (== net5.0-windows7.0) (== net50) (== netstandard2.0) (== netstandard2.1)
      System.Drawing.Common (>= 4.5) - restriction: || (&& (== net461) (< net452) (>= netstandard2.0)) (== net5.0-windows7.0) (== net50) (== netstandard2.0) (== netstandard2.1)
      System.Security.Cryptography.Xml (>= 4.5) - restriction: || (&& (== net461) (< net452) (>= netstandard2.0)) (== net5.0-windows7.0) (== net50) (== netstandard2.0) (== netstandard2.1)
    DevExpress.Pdf.Core (20.2.6)
      DevExpress.Data (20.2.6)
      NETStandard.Library (>= 2.0.3) - restriction: || (&& (== net461) (< net452) (>= netstandard2.0)) (== net5.0-windows7.0) (== net50) (== netstandard2.0) (== netstandard2.1)
      System.Drawing.Common (>= 4.5) - restriction: || (&& (== net461) (< net452) (>= netstandard2.0)) (== net5.0-windows7.0) (== net50) (== netstandard2.0) (== netstandard2.1)
      System.Reflection.Emit (>= 4.3) - restriction: || (&& (== net461) (< net452) (>= netstandard2.0)) (== net5.0-windows7.0) (== net50) (== netstandard2.0) (== netstandard2.1)
      System.Security.Cryptography.Pkcs (>= 4.5.2) - restriction: || (&& (== net461) (< net452) (>= netstandard2.0)) (== net5.0-windows7.0) (== net50) (== netstandard2.0) (== netstandard2.1)
    DevExpress.Pdf.Drawing (20.2.6)
      DevExpress.Data (20.2.6)
      DevExpress.Pdf.Core (20.2.6)
    DevExpress.Persistent.Base (20.2.6)
      DevExpress.Data (20.2.6)
      DevExpress.ExpressApp (20.2.6)
      DevExpress.Printing.Core (20.2.6)
      DevExpress.Reporting.Core (20.2.6) - restriction: || (== net461) (&& (== net5.0-windows7.0) (>= net452)) (&& (== net50) (>= net452)) (&& (== netstandard2.0) (>= net452)) (&& (== netstandard2.1) (>= net452))
      NETStandard.Library (>= 2.0.3) - restriction: || (&& (== net461) (< net452) (>= netstandard2.0)) (== net5.0-windows7.0) (== net50) (== netstandard2.0) (== netstandard2.1)
      System.Drawing.Common (>= 4.5) - restriction: || (&& (== net461) (< net452) (>= netstandard2.0)) (== net5.0-windows7.0) (== net50) (== netstandard2.0) (== netstandard2.1)
    DevExpress.Persistent.BaseImpl (20.2.6)
      DevExpress.Data (20.2.6)
      DevExpress.ExpressApp (20.2.6)
      DevExpress.ExpressApp.Objects (20.2.6)
      DevExpress.ExpressApp.Xpo (20.2.6)
      DevExpress.Persistent.Base (20.2.6)
      DevExpress.Reporting.Core (20.2.6)
      DevExpress.Scheduler.Core (20.2.6)
      DevExpress.Xpo (20.2.6)
      NETStandard.Library (>= 2.0.3) - restriction: || (&& (== net461) (< net452) (>= netstandard2.0)) (== net5.0-windows7.0) (== net50) (== netstandard2.0) (== netstandard2.1)
      System.Drawing.Common (>= 4.5) - restriction: || (&& (== net461) (< net452) (>= netstandard2.0)) (== net5.0-windows7.0) (== net50) (== netstandard2.0) (== netstandard2.1)
    DevExpress.PivotGrid.Core (20.2.6)
      DevExpress.Data (20.2.6)
      DevExpress.Printing.Core (20.2.6)
    DevExpress.Printing.Core (20.2.6)
      DevExpress.Data (20.2.6)
      DevExpress.Pdf.Core (20.2.6)
      DevExpress.Pdf.Drawing (20.2.6)
    DevExpress.Reporting.Core (20.2.6)
      DevExpress.Charts (20.2.6)
      DevExpress.Charts.Core (20.2.6)
      DevExpress.CodeParser (20.2.6)
      DevExpress.Data (20.2.6)
      DevExpress.DataAccess (20.2.6)
      DevExpress.Gauges.Core (20.2.6)
      DevExpress.Office.Core (20.2.6)
      DevExpress.Pdf.Core (20.2.6)
      DevExpress.Pdf.Drawing (20.2.6)
      DevExpress.PivotGrid.Core (20.2.6)
      DevExpress.Printing.Core (20.2.6)
      DevExpress.RichEdit.Core (20.2.6)
      DevExpress.RichEdit.Export (20.2.6)
      DevExpress.Sparkline.Core (20.2.6)
      DevExpress.Xpo (20.2.6)
      NETStandard.Library (>= 2.0.3) - restriction: || (&& (== net461) (< net452) (>= netstandard2.0)) (== net5.0-windows7.0) (== net50) (== netstandard2.0) (== netstandard2.1)
      System.CodeDom (>= 4.4) - restriction: || (&& (== net461) (< net452) (>= netstandard2.0)) (== net5.0-windows7.0) (== net50) (== netstandard2.0) (== netstandard2.1)
      System.Collections.Immutable (>= 1.5) - restriction: || (&& (== net461) (< net452) (>= netstandard2.0)) (== net5.0-windows7.0) (== net50) (== netstandard2.0) (== netstandard2.1)
      System.Configuration.ConfigurationManager (>= 4.5) - restriction: || (&& (== net461) (< net452) (>= netstandard2.0)) (== net5.0-windows7.0) (== net50) (== netstandard2.0) (== netstandard2.1)
      System.Data.Common (>= 4.3) - restriction: || (&& (== net461) (< net452) (>= netstandard2.0)) (== net5.0-windows7.0) (== net50) (== netstandard2.0) (== netstandard2.1)
      System.Drawing.Common (>= 4.5) - restriction: || (&& (== net461) (< net452) (>= netstandard2.0)) (== net5.0-windows7.0) (== net50) (== netstandard2.0) (== netstandard2.1)
      System.Security.Permissions (>= 4.5) - restriction: || (&& (== net461) (< net452) (>= netstandard2.0)) (== net5.0-windows7.0) (== net50) (== netstandard2.0) (== netstandard2.1)
    DevExpress.RichEdit.Core (20.2.6)
      DevExpress.Data (20.2.6)
      DevExpress.Office.Core (20.2.6)
      DevExpress.Pdf.Core (20.2.6)
      DevExpress.Printing.Core (20.2.6)
      NETStandard.Library (>= 2.0.3) - restriction: || (&& (== net461) (< net452) (>= netstandard2.0)) (== net5.0-windows7.0) (== net50) (== netstandard2.0) (== netstandard2.1)
      System.Drawing.Common (>= 4.5) - restriction: || (&& (== net461) (< net452) (>= netstandard2.0)) (== net5.0-windows7.0) (== net50) (== netstandard2.0) (== netstandard2.1)
    DevExpress.RichEdit.Export (20.2.6)
      DevExpress.Data (20.2.6)
      DevExpress.Office.Core (20.2.6)
      DevExpress.Printing.Core (20.2.6)
      DevExpress.RichEdit.Core (20.2.6)
    DevExpress.Scheduler.Core (20.2.6)
      DevExpress.Data (20.2.6)
    DevExpress.Scheduler.CoreDesktop (20.2.6) - restriction: || (== net461) (&& (== net5.0-windows7.0) (>= net452)) (&& (== net50) (>= net452)) (&& (== netstandard2.0) (>= net452)) (&& (== netstandard2.1) (>= net452))
      DevExpress.Data (20.2.6) - restriction: || (== net461) (&& (== net5.0-windows7.0) (>= net452)) (&& (== net50) (>= net452)) (&& (== netstandard2.0) (>= net452)) (&& (== netstandard2.1) (>= net452))
      DevExpress.Data.Desktop (20.2.6) - restriction: || (== net461) (&& (== net5.0-windows7.0) (>= net452)) (&& (== net50) (>= net452)) (&& (== netstandard2.0) (>= net452)) (&& (== netstandard2.1) (>= net452))
      DevExpress.Images (20.2.6) - restriction: || (== net461) (&& (== net5.0-windows7.0) (>= net452)) (&& (== net50) (>= net452)) (&& (== netstandard2.0) (>= net452)) (&& (== netstandard2.1) (>= net452))
      DevExpress.Printing.Core (20.2.6) - restriction: || (== net461) (&& (== net5.0-windows7.0) (>= net452)) (&& (== net50) (>= net452)) (&& (== netstandard2.0) (>= net452)) (&& (== netstandard2.1) (>= net452))
      DevExpress.Scheduler.Core (20.2.6) - restriction: || (== net461) (&& (== net5.0-windows7.0) (>= net452)) (&& (== net50) (>= net452)) (&& (== netstandard2.0) (>= net452)) (&& (== netstandard2.1) (>= net452))
    DevExpress.Sparkline.Core (20.2.6)
      DevExpress.Data (20.2.6)
    DevExpress.SpellChecker.Core (20.2.6) - restriction: || (== net461) (&& (== net5.0-windows7.0) (>= net452)) (&& (== net50) (>= net452)) (&& (== netstandard2.0) (>= net452)) (&& (== netstandard2.1) (>= net452))
      DevExpress.Data (20.2.6) - restriction: || (== net461) (&& (== net5.0-windows7.0) (>= net452)) (&& (== net50) (>= net452)) (&& (== netstandard2.0) (>= net452)) (&& (== netstandard2.1) (>= net452))
    DevExpress.Spreadsheet.Core (20.2.6)
      DevExpress.Data (20.2.6)
      DevExpress.DataAccess (20.2.6)
      DevExpress.DataVisualization.Core (20.2.6)
      DevExpress.Office.Core (20.2.6)
      DevExpress.Pdf.Core (20.2.6)
      DevExpress.Printing.Core (20.2.6)
      DevExpress.Sparkline.Core (20.2.6)
    DevExpress.TreeMap (20.2.6)
      DevExpress.Data (20.2.6)
      DevExpress.DataVisualization.Core (20.2.6)
      DevExpress.Printing.Core (20.2.6)
      DevExpress.TreeMap.Core (20.2.6)
      NETStandard.Library (>= 2.0.3) - restriction: || (&& (== net461) (< net452) (>= netstandard2.0)) (== net5.0-windows7.0) (== net50) (== netstandard2.0) (== netstandard2.1)
      System.Drawing.Common (>= 4.5) - restriction: || (&& (== net461) (< net452) (>= netstandard2.0)) (== net5.0-windows7.0) (== net50) (== netstandard2.0) (== netstandard2.1)
    DevExpress.TreeMap.Core (20.2.6)
      DevExpress.Data (20.2.6)
      NETStandard.Library (>= 2.0.3) - restriction: || (&& (== net461) (< net452) (>= netstandard2.0)) (== net5.0-windows7.0) (== net50) (== netstandard2.0) (== netstandard2.1)
    DevExpress.Utils (20.2.6) - restriction: || (== net461) (&& (== net5.0-windows7.0) (>= net452)) (&& (== net50) (>= net452)) (&& (== netstandard2.0) (>= net452)) (&& (== netstandard2.1) (>= net452))
      DevExpress.Data (20.2.6) - restriction: || (== net461) (&& (== net5.0-windows7.0) (>= net452)) (&& (== net50) (>= net452)) (&& (== netstandard2.0) (>= net452)) (&& (== netstandard2.1) (>= net452))
      DevExpress.Data.Desktop (20.2.6) - restriction: || (== net461) (&& (== net5.0-windows7.0) (>= net452)) (&& (== net50) (>= net452)) (&& (== netstandard2.0) (>= net452)) (&& (== netstandard2.1) (>= net452))
      DevExpress.Printing.Core (20.2.6) - restriction: || (== net461) (&& (== net5.0-windows7.0) (>= net452)) (&& (== net50) (>= net452)) (&& (== netstandard2.0) (>= net452)) (&& (== netstandard2.1) (>= net452))
    DevExpress.Utils.UI (20.2.6) - restriction: || (== net461) (&& (== net5.0-windows7.0) (>= net452)) (&& (== net50) (>= net452)) (&& (== netstandard2.0) (>= net452)) (&& (== netstandard2.1) (>= net452))
      DevExpress.Data (20.2.6) - restriction: || (== net461) (&& (== net5.0-windows7.0) (>= net452)) (&& (== net50) (>= net452)) (&& (== netstandard2.0) (>= net452)) (&& (== netstandard2.1) (>= net452))
      DevExpress.Data.Desktop (20.2.6) - restriction: || (== net461) (&& (== net5.0-windows7.0) (>= net452)) (&& (== net50) (>= net452)) (&& (== netstandard2.0) (>= net452)) (&& (== netstandard2.1) (>= net452))
      DevExpress.DataAccess (20.2.6) - restriction: || (== net461) (&& (== net5.0-windows7.0) (>= net452)) (&& (== net50) (>= net452)) (&& (== netstandard2.0) (>= net452)) (&& (== netstandard2.1) (>= net452))
      DevExpress.Printing.Core (20.2.6) - restriction: || (== net461) (&& (== net5.0-windows7.0) (>= net452)) (&& (== net50) (>= net452)) (&& (== netstandard2.0) (>= net452)) (&& (== netstandard2.1) (>= net452))
      DevExpress.Utils (20.2.6) - restriction: || (== net461) (&& (== net5.0-windows7.0) (>= net452)) (&& (== net50) (>= net452)) (&& (== netstandard2.0) (>= net452)) (&& (== netstandard2.1) (>= net452))
      DevExpress.Win.Navigation (20.2.6) - restriction: || (== net461) (&& (== net5.0-windows7.0) (>= net452)) (&& (== net50) (>= net452)) (&& (== netstandard2.0) (>= net452)) (&& (== netstandard2.1) (>= net452))
      DevExpress.Win.Printing (20.2.6) - restriction: || (== net461) (&& (== net5.0-windows7.0) (>= net452)) (&& (== net50) (>= net452)) (&& (== netstandard2.0) (>= net452)) (&& (== netstandard2.1) (>= net452))
      DevExpress.Win.RichEdit (20.2.6) - restriction: || (== net461) (&& (== net5.0-windows7.0) (>= net452)) (&& (== net50) (>= net452)) (&& (== netstandard2.0) (>= net452)) (&& (== netstandard2.1) (>= net452))
      DevExpress.Win.TreeList (20.2.6) - restriction: || (== net461) (&& (== net5.0-windows7.0) (>= net452)) (&& (== net50) (>= net452)) (&& (== netstandard2.0) (>= net452)) (&& (== netstandard2.1) (>= net452))
      DevExpress.Win.VerticalGrid (20.2.6) - restriction: || (== net461) (&& (== net5.0-windows7.0) (>= net452)) (&& (== net50) (>= net452)) (&& (== netstandard2.0) (>= net452)) (&& (== netstandard2.1) (>= net452))
    DevExpress.Web (20.2.6) - restriction: || (== net461) (&& (== net5.0-windows7.0) (>= net452)) (&& (== net50) (>= net452)) (&& (== netstandard2.0) (>= net452)) (&& (== netstandard2.1) (>= net452))
      DevExpress.Data (20.2.6) - restriction: || (== net461) (&& (== net5.0-windows7.0) (>= net452)) (&& (== net50) (>= net452)) (&& (== netstandard2.0) (>= net452)) (&& (== netstandard2.1) (>= net452))
      DevExpress.Office.Core (20.2.6) - restriction: || (== net461) (&& (== net5.0-windows7.0) (>= net452)) (&& (== net50) (>= net452)) (&& (== netstandard2.0) (>= net452)) (&& (== netstandard2.1) (>= net452))
      DevExpress.PivotGrid.Core (20.2.6) - restriction: || (== net461) (&& (== net5.0-windows7.0) (>= net452)) (&& (== net50) (>= net452)) (&& (== netstandard2.0) (>= net452)) (&& (== netstandard2.1) (>= net452))
      DevExpress.Printing.Core (20.2.6) - restriction: || (== net461) (&& (== net5.0-windows7.0) (>= net452)) (&& (== net50) (>= net452)) (&& (== netstandard2.0) (>= net452)) (&& (== netstandard2.1) (>= net452))
      DevExpress.RichEdit.Core (20.2.6) - restriction: || (== net461) (&& (== net5.0-windows7.0) (>= net452)) (&& (== net50) (>= net452)) (&& (== netstandard2.0) (>= net452)) (&& (== netstandard2.1) (>= net452))
      DevExpress.RichEdit.Export (20.2.6) - restriction: || (== net461) (&& (== net5.0-windows7.0) (>= net452)) (&& (== net50) (>= net452)) (&& (== netstandard2.0) (>= net452)) (&& (== netstandard2.1) (>= net452))
      DevExpress.SpellChecker.Core (20.2.6) - restriction: || (== net461) (&& (== net5.0-windows7.0) (>= net452)) (&& (== net50) (>= net452)) (&& (== netstandard2.0) (>= net452)) (&& (== netstandard2.1) (>= net452))
    DevExpress.Web.Dashboard (20.2.6) - restriction: || (== net461) (&& (== net5.0-windows7.0) (>= net452)) (&& (== net50) (>= net452)) (&& (== netstandard2.0) (>= net452)) (&& (== netstandard2.1) (>= net452))
      DevExpress.Dashboard.Core (20.2.6) - restriction: || (== net461) (&& (== net5.0-windows7.0) (>= net452)) (&& (== net50) (>= net452)) (&& (== netstandard2.0) (>= net452)) (&& (== netstandard2.1) (>= net452))
      DevExpress.Data (20.2.6) - restriction: || (== net461) (&& (== net5.0-windows7.0) (>= net452)) (&& (== net50) (>= net452)) (&& (== netstandard2.0) (>= net452)) (&& (== netstandard2.1) (>= net452))
      DevExpress.DataAccess (20.2.6) - restriction: || (== net461) (&& (== net5.0-windows7.0) (>= net452)) (&& (== net50) (>= net452)) (&& (== netstandard2.0) (>= net452)) (&& (== netstandard2.1) (>= net452))
      DevExpress.Web (20.2.6) - restriction: || (== net461) (&& (== net5.0-windows7.0) (>= net452)) (&& (== net50) (>= net452)) (&& (== netstandard2.0) (>= net452)) (&& (== netstandard2.1) (>= net452))
      DevExpress.Web.Dashboard.Common (20.2.6) - restriction: || (== net461) (&& (== net5.0-windows7.0) (>= net452)) (&& (== net50) (>= net452)) (&& (== netstandard2.0) (>= net452)) (&& (== netstandard2.1) (>= net452))
    DevExpress.Web.Dashboard.Common (20.2.6) - restriction: || (== net461) (&& (== net5.0-windows7.0) (>= net452)) (&& (== net50) (>= net452)) (&& (== netstandard2.0) (>= net452)) (&& (== netstandard2.1) (>= net452))
      DevExpress.Charts.Core (20.2.6) - restriction: || (== net461) (&& (== net5.0-windows7.0) (>= net452)) (&& (== net50) (>= net452)) (&& (== netstandard2.0) (>= net452)) (&& (== netstandard2.1) (>= net452))
      DevExpress.Dashboard.Core (20.2.6)
      DevExpress.Data (20.2.6)
      DevExpress.DataAccess (20.2.6)
      DevExpress.Pdf.Core (20.2.6) - restriction: || (== net461) (&& (== net5.0-windows7.0) (>= net452)) (&& (== net50) (>= net452)) (&& (== netstandard2.0) (>= net452)) (&& (== netstandard2.1) (>= net452))
      DevExpress.PivotGrid.Core (20.2.6)
      DevExpress.Printing.Core (20.2.6)
      DevExpress.Reporting.Core (20.2.6)
      DevExpress.RichEdit.Core (20.2.6) - restriction: || (== net461) (&& (== net5.0-windows7.0) (>= net452)) (&& (== net50) (>= net452)) (&& (== netstandard2.0) (>= net452)) (&& (== netstandard2.1) (>= net452))
      DevExpress.Xpo (20.2.6) - restriction: || (== net461) (&& (== net5.0-windows7.0) (>= net452)) (&& (== net50) (>= net452)) (&& (== netstandard2.0) (>= net452)) (&& (== netstandard2.1) (>= net452))
    DevExpress.Web.Office (20.2.6) - restriction: || (== net461) (&& (== net5.0-windows7.0) (>= net452)) (&& (== net50) (>= net452)) (&& (== netstandard2.0) (>= net452)) (&& (== netstandard2.1) (>= net452))
      DevExpress.Charts (20.2.6) - restriction: || (== net461) (&& (== net5.0-windows7.0) (>= net452)) (&& (== net50) (>= net452)) (&& (== netstandard2.0) (>= net452)) (&& (== netstandard2.1) (>= net452))
      DevExpress.Charts.Core (20.2.6) - restriction: || (== net461) (&& (== net5.0-windows7.0) (>= net452)) (&& (== net50) (>= net452)) (&& (== netstandard2.0) (>= net452)) (&& (== netstandard2.1) (>= net452))
      DevExpress.Data (20.2.6) - restriction: || (== net461) (&& (== net5.0-windows7.0) (>= net452)) (&& (== net50) (>= net452)) (&& (== netstandard2.0) (>= net452)) (&& (== netstandard2.1) (>= net452))
      DevExpress.DataVisualization.Core (20.2.6) - restriction: || (== net461) (&& (== net5.0-windows7.0) (>= net452)) (&& (== net50) (>= net452)) (&& (== netstandard2.0) (>= net452)) (&& (== netstandard2.1) (>= net452))
      DevExpress.Office.Core (20.2.6) - restriction: || (== net461) (&& (== net5.0-windows7.0) (>= net452)) (&& (== net50) (>= net452)) (&& (== netstandard2.0) (>= net452)) (&& (== netstandard2.1) (>= net452))
      DevExpress.Printing.Core (20.2.6) - restriction: || (== net461) (&& (== net5.0-windows7.0) (>= net452)) (&& (== net50) (>= net452)) (&& (== netstandard2.0) (>= net452)) (&& (== netstandard2.1) (>= net452))
      DevExpress.RichEdit.Core (20.2.6) - restriction: || (== net461) (&& (== net5.0-windows7.0) (>= net452)) (&& (== net50) (>= net452)) (&& (== netstandard2.0) (>= net452)) (&& (== netstandard2.1) (>= net452))
      DevExpress.SpellChecker.Core (20.2.6) - restriction: || (== net461) (&& (== net5.0-windows7.0) (>= net452)) (&& (== net50) (>= net452)) (&& (== netstandard2.0) (>= net452)) (&& (== netstandard2.1) (>= net452))
      DevExpress.Spreadsheet.Core (20.2.6) - restriction: || (== net461) (&& (== net5.0-windows7.0) (>= net452)) (&& (== net50) (>= net452)) (&& (== netstandard2.0) (>= net452)) (&& (== netstandard2.1) (>= net452))
      DevExpress.Web (20.2.6) - restriction: || (== net461) (&& (== net5.0-windows7.0) (>= net452)) (&& (== net50) (>= net452)) (&& (== netstandard2.0) (>= net452)) (&& (== netstandard2.1) (>= net452))
    DevExpress.Web.Reporting (20.2.6) - restriction: || (== net461) (&& (== net5.0-windows7.0) (>= net452)) (&& (== net50) (>= net452)) (&& (== netstandard2.0) (>= net452)) (&& (== netstandard2.1) (>= net452))
      DevExpress.Data (20.2.6) - restriction: || (== net461) (&& (== net5.0-windows7.0) (>= net452)) (&& (== net50) (>= net452)) (&& (== netstandard2.0) (>= net452)) (&& (== netstandard2.1) (>= net452))
      DevExpress.DataAccess (20.2.6) - restriction: || (== net461) (&& (== net5.0-windows7.0) (>= net452)) (&& (== net50) (>= net452)) (&& (== netstandard2.0) (>= net452)) (&& (== netstandard2.1) (>= net452))
      DevExpress.Printing.Core (20.2.6) - restriction: || (== net461) (&& (== net5.0-windows7.0) (>= net452)) (&& (== net50) (>= net452)) (&& (== netstandard2.0) (>= net452)) (&& (== netstandard2.1) (>= net452))
      DevExpress.Reporting.Core (20.2.6) - restriction: || (== net461) (&& (== net5.0-windows7.0) (>= net452)) (&& (== net50) (>= net452)) (&& (== netstandard2.0) (>= net452)) (&& (== netstandard2.1) (>= net452))
      DevExpress.Utils (20.2.6) - restriction: || (== net461) (&& (== net5.0-windows7.0) (>= net452)) (&& (== net50) (>= net452)) (&& (== netstandard2.0) (>= net452)) (&& (== netstandard2.1) (>= net452))
      DevExpress.Web (20.2.6) - restriction: || (== net461) (&& (== net5.0-windows7.0) (>= net452)) (&& (== net50) (>= net452)) (&& (== netstandard2.0) (>= net452)) (&& (== netstandard2.1) (>= net452))
      DevExpress.Web.Reporting.Common (20.2.6) - restriction: || (== net461) (&& (== net5.0-windows7.0) (>= net452)) (&& (== net50) (>= net452)) (&& (== netstandard2.0) (>= net452)) (&& (== netstandard2.1) (>= net452))
    DevExpress.Web.Reporting.Common (20.2.6) - restriction: || (== net461) (== net5.0-windows7.0) (== net50) (&& (== netstandard2.0) (>= net452)) (&& (== netstandard2.0) (>= netstandard2.1)) (== netstandard2.1)
      DevExpress.Charts (20.2.6)
      DevExpress.Charts.Core (20.2.6)
      DevExpress.Data (20.2.6)
      DevExpress.DataAccess (20.2.6)
      DevExpress.Gauges.Core (20.2.6)
      DevExpress.PivotGrid.Core (20.2.6)
      DevExpress.Printing.Core (20.2.6)
      DevExpress.Reporting.Core (20.2.6)
      DevExpress.Sparkline.Core (20.2.6)
      NETStandard.Library (>= 2.0.3) - restriction: || (&& (== net461) (< net452) (>= netstandard2.0)) (== net5.0-windows7.0) (== net50) (== netstandard2.0) (== netstandard2.1)
      System.CodeDom (>= 4.4) - restriction: || (&& (== net461) (< net452) (>= netstandard2.0)) (== net5.0-windows7.0) (== net50) (== netstandard2.0) (== netstandard2.1)
      System.Drawing.Common (>= 4.5) - restriction: || (&& (== net461) (< net452) (>= netstandard2.0)) (== net5.0-windows7.0) (== net50) (== netstandard2.0) (== netstandard2.1)
      System.Threading.AccessControl (>= 4.4) - restriction: || (&& (== net461) (< net452) (>= netstandard2.0)) (== net5.0-windows7.0) (== net50) (== netstandard2.0) (== netstandard2.1)
    DevExpress.Web.Scheduler (20.2.6) - restriction: || (== net461) (&& (== net5.0-windows7.0) (>= net452)) (&& (== net50) (>= net452)) (&& (== netstandard2.0) (>= net452)) (&& (== netstandard2.1) (>= net452))
      DevExpress.Data (20.2.6) - restriction: || (== net461) (&& (== net5.0-windows7.0) (>= net452)) (&& (== net50) (>= net452)) (&& (== netstandard2.0) (>= net452)) (&& (== netstandard2.1) (>= net452))
      DevExpress.Scheduler.Core (20.2.6) - restriction: || (== net461) (&& (== net5.0-windows7.0) (>= net452)) (&& (== net50) (>= net452)) (&& (== netstandard2.0) (>= net452)) (&& (== netstandard2.1) (>= net452))
      DevExpress.Scheduler.CoreDesktop (20.2.6) - restriction: || (== net461) (&& (== net5.0-windows7.0) (>= net452)) (&& (== net50) (>= net452)) (&& (== netstandard2.0) (>= net452)) (&& (== netstandard2.1) (>= net452))
      DevExpress.Web (20.2.6) - restriction: || (== net461) (&& (== net5.0-windows7.0) (>= net452)) (&& (== net50) (>= net452)) (&& (== netstandard2.0) (>= net452)) (&& (== netstandard2.1) (>= net452))
    DevExpress.Web.Themes (20.2.6) - restriction: || (== net461) (&& (== net5.0-windows7.0) (>= net452)) (&& (== net50) (>= net452)) (&& (== netstandard2.0) (>= net452)) (&& (== netstandard2.1) (>= net452))
      DevExpress.Web (20.2.6) - restriction: || (== net461) (&& (== net5.0-windows7.0) (>= net452)) (&& (== net50) (>= net452)) (&& (== netstandard2.0) (>= net452)) (&& (== netstandard2.1) (>= net452))
    DevExpress.Web.Visualization (20.2.6) - restriction: || (== net461) (&& (== net5.0-windows7.0) (>= net452)) (&& (== net50) (>= net452)) (&& (== netstandard2.0) (>= net452)) (&& (== netstandard2.1) (>= net452))
      DevExpress.Charts (20.2.6) - restriction: || (== net461) (&& (== net5.0-windows7.0) (>= net452)) (&& (== net50) (>= net452)) (&& (== netstandard2.0) (>= net452)) (&& (== netstandard2.1) (>= net452))
      DevExpress.Charts.Core (20.2.6) - restriction: || (== net461) (&& (== net5.0-windows7.0) (>= net452)) (&& (== net50) (>= net452)) (&& (== netstandard2.0) (>= net452)) (&& (== netstandard2.1) (>= net452))
      DevExpress.Data (20.2.6) - restriction: || (== net461) (&& (== net5.0-windows7.0) (>= net452)) (&& (== net50) (>= net452)) (&& (== netstandard2.0) (>= net452)) (&& (== netstandard2.1) (>= net452))
      DevExpress.Gauges.Core (20.2.6) - restriction: || (== net461) (&& (== net5.0-windows7.0) (>= net452)) (&& (== net50) (>= net452)) (&& (== netstandard2.0) (>= net452)) (&& (== netstandard2.1) (>= net452))
      DevExpress.Printing.Core (20.2.6) - restriction: || (== net461) (&& (== net5.0-windows7.0) (>= net452)) (&& (== net50) (>= net452)) (&& (== netstandard2.0) (>= net452)) (&& (== netstandard2.1) (>= net452))
      DevExpress.Web (20.2.6) - restriction: || (== net461) (&& (== net5.0-windows7.0) (>= net452)) (&& (== net50) (>= net452)) (&& (== netstandard2.0) (>= net452)) (&& (== netstandard2.1) (>= net452))
    DevExpress.Win (20.2.6) - restriction: || (== net461) (&& (== net5.0-windows7.0) (>= net452)) (&& (== net50) (>= net452)) (&& (== netstandard2.0) (>= net452)) (&& (== netstandard2.1) (>= net452))
      DevExpress.Data (20.2.6) - restriction: || (== net461) (&& (== net5.0-windows7.0) (>= net452)) (&& (== net50) (>= net452)) (&& (== netstandard2.0) (>= net452)) (&& (== netstandard2.1) (>= net452))
      DevExpress.Data.Desktop (20.2.6) - restriction: || (== net461) (&& (== net5.0-windows7.0) (>= net452)) (&& (== net50) (>= net452)) (&& (== netstandard2.0) (>= net452)) (&& (== netstandard2.1) (>= net452))
      DevExpress.RichEdit.Export (20.2.6) - restriction: || (== net461) (&& (== net5.0-windows7.0) (>= net452)) (&& (== net50) (>= net452)) (&& (== netstandard2.0) (>= net452)) (&& (== netstandard2.1) (>= net452))
      DevExpress.Utils (20.2.6) - restriction: || (== net461) (&& (== net5.0-windows7.0) (>= net452)) (&& (== net50) (>= net452)) (&& (== netstandard2.0) (>= net452)) (&& (== netstandard2.1) (>= net452))
      DevExpress.Win.Grid (20.2.6) - restriction: || (== net461) (&& (== net5.0-windows7.0) (>= net452)) (&& (== net50) (>= net452)) (&& (== netstandard2.0) (>= net452)) (&& (== netstandard2.1) (>= net452))
      DevExpress.Win.Navigation (20.2.6) - restriction: || (== net461) (&& (== net5.0-windows7.0) (>= net452)) (&& (== net50) (>= net452)) (&& (== netstandard2.0) (>= net452)) (&& (== netstandard2.1) (>= net452))
      DevExpress.Win.PivotGrid (20.2.6) - restriction: || (== net461) (&& (== net5.0-windows7.0) (>= net452)) (&& (== net50) (>= net452)) (&& (== netstandard2.0) (>= net452)) (&& (== netstandard2.1) (>= net452))
      DevExpress.Win.Printing (20.2.6) - restriction: || (== net461) (&& (== net5.0-windows7.0) (>= net452)) (&& (== net50) (>= net452)) (&& (== netstandard2.0) (>= net452)) (&& (== netstandard2.1) (>= net452))
      DevExpress.Win.TreeList (20.2.6) - restriction: || (== net461) (&& (== net5.0-windows7.0) (>= net452)) (&& (== net50) (>= net452)) (&& (== netstandard2.0) (>= net452)) (&& (== netstandard2.1) (>= net452))
      DevExpress.Win.VerticalGrid (20.2.6) - restriction: || (== net461) (&& (== net5.0-windows7.0) (>= net452)) (&& (== net50) (>= net452)) (&& (== netstandard2.0) (>= net452)) (&& (== netstandard2.1) (>= net452))
    DevExpress.Win.BonusSkins (20.2.6) - restriction: || (== net461) (&& (== net5.0-windows7.0) (>= net452)) (&& (== net50) (>= net452)) (&& (== netstandard2.0) (>= net452)) (&& (== netstandard2.1) (>= net452))
      DevExpress.Utils (20.2.6) - restriction: || (== net461) (&& (== net5.0-windows7.0) (>= net452)) (&& (== net50) (>= net452)) (&& (== netstandard2.0) (>= net452)) (&& (== netstandard2.1) (>= net452))
    DevExpress.Win.Charts (20.2.6) - restriction: || (== net461) (&& (== net5.0-windows7.0) (>= net452)) (&& (== net50) (>= net452)) (&& (== netstandard2.0) (>= net452)) (&& (== netstandard2.1) (>= net452))
      DevExpress.Charts (20.2.6) - restriction: || (== net461) (&& (== net5.0-windows7.0) (>= net452)) (&& (== net50) (>= net452)) (&& (== netstandard2.0) (>= net452)) (&& (== netstandard2.1) (>= net452))
      DevExpress.Charts.Core (20.2.6) - restriction: || (== net461) (&& (== net5.0-windows7.0) (>= net452)) (&& (== net50) (>= net452)) (&& (== netstandard2.0) (>= net452)) (&& (== netstandard2.1) (>= net452))
      DevExpress.Data (20.2.6) - restriction: || (== net461) (&& (== net5.0-windows7.0) (>= net452)) (&& (== net50) (>= net452)) (&& (== netstandard2.0) (>= net452)) (&& (== netstandard2.1) (>= net452))
      DevExpress.Data.Desktop (20.2.6) - restriction: || (== net461) (&& (== net5.0-windows7.0) (>= net452)) (&& (== net50) (>= net452)) (&& (== netstandard2.0) (>= net452)) (&& (== netstandard2.1) (>= net452))
      DevExpress.DataAccess.UI (20.2.6) - restriction: || (== net461) (&& (== net5.0-windows7.0) (>= net452)) (&& (== net50) (>= net452)) (&& (== netstandard2.0) (>= net452)) (&& (== netstandard2.1) (>= net452))
      DevExpress.Printing.Core (20.2.6) - restriction: || (== net461) (&& (== net5.0-windows7.0) (>= net452)) (&& (== net50) (>= net452)) (&& (== netstandard2.0) (>= net452)) (&& (== netstandard2.1) (>= net452))
      DevExpress.Utils (20.2.6) - restriction: || (== net461) (&& (== net5.0-windows7.0) (>= net452)) (&& (== net50) (>= net452)) (&& (== netstandard2.0) (>= net452)) (&& (== netstandard2.1) (>= net452))
      DevExpress.Utils.UI (20.2.6) - restriction: || (== net461) (&& (== net5.0-windows7.0) (>= net452)) (&& (== net50) (>= net452)) (&& (== netstandard2.0) (>= net452)) (&& (== netstandard2.1) (>= net452))
      DevExpress.Win (20.2.6) - restriction: || (== net461) (&& (== net5.0-windows7.0) (>= net452)) (&& (== net50) (>= net452)) (&& (== netstandard2.0) (>= net452)) (&& (== netstandard2.1) (>= net452))
      DevExpress.Win.Grid (20.2.6) - restriction: || (== net461) (&& (== net5.0-windows7.0) (>= net452)) (&& (== net50) (>= net452)) (&& (== netstandard2.0) (>= net452)) (&& (== netstandard2.1) (>= net452))
      DevExpress.Win.Navigation (20.2.6) - restriction: || (== net461) (&& (== net5.0-windows7.0) (>= net452)) (&& (== net50) (>= net452)) (&& (== netstandard2.0) (>= net452)) (&& (== netstandard2.1) (>= net452))
      DevExpress.Win.Printing (20.2.6) - restriction: || (== net461) (&& (== net5.0-windows7.0) (>= net452)) (&& (== net50) (>= net452)) (&& (== netstandard2.0) (>= net452)) (&& (== netstandard2.1) (>= net452))
      DevExpress.Win.TreeList (20.2.6) - restriction: || (== net461) (&& (== net5.0-windows7.0) (>= net452)) (&& (== net50) (>= net452)) (&& (== netstandard2.0) (>= net452)) (&& (== netstandard2.1) (>= net452))
      DevExpress.Win.VerticalGrid (20.2.6) - restriction: || (== net461) (&& (== net5.0-windows7.0) (>= net452)) (&& (== net50) (>= net452)) (&& (== netstandard2.0) (>= net452)) (&& (== netstandard2.1) (>= net452))
    DevExpress.Win.Dashboard (20.2.6) - restriction: || (== net461) (&& (== net5.0-windows7.0) (>= net452)) (&& (== net50) (>= net452)) (&& (== netstandard2.0) (>= net452)) (&& (== netstandard2.1) (>= net452))
      DevExpress.Charts (20.2.6) - restriction: || (== net461) (&& (== net5.0-windows7.0) (>= net452)) (&& (== net50) (>= net452)) (&& (== netstandard2.0) (>= net452)) (&& (== netstandard2.1) (>= net452))
      DevExpress.Charts.Core (20.2.6) - restriction: || (== net461) (&& (== net5.0-windows7.0) (>= net452)) (&& (== net50) (>= net452)) (&& (== netstandard2.0) (>= net452)) (&& (== netstandard2.1) (>= net452))
      DevExpress.Dashboard.Core (20.2.6) - restriction: || (== net461) (&& (== net5.0-windows7.0) (>= net452)) (&& (== net50) (>= net452)) (&& (== netstandard2.0) (>= net452)) (&& (== netstandard2.1) (>= net452))
      DevExpress.Data (20.2.6) - restriction: || (== net461) (&& (== net5.0-windows7.0) (>= net452)) (&& (== net50) (>= net452)) (&& (== netstandard2.0) (>= net452)) (&& (== netstandard2.1) (>= net452))
      DevExpress.Data.Desktop (20.2.6) - restriction: || (== net461) (&& (== net5.0-windows7.0) (>= net452)) (&& (== net50) (>= net452)) (&& (== netstandard2.0) (>= net452)) (&& (== netstandard2.1) (>= net452))
      DevExpress.DataAccess (20.2.6) - restriction: || (== net461) (&& (== net5.0-windows7.0) (>= net452)) (&& (== net50) (>= net452)) (&& (== netstandard2.0) (>= net452)) (&& (== netstandard2.1) (>= net452))
      DevExpress.DataAccess.UI (20.2.6) - restriction: || (== net461) (&& (== net5.0-windows7.0) (>= net452)) (&& (== net50) (>= net452)) (&& (== netstandard2.0) (>= net452)) (&& (== netstandard2.1) (>= net452))
      DevExpress.Gauges.Core (20.2.6) - restriction: || (== net461) (&& (== net5.0-windows7.0) (>= net452)) (&& (== net50) (>= net452)) (&& (== netstandard2.0) (>= net452)) (&& (== netstandard2.1) (>= net452))
      DevExpress.Map.Core (20.2.6) - restriction: || (== net461) (&& (== net5.0-windows7.0) (>= net452)) (&& (== net50) (>= net452)) (&& (== netstandard2.0) (>= net452)) (&& (== netstandard2.1) (>= net452))
      DevExpress.Office.Core (20.2.6) - restriction: || (== net461) (&& (== net5.0-windows7.0) (>= net452)) (&& (== net50) (>= net452)) (&& (== netstandard2.0) (>= net452)) (&& (== netstandard2.1) (>= net452))
      DevExpress.PivotGrid.Core (20.2.6) - restriction: || (== net461) (&& (== net5.0-windows7.0) (>= net452)) (&& (== net50) (>= net452)) (&& (== netstandard2.0) (>= net452)) (&& (== netstandard2.1) (>= net452))
      DevExpress.Printing.Core (20.2.6) - restriction: || (== net461) (&& (== net5.0-windows7.0) (>= net452)) (&& (== net50) (>= net452)) (&& (== netstandard2.0) (>= net452)) (&& (== netstandard2.1) (>= net452))
      DevExpress.Reporting.Core (20.2.6) - restriction: || (== net461) (&& (== net5.0-windows7.0) (>= net452)) (&& (== net50) (>= net452)) (&& (== netstandard2.0) (>= net452)) (&& (== netstandard2.1) (>= net452))
      DevExpress.RichEdit.Core (20.2.6) - restriction: || (== net461) (&& (== net5.0-windows7.0) (>= net452)) (&& (== net50) (>= net452)) (&& (== netstandard2.0) (>= net452)) (&& (== netstandard2.1) (>= net452))
      DevExpress.Sparkline.Core (20.2.6) - restriction: || (== net461) (&& (== net5.0-windows7.0) (>= net452)) (&& (== net50) (>= net452)) (&& (== netstandard2.0) (>= net452)) (&& (== netstandard2.1) (>= net452))
      DevExpress.TreeMap (20.2.6) - restriction: || (== net461) (&& (== net5.0-windows7.0) (>= net452)) (&& (== net50) (>= net452)) (&& (== netstandard2.0) (>= net452)) (&& (== netstandard2.1) (>= net452))
      DevExpress.TreeMap.Core (20.2.6) - restriction: || (== net461) (&& (== net5.0-windows7.0) (>= net452)) (&& (== net50) (>= net452)) (&& (== netstandard2.0) (>= net452)) (&& (== netstandard2.1) (>= net452))
      DevExpress.Utils (20.2.6) - restriction: || (== net461) (&& (== net5.0-windows7.0) (>= net452)) (&& (== net50) (>= net452)) (&& (== netstandard2.0) (>= net452)) (&& (== netstandard2.1) (>= net452))
      DevExpress.Utils.UI (20.2.6) - restriction: || (== net461) (&& (== net5.0-windows7.0) (>= net452)) (&& (== net50) (>= net452)) (&& (== netstandard2.0) (>= net452)) (&& (== netstandard2.1) (>= net452))
      DevExpress.Win.Charts (20.2.6) - restriction: || (== net461) (&& (== net5.0-windows7.0) (>= net452)) (&& (== net50) (>= net452)) (&& (== netstandard2.0) (>= net452)) (&& (== netstandard2.1) (>= net452))
      DevExpress.Win.Gauges (20.2.6) - restriction: || (== net461) (&& (== net5.0-windows7.0) (>= net452)) (&& (== net50) (>= net452)) (&& (== netstandard2.0) (>= net452)) (&& (== netstandard2.1) (>= net452))
      DevExpress.Win.Grid (20.2.6) - restriction: || (== net461) (&& (== net5.0-windows7.0) (>= net452)) (&& (== net50) (>= net452)) (&& (== netstandard2.0) (>= net452)) (&& (== netstandard2.1) (>= net452))
      DevExpress.Win.Map (20.2.6) - restriction: || (== net461) (&& (== net5.0-windows7.0) (>= net452)) (&& (== net50) (>= net452)) (&& (== netstandard2.0) (>= net452)) (&& (== netstandard2.1) (>= net452))
      DevExpress.Win.Navigation (20.2.6) - restriction: || (== net461) (&& (== net5.0-windows7.0) (>= net452)) (&& (== net50) (>= net452)) (&& (== netstandard2.0) (>= net452)) (&& (== netstandard2.1) (>= net452))
      DevExpress.Win.PivotGrid (20.2.6) - restriction: || (== net461) (&& (== net5.0-windows7.0) (>= net452)) (&& (== net50) (>= net452)) (&& (== netstandard2.0) (>= net452)) (&& (== netstandard2.1) (>= net452))
      DevExpress.Win.Printing (20.2.6) - restriction: || (== net461) (&& (== net5.0-windows7.0) (>= net452)) (&& (== net50) (>= net452)) (&& (== netstandard2.0) (>= net452)) (&& (== netstandard2.1) (>= net452))
      DevExpress.Win.RichEdit (20.2.6) - restriction: || (== net461) (&& (== net5.0-windows7.0) (>= net452)) (&& (== net50) (>= net452)) (&& (== netstandard2.0) (>= net452)) (&& (== netstandard2.1) (>= net452))
      DevExpress.Win.TreeList (20.2.6) - restriction: || (== net461) (&& (== net5.0-windows7.0) (>= net452)) (&& (== net50) (>= net452)) (&& (== netstandard2.0) (>= net452)) (&& (== netstandard2.1) (>= net452))
      DevExpress.Win.TreeMap (20.2.6) - restriction: || (== net461) (&& (== net5.0-windows7.0) (>= net452)) (&& (== net50) (>= net452)) (&& (== netstandard2.0) (>= net452)) (&& (== netstandard2.1) (>= net452))
      DevExpress.Xpo (20.2.6) - restriction: || (== net461) (&& (== net5.0-windows7.0) (>= net452)) (&& (== net50) (>= net452)) (&& (== netstandard2.0) (>= net452)) (&& (== netstandard2.1) (>= net452))
    DevExpress.Win.Diagram (20.2.6) - restriction: || (== net461) (&& (== net5.0-windows7.0) (>= net452)) (&& (== net50) (>= net452)) (&& (== netstandard2.0) (>= net452)) (&& (== netstandard2.1) (>= net452))
      DevExpress.Data (20.2.6) - restriction: || (== net461) (&& (== net5.0-windows7.0) (>= net452)) (&& (== net50) (>= net452)) (&& (== netstandard2.0) (>= net452)) (&& (== netstandard2.1) (>= net452))
      DevExpress.Data.Desktop (20.2.6) - restriction: || (== net461) (&& (== net5.0-windows7.0) (>= net452)) (&& (== net50) (>= net452)) (&& (== netstandard2.0) (>= net452)) (&& (== netstandard2.1) (>= net452))
      DevExpress.Diagram.Core (20.2.6) - restriction: || (== net461) (&& (== net5.0-windows7.0) (>= net452)) (&& (== net50) (>= net452)) (&& (== netstandard2.0) (>= net452)) (&& (== netstandard2.1) (>= net452))
      DevExpress.Office.Core (20.2.6) - restriction: || (== net461) (&& (== net5.0-windows7.0) (>= net452)) (&& (== net50) (>= net452)) (&& (== netstandard2.0) (>= net452)) (&& (== netstandard2.1) (>= net452))
      DevExpress.Pdf.Core (20.2.6) - restriction: || (== net461) (&& (== net5.0-windows7.0) (>= net452)) (&& (== net50) (>= net452)) (&& (== netstandard2.0) (>= net452)) (&& (== netstandard2.1) (>= net452))
      DevExpress.Printing.Core (20.2.6) - restriction: || (== net461) (&& (== net5.0-windows7.0) (>= net452)) (&& (== net50) (>= net452)) (&& (== netstandard2.0) (>= net452)) (&& (== netstandard2.1) (>= net452))
      DevExpress.Utils (20.2.6) - restriction: || (== net461) (&& (== net5.0-windows7.0) (>= net452)) (&& (== net50) (>= net452)) (&& (== netstandard2.0) (>= net452)) (&& (== netstandard2.1) (>= net452))
      DevExpress.Win.Navigation (20.2.6) - restriction: || (== net461) (&& (== net5.0-windows7.0) (>= net452)) (&& (== net50) (>= net452)) (&& (== netstandard2.0) (>= net452)) (&& (== netstandard2.1) (>= net452))
      DevExpress.Win.Printing (20.2.6) - restriction: || (== net461) (&& (== net5.0-windows7.0) (>= net452)) (&& (== net50) (>= net452)) (&& (== netstandard2.0) (>= net452)) (&& (== netstandard2.1) (>= net452))
      DevExpress.Win.VerticalGrid (20.2.6) - restriction: || (== net461) (&& (== net5.0-windows7.0) (>= net452)) (&& (== net50) (>= net452)) (&& (== netstandard2.0) (>= net452)) (&& (== netstandard2.1) (>= net452))
    DevExpress.Win.Gauges (20.2.6) - restriction: || (== net461) (&& (== net5.0-windows7.0) (>= net452)) (&& (== net50) (>= net452)) (&& (== netstandard2.0) (>= net452)) (&& (== netstandard2.1) (>= net452))
      DevExpress.Data (20.2.6) - restriction: || (== net461) (&& (== net5.0-windows7.0) (>= net452)) (&& (== net50) (>= net452)) (&& (== netstandard2.0) (>= net452)) (&& (== netstandard2.1) (>= net452))
      DevExpress.Data.Desktop (20.2.6) - restriction: || (== net461) (&& (== net5.0-windows7.0) (>= net452)) (&& (== net50) (>= net452)) (&& (== netstandard2.0) (>= net452)) (&& (== netstandard2.1) (>= net452))
      DevExpress.Gauges.Core (20.2.6) - restriction: || (== net461) (&& (== net5.0-windows7.0) (>= net452)) (&& (== net50) (>= net452)) (&& (== netstandard2.0) (>= net452)) (&& (== netstandard2.1) (>= net452))
      DevExpress.Printing.Core (20.2.6) - restriction: || (== net461) (&& (== net5.0-windows7.0) (>= net452)) (&& (== net50) (>= net452)) (&& (== netstandard2.0) (>= net452)) (&& (== netstandard2.1) (>= net452))
      DevExpress.Utils (20.2.6) - restriction: || (== net461) (&& (== net5.0-windows7.0) (>= net452)) (&& (== net50) (>= net452)) (&& (== netstandard2.0) (>= net452)) (&& (== netstandard2.1) (>= net452))
      DevExpress.Win.Navigation (20.2.6) - restriction: || (== net461) (&& (== net5.0-windows7.0) (>= net452)) (&& (== net50) (>= net452)) (&& (== netstandard2.0) (>= net452)) (&& (== netstandard2.1) (>= net452))
      DevExpress.Win.Printing (20.2.6) - restriction: || (== net461) (&& (== net5.0-windows7.0) (>= net452)) (&& (== net50) (>= net452)) (&& (== netstandard2.0) (>= net452)) (&& (== netstandard2.1) (>= net452))
    DevExpress.Win.Grid (20.2.6) - restriction: || (== net461) (&& (== net5.0-windows7.0) (>= net452)) (&& (== net50) (>= net452)) (&& (== netstandard2.0) (>= net452)) (&& (== netstandard2.1) (>= net452))
      DevExpress.Data (20.2.6) - restriction: || (== net461) (&& (== net5.0-windows7.0) (>= net452)) (&& (== net50) (>= net452)) (&& (== netstandard2.0) (>= net452)) (&& (== netstandard2.1) (>= net452))
      DevExpress.Data.Desktop (20.2.6) - restriction: || (== net461) (&& (== net5.0-windows7.0) (>= net452)) (&& (== net50) (>= net452)) (&& (== netstandard2.0) (>= net452)) (&& (== netstandard2.1) (>= net452))
      DevExpress.Printing.Core (20.2.6) - restriction: || (== net461) (&& (== net5.0-windows7.0) (>= net452)) (&& (== net50) (>= net452)) (&& (== netstandard2.0) (>= net452)) (&& (== netstandard2.1) (>= net452))
      DevExpress.Utils (20.2.6) - restriction: || (== net461) (&& (== net5.0-windows7.0) (>= net452)) (&& (== net50) (>= net452)) (&& (== netstandard2.0) (>= net452)) (&& (== netstandard2.1) (>= net452))
      DevExpress.Win.Navigation (20.2.6) - restriction: || (== net461) (&& (== net5.0-windows7.0) (>= net452)) (&& (== net50) (>= net452)) (&& (== netstandard2.0) (>= net452)) (&& (== netstandard2.1) (>= net452))
      DevExpress.Win.Printing (20.2.6) - restriction: || (== net461) (&& (== net5.0-windows7.0) (>= net452)) (&& (== net50) (>= net452)) (&& (== netstandard2.0) (>= net452)) (&& (== netstandard2.1) (>= net452))
    DevExpress.Win.Map (20.2.6) - restriction: || (== net461) (&& (== net5.0-windows7.0) (>= net452)) (&& (== net50) (>= net452)) (&& (== netstandard2.0) (>= net452)) (&& (== netstandard2.1) (>= net452))
      DevExpress.Data (20.2.6) - restriction: || (== net461) (&& (== net5.0-windows7.0) (>= net452)) (&& (== net50) (>= net452)) (&& (== netstandard2.0) (>= net452)) (&& (== netstandard2.1) (>= net452))
      DevExpress.Data.Desktop (20.2.6) - restriction: || (== net461) (&& (== net5.0-windows7.0) (>= net452)) (&& (== net50) (>= net452)) (&& (== netstandard2.0) (>= net452)) (&& (== netstandard2.1) (>= net452))
      DevExpress.Map.Core (20.2.6) - restriction: || (== net461) (&& (== net5.0-windows7.0) (>= net452)) (&& (== net50) (>= net452)) (&& (== netstandard2.0) (>= net452)) (&& (== netstandard2.1) (>= net452))
      DevExpress.Printing.Core (20.2.6) - restriction: || (== net461) (&& (== net5.0-windows7.0) (>= net452)) (&& (== net50) (>= net452)) (&& (== netstandard2.0) (>= net452)) (&& (== netstandard2.1) (>= net452))
      DevExpress.Utils (20.2.6) - restriction: || (== net461) (&& (== net5.0-windows7.0) (>= net452)) (&& (== net50) (>= net452)) (&& (== netstandard2.0) (>= net452)) (&& (== netstandard2.1) (>= net452))
      DevExpress.Win.Navigation (20.2.6) - restriction: || (== net461) (&& (== net5.0-windows7.0) (>= net452)) (&& (== net50) (>= net452)) (&& (== netstandard2.0) (>= net452)) (&& (== netstandard2.1) (>= net452))
      DevExpress.Win.Printing (20.2.6) - restriction: || (== net461) (&& (== net5.0-windows7.0) (>= net452)) (&& (== net50) (>= net452)) (&& (== netstandard2.0) (>= net452)) (&& (== netstandard2.1) (>= net452))
    DevExpress.Win.Navigation (20.2.6) - restriction: || (== net461) (&& (== net5.0-windows7.0) (>= net452)) (&& (== net50) (>= net452)) (&& (== netstandard2.0) (>= net452)) (&& (== netstandard2.1) (>= net452))
      DevExpress.Data (20.2.6) - restriction: || (== net461) (&& (== net5.0-windows7.0) (>= net452)) (&& (== net50) (>= net452)) (&& (== netstandard2.0) (>= net452)) (&& (== netstandard2.1) (>= net452))
      DevExpress.Data.Desktop (20.2.6) - restriction: || (== net461) (&& (== net5.0-windows7.0) (>= net452)) (&& (== net50) (>= net452)) (&& (== netstandard2.0) (>= net452)) (&& (== netstandard2.1) (>= net452))
      DevExpress.Printing.Core (20.2.6) - restriction: || (== net461) (&& (== net5.0-windows7.0) (>= net452)) (&& (== net50) (>= net452)) (&& (== netstandard2.0) (>= net452)) (&& (== netstandard2.1) (>= net452))
      DevExpress.Sparkline.Core (20.2.6) - restriction: || (== net461) (&& (== net5.0-windows7.0) (>= net452)) (&& (== net50) (>= net452)) (&& (== netstandard2.0) (>= net452)) (&& (== netstandard2.1) (>= net452))
      DevExpress.Utils (20.2.6) - restriction: || (== net461) (&& (== net5.0-windows7.0) (>= net452)) (&& (== net50) (>= net452)) (&& (== netstandard2.0) (>= net452)) (&& (== netstandard2.1) (>= net452))
    DevExpress.Win.PivotGrid (20.2.6) - restriction: || (== net461) (&& (== net5.0-windows7.0) (>= net452)) (&& (== net50) (>= net452)) (&& (== netstandard2.0) (>= net452)) (&& (== netstandard2.1) (>= net452))
      DevExpress.Data (20.2.6) - restriction: || (== net461) (&& (== net5.0-windows7.0) (>= net452)) (&& (== net50) (>= net452)) (&& (== netstandard2.0) (>= net452)) (&& (== netstandard2.1) (>= net452))
      DevExpress.PivotGrid.Core (20.2.6) - restriction: || (== net461) (&& (== net5.0-windows7.0) (>= net452)) (&& (== net50) (>= net452)) (&& (== netstandard2.0) (>= net452)) (&& (== netstandard2.1) (>= net452))
      DevExpress.Printing.Core (20.2.6) - restriction: || (== net461) (&& (== net5.0-windows7.0) (>= net452)) (&& (== net50) (>= net452)) (&& (== netstandard2.0) (>= net452)) (&& (== netstandard2.1) (>= net452))
      DevExpress.Utils (20.2.6) - restriction: || (== net461) (&& (== net5.0-windows7.0) (>= net452)) (&& (== net50) (>= net452)) (&& (== netstandard2.0) (>= net452)) (&& (== netstandard2.1) (>= net452))
      DevExpress.Win.Navigation (20.2.6) - restriction: || (== net461) (&& (== net5.0-windows7.0) (>= net452)) (&& (== net50) (>= net452)) (&& (== netstandard2.0) (>= net452)) (&& (== netstandard2.1) (>= net452))
    DevExpress.Win.Printing (20.2.6) - restriction: || (== net461) (&& (== net5.0-windows7.0) (>= net452)) (&& (== net50) (>= net452)) (&& (== netstandard2.0) (>= net452)) (&& (== netstandard2.1) (>= net452))
      DevExpress.Data (20.2.6) - restriction: || (== net461) (&& (== net5.0-windows7.0) (>= net452)) (&& (== net50) (>= net452)) (&& (== netstandard2.0) (>= net452)) (&& (== netstandard2.1) (>= net452))
      DevExpress.Data.Desktop (20.2.6) - restriction: || (== net461) (&& (== net5.0-windows7.0) (>= net452)) (&& (== net50) (>= net452)) (&& (== netstandard2.0) (>= net452)) (&& (== netstandard2.1) (>= net452))
      DevExpress.Printing.Core (20.2.6) - restriction: || (== net461) (&& (== net5.0-windows7.0) (>= net452)) (&& (== net50) (>= net452)) (&& (== netstandard2.0) (>= net452)) (&& (== netstandard2.1) (>= net452))
      DevExpress.RichEdit.Core (20.2.6) - restriction: || (== net461) (&& (== net5.0-windows7.0) (>= net452)) (&& (== net50) (>= net452)) (&& (== netstandard2.0) (>= net452)) (&& (== netstandard2.1) (>= net452))
      DevExpress.Utils (20.2.6) - restriction: || (== net461) (&& (== net5.0-windows7.0) (>= net452)) (&& (== net50) (>= net452)) (&& (== netstandard2.0) (>= net452)) (&& (== netstandard2.1) (>= net452))
      DevExpress.Win.Navigation (20.2.6) - restriction: || (== net461) (&& (== net5.0-windows7.0) (>= net452)) (&& (== net50) (>= net452)) (&& (== netstandard2.0) (>= net452)) (&& (== netstandard2.1) (>= net452))
      DevExpress.Win.TreeList (20.2.6) - restriction: || (== net461) (&& (== net5.0-windows7.0) (>= net452)) (&& (== net50) (>= net452)) (&& (== netstandard2.0) (>= net452)) (&& (== netstandard2.1) (>= net452))
    DevExpress.Win.Reporting (20.2.6) - restriction: || (== net461) (&& (== net5.0-windows7.0) (>= net452)) (&& (== net50) (>= net452)) (&& (== netstandard2.0) (>= net452)) (&& (== netstandard2.1) (>= net452))
      DevExpress.Charts (20.2.6) - restriction: || (== net461) (&& (== net5.0-windows7.0) (>= net452)) (&& (== net50) (>= net452)) (&& (== netstandard2.0) (>= net452)) (&& (== netstandard2.1) (>= net452))
      DevExpress.Charts.Core (20.2.6) - restriction: || (== net461) (&& (== net5.0-windows7.0) (>= net452)) (&& (== net50) (>= net452)) (&& (== netstandard2.0) (>= net452)) (&& (== netstandard2.1) (>= net452))
      DevExpress.CodeParser (20.2.6) - restriction: || (== net461) (&& (== net5.0-windows7.0) (>= net452)) (&& (== net50) (>= net452)) (&& (== netstandard2.0) (>= net452)) (&& (== netstandard2.1) (>= net452))
      DevExpress.Data (20.2.6) - restriction: || (== net461) (&& (== net5.0-windows7.0) (>= net452)) (&& (== net50) (>= net452)) (&& (== netstandard2.0) (>= net452)) (&& (== netstandard2.1) (>= net452))
      DevExpress.Data.Desktop (20.2.6) - restriction: || (== net461) (&& (== net5.0-windows7.0) (>= net452)) (&& (== net50) (>= net452)) (&& (== netstandard2.0) (>= net452)) (&& (== netstandard2.1) (>= net452))
      DevExpress.DataAccess (20.2.6) - restriction: || (== net461) (&& (== net5.0-windows7.0) (>= net452)) (&& (== net50) (>= net452)) (&& (== netstandard2.0) (>= net452)) (&& (== netstandard2.1) (>= net452))
      DevExpress.DataAccess.UI (20.2.6) - restriction: || (== net461) (&& (== net5.0-windows7.0) (>= net452)) (&& (== net50) (>= net452)) (&& (== netstandard2.0) (>= net452)) (&& (== netstandard2.1) (>= net452))
      DevExpress.Gauges.Core (20.2.6) - restriction: || (== net461) (&& (== net5.0-windows7.0) (>= net452)) (&& (== net50) (>= net452)) (&& (== netstandard2.0) (>= net452)) (&& (== netstandard2.1) (>= net452))
      DevExpress.Office.Core (20.2.6) - restriction: || (== net461) (&& (== net5.0-windows7.0) (>= net452)) (&& (== net50) (>= net452)) (&& (== netstandard2.0) (>= net452)) (&& (== netstandard2.1) (>= net452))
      DevExpress.PivotGrid.Core (20.2.6) - restriction: || (== net461) (&& (== net5.0-windows7.0) (>= net452)) (&& (== net50) (>= net452)) (&& (== netstandard2.0) (>= net452)) (&& (== netstandard2.1) (>= net452))
      DevExpress.Printing.Core (20.2.6) - restriction: || (== net461) (&& (== net5.0-windows7.0) (>= net452)) (&& (== net50) (>= net452)) (&& (== netstandard2.0) (>= net452)) (&& (== netstandard2.1) (>= net452))
      DevExpress.Reporting.Core (20.2.6) - restriction: || (== net461) (&& (== net5.0-windows7.0) (>= net452)) (&& (== net50) (>= net452)) (&& (== netstandard2.0) (>= net452)) (&& (== netstandard2.1) (>= net452))
      DevExpress.RichEdit.Core (20.2.6) - restriction: || (== net461) (&& (== net5.0-windows7.0) (>= net452)) (&& (== net50) (>= net452)) (&& (== netstandard2.0) (>= net452)) (&& (== netstandard2.1) (>= net452))
      DevExpress.Sparkline.Core (20.2.6) - restriction: || (== net461) (&& (== net5.0-windows7.0) (>= net452)) (&& (== net50) (>= net452)) (&& (== netstandard2.0) (>= net452)) (&& (== netstandard2.1) (>= net452))
      DevExpress.Utils (20.2.6) - restriction: || (== net461) (&& (== net5.0-windows7.0) (>= net452)) (&& (== net50) (>= net452)) (&& (== netstandard2.0) (>= net452)) (&& (== netstandard2.1) (>= net452))
      DevExpress.Utils.UI (20.2.6) - restriction: || (== net461) (&& (== net5.0-windows7.0) (>= net452)) (&& (== net50) (>= net452)) (&& (== netstandard2.0) (>= net452)) (&& (== netstandard2.1) (>= net452))
      DevExpress.Win (20.2.6) - restriction: || (== net461) (&& (== net5.0-windows7.0) (>= net452)) (&& (== net50) (>= net452)) (&& (== netstandard2.0) (>= net452)) (&& (== netstandard2.1) (>= net452))
      DevExpress.Win.Charts (20.2.6) - restriction: || (== net461) (&& (== net5.0-windows7.0) (>= net452)) (&& (== net50) (>= net452)) (&& (== netstandard2.0) (>= net452)) (&& (== netstandard2.1) (>= net452))
      DevExpress.Win.Grid (20.2.6) - restriction: || (== net461) (&& (== net5.0-windows7.0) (>= net452)) (&& (== net50) (>= net452)) (&& (== netstandard2.0) (>= net452)) (&& (== netstandard2.1) (>= net452))
      DevExpress.Win.Navigation (20.2.6) - restriction: || (== net461) (&& (== net5.0-windows7.0) (>= net452)) (&& (== net50) (>= net452)) (&& (== netstandard2.0) (>= net452)) (&& (== netstandard2.1) (>= net452))
      DevExpress.Win.PivotGrid (20.2.6) - restriction: || (== net461) (&& (== net5.0-windows7.0) (>= net452)) (&& (== net50) (>= net452)) (&& (== netstandard2.0) (>= net452)) (&& (== netstandard2.1) (>= net452))
      DevExpress.Win.Printing (20.2.6) - restriction: || (== net461) (&& (== net5.0-windows7.0) (>= net452)) (&& (== net50) (>= net452)) (&& (== netstandard2.0) (>= net452)) (&& (== netstandard2.1) (>= net452))
      DevExpress.Win.RichEdit (20.2.6) - restriction: || (== net461) (&& (== net5.0-windows7.0) (>= net452)) (&& (== net50) (>= net452)) (&& (== netstandard2.0) (>= net452)) (&& (== netstandard2.1) (>= net452))
      DevExpress.Win.TreeList (20.2.6) - restriction: || (== net461) (&& (== net5.0-windows7.0) (>= net452)) (&& (== net50) (>= net452)) (&& (== netstandard2.0) (>= net452)) (&& (== netstandard2.1) (>= net452))
      DevExpress.Win.VerticalGrid (20.2.6) - restriction: || (== net461) (&& (== net5.0-windows7.0) (>= net452)) (&& (== net50) (>= net452)) (&& (== netstandard2.0) (>= net452)) (&& (== netstandard2.1) (>= net452))
    DevExpress.Win.RichEdit (20.2.6) - restriction: || (== net461) (&& (== net5.0-windows7.0) (>= net452)) (&& (== net50) (>= net452)) (&& (== netstandard2.0) (>= net452)) (&& (== netstandard2.1) (>= net452))
      DevExpress.Data (20.2.6) - restriction: || (== net461) (&& (== net5.0-windows7.0) (>= net452)) (&& (== net50) (>= net452)) (&& (== netstandard2.0) (>= net452)) (&& (== netstandard2.1) (>= net452))
      DevExpress.Data.Desktop (20.2.6) - restriction: || (== net461) (&& (== net5.0-windows7.0) (>= net452)) (&& (== net50) (>= net452)) (&& (== netstandard2.0) (>= net452)) (&& (== netstandard2.1) (>= net452))
      DevExpress.Images (20.2.6) - restriction: || (== net461) (&& (== net5.0-windows7.0) (>= net452)) (&& (== net50) (>= net452)) (&& (== netstandard2.0) (>= net452)) (&& (== netstandard2.1) (>= net452))
      DevExpress.Office.Core (20.2.6) - restriction: || (== net461) (&& (== net5.0-windows7.0) (>= net452)) (&& (== net50) (>= net452)) (&& (== netstandard2.0) (>= net452)) (&& (== netstandard2.1) (>= net452))
      DevExpress.Pdf.Core (20.2.6) - restriction: || (== net461) (&& (== net5.0-windows7.0) (>= net452)) (&& (== net50) (>= net452)) (&& (== netstandard2.0) (>= net452)) (&& (== netstandard2.1) (>= net452))
      DevExpress.Printing.Core (20.2.6) - restriction: || (== net461) (&& (== net5.0-windows7.0) (>= net452)) (&& (== net50) (>= net452)) (&& (== netstandard2.0) (>= net452)) (&& (== netstandard2.1) (>= net452))
      DevExpress.RichEdit.Core (20.2.6) - restriction: || (== net461) (&& (== net5.0-windows7.0) (>= net452)) (&& (== net50) (>= net452)) (&& (== netstandard2.0) (>= net452)) (&& (== netstandard2.1) (>= net452))
      DevExpress.Utils (20.2.6) - restriction: || (== net461) (&& (== net5.0-windows7.0) (>= net452)) (&& (== net50) (>= net452)) (&& (== netstandard2.0) (>= net452)) (&& (== netstandard2.1) (>= net452))
      DevExpress.Win.Grid (20.2.6) - restriction: || (== net461) (&& (== net5.0-windows7.0) (>= net452)) (&& (== net50) (>= net452)) (&& (== netstandard2.0) (>= net452)) (&& (== netstandard2.1) (>= net452))
      DevExpress.Win.Navigation (20.2.6) - restriction: || (== net461) (&& (== net5.0-windows7.0) (>= net452)) (&& (== net50) (>= net452)) (&& (== netstandard2.0) (>= net452)) (&& (== netstandard2.1) (>= net452))
      DevExpress.Win.Printing (20.2.6) - restriction: || (== net461) (&& (== net5.0-windows7.0) (>= net452)) (&& (== net50) (>= net452)) (&& (== netstandard2.0) (>= net452)) (&& (== netstandard2.1) (>= net452))
    DevExpress.Win.Scheduler (20.2.6) - restriction: || (== net461) (&& (== net5.0-windows7.0) (>= net452)) (&& (== net50) (>= net452)) (&& (== netstandard2.0) (>= net452)) (&& (== netstandard2.1) (>= net452))
      DevExpress.Data (20.2.6) - restriction: || (== net461) (&& (== net5.0-windows7.0) (>= net452)) (&& (== net50) (>= net452)) (&& (== netstandard2.0) (>= net452)) (&& (== netstandard2.1) (>= net452))
      DevExpress.Data.Desktop (20.2.6) - restriction: || (== net461) (&& (== net5.0-windows7.0) (>= net452)) (&& (== net50) (>= net452)) (&& (== netstandard2.0) (>= net452)) (&& (== netstandard2.1) (>= net452))
      DevExpress.Printing.Core (20.2.6) - restriction: || (== net461) (&& (== net5.0-windows7.0) (>= net452)) (&& (== net50) (>= net452)) (&& (== netstandard2.0) (>= net452)) (&& (== netstandard2.1) (>= net452))
      DevExpress.Scheduler.Core (20.2.6) - restriction: || (== net461) (&& (== net5.0-windows7.0) (>= net452)) (&& (== net50) (>= net452)) (&& (== netstandard2.0) (>= net452)) (&& (== netstandard2.1) (>= net452))
      DevExpress.Scheduler.CoreDesktop (20.2.6) - restriction: || (== net461) (&& (== net5.0-windows7.0) (>= net452)) (&& (== net50) (>= net452)) (&& (== netstandard2.0) (>= net452)) (&& (== netstandard2.1) (>= net452))
      DevExpress.Utils (20.2.6) - restriction: || (== net461) (&& (== net5.0-windows7.0) (>= net452)) (&& (== net50) (>= net452)) (&& (== netstandard2.0) (>= net452)) (&& (== netstandard2.1) (>= net452))
      DevExpress.Win.Grid (20.2.6) - restriction: || (== net461) (&& (== net5.0-windows7.0) (>= net452)) (&& (== net50) (>= net452)) (&& (== netstandard2.0) (>= net452)) (&& (== netstandard2.1) (>= net452))
      DevExpress.Win.Navigation (20.2.6) - restriction: || (== net461) (&& (== net5.0-windows7.0) (>= net452)) (&& (== net50) (>= net452)) (&& (== netstandard2.0) (>= net452)) (&& (== netstandard2.1) (>= net452))
      DevExpress.Win.Printing (20.2.6) - restriction: || (== net461) (&& (== net5.0-windows7.0) (>= net452)) (&& (== net50) (>= net452)) (&& (== netstandard2.0) (>= net452)) (&& (== netstandard2.1) (>= net452))
    DevExpress.Win.Spreadsheet (20.2.6) - restriction: || (== net461) (&& (== net5.0-windows7.0) (>= net452)) (&& (== net50) (>= net452)) (&& (== netstandard2.0) (>= net452)) (&& (== netstandard2.1) (>= net452))
      DevExpress.Charts (20.2.6) - restriction: || (== net461) (&& (== net5.0-windows7.0) (>= net452)) (&& (== net50) (>= net452)) (&& (== netstandard2.0) (>= net452)) (&& (== netstandard2.1) (>= net452))
      DevExpress.Data (20.2.6) - restriction: || (== net461) (&& (== net5.0-windows7.0) (>= net452)) (&& (== net50) (>= net452)) (&& (== netstandard2.0) (>= net452)) (&& (== netstandard2.1) (>= net452))
      DevExpress.Data.Desktop (20.2.6) - restriction: || (== net461) (&& (== net5.0-windows7.0) (>= net452)) (&& (== net50) (>= net452)) (&& (== netstandard2.0) (>= net452)) (&& (== netstandard2.1) (>= net452))
      DevExpress.DataAccess (20.2.6) - restriction: || (== net461) (&& (== net5.0-windows7.0) (>= net452)) (&& (== net50) (>= net452)) (&& (== netstandard2.0) (>= net452)) (&& (== netstandard2.1) (>= net452))
      DevExpress.DataAccess.UI (20.2.6) - restriction: || (== net461) (&& (== net5.0-windows7.0) (>= net452)) (&& (== net50) (>= net452)) (&& (== netstandard2.0) (>= net452)) (&& (== netstandard2.1) (>= net452))
      DevExpress.DataVisualization.Core (20.2.6) - restriction: || (== net461) (&& (== net5.0-windows7.0) (>= net452)) (&& (== net50) (>= net452)) (&& (== netstandard2.0) (>= net452)) (&& (== netstandard2.1) (>= net452))
      DevExpress.Office.Core (20.2.6) - restriction: || (== net461) (&& (== net5.0-windows7.0) (>= net452)) (&& (== net50) (>= net452)) (&& (== netstandard2.0) (>= net452)) (&& (== netstandard2.1) (>= net452))
      DevExpress.Printing.Core (20.2.6) - restriction: || (== net461) (&& (== net5.0-windows7.0) (>= net452)) (&& (== net50) (>= net452)) (&& (== netstandard2.0) (>= net452)) (&& (== netstandard2.1) (>= net452))
      DevExpress.RichEdit.Core (20.2.6) - restriction: || (== net461) (&& (== net5.0-windows7.0) (>= net452)) (&& (== net50) (>= net452)) (&& (== netstandard2.0) (>= net452)) (&& (== netstandard2.1) (>= net452))
      DevExpress.Spreadsheet.Core (20.2.6) - restriction: || (== net461) (&& (== net5.0-windows7.0) (>= net452)) (&& (== net50) (>= net452)) (&& (== netstandard2.0) (>= net452)) (&& (== netstandard2.1) (>= net452))
      DevExpress.Utils (20.2.6) - restriction: || (== net461) (&& (== net5.0-windows7.0) (>= net452)) (&& (== net50) (>= net452)) (&& (== netstandard2.0) (>= net452)) (&& (== netstandard2.1) (>= net452))
      DevExpress.Utils.UI (20.2.6) - restriction: || (== net461) (&& (== net5.0-windows7.0) (>= net452)) (&& (== net50) (>= net452)) (&& (== netstandard2.0) (>= net452)) (&& (== netstandard2.1) (>= net452))
      DevExpress.Win (20.2.6) - restriction: || (== net461) (&& (== net5.0-windows7.0) (>= net452)) (&& (== net50) (>= net452)) (&& (== netstandard2.0) (>= net452)) (&& (== netstandard2.1) (>= net452))
      DevExpress.Win.Grid (20.2.6) - restriction: || (== net461) (&& (== net5.0-windows7.0) (>= net452)) (&& (== net50) (>= net452)) (&& (== netstandard2.0) (>= net452)) (&& (== netstandard2.1) (>= net452))
      DevExpress.Win.Navigation (20.2.6) - restriction: || (== net461) (&& (== net5.0-windows7.0) (>= net452)) (&& (== net50) (>= net452)) (&& (== netstandard2.0) (>= net452)) (&& (== netstandard2.1) (>= net452))
      DevExpress.Win.Printing (20.2.6) - restriction: || (== net461) (&& (== net5.0-windows7.0) (>= net452)) (&& (== net50) (>= net452)) (&& (== netstandard2.0) (>= net452)) (&& (== netstandard2.1) (>= net452))
      DevExpress.Win.RichEdit (20.2.6) - restriction: || (== net461) (&& (== net5.0-windows7.0) (>= net452)) (&& (== net50) (>= net452)) (&& (== netstandard2.0) (>= net452)) (&& (== netstandard2.1) (>= net452))
      DevExpress.Win.TreeList (20.2.6) - restriction: || (== net461) (&& (== net5.0-windows7.0) (>= net452)) (&& (== net50) (>= net452)) (&& (== netstandard2.0) (>= net452)) (&& (== netstandard2.1) (>= net452))
    DevExpress.Win.TreeList (20.2.6) - restriction: || (== net461) (&& (== net5.0-windows7.0) (>= net452)) (&& (== net50) (>= net452)) (&& (== netstandard2.0) (>= net452)) (&& (== netstandard2.1) (>= net452))
      DevExpress.Data (20.2.6) - restriction: || (== net461) (&& (== net5.0-windows7.0) (>= net452)) (&& (== net50) (>= net452)) (&& (== netstandard2.0) (>= net452)) (&& (== netstandard2.1) (>= net452))
      DevExpress.Data.Desktop (20.2.6) - restriction: || (== net461) (&& (== net5.0-windows7.0) (>= net452)) (&& (== net50) (>= net452)) (&& (== netstandard2.0) (>= net452)) (&& (== netstandard2.1) (>= net452))
      DevExpress.Printing.Core (20.2.6) - restriction: || (== net461) (&& (== net5.0-windows7.0) (>= net452)) (&& (== net50) (>= net452)) (&& (== netstandard2.0) (>= net452)) (&& (== netstandard2.1) (>= net452))
      DevExpress.Utils (20.2.6) - restriction: || (== net461) (&& (== net5.0-windows7.0) (>= net452)) (&& (== net50) (>= net452)) (&& (== netstandard2.0) (>= net452)) (&& (== netstandard2.1) (>= net452))
      DevExpress.Win.Navigation (20.2.6) - restriction: || (== net461) (&& (== net5.0-windows7.0) (>= net452)) (&& (== net50) (>= net452)) (&& (== netstandard2.0) (>= net452)) (&& (== netstandard2.1) (>= net452))
    DevExpress.Win.TreeMap (20.2.6) - restriction: || (== net461) (&& (== net5.0-windows7.0) (>= net452)) (&& (== net50) (>= net452)) (&& (== netstandard2.0) (>= net452)) (&& (== netstandard2.1) (>= net452))
      DevExpress.Data (20.2.6) - restriction: || (== net461) (&& (== net5.0-windows7.0) (>= net452)) (&& (== net50) (>= net452)) (&& (== netstandard2.0) (>= net452)) (&& (== netstandard2.1) (>= net452))
      DevExpress.Data.Desktop (20.2.6) - restriction: || (== net461) (&& (== net5.0-windows7.0) (>= net452)) (&& (== net50) (>= net452)) (&& (== netstandard2.0) (>= net452)) (&& (== netstandard2.1) (>= net452))
      DevExpress.Printing.Core (20.2.6) - restriction: || (== net461) (&& (== net5.0-windows7.0) (>= net452)) (&& (== net50) (>= net452)) (&& (== netstandard2.0) (>= net452)) (&& (== netstandard2.1) (>= net452))
      DevExpress.TreeMap (20.2.6) - restriction: || (== net461) (&& (== net5.0-windows7.0) (>= net452)) (&& (== net50) (>= net452)) (&& (== netstandard2.0) (>= net452)) (&& (== netstandard2.1) (>= net452))
      DevExpress.TreeMap.Core (20.2.6) - restriction: || (== net461) (&& (== net5.0-windows7.0) (>= net452)) (&& (== net50) (>= net452)) (&& (== netstandard2.0) (>= net452)) (&& (== netstandard2.1) (>= net452))
      DevExpress.Utils (20.2.6) - restriction: || (== net461) (&& (== net5.0-windows7.0) (>= net452)) (&& (== net50) (>= net452)) (&& (== netstandard2.0) (>= net452)) (&& (== netstandard2.1) (>= net452))
      DevExpress.Win.Navigation (20.2.6) - restriction: || (== net461) (&& (== net5.0-windows7.0) (>= net452)) (&& (== net50) (>= net452)) (&& (== netstandard2.0) (>= net452)) (&& (== netstandard2.1) (>= net452))
      DevExpress.Win.Printing (20.2.6) - restriction: || (== net461) (&& (== net5.0-windows7.0) (>= net452)) (&& (== net50) (>= net452)) (&& (== netstandard2.0) (>= net452)) (&& (== netstandard2.1) (>= net452))
    DevExpress.Win.VerticalGrid (20.2.6) - restriction: || (== net461) (&& (== net5.0-windows7.0) (>= net452)) (&& (== net50) (>= net452)) (&& (== netstandard2.0) (>= net452)) (&& (== netstandard2.1) (>= net452))
      DevExpress.Data (20.2.6) - restriction: || (== net461) (&& (== net5.0-windows7.0) (>= net452)) (&& (== net50) (>= net452)) (&& (== netstandard2.0) (>= net452)) (&& (== netstandard2.1) (>= net452))
      DevExpress.Data.Desktop (20.2.6) - restriction: || (== net461) (&& (== net5.0-windows7.0) (>= net452)) (&& (== net50) (>= net452)) (&& (== netstandard2.0) (>= net452)) (&& (== netstandard2.1) (>= net452))
      DevExpress.Printing.Core (20.2.6) - restriction: || (== net461) (&& (== net5.0-windows7.0) (>= net452)) (&& (== net50) (>= net452)) (&& (== netstandard2.0) (>= net452)) (&& (== netstandard2.1) (>= net452))
      DevExpress.Utils (20.2.6) - restriction: || (== net461) (&& (== net5.0-windows7.0) (>= net452)) (&& (== net50) (>= net452)) (&& (== netstandard2.0) (>= net452)) (&& (== netstandard2.1) (>= net452))
      DevExpress.Win.Navigation (20.2.6) - restriction: || (== net461) (&& (== net5.0-windows7.0) (>= net452)) (&& (== net50) (>= net452)) (&& (== netstandard2.0) (>= net452)) (&& (== netstandard2.1) (>= net452))
      DevExpress.Win.Printing (20.2.6) - restriction: || (== net461) (&& (== net5.0-windows7.0) (>= net452)) (&& (== net50) (>= net452)) (&& (== netstandard2.0) (>= net452)) (&& (== netstandard2.1) (>= net452))
    DevExpress.WindowsDesktop.Charts (20.2.6) - restriction: || (&& (== net461) (>= netcoreapp3.0)) (== net5.0-windows7.0) (== net50) (&& (== netstandard2.0) (>= netcoreapp3.0)) (&& (== netstandard2.1) (>= netcoreapp3.0))
      DevExpress.WindowsDesktop.Charts.Core (20.2.6) - restriction: || (&& (== net461) (>= netstandard2.0)) (== net5.0-windows7.0) (== net50) (== netstandard2.0) (== netstandard2.1)
      DevExpress.WindowsDesktop.Data (20.2.6) - restriction: || (&& (== net461) (>= netstandard2.0)) (== net5.0-windows7.0) (== net50) (== netstandard2.0) (== netstandard2.1)
      DevExpress.WindowsDesktop.DataVisualization.Core (20.2.6) - restriction: || (&& (== net461) (>= netstandard2.0)) (== net5.0-windows7.0) (== net50) (== netstandard2.0) (== netstandard2.1)
      DevExpress.WindowsDesktop.Printing.Core (20.2.6) - restriction: || (&& (== net461) (>= netstandard2.0)) (== net5.0-windows7.0) (== net50) (== netstandard2.0) (== netstandard2.1)
      NETStandard.Library (>= 2.0.3) - restriction: || (&& (== net461) (>= netstandard2.0)) (== net5.0-windows7.0) (== net50) (== netstandard2.0) (== netstandard2.1)
      System.Drawing.Common (>= 4.5) - restriction: || (&& (== net461) (>= netstandard2.0)) (== net5.0-windows7.0) (== net50) (== netstandard2.0) (== netstandard2.1)
    DevExpress.WindowsDesktop.Charts.Core (20.2.6) - restriction: || (&& (== net461) (>= netcoreapp3.0)) (== net5.0-windows7.0) (== net50) (&& (== netstandard2.0) (>= netcoreapp3.0)) (&& (== netstandard2.1) (>= netcoreapp3.0))
      DevExpress.WindowsDesktop.Data (20.2.6) - restriction: || (&& (== net461) (>= netstandard2.0)) (== net5.0-windows7.0) (== net50) (== netstandard2.0) (== netstandard2.1)
      NETStandard.Library (>= 2.0.3) - restriction: || (&& (== net461) (>= netstandard2.0)) (== net5.0-windows7.0) (== net50) (== netstandard2.0) (== netstandard2.1)
    DevExpress.WindowsDesktop.CodeParser (20.2.6) - restriction: || (&& (== net461) (>= netcoreapp3.0)) (== net5.0-windows7.0) (== net50) (&& (== netstandard2.0) (>= netcoreapp3.0)) (&& (== netstandard2.1) (>= netcoreapp3.0))
      DevExpress.WindowsDesktop.Data (20.2.6) - restriction: || (&& (== net461) (>= netstandard2.0)) (== net5.0-windows7.0) (== net50) (== netstandard2.0) (== netstandard2.1)
      NETStandard.Library (>= 2.0.3) - restriction: || (&& (== net461) (>= netstandard2.0)) (== net5.0-windows7.0) (== net50) (== netstandard2.0) (== netstandard2.1)
      System.CodeDom (>= 4.4) - restriction: || (&& (== net461) (>= netstandard2.0)) (== net5.0-windows7.0) (== net50) (== netstandard2.0) (== netstandard2.1)
    DevExpress.WindowsDesktop.Core (20.2.6)
      DevExpress.WindowsDesktop.Charts (20.2.6) - restriction: || (&& (== net461) (>= netcoreapp3.0)) (== net5.0-windows7.0) (== net50) (&& (== netstandard2.0) (>= netcoreapp3.0)) (&& (== netstandard2.1) (>= netcoreapp3.0))
      DevExpress.WindowsDesktop.Charts.Core (20.2.6) - restriction: || (&& (== net461) (>= netcoreapp3.0)) (== net5.0-windows7.0) (== net50) (&& (== netstandard2.0) (>= netcoreapp3.0)) (&& (== netstandard2.1) (>= netcoreapp3.0))
      DevExpress.WindowsDesktop.CodeParser (20.2.6) - restriction: || (&& (== net461) (>= netcoreapp3.0)) (== net5.0-windows7.0) (== net50) (&& (== netstandard2.0) (>= netcoreapp3.0)) (&& (== netstandard2.1) (>= netcoreapp3.0))
      DevExpress.WindowsDesktop.Data (20.2.6) - restriction: || (&& (== net461) (>= netcoreapp3.0)) (== net5.0-windows7.0) (== net50) (&& (== netstandard2.0) (>= netcoreapp3.0)) (&& (== netstandard2.1) (>= netcoreapp3.0))
      DevExpress.WindowsDesktop.DataAccess (20.2.6) - restriction: || (&& (== net461) (>= netcoreapp3.0)) (== net5.0-windows7.0) (== net50) (&& (== netstandard2.0) (>= netcoreapp3.0)) (&& (== netstandard2.1) (>= netcoreapp3.0))
      DevExpress.WindowsDesktop.Diagram.Core (20.2.6) - restriction: || (&& (== net461) (>= netcoreapp3.0)) (== net5.0-windows7.0) (== net50) (&& (== netstandard2.0) (>= netcoreapp3.0)) (&& (== netstandard2.1) (>= netcoreapp3.0))
      DevExpress.WindowsDesktop.Dialogs.Core (20.2.6) - restriction: || (&& (== net461) (>= netcoreapp3.0)) (== net5.0-windows7.0) (== net50) (&& (== netstandard2.0) (>= netcoreapp3.0)) (&& (== netstandard2.1) (>= netcoreapp3.0))
      DevExpress.WindowsDesktop.Gauges.Core (20.2.6) - restriction: || (&& (== net461) (>= netcoreapp3.0)) (== net5.0-windows7.0) (== net50) (&& (== netstandard2.0) (>= netcoreapp3.0)) (&& (== netstandard2.1) (>= netcoreapp3.0))
      DevExpress.WindowsDesktop.Images (20.2.6) - restriction: || (&& (== net461) (>= netcoreapp3.0)) (== net5.0-windows7.0) (== net50) (&& (== netstandard2.0) (>= netcoreapp3.0)) (&& (== netstandard2.1) (>= netcoreapp3.0))
      DevExpress.WindowsDesktop.Map.Core (20.2.6) - restriction: || (&& (== net461) (>= netcoreapp3.0)) (== net5.0-windows7.0) (== net50) (&& (== netstandard2.0) (>= netcoreapp3.0)) (&& (== netstandard2.1) (>= netcoreapp3.0))
      DevExpress.WindowsDesktop.Mvvm (20.2.6) - restriction: || (&& (== net461) (>= netcoreapp3.0)) (== net5.0-windows7.0) (== net50) (&& (== netstandard2.0) (>= netcoreapp3.0)) (&& (== netstandard2.1) (>= netcoreapp3.0))
      DevExpress.WindowsDesktop.Mvvm.DataModel (20.2.6) - restriction: || (&& (== net461) (>= netcoreapp3.0)) (== net5.0-windows7.0) (== net50) (&& (== netstandard2.0) (>= netcoreapp3.0)) (&& (== netstandard2.1) (>= netcoreapp3.0))
      DevExpress.WindowsDesktop.Mvvm.DataModel.EFCore (20.2.6) - restriction: || (&& (== net461) (>= netcoreapp3.0)) (== net5.0-windows7.0) (== net50) (&& (== netstandard2.0) (>= netcoreapp3.0)) (&& (== netstandard2.1) (>= netcoreapp3.0))
      DevExpress.WindowsDesktop.Mvvm.ViewModel (20.2.6) - restriction: || (&& (== net461) (>= netcoreapp3.0)) (== net5.0-windows7.0) (== net50) (&& (== netstandard2.0) (>= netcoreapp3.0)) (&& (== netstandard2.1) (>= netcoreapp3.0))
      DevExpress.WindowsDesktop.Office.Core (20.2.6) - restriction: || (&& (== net461) (>= netcoreapp3.0)) (== net5.0-windows7.0) (== net50) (&& (== netstandard2.0) (>= netcoreapp3.0)) (&& (== netstandard2.1) (>= netcoreapp3.0))
      DevExpress.WindowsDesktop.Pdf.Core (20.2.6) - restriction: || (&& (== net461) (>= netcoreapp3.0)) (== net5.0-windows7.0) (== net50) (&& (== netstandard2.0) (>= netcoreapp3.0)) (&& (== netstandard2.1) (>= netcoreapp3.0))
      DevExpress.WindowsDesktop.Pdf.Drawing (20.2.6) - restriction: || (&& (== net461) (>= netcoreapp3.0)) (== net5.0-windows7.0) (== net50) (&& (== netstandard2.0) (>= netcoreapp3.0)) (&& (== netstandard2.1) (>= netcoreapp3.0))
      DevExpress.WindowsDesktop.PivotGrid.Core (20.2.6) - restriction: || (&& (== net461) (>= netcoreapp3.0)) (== net5.0-windows7.0) (== net50) (&& (== netstandard2.0) (>= netcoreapp3.0)) (&& (== netstandard2.1) (>= netcoreapp3.0))
      DevExpress.WindowsDesktop.Printing.Core (20.2.6) - restriction: || (&& (== net461) (>= netcoreapp3.0)) (== net5.0-windows7.0) (== net50) (&& (== netstandard2.0) (>= netcoreapp3.0)) (&& (== netstandard2.1) (>= netcoreapp3.0))
      DevExpress.WindowsDesktop.RichEdit.Core (20.2.6) - restriction: || (&& (== net461) (>= netcoreapp3.0)) (== net5.0-windows7.0) (== net50) (&& (== netstandard2.0) (>= netcoreapp3.0)) (&& (== netstandard2.1) (>= netcoreapp3.0))
      DevExpress.WindowsDesktop.RichEdit.Export (20.2.6) - restriction: || (&& (== net461) (>= netcoreapp3.0)) (== net5.0-windows7.0) (== net50) (&& (== netstandard2.0) (>= netcoreapp3.0)) (&& (== netstandard2.1) (>= netcoreapp3.0))
      DevExpress.WindowsDesktop.Scheduler.Core (20.2.6) - restriction: || (&& (== net461) (>= netcoreapp3.0)) (== net5.0-windows7.0) (== net50) (&& (== netstandard2.0) (>= netcoreapp3.0)) (&& (== netstandard2.1) (>= netcoreapp3.0))
      DevExpress.WindowsDesktop.Scheduler.CoreDesktop (20.2.6) - restriction: || (&& (== net461) (>= netcoreapp3.0)) (== net5.0-windows7.0) (== net50) (&& (== netstandard2.0) (>= netcoreapp3.0)) (&& (== netstandard2.1) (>= netcoreapp3.0))
      DevExpress.WindowsDesktop.Sparkline.Core (20.2.6) - restriction: || (&& (== net461) (>= netcoreapp3.0)) (== net5.0-windows7.0) (== net50) (&& (== netstandard2.0) (>= netcoreapp3.0)) (&& (== netstandard2.1) (>= netcoreapp3.0))
      DevExpress.WindowsDesktop.SpellChecker.Core (20.2.6) - restriction: || (&& (== net461) (>= netcoreapp3.0)) (== net5.0-windows7.0) (== net50) (&& (== netstandard2.0) (>= netcoreapp3.0)) (&& (== netstandard2.1) (>= netcoreapp3.0))
      DevExpress.WindowsDesktop.Spreadsheet.Core (20.2.6) - restriction: || (&& (== net461) (>= netcoreapp3.0)) (== net5.0-windows7.0) (== net50) (&& (== netstandard2.0) (>= netcoreapp3.0)) (&& (== netstandard2.1) (>= netcoreapp3.0))
      DevExpress.WindowsDesktop.TreeMap.Core (20.2.6) - restriction: || (&& (== net461) (>= netcoreapp3.0)) (== net5.0-windows7.0) (== net50) (&& (== netstandard2.0) (>= netcoreapp3.0)) (&& (== netstandard2.1) (>= netcoreapp3.0))
      DevExpress.WindowsDesktop.Xpo (20.2.6) - restriction: || (&& (== net461) (>= netcoreapp3.0)) (== net5.0-windows7.0) (== net50) (&& (== netstandard2.0) (>= netcoreapp3.0)) (&& (== netstandard2.1) (>= netcoreapp3.0))
    DevExpress.WindowsDesktop.Dashboard.Core (20.2.6) - restriction: || (&& (== net461) (>= netcoreapp3.0)) (== net5.0-windows7.0) (== net50) (&& (== netstandard2.0) (>= netcoreapp3.0)) (&& (== netstandard2.1) (>= netcoreapp3.0))
      DevExpress.WindowsDesktop.Charts (20.2.6) - restriction: || (&& (== net461) (>= netstandard2.0)) (== net5.0-windows7.0) (== net50) (== netstandard2.0) (== netstandard2.1)
      DevExpress.WindowsDesktop.Charts.Core (20.2.6) - restriction: || (&& (== net461) (>= netstandard2.0)) (== net5.0-windows7.0) (== net50) (== netstandard2.0) (== netstandard2.1)
      DevExpress.WindowsDesktop.Data (20.2.6) - restriction: || (&& (== net461) (>= netstandard2.0)) (== net5.0-windows7.0) (== net50) (== netstandard2.0) (== netstandard2.1)
      DevExpress.WindowsDesktop.DataAccess (20.2.6) - restriction: || (&& (== net461) (>= netstandard2.0)) (== net5.0-windows7.0) (== net50) (== netstandard2.0) (== netstandard2.1)
      DevExpress.WindowsDesktop.Gauges.Core (20.2.6) - restriction: || (&& (== net461) (>= netstandard2.0)) (== net5.0-windows7.0) (== net50) (== netstandard2.0) (== netstandard2.1)
      DevExpress.WindowsDesktop.Map.Core (20.2.6) - restriction: || (&& (== net461) (>= netstandard2.0)) (== net5.0-windows7.0) (== net50) (== netstandard2.0) (== netstandard2.1)
      DevExpress.WindowsDesktop.Office.Core (20.2.6) - restriction: || (&& (== net461) (>= netstandard2.0)) (== net5.0-windows7.0) (== net50) (== netstandard2.0) (== netstandard2.1)
      DevExpress.WindowsDesktop.PivotGrid.Core (20.2.6) - restriction: || (&& (== net461) (>= netstandard2.0)) (== net5.0-windows7.0) (== net50) (== netstandard2.0) (== netstandard2.1)
      DevExpress.WindowsDesktop.Printing.Core (20.2.6) - restriction: || (&& (== net461) (>= netstandard2.0)) (== net5.0-windows7.0) (== net50) (== netstandard2.0) (== netstandard2.1)
      DevExpress.WindowsDesktop.Reporting.Core (20.2.6) - restriction: || (&& (== net461) (>= netstandard2.0)) (== net5.0-windows7.0) (== net50) (== netstandard2.0) (== netstandard2.1)
      DevExpress.WindowsDesktop.RichEdit.Core (20.2.6) - restriction: || (&& (== net461) (>= netstandard2.0)) (== net5.0-windows7.0) (== net50) (== netstandard2.0) (== netstandard2.1)
      DevExpress.WindowsDesktop.Sparkline.Core (20.2.6) - restriction: || (&& (== net461) (>= netstandard2.0)) (== net5.0-windows7.0) (== net50) (== netstandard2.0) (== netstandard2.1)
      DevExpress.WindowsDesktop.TreeMap (20.2.6-ctp) - restriction: || (&& (== net461) (>= netstandard2.0)) (== net5.0-windows7.0) (== net50) (== netstandard2.0) (== netstandard2.1)
      DevExpress.WindowsDesktop.TreeMap.Core (20.2.6) - restriction: || (&& (== net461) (>= netstandard2.0)) (== net5.0-windows7.0) (== net50) (== netstandard2.0) (== netstandard2.1)
      DevExpress.WindowsDesktop.Xpo (20.2.6) - restriction: || (&& (== net461) (>= netstandard2.0)) (== net5.0-windows7.0) (== net50) (== netstandard2.0) (== netstandard2.1)
      NETStandard.Library (>= 2.0.3) - restriction: || (&& (== net461) (>= netstandard2.0)) (== net5.0-windows7.0) (== net50) (== netstandard2.0) (== netstandard2.1)
      System.Drawing.Common (>= 4.5) - restriction: || (&& (== net461) (>= netstandard2.0)) (== net5.0-windows7.0) (== net50) (== netstandard2.0) (== netstandard2.1)
    DevExpress.WindowsDesktop.Data (20.2.6) - restriction: || (&& (== net461) (>= netcoreapp3.0)) (== net5.0-windows7.0) (== net50) (&& (== netstandard2.0) (>= netcoreapp3.0)) (&& (== netstandard2.1) (>= netcoreapp3.0))
      Microsoft.Win32.Registry (>= 4.5) - restriction: || (&& (== net461) (>= netstandard2.0)) (== net5.0-windows7.0) (== net50) (== netstandard2.0) (== netstandard2.1)
      NETStandard.Library (>= 2.0.3) - restriction: || (&& (== net461) (>= netstandard2.0)) (== net5.0-windows7.0) (== net50) (== netstandard2.0) (== netstandard2.1)
      System.ComponentModel.Annotations (>= 4.4) - restriction: || (&& (== net461) (>= netstandard2.0)) (== net5.0-windows7.0) (== net50) (== netstandard2.0) (== netstandard2.1)
      System.Configuration.ConfigurationManager (>= 4.5) - restriction: || (&& (== net461) (>= netstandard2.0)) (== net5.0-windows7.0) (== net50) (== netstandard2.0) (== netstandard2.1)
      System.Diagnostics.PerformanceCounter (>= 4.5) - restriction: || (&& (== net461) (>= netstandard2.0)) (== net5.0-windows7.0) (== net50) (== netstandard2.0) (== netstandard2.1)
      System.Drawing.Common (>= 4.5) - restriction: || (&& (== net461) (>= netstandard2.0)) (== net5.0-windows7.0) (== net50) (== netstandard2.0) (== netstandard2.1)
      System.Reflection.Emit (>= 4.3) - restriction: || (&& (== net461) (>= netstandard2.0)) (== net5.0-windows7.0) (== net50) (== netstandard2.0) (== netstandard2.1)
      System.Reflection.Emit.Lightweight (>= 4.3) - restriction: || (&& (== net461) (>= netstandard2.0)) (== net5.0-windows7.0) (== net50) (== netstandard2.0) (== netstandard2.1)
      System.Text.Encoding.CodePages (>= 4.4) - restriction: || (&& (== net461) (>= netstandard2.0)) (== net5.0-windows7.0) (== net50) (== netstandard2.0) (== netstandard2.1)
    DevExpress.WindowsDesktop.DataAccess (20.2.6) - restriction: || (&& (== net461) (>= netcoreapp3.0)) (== net5.0-windows7.0) (== net50) (&& (== netstandard2.0) (>= netcoreapp3.0)) (&& (== netstandard2.1) (>= netcoreapp3.0))
      DevExpress.WindowsDesktop.CodeParser (20.2.6) - restriction: || (&& (== net461) (>= netstandard2.0)) (== net5.0-windows7.0) (== net50) (== netstandard2.0) (== netstandard2.1)
      DevExpress.WindowsDesktop.Data (20.2.6) - restriction: || (&& (== net461) (>= netstandard2.0)) (== net5.0-windows7.0) (== net50) (== netstandard2.0) (== netstandard2.1)
      DevExpress.WindowsDesktop.Office.Core (20.2.6) - restriction: || (&& (== net461) (>= netstandard2.0)) (== net5.0-windows7.0) (== net50) (== netstandard2.0) (== netstandard2.1)
      DevExpress.WindowsDesktop.Printing.Core (20.2.6) - restriction: || (&& (== net461) (>= netstandard2.0)) (== net5.0-windows7.0) (== net50) (== netstandard2.0) (== netstandard2.1)
      DevExpress.WindowsDesktop.RichEdit.Core (20.2.6) - restriction: || (&& (== net461) (>= netstandard2.0)) (== net5.0-windows7.0) (== net50) (== netstandard2.0) (== netstandard2.1)
      DevExpress.WindowsDesktop.Xpo (20.2.6) - restriction: || (&& (== net461) (>= netstandard2.0)) (== net5.0-windows7.0) (== net50) (== netstandard2.0) (== netstandard2.1)
      Microsoft.Extensions.Configuration (>= 2.0) - restriction: || (&& (== net461) (>= netstandard2.0)) (== net5.0-windows7.0) (== net50) (== netstandard2.0) (== netstandard2.1)
      Microsoft.Extensions.Configuration.Abstractions (>= 2.0) - restriction: || (&& (== net461) (>= netstandard2.0)) (== net5.0-windows7.0) (== net50) (== netstandard2.0) (== netstandard2.1)
      Microsoft.Extensions.Configuration.FileExtensions (>= 2.0) - restriction: || (&& (== net461) (>= netstandard2.0)) (== net5.0-windows7.0) (== net50) (== netstandard2.0) (== netstandard2.1)
      Microsoft.Extensions.Configuration.Json (>= 2.0) - restriction: || (&& (== net461) (>= netstandard2.0)) (== net5.0-windows7.0) (== net50) (== netstandard2.0) (== netstandard2.1)
      NETStandard.Library (>= 2.0.3) - restriction: || (&& (== net461) (>= netstandard2.0)) (== net5.0-windows7.0) (== net50) (== netstandard2.0) (== netstandard2.1)
      System.Configuration.ConfigurationManager (>= 4.5) - restriction: || (&& (== net461) (>= netstandard2.0)) (== net5.0-windows7.0) (== net50) (== netstandard2.0) (== netstandard2.1)
      System.Data.SqlClient (>= 4.5) - restriction: || (&& (== net461) (>= netstandard2.0)) (== net5.0-windows7.0) (== net50) (== netstandard2.0) (== netstandard2.1)
      System.Drawing.Common (>= 4.5) - restriction: || (&& (== net461) (>= netstandard2.0)) (== net5.0-windows7.0) (== net50) (== netstandard2.0) (== netstandard2.1)
      System.Reflection.Emit (>= 4.3) - restriction: || (&& (== net461) (>= netstandard2.0)) (== net5.0-windows7.0) (== net50) (== netstandard2.0) (== netstandard2.1)
    DevExpress.WindowsDesktop.DataDesktop (20.2.6) - restriction: || (&& (== net461) (>= netcoreapp3.0)) (== net5.0-windows7.0) (== net50) (&& (== netstandard2.0) (>= netcoreapp3.0)) (&& (== netstandard2.1) (>= netcoreapp3.0))
      DevExpress.WindowsDesktop.Data (20.2.6) - restriction: || (&& (== net461) (>= netcoreapp3.0)) (== net5.0-windows7.0) (== net50) (&& (== netstandard2.0) (>= netcoreapp3.0)) (&& (== netstandard2.1) (>= netcoreapp3.0))
    DevExpress.WindowsDesktop.DataVisualization.Core (20.2.6) - restriction: || (&& (== net461) (>= netcoreapp3.0)) (== net5.0-windows7.0) (== net50) (&& (== netstandard2.0) (>= netcoreapp3.0)) (&& (== netstandard2.1) (>= netcoreapp3.0))
      DevExpress.WindowsDesktop.Data (20.2.6) - restriction: || (&& (== net461) (>= netstandard2.0)) (== net5.0-windows7.0) (== net50) (== netstandard2.0) (== netstandard2.1)
      NETStandard.Library (>= 2.0.3) - restriction: || (&& (== net461) (>= netstandard2.0)) (== net5.0-windows7.0) (== net50) (== netstandard2.0) (== netstandard2.1)
    DevExpress.WindowsDesktop.Diagram.Core (20.2.6) - restriction: || (&& (== net461) (>= netcoreapp3.0)) (== net5.0-windows7.0) (== net50) (&& (== netstandard2.0) (>= netcoreapp3.0)) (&& (== netstandard2.1) (>= netcoreapp3.0))
      DevExpress.WindowsDesktop.Data (20.2.6) - restriction: || (&& (== net461) (>= netcoreapp3.0)) (== net5.0-windows7.0) (== net50) (&& (== netstandard2.0) (>= netcoreapp3.0)) (&& (== netstandard2.1) (>= netcoreapp3.0))
      DevExpress.WindowsDesktop.DataDesktop (20.2.6) - restriction: || (&& (== net461) (>= netcoreapp3.0)) (== net5.0-windows7.0) (== net50) (&& (== netstandard2.0) (>= netcoreapp3.0)) (&& (== netstandard2.1) (>= netcoreapp3.0))
      DevExpress.WindowsDesktop.Printing.Core (20.2.6) - restriction: || (&& (== net461) (>= netcoreapp3.0)) (== net5.0-windows7.0) (== net50) (&& (== netstandard2.0) (>= netcoreapp3.0)) (&& (== netstandard2.1) (>= netcoreapp3.0))
    DevExpress.WindowsDesktop.Dialogs.Core (20.2.6) - restriction: || (&& (== net461) (>= netcoreapp3.0)) (== net5.0-windows7.0) (== net50) (&& (== netstandard2.0) (>= netcoreapp3.0)) (&& (== netstandard2.1) (>= netcoreapp3.0))
      DevExpress.WindowsDesktop.Data (20.2.6) - restriction: || (&& (== net461) (>= netcoreapp3.0)) (== net5.0-windows7.0) (== net50) (&& (== netstandard2.0) (>= netcoreapp3.0)) (&& (== netstandard2.1) (>= netcoreapp3.0))
    DevExpress.WindowsDesktop.Gauges.Core (20.2.6) - restriction: || (&& (== net461) (>= netcoreapp3.0)) (== net5.0-windows7.0) (== net50) (&& (== netstandard2.0) (>= netcoreapp3.0)) (&& (== netstandard2.1) (>= netcoreapp3.0))
      DevExpress.WindowsDesktop.Data (20.2.6) - restriction: || (&& (== net461) (>= netstandard2.0)) (== net5.0-windows7.0) (== net50) (== netstandard2.0) (== netstandard2.1)
      DevExpress.WindowsDesktop.Printing.Core (20.2.6) - restriction: || (&& (== net461) (>= netstandard2.0)) (== net5.0-windows7.0) (== net50) (== netstandard2.0) (== netstandard2.1)
      NETStandard.Library (>= 2.0.3) - restriction: || (&& (== net461) (>= netstandard2.0)) (== net5.0-windows7.0) (== net50) (== netstandard2.0) (== netstandard2.1)
      System.Drawing.Common (>= 4.5) - restriction: || (&& (== net461) (>= netstandard2.0)) (== net5.0-windows7.0) (== net50) (== netstandard2.0) (== netstandard2.1)
    DevExpress.WindowsDesktop.Images (20.2.6) - restriction: || (&& (== net461) (>= netcoreapp3.0)) (== net5.0-windows7.0) (== net50) (&& (== netstandard2.0) (>= netcoreapp3.0)) (&& (== netstandard2.1) (>= netcoreapp3.0))
      DevExpress.WindowsDesktop.Data (20.2.6) - restriction: || (&& (== net461) (>= netstandard2.0)) (== net5.0-windows7.0) (== net50) (== netstandard2.0) (== netstandard2.1)
      NETStandard.Library (>= 2.0.3) - restriction: || (&& (== net461) (>= netstandard2.0)) (== net5.0-windows7.0) (== net50) (== netstandard2.0) (== netstandard2.1)
      System.Drawing.Common (>= 4.5) - restriction: || (&& (== net461) (>= netstandard2.0)) (== net5.0-windows7.0) (== net50) (== netstandard2.0) (== netstandard2.1)
    DevExpress.WindowsDesktop.Map.Core (20.2.6) - restriction: || (&& (== net461) (>= netcoreapp3.0)) (== net5.0-windows7.0) (== net50) (&& (== netstandard2.0) (>= netcoreapp3.0)) (&& (== netstandard2.1) (>= netcoreapp3.0))
      DevExpress.WindowsDesktop.Data (20.2.6) - restriction: || (&& (== net461) (>= netstandard2.0)) (== net5.0-windows7.0) (== net50) (== netstandard2.0) (== netstandard2.1)
      NETStandard.Library (>= 2.0.3) - restriction: || (&& (== net461) (>= netstandard2.0)) (== net5.0-windows7.0) (== net50) (== netstandard2.0) (== netstandard2.1)
      System.Drawing.Common (>= 4.5) - restriction: || (&& (== net461) (>= netstandard2.0)) (== net5.0-windows7.0) (== net50) (== netstandard2.0) (== netstandard2.1)
    DevExpress.WindowsDesktop.Mvvm (20.2.6) - restriction: || (&& (== net461) (>= netcoreapp3.0)) (== net5.0-windows7.0) (== net50) (&& (== netstandard2.0) (>= netcoreapp3.0)) (&& (== netstandard2.1) (>= netcoreapp3.0))
    DevExpress.WindowsDesktop.Mvvm.DataModel (20.2.6) - restriction: || (&& (== net461) (>= netcoreapp3.0)) (== net5.0-windows7.0) (== net50) (&& (== netstandard2.0) (>= netcoreapp3.0)) (&& (== netstandard2.1) (>= netcoreapp3.0))
      DevExpress.WindowsDesktop.Data (20.2.6) - restriction: || (&& (== net461) (>= netcoreapp3.0)) (== net5.0-windows7.0) (== net50) (&& (== netstandard2.0) (>= netcoreapp3.0)) (&& (== netstandard2.1) (>= netcoreapp3.0))
      DevExpress.WindowsDesktop.Mvvm (20.2.6) - restriction: || (&& (== net461) (>= netcoreapp3.0)) (== net5.0-windows7.0) (== net50) (&& (== netstandard2.0) (>= netcoreapp3.0)) (&& (== netstandard2.1) (>= netcoreapp3.0))
    DevExpress.WindowsDesktop.Mvvm.DataModel.EFCore (20.2.6) - restriction: || (&& (== net461) (>= netcoreapp3.0)) (== net5.0-windows7.0) (== net50) (&& (== netstandard2.0) (>= netcoreapp3.0)) (&& (== netstandard2.1) (>= netcoreapp3.0))
      DevExpress.WindowsDesktop.Mvvm.DataModel (20.2.6) - restriction: || (&& (== net461) (>= netcoreapp3.0)) (== net5.0-windows7.0) (== net50) (&& (== netstandard2.0) (>= netcoreapp3.0)) (&& (== netstandard2.1) (>= netcoreapp3.0))
    DevExpress.WindowsDesktop.Mvvm.ViewModel (20.2.6) - restriction: || (&& (== net461) (>= netcoreapp3.0)) (== net5.0-windows7.0) (== net50) (&& (== netstandard2.0) (>= netcoreapp3.0)) (&& (== netstandard2.1) (>= netcoreapp3.0))
      DevExpress.WindowsDesktop.Mvvm (20.2.6) - restriction: || (&& (== net461) (>= netcoreapp3.0)) (== net5.0-windows7.0) (== net50) (&& (== netstandard2.0) (>= netcoreapp3.0)) (&& (== netstandard2.1) (>= netcoreapp3.0))
      DevExpress.WindowsDesktop.Mvvm.DataModel (20.2.6) - restriction: || (&& (== net461) (>= netcoreapp3.0)) (== net5.0-windows7.0) (== net50) (&& (== netstandard2.0) (>= netcoreapp3.0)) (&& (== netstandard2.1) (>= netcoreapp3.0))
    DevExpress.WindowsDesktop.Office.Core (20.2.6) - restriction: || (&& (== net461) (>= netcoreapp3.0)) (== net5.0-windows7.0) (== net50) (&& (== netstandard2.0) (>= netcoreapp3.0)) (&& (== netstandard2.1) (>= netcoreapp3.0))
      DevExpress.WindowsDesktop.Data (20.2.6) - restriction: || (&& (== net461) (>= netstandard2.0)) (== net5.0-windows7.0) (== net50) (== netstandard2.0) (== netstandard2.1)
      DevExpress.WindowsDesktop.Pdf.Core (20.2.6) - restriction: || (&& (== net461) (>= netstandard2.0)) (== net5.0-windows7.0) (== net50) (== netstandard2.0) (== netstandard2.1)
      DevExpress.WindowsDesktop.Printing.Core (20.2.6) - restriction: || (&& (== net461) (>= netstandard2.0)) (== net5.0-windows7.0) (== net50) (== netstandard2.0) (== netstandard2.1)
      NETStandard.Library (>= 2.0.3) - restriction: || (&& (== net461) (>= netstandard2.0)) (== net5.0-windows7.0) (== net50) (== netstandard2.0) (== netstandard2.1)
      System.Drawing.Common (>= 4.5) - restriction: || (&& (== net461) (>= netstandard2.0)) (== net5.0-windows7.0) (== net50) (== netstandard2.0) (== netstandard2.1)
      System.Security.Cryptography.Xml (>= 4.5) - restriction: || (&& (== net461) (>= netstandard2.0)) (== net5.0-windows7.0) (== net50) (== netstandard2.0) (== netstandard2.1)
    DevExpress.WindowsDesktop.Pdf.Core (20.2.6) - restriction: || (&& (== net461) (>= netcoreapp3.0)) (== net5.0-windows7.0) (== net50) (&& (== netstandard2.0) (>= netcoreapp3.0)) (&& (== netstandard2.1) (>= netcoreapp3.0))
      DevExpress.WindowsDesktop.Data (20.2.6) - restriction: || (&& (== net461) (>= netstandard2.0)) (== net5.0-windows7.0) (== net50) (== netstandard2.0) (== netstandard2.1)
      NETStandard.Library (>= 2.0.3) - restriction: || (&& (== net461) (>= netstandard2.0)) (== net5.0-windows7.0) (== net50) (== netstandard2.0) (== netstandard2.1)
      System.Drawing.Common (>= 4.5) - restriction: || (&& (== net461) (>= netstandard2.0)) (== net5.0-windows7.0) (== net50) (== netstandard2.0) (== netstandard2.1)
      System.Reflection.Emit (>= 4.3) - restriction: || (&& (== net461) (>= netstandard2.0)) (== net5.0-windows7.0) (== net50) (== netstandard2.0) (== netstandard2.1)
      System.Security.Cryptography.Pkcs (>= 4.5.2) - restriction: || (&& (== net461) (>= netstandard2.0)) (== net5.0-windows7.0) (== net50) (== netstandard2.0) (== netstandard2.1)
    DevExpress.WindowsDesktop.Pdf.Drawing (20.2.6) - restriction: || (&& (== net461) (>= netcoreapp3.0)) (== net5.0-windows7.0) (== net50) (&& (== netstandard2.0) (>= netcoreapp3.0)) (&& (== netstandard2.1) (>= netcoreapp3.0))
      DevExpress.WindowsDesktop.Data (20.2.6) - restriction: || (&& (== net461) (>= netstandard2.0)) (== net5.0-windows7.0) (== net50) (== netstandard2.0) (== netstandard2.1)
      DevExpress.WindowsDesktop.Pdf.Core (20.2.6) - restriction: || (&& (== net461) (>= netstandard2.0)) (== net5.0-windows7.0) (== net50) (== netstandard2.0) (== netstandard2.1)
      NETStandard.Library (>= 2.0.3) - restriction: || (&& (== net461) (>= netstandard2.0)) (== net5.0-windows7.0) (== net50) (== netstandard2.0) (== netstandard2.1)
      System.Drawing.Common (>= 4.5) - restriction: || (&& (== net461) (>= netstandard2.0)) (== net5.0-windows7.0) (== net50) (== netstandard2.0) (== netstandard2.1)
    DevExpress.WindowsDesktop.PivotGrid.Core (20.2.6) - restriction: || (&& (== net461) (>= netcoreapp3.0)) (== net5.0-windows7.0) (== net50) (&& (== netstandard2.0) (>= netcoreapp3.0)) (&& (== netstandard2.1) (>= netcoreapp3.0))
      DevExpress.WindowsDesktop.Data (20.2.6) - restriction: || (&& (== net461) (>= netstandard2.0)) (== net5.0-windows7.0) (== net50) (== netstandard2.0) (== netstandard2.1)
      DevExpress.WindowsDesktop.Printing.Core (20.2.6) - restriction: || (&& (== net461) (>= netstandard2.0)) (== net5.0-windows7.0) (== net50) (== netstandard2.0) (== netstandard2.1)
      NETStandard.Library (>= 2.0.3) - restriction: || (&& (== net461) (>= netstandard2.0)) (== net5.0-windows7.0) (== net50) (== netstandard2.0) (== netstandard2.1)
      System.Drawing.Common (>= 4.5) - restriction: || (&& (== net461) (>= netstandard2.0)) (== net5.0-windows7.0) (== net50) (== netstandard2.0) (== netstandard2.1)
    DevExpress.WindowsDesktop.Printing.Core (20.2.6) - restriction: || (&& (== net461) (>= netcoreapp3.0)) (== net5.0-windows7.0) (== net50) (&& (== netstandard2.0) (>= netcoreapp3.0)) (&& (== netstandard2.1) (>= netcoreapp3.0))
      DevExpress.WindowsDesktop.Data (20.2.6) - restriction: || (&& (== net461) (>= netstandard2.0)) (== net5.0-windows7.0) (== net50) (== netstandard2.0) (== netstandard2.1)
      DevExpress.WindowsDesktop.Pdf.Core (20.2.6) - restriction: || (&& (== net461) (>= netstandard2.0)) (== net5.0-windows7.0) (== net50) (== netstandard2.0) (== netstandard2.1)
      DevExpress.WindowsDesktop.Pdf.Drawing (20.2.6) - restriction: || (&& (== net461) (>= netstandard2.0)) (== net5.0-windows7.0) (== net50) (== netstandard2.0) (== netstandard2.1)
      NETStandard.Library (>= 2.0.3) - restriction: || (&& (== net461) (>= netstandard2.0)) (== net5.0-windows7.0) (== net50) (== netstandard2.0) (== netstandard2.1)
      System.ComponentModel.Annotations (>= 4.4) - restriction: || (&& (== net461) (>= netstandard2.0)) (== net5.0-windows7.0) (== net50) (== netstandard2.0) (== netstandard2.1)
      System.Drawing.Common (>= 4.5) - restriction: || (&& (== net461) (>= netstandard2.0)) (== net5.0-windows7.0) (== net50) (== netstandard2.0) (== netstandard2.1)
      System.Security.Cryptography.Pkcs (>= 4.5.2) - restriction: || (&& (== net461) (>= netstandard2.0)) (== net5.0-windows7.0) (== net50) (== netstandard2.0) (== netstandard2.1)
      System.ServiceModel.Http (>= 4.4) - restriction: || (&& (== net461) (>= netstandard2.0)) (== net5.0-windows7.0) (== net50) (== netstandard2.0) (== netstandard2.1)
    DevExpress.WindowsDesktop.Reporting.Core (20.2.6) - restriction: || (&& (== net461) (>= netcoreapp3.0)) (== net5.0-windows7.0) (== net50) (&& (== netstandard2.0) (>= netcoreapp3.0)) (&& (== netstandard2.1) (>= netcoreapp3.0))
      DevExpress.WindowsDesktop.Charts (20.2.6) - restriction: || (&& (== net461) (>= netstandard2.0)) (== net5.0-windows7.0) (== net50) (== netstandard2.0) (== netstandard2.1)
      DevExpress.WindowsDesktop.Charts.Core (20.2.6) - restriction: || (&& (== net461) (>= netstandard2.0)) (== net5.0-windows7.0) (== net50) (== netstandard2.0) (== netstandard2.1)
      DevExpress.WindowsDesktop.CodeParser (20.2.6) - restriction: || (&& (== net461) (>= netstandard2.0)) (== net5.0-windows7.0) (== net50) (== netstandard2.0) (== netstandard2.1)
      DevExpress.WindowsDesktop.Data (20.2.6) - restriction: || (&& (== net461) (>= netstandard2.0)) (== net5.0-windows7.0) (== net50) (== netstandard2.0) (== netstandard2.1)
      DevExpress.WindowsDesktop.DataAccess (20.2.6) - restriction: || (&& (== net461) (>= netstandard2.0)) (== net5.0-windows7.0) (== net50) (== netstandard2.0) (== netstandard2.1)
      DevExpress.WindowsDesktop.Gauges.Core (20.2.6) - restriction: || (&& (== net461) (>= netstandard2.0)) (== net5.0-windows7.0) (== net50) (== netstandard2.0) (== netstandard2.1)
      DevExpress.WindowsDesktop.Office.Core (20.2.6) - restriction: || (&& (== net461) (>= netstandard2.0)) (== net5.0-windows7.0) (== net50) (== netstandard2.0) (== netstandard2.1)
      DevExpress.WindowsDesktop.Pdf.Core (20.2.6) - restriction: || (&& (== net461) (>= netstandard2.0)) (== net5.0-windows7.0) (== net50) (== netstandard2.0) (== netstandard2.1)
      DevExpress.WindowsDesktop.Pdf.Drawing (20.2.6) - restriction: || (&& (== net461) (>= netstandard2.0)) (== net5.0-windows7.0) (== net50) (== netstandard2.0) (== netstandard2.1)
      DevExpress.WindowsDesktop.PivotGrid.Core (20.2.6) - restriction: || (&& (== net461) (>= netstandard2.0)) (== net5.0-windows7.0) (== net50) (== netstandard2.0) (== netstandard2.1)
      DevExpress.WindowsDesktop.Printing.Core (20.2.6) - restriction: || (&& (== net461) (>= netstandard2.0)) (== net5.0-windows7.0) (== net50) (== netstandard2.0) (== netstandard2.1)
      DevExpress.WindowsDesktop.RichEdit.Core (20.2.6) - restriction: || (&& (== net461) (>= netstandard2.0)) (== net5.0-windows7.0) (== net50) (== netstandard2.0) (== netstandard2.1)
      DevExpress.WindowsDesktop.Sparkline.Core (20.2.6) - restriction: || (&& (== net461) (>= netstandard2.0)) (== net5.0-windows7.0) (== net50) (== netstandard2.0) (== netstandard2.1)
      DevExpress.WindowsDesktop.Xpo (20.2.6) - restriction: || (&& (== net461) (>= netstandard2.0)) (== net5.0-windows7.0) (== net50) (== netstandard2.0) (== netstandard2.1)
      NETStandard.Library (>= 2.0.3) - restriction: || (&& (== net461) (>= netstandard2.0)) (== net5.0-windows7.0) (== net50) (== netstandard2.0) (== netstandard2.1)
      System.CodeDom (>= 4.4) - restriction: || (&& (== net461) (>= netstandard2.0)) (== net5.0-windows7.0) (== net50) (== netstandard2.0) (== netstandard2.1)
      System.Collections.Immutable (>= 1.5) - restriction: || (&& (== net461) (>= netstandard2.0)) (== net5.0-windows7.0) (== net50) (== netstandard2.0) (== netstandard2.1)
      System.Configuration.ConfigurationManager (>= 4.5) - restriction: || (&& (== net461) (>= netstandard2.0)) (== net5.0-windows7.0) (== net50) (== netstandard2.0) (== netstandard2.1)
      System.Data.Common (>= 4.3) - restriction: || (&& (== net461) (>= netstandard2.0)) (== net5.0-windows7.0) (== net50) (== netstandard2.0) (== netstandard2.1)
      System.Drawing.Common (>= 4.5) - restriction: || (&& (== net461) (>= netstandard2.0)) (== net5.0-windows7.0) (== net50) (== netstandard2.0) (== netstandard2.1)
      System.Security.Permissions (>= 4.5) - restriction: || (&& (== net461) (>= netstandard2.0)) (== net5.0-windows7.0) (== net50) (== netstandard2.0) (== netstandard2.1)
    DevExpress.WindowsDesktop.RichEdit.Core (20.2.6) - restriction: || (&& (== net461) (>= netcoreapp3.0)) (== net5.0-windows7.0) (== net50) (&& (== netstandard2.0) (>= netcoreapp3.0)) (&& (== netstandard2.1) (>= netcoreapp3.0))
      DevExpress.WindowsDesktop.Data (20.2.6) - restriction: || (&& (== net461) (>= netstandard2.0)) (== net5.0-windows7.0) (== net50) (== netstandard2.0) (== netstandard2.1)
      DevExpress.WindowsDesktop.Office.Core (20.2.6) - restriction: || (&& (== net461) (>= netstandard2.0)) (== net5.0-windows7.0) (== net50) (== netstandard2.0) (== netstandard2.1)
      DevExpress.WindowsDesktop.Pdf.Core (20.2.6) - restriction: || (&& (== net461) (>= netstandard2.0)) (== net5.0-windows7.0) (== net50) (== netstandard2.0) (== netstandard2.1)
      DevExpress.WindowsDesktop.Printing.Core (20.2.6) - restriction: || (&& (== net461) (>= netstandard2.0)) (== net5.0-windows7.0) (== net50) (== netstandard2.0) (== netstandard2.1)
      NETStandard.Library (>= 2.0.3) - restriction: || (&& (== net461) (>= netstandard2.0)) (== net5.0-windows7.0) (== net50) (== netstandard2.0) (== netstandard2.1)
      System.Drawing.Common (>= 4.5) - restriction: || (&& (== net461) (>= netstandard2.0)) (== net5.0-windows7.0) (== net50) (== netstandard2.0) (== netstandard2.1)
    DevExpress.WindowsDesktop.RichEdit.Export (20.2.6) - restriction: || (&& (== net461) (>= netcoreapp3.0)) (== net5.0-windows7.0) (== net50) (&& (== netstandard2.0) (>= netcoreapp3.0)) (&& (== netstandard2.1) (>= netcoreapp3.0))
      DevExpress.WindowsDesktop.Data (20.2.6) - restriction: || (&& (== net461) (>= netstandard2.0)) (== net5.0-windows7.0) (== net50) (== netstandard2.0) (== netstandard2.1)
      DevExpress.WindowsDesktop.Office.Core (20.2.6) - restriction: || (&& (== net461) (>= netstandard2.0)) (== net5.0-windows7.0) (== net50) (== netstandard2.0) (== netstandard2.1)
      DevExpress.WindowsDesktop.Printing.Core (20.2.6) - restriction: || (&& (== net461) (>= netstandard2.0)) (== net5.0-windows7.0) (== net50) (== netstandard2.0) (== netstandard2.1)
      DevExpress.WindowsDesktop.RichEdit.Core (20.2.6) - restriction: || (&& (== net461) (>= netstandard2.0)) (== net5.0-windows7.0) (== net50) (== netstandard2.0) (== netstandard2.1)
      NETStandard.Library (>= 2.0.3) - restriction: || (&& (== net461) (>= netstandard2.0)) (== net5.0-windows7.0) (== net50) (== netstandard2.0) (== netstandard2.1)
      System.Drawing.Common (>= 4.5) - restriction: || (&& (== net461) (>= netstandard2.0)) (== net5.0-windows7.0) (== net50) (== netstandard2.0) (== netstandard2.1)
    DevExpress.WindowsDesktop.Scheduler.Core (20.2.6) - restriction: || (&& (== net461) (>= netcoreapp3.0)) (== net5.0-windows7.0) (== net50) (&& (== netstandard2.0) (>= netcoreapp3.0)) (&& (== netstandard2.1) (>= netcoreapp3.0))
      DevExpress.WindowsDesktop.Data (20.2.6) - restriction: || (&& (== net461) (>= netstandard2.0)) (== net5.0-windows7.0) (== net50) (== netstandard2.0) (== netstandard2.1)
      NETStandard.Library (>= 2.0.3) - restriction: || (&& (== net461) (>= netstandard2.0)) (== net5.0-windows7.0) (== net50) (== netstandard2.0) (== netstandard2.1)
      System.Drawing.Common (>= 4.5) - restriction: || (&& (== net461) (>= netstandard2.0)) (== net5.0-windows7.0) (== net50) (== netstandard2.0) (== netstandard2.1)
    DevExpress.WindowsDesktop.Scheduler.CoreDesktop (20.2.6) - restriction: || (&& (== net461) (>= netcoreapp3.0)) (== net5.0-windows7.0) (== net50) (&& (== netstandard2.0) (>= netcoreapp3.0)) (&& (== netstandard2.1) (>= netcoreapp3.0))
      DevExpress.WindowsDesktop.Data (20.2.6) - restriction: || (&& (== net461) (>= netcoreapp3.0)) (== net5.0-windows7.0) (== net50) (&& (== netstandard2.0) (>= netcoreapp3.0)) (&& (== netstandard2.1) (>= netcoreapp3.0))
      DevExpress.WindowsDesktop.DataDesktop (20.2.6) - restriction: || (&& (== net461) (>= netcoreapp3.0)) (== net5.0-windows7.0) (== net50) (&& (== netstandard2.0) (>= netcoreapp3.0)) (&& (== netstandard2.1) (>= netcoreapp3.0))
      DevExpress.WindowsDesktop.Images (20.2.6) - restriction: || (&& (== net461) (>= netcoreapp3.0)) (== net5.0-windows7.0) (== net50) (&& (== netstandard2.0) (>= netcoreapp3.0)) (&& (== netstandard2.1) (>= netcoreapp3.0))
      DevExpress.WindowsDesktop.Printing.Core (20.2.6) - restriction: || (&& (== net461) (>= netcoreapp3.0)) (== net5.0-windows7.0) (== net50) (&& (== netstandard2.0) (>= netcoreapp3.0)) (&& (== netstandard2.1) (>= netcoreapp3.0))
      DevExpress.WindowsDesktop.Scheduler.Core (20.2.6) - restriction: || (&& (== net461) (>= netcoreapp3.0)) (== net5.0-windows7.0) (== net50) (&& (== netstandard2.0) (>= netcoreapp3.0)) (&& (== netstandard2.1) (>= netcoreapp3.0))
    DevExpress.WindowsDesktop.Sparkline.Core (20.2.6) - restriction: || (&& (== net461) (>= netcoreapp3.0)) (== net5.0-windows7.0) (== net50) (&& (== netstandard2.0) (>= netcoreapp3.0)) (&& (== netstandard2.1) (>= netcoreapp3.0))
      DevExpress.WindowsDesktop.Data (20.2.6) - restriction: || (&& (== net461) (>= netstandard2.0)) (== net5.0-windows7.0) (== net50) (== netstandard2.0) (== netstandard2.1)
      NETStandard.Library (>= 2.0.3) - restriction: || (&& (== net461) (>= netstandard2.0)) (== net5.0-windows7.0) (== net50) (== netstandard2.0) (== netstandard2.1)
      System.Drawing.Common (>= 4.5) - restriction: || (&& (== net461) (>= netstandard2.0)) (== net5.0-windows7.0) (== net50) (== netstandard2.0) (== netstandard2.1)
    DevExpress.WindowsDesktop.SpellChecker.Core (20.2.6) - restriction: || (&& (== net461) (>= netcoreapp3.0)) (== net5.0-windows7.0) (== net50) (&& (== netstandard2.0) (>= netcoreapp3.0)) (&& (== netstandard2.1) (>= netcoreapp3.0))
      DevExpress.WindowsDesktop.Data (20.2.6) - restriction: || (&& (== net461) (>= netcoreapp3.0)) (== net5.0-windows7.0) (== net50) (&& (== netstandard2.0) (>= netcoreapp3.0)) (&& (== netstandard2.1) (>= netcoreapp3.0))
    DevExpress.WindowsDesktop.Spreadsheet.Core (20.2.6) - restriction: || (&& (== net461) (>= netcoreapp3.0)) (== net5.0-windows7.0) (== net50) (&& (== netstandard2.0) (>= netcoreapp3.0)) (&& (== netstandard2.1) (>= netcoreapp3.0))
      DevExpress.WindowsDesktop.Data (20.2.6) - restriction: || (&& (== net461) (>= netstandard2.0)) (== net5.0-windows7.0) (== net50) (== netstandard2.0) (== netstandard2.1)
      DevExpress.WindowsDesktop.DataAccess (20.2.6) - restriction: || (&& (== net461) (>= netstandard2.0)) (== net5.0-windows7.0) (== net50) (== netstandard2.0) (== netstandard2.1)
      DevExpress.WindowsDesktop.DataVisualization.Core (20.2.6) - restriction: || (&& (== net461) (>= netstandard2.0)) (== net5.0-windows7.0) (== net50) (== netstandard2.0) (== netstandard2.1)
      DevExpress.WindowsDesktop.Office.Core (20.2.6) - restriction: || (&& (== net461) (>= netstandard2.0)) (== net5.0-windows7.0) (== net50) (== netstandard2.0) (== netstandard2.1)
      DevExpress.WindowsDesktop.Pdf.Core (20.2.6) - restriction: || (&& (== net461) (>= netstandard2.0)) (== net5.0-windows7.0) (== net50) (== netstandard2.0) (== netstandard2.1)
      DevExpress.WindowsDesktop.Printing.Core (20.2.6) - restriction: || (&& (== net461) (>= netstandard2.0)) (== net5.0-windows7.0) (== net50) (== netstandard2.0) (== netstandard2.1)
      DevExpress.WindowsDesktop.Sparkline.Core (20.2.6) - restriction: || (&& (== net461) (>= netstandard2.0)) (== net5.0-windows7.0) (== net50) (== netstandard2.0) (== netstandard2.1)
      NETStandard.Library (>= 2.0.3) - restriction: || (&& (== net461) (>= netstandard2.0)) (== net5.0-windows7.0) (== net50) (== netstandard2.0) (== netstandard2.1)
      System.Drawing.Common (>= 4.5) - restriction: || (&& (== net461) (>= netstandard2.0)) (== net5.0-windows7.0) (== net50) (== netstandard2.0) (== netstandard2.1)
      System.Security.AccessControl (>= 4.5) - restriction: || (&& (== net461) (>= netstandard2.0)) (== net5.0-windows7.0) (== net50) (== netstandard2.0) (== netstandard2.1)
    DevExpress.WindowsDesktop.TreeMap (20.2.6-ctp) - restriction: || (&& (== net461) (>= netcoreapp3.0)) (== net5.0-windows7.0) (== net50) (&& (== netstandard2.0) (>= netcoreapp3.0)) (&& (== netstandard2.1) (>= netcoreapp3.0))
      DevExpress.WindowsDesktop.Data (20.2.6) - restriction: || (&& (== net461) (>= netstandard2.0)) (== net5.0-windows7.0) (== net50) (== netstandard2.0) (== netstandard2.1)
      DevExpress.WindowsDesktop.DataVisualization.Core (20.2.6) - restriction: || (&& (== net461) (>= netstandard2.0)) (== net5.0-windows7.0) (== net50) (== netstandard2.0) (== netstandard2.1)
      DevExpress.WindowsDesktop.Printing.Core (20.2.6) - restriction: || (&& (== net461) (>= netstandard2.0)) (== net5.0-windows7.0) (== net50) (== netstandard2.0) (== netstandard2.1)
      DevExpress.WindowsDesktop.TreeMap.Core (20.2.6) - restriction: || (&& (== net461) (>= netstandard2.0)) (== net5.0-windows7.0) (== net50) (== netstandard2.0) (== netstandard2.1)
      NETStandard.Library (>= 2.0.3) - restriction: || (&& (== net461) (>= netstandard2.0)) (== net5.0-windows7.0) (== net50) (== netstandard2.0) (== netstandard2.1)
      System.Drawing.Common (>= 4.5) - restriction: || (&& (== net461) (>= netstandard2.0)) (== net5.0-windows7.0) (== net50) (== netstandard2.0) (== netstandard2.1)
    DevExpress.WindowsDesktop.TreeMap.Core (20.2.6) - restriction: || (&& (== net461) (>= netcoreapp3.0)) (== net5.0-windows7.0) (== net50) (&& (== netstandard2.0) (>= netcoreapp3.0)) (&& (== netstandard2.1) (>= netcoreapp3.0))
      DevExpress.WindowsDesktop.Data (20.2.6) - restriction: || (&& (== net461) (>= netstandard2.0)) (== net5.0-windows7.0) (== net50) (== netstandard2.0) (== netstandard2.1)
      NETStandard.Library (>= 2.0.3) - restriction: || (&& (== net461) (>= netstandard2.0)) (== net5.0-windows7.0) (== net50) (== netstandard2.0) (== netstandard2.1)
    DevExpress.WindowsDesktop.Win.Bars (20.2.6-ctp) - restriction: || (&& (== net461) (>= netcoreapp3.0)) (== net5.0-windows7.0) (== net50) (&& (== netstandard2.0) (>= netcoreapp3.0)) (&& (== netstandard2.1) (>= netcoreapp3.0))
      DevExpress.WindowsDesktop.Data (20.2.6) - restriction: || (&& (== net461) (>= netcoreapp3.0)) (== net5.0-windows7.0) (== net50) (&& (== netstandard2.0) (>= netcoreapp3.0)) (&& (== netstandard2.1) (>= netcoreapp3.0))
      DevExpress.WindowsDesktop.DataDesktop (20.2.6) - restriction: || (&& (== net461) (>= netcoreapp3.0)) (== net5.0-windows7.0) (== net50) (&& (== netstandard2.0) (>= netcoreapp3.0)) (&& (== netstandard2.1) (>= netcoreapp3.0))
      DevExpress.WindowsDesktop.Win.Editors (20.2.6-ctp) - restriction: || (&& (== net461) (>= netcoreapp3.0)) (== net5.0-windows7.0) (== net50) (&& (== netstandard2.0) (>= netcoreapp3.0)) (&& (== netstandard2.1) (>= netcoreapp3.0))
      DevExpress.WindowsDesktop.Win.Utils (20.2.6-ctp) - restriction: || (&& (== net461) (>= netcoreapp3.0)) (== net5.0-windows7.0) (== net50) (&& (== netstandard2.0) (>= netcoreapp3.0)) (&& (== netstandard2.1) (>= netcoreapp3.0))
    DevExpress.WindowsDesktop.Win.Charts (20.2.6-ctp) - restriction: || (&& (== net461) (>= netcoreapp3.0)) (== net5.0-windows7.0) (== net50) (&& (== netstandard2.0) (>= netcoreapp3.0)) (&& (== netstandard2.1) (>= netcoreapp3.0))
      DevExpress.WindowsDesktop.Charts (20.2.6) - restriction: || (&& (== net461) (>= netcoreapp3.0)) (== net5.0-windows7.0) (== net50) (&& (== netstandard2.0) (>= netcoreapp3.0)) (&& (== netstandard2.1) (>= netcoreapp3.0))
      DevExpress.WindowsDesktop.Charts.Core (20.2.6) - restriction: || (&& (== net461) (>= netcoreapp3.0)) (== net5.0-windows7.0) (== net50) (&& (== netstandard2.0) (>= netcoreapp3.0)) (&& (== netstandard2.1) (>= netcoreapp3.0))
      DevExpress.WindowsDesktop.Data (20.2.6) - restriction: || (&& (== net461) (>= netcoreapp3.0)) (== net5.0-windows7.0) (== net50) (&& (== netstandard2.0) (>= netcoreapp3.0)) (&& (== netstandard2.1) (>= netcoreapp3.0))
      DevExpress.WindowsDesktop.DataDesktop (20.2.6) - restriction: || (&& (== net461) (>= netcoreapp3.0)) (== net5.0-windows7.0) (== net50) (&& (== netstandard2.0) (>= netcoreapp3.0)) (&& (== netstandard2.1) (>= netcoreapp3.0))
      DevExpress.WindowsDesktop.Printing.Core (20.2.6) - restriction: || (&& (== net461) (>= netcoreapp3.0)) (== net5.0-windows7.0) (== net50) (&& (== netstandard2.0) (>= netcoreapp3.0)) (&& (== netstandard2.1) (>= netcoreapp3.0))
      DevExpress.WindowsDesktop.Win.Bars (20.2.6-ctp) - restriction: || (&& (== net461) (>= netcoreapp3.0)) (== net5.0-windows7.0) (== net50) (&& (== netstandard2.0) (>= netcoreapp3.0)) (&& (== netstandard2.1) (>= netcoreapp3.0))
      DevExpress.WindowsDesktop.Win.DataAccess.UI (20.2.6-ctp) - restriction: || (&& (== net461) (>= netcoreapp3.0)) (== net5.0-windows7.0) (== net50) (&& (== netstandard2.0) (>= netcoreapp3.0)) (&& (== netstandard2.1) (>= netcoreapp3.0))
      DevExpress.WindowsDesktop.Win.Editors (20.2.6-ctp) - restriction: || (&& (== net461) (>= netcoreapp3.0)) (== net5.0-windows7.0) (== net50) (&& (== netstandard2.0) (>= netcoreapp3.0)) (&& (== netstandard2.1) (>= netcoreapp3.0))
      DevExpress.WindowsDesktop.Win.Grid (20.2.6-ctp) - restriction: || (&& (== net461) (>= netcoreapp3.0)) (== net5.0-windows7.0) (== net50) (&& (== netstandard2.0) (>= netcoreapp3.0)) (&& (== netstandard2.1) (>= netcoreapp3.0))
      DevExpress.WindowsDesktop.Win.Layout (20.2.6-ctp) - restriction: || (&& (== net461) (>= netcoreapp3.0)) (== net5.0-windows7.0) (== net50) (&& (== netstandard2.0) (>= netcoreapp3.0)) (&& (== netstandard2.1) (>= netcoreapp3.0))
      DevExpress.WindowsDesktop.Win.NavBar (20.2.6-ctp) - restriction: || (&& (== net461) (>= netcoreapp3.0)) (== net5.0-windows7.0) (== net50) (&& (== netstandard2.0) (>= netcoreapp3.0)) (&& (== netstandard2.1) (>= netcoreapp3.0))
      DevExpress.WindowsDesktop.Win.Printing (20.2.6-ctp) - restriction: || (&& (== net461) (>= netcoreapp3.0)) (== net5.0-windows7.0) (== net50) (&& (== netstandard2.0) (>= netcoreapp3.0)) (&& (== netstandard2.1) (>= netcoreapp3.0))
      DevExpress.WindowsDesktop.Win.TreeList (20.2.6-ctp) - restriction: || (&& (== net461) (>= netcoreapp3.0)) (== net5.0-windows7.0) (== net50) (&& (== netstandard2.0) (>= netcoreapp3.0)) (&& (== netstandard2.1) (>= netcoreapp3.0))
      DevExpress.WindowsDesktop.Win.Utils (20.2.6-ctp) - restriction: || (&& (== net461) (>= netcoreapp3.0)) (== net5.0-windows7.0) (== net50) (&& (== netstandard2.0) (>= netcoreapp3.0)) (&& (== netstandard2.1) (>= netcoreapp3.0))
      DevExpress.WindowsDesktop.Win.Utils.UI (20.2.6-ctp) - restriction: || (&& (== net461) (>= netcoreapp3.0)) (== net5.0-windows7.0) (== net50) (&& (== netstandard2.0) (>= netcoreapp3.0)) (&& (== netstandard2.1) (>= netcoreapp3.0))
      DevExpress.WindowsDesktop.Win.VerticalGrid (20.2.6-ctp) - restriction: || (&& (== net461) (>= netcoreapp3.0)) (== net5.0-windows7.0) (== net50) (&& (== netstandard2.0) (>= netcoreapp3.0)) (&& (== netstandard2.1) (>= netcoreapp3.0))
    DevExpress.WindowsDesktop.Win.Dashboard (20.2.6) - restriction: || (&& (== net461) (>= netcoreapp3.0)) (== net5.0-windows7.0) (== net50) (&& (== netstandard2.0) (>= netcoreapp3.0)) (&& (== netstandard2.1) (>= netcoreapp3.0))
      DevExpress.WindowsDesktop.Charts (20.2.6) - restriction: || (&& (== net461) (>= netcoreapp3.0)) (== net5.0-windows7.0) (== net50) (&& (== netstandard2.0) (>= netcoreapp3.0)) (&& (== netstandard2.1) (>= netcoreapp3.0))
      DevExpress.WindowsDesktop.Charts.Core (20.2.6) - restriction: || (&& (== net461) (>= netcoreapp3.0)) (== net5.0-windows7.0) (== net50) (&& (== netstandard2.0) (>= netcoreapp3.0)) (&& (== netstandard2.1) (>= netcoreapp3.0))
      DevExpress.WindowsDesktop.Dashboard.Core (20.2.6) - restriction: || (&& (== net461) (>= netcoreapp3.0)) (== net5.0-windows7.0) (== net50) (&& (== netstandard2.0) (>= netcoreapp3.0)) (&& (== netstandard2.1) (>= netcoreapp3.0))
      DevExpress.WindowsDesktop.Data (20.2.6) - restriction: || (&& (== net461) (>= netcoreapp3.0)) (== net5.0-windows7.0) (== net50) (&& (== netstandard2.0) (>= netcoreapp3.0)) (&& (== netstandard2.1) (>= netcoreapp3.0))
      DevExpress.WindowsDesktop.DataAccess (20.2.6) - restriction: || (&& (== net461) (>= netcoreapp3.0)) (== net5.0-windows7.0) (== net50) (&& (== netstandard2.0) (>= netcoreapp3.0)) (&& (== netstandard2.1) (>= netcoreapp3.0))
      DevExpress.WindowsDesktop.DataDesktop (20.2.6) - restriction: || (&& (== net461) (>= netcoreapp3.0)) (== net5.0-windows7.0) (== net50) (&& (== netstandard2.0) (>= netcoreapp3.0)) (&& (== netstandard2.1) (>= netcoreapp3.0))
      DevExpress.WindowsDesktop.Gauges.Core (20.2.6) - restriction: || (&& (== net461) (>= netcoreapp3.0)) (== net5.0-windows7.0) (== net50) (&& (== netstandard2.0) (>= netcoreapp3.0)) (&& (== netstandard2.1) (>= netcoreapp3.0))
      DevExpress.WindowsDesktop.Map.Core (20.2.6) - restriction: || (&& (== net461) (>= netcoreapp3.0)) (== net5.0-windows7.0) (== net50) (&& (== netstandard2.0) (>= netcoreapp3.0)) (&& (== netstandard2.1) (>= netcoreapp3.0))
      DevExpress.WindowsDesktop.Office.Core (20.2.6) - restriction: || (&& (== net461) (>= netcoreapp3.0)) (== net5.0-windows7.0) (== net50) (&& (== netstandard2.0) (>= netcoreapp3.0)) (&& (== netstandard2.1) (>= netcoreapp3.0))
      DevExpress.WindowsDesktop.PivotGrid.Core (20.2.6) - restriction: || (&& (== net461) (>= netcoreapp3.0)) (== net5.0-windows7.0) (== net50) (&& (== netstandard2.0) (>= netcoreapp3.0)) (&& (== netstandard2.1) (>= netcoreapp3.0))
      DevExpress.WindowsDesktop.Printing.Core (20.2.6) - restriction: || (&& (== net461) (>= netcoreapp3.0)) (== net5.0-windows7.0) (== net50) (&& (== netstandard2.0) (>= netcoreapp3.0)) (&& (== netstandard2.1) (>= netcoreapp3.0))
      DevExpress.WindowsDesktop.Reporting.Core (20.2.6) - restriction: || (&& (== net461) (>= netcoreapp3.0)) (== net5.0-windows7.0) (== net50) (&& (== netstandard2.0) (>= netcoreapp3.0)) (&& (== netstandard2.1) (>= netcoreapp3.0))
      DevExpress.WindowsDesktop.RichEdit.Core (20.2.6) - restriction: || (&& (== net461) (>= netcoreapp3.0)) (== net5.0-windows7.0) (== net50) (&& (== netstandard2.0) (>= netcoreapp3.0)) (&& (== netstandard2.1) (>= netcoreapp3.0))
      DevExpress.WindowsDesktop.Sparkline.Core (20.2.6) - restriction: || (&& (== net461) (>= netcoreapp3.0)) (== net5.0-windows7.0) (== net50) (&& (== netstandard2.0) (>= netcoreapp3.0)) (&& (== netstandard2.1) (>= netcoreapp3.0))
      DevExpress.WindowsDesktop.TreeMap (20.2.6-ctp) - restriction: || (&& (== net461) (>= netcoreapp3.0)) (== net5.0-windows7.0) (== net50) (&& (== netstandard2.0) (>= netcoreapp3.0)) (&& (== netstandard2.1) (>= netcoreapp3.0))
      DevExpress.WindowsDesktop.TreeMap.Core (20.2.6) - restriction: || (&& (== net461) (>= netcoreapp3.0)) (== net5.0-windows7.0) (== net50) (&& (== netstandard2.0) (>= netcoreapp3.0)) (&& (== netstandard2.1) (>= netcoreapp3.0))
      DevExpress.WindowsDesktop.Win.Bars (20.2.6-ctp) - restriction: || (&& (== net461) (>= netcoreapp3.0)) (== net5.0-windows7.0) (== net50) (&& (== netstandard2.0) (>= netcoreapp3.0)) (&& (== netstandard2.1) (>= netcoreapp3.0))
      DevExpress.WindowsDesktop.Win.Charts (20.2.6-ctp) - restriction: || (&& (== net461) (>= netcoreapp3.0)) (== net5.0-windows7.0) (== net50) (&& (== netstandard2.0) (>= netcoreapp3.0)) (&& (== netstandard2.1) (>= netcoreapp3.0))
      DevExpress.WindowsDesktop.Win.DataAccess.UI (20.2.6-ctp) - restriction: || (&& (== net461) (>= netcoreapp3.0)) (== net5.0-windows7.0) (== net50) (&& (== netstandard2.0) (>= netcoreapp3.0)) (&& (== netstandard2.1) (>= netcoreapp3.0))
      DevExpress.WindowsDesktop.Win.Editors (20.2.6-ctp) - restriction: || (&& (== net461) (>= netcoreapp3.0)) (== net5.0-windows7.0) (== net50) (&& (== netstandard2.0) (>= netcoreapp3.0)) (&& (== netstandard2.1) (>= netcoreapp3.0))
      DevExpress.WindowsDesktop.Win.Gauges (20.2.6-ctp) - restriction: || (&& (== net461) (>= netcoreapp3.0)) (== net5.0-windows7.0) (== net50) (&& (== netstandard2.0) (>= netcoreapp3.0)) (&& (== netstandard2.1) (>= netcoreapp3.0))
      DevExpress.WindowsDesktop.Win.Grid (20.2.6-ctp) - restriction: || (&& (== net461) (>= netcoreapp3.0)) (== net5.0-windows7.0) (== net50) (&& (== netstandard2.0) (>= netcoreapp3.0)) (&& (== netstandard2.1) (>= netcoreapp3.0))
      DevExpress.WindowsDesktop.Win.Layout (20.2.6-ctp) - restriction: || (&& (== net461) (>= netcoreapp3.0)) (== net5.0-windows7.0) (== net50) (&& (== netstandard2.0) (>= netcoreapp3.0)) (&& (== netstandard2.1) (>= netcoreapp3.0))
      DevExpress.WindowsDesktop.Win.Map (20.2.6-ctp) - restriction: || (&& (== net461) (>= netcoreapp3.0)) (== net5.0-windows7.0) (== net50) (&& (== netstandard2.0) (>= netcoreapp3.0)) (&& (== netstandard2.1) (>= netcoreapp3.0))
      DevExpress.WindowsDesktop.Win.PivotGrid (20.2.6-ctp) - restriction: || (&& (== net461) (>= netcoreapp3.0)) (== net5.0-windows7.0) (== net50) (&& (== netstandard2.0) (>= netcoreapp3.0)) (&& (== netstandard2.1) (>= netcoreapp3.0))
      DevExpress.WindowsDesktop.Win.Printing (20.2.6-ctp) - restriction: || (&& (== net461) (>= netcoreapp3.0)) (== net5.0-windows7.0) (== net50) (&& (== netstandard2.0) (>= netcoreapp3.0)) (&& (== netstandard2.1) (>= netcoreapp3.0))
      DevExpress.WindowsDesktop.Win.RichEdit (20.2.6-ctp) - restriction: || (&& (== net461) (>= netcoreapp3.0)) (== net5.0-windows7.0) (== net50) (&& (== netstandard2.0) (>= netcoreapp3.0)) (&& (== netstandard2.1) (>= netcoreapp3.0))
      DevExpress.WindowsDesktop.Win.TreeList (20.2.6-ctp) - restriction: || (&& (== net461) (>= netcoreapp3.0)) (== net5.0-windows7.0) (== net50) (&& (== netstandard2.0) (>= netcoreapp3.0)) (&& (== netstandard2.1) (>= netcoreapp3.0))
      DevExpress.WindowsDesktop.Win.TreeMap (20.2.6-ctp) - restriction: || (&& (== net461) (>= netcoreapp3.0)) (== net5.0-windows7.0) (== net50) (&& (== netstandard2.0) (>= netcoreapp3.0)) (&& (== netstandard2.1) (>= netcoreapp3.0))
      DevExpress.WindowsDesktop.Win.Utils (20.2.6-ctp) - restriction: || (&& (== net461) (>= netcoreapp3.0)) (== net5.0-windows7.0) (== net50) (&& (== netstandard2.0) (>= netcoreapp3.0)) (&& (== netstandard2.1) (>= netcoreapp3.0))
      DevExpress.WindowsDesktop.Win.Utils.UI (20.2.6-ctp) - restriction: || (&& (== net461) (>= netcoreapp3.0)) (== net5.0-windows7.0) (== net50) (&& (== netstandard2.0) (>= netcoreapp3.0)) (&& (== netstandard2.1) (>= netcoreapp3.0))
      DevExpress.WindowsDesktop.Xpo (20.2.6) - restriction: || (&& (== net461) (>= netcoreapp3.0)) (== net5.0-windows7.0) (== net50) (&& (== netstandard2.0) (>= netcoreapp3.0)) (&& (== netstandard2.1) (>= netcoreapp3.0))
    DevExpress.WindowsDesktop.Win.DataAccess.UI (20.2.6-ctp) - restriction: || (&& (== net461) (>= netcoreapp3.0)) (== net5.0-windows7.0) (== net50) (&& (== netstandard2.0) (>= netcoreapp3.0)) (&& (== netstandard2.1) (>= netcoreapp3.0))
      DevExpress.WindowsDesktop.CodeParser (20.2.6) - restriction: || (&& (== net461) (>= netcoreapp3.0)) (== net5.0-windows7.0) (== net50) (&& (== netstandard2.0) (>= netcoreapp3.0)) (&& (== netstandard2.1) (>= netcoreapp3.0))
      DevExpress.WindowsDesktop.Data (20.2.6) - restriction: || (&& (== net461) (>= netcoreapp3.0)) (== net5.0-windows7.0) (== net50) (&& (== netstandard2.0) (>= netcoreapp3.0)) (&& (== netstandard2.1) (>= netcoreapp3.0))
      DevExpress.WindowsDesktop.DataAccess (20.2.6) - restriction: || (&& (== net461) (>= netcoreapp3.0)) (== net5.0-windows7.0) (== net50) (&& (== netstandard2.0) (>= netcoreapp3.0)) (&& (== netstandard2.1) (>= netcoreapp3.0))
      DevExpress.WindowsDesktop.DataDesktop (20.2.6) - restriction: || (&& (== net461) (>= netcoreapp3.0)) (== net5.0-windows7.0) (== net50) (&& (== netstandard2.0) (>= netcoreapp3.0)) (&& (== netstandard2.1) (>= netcoreapp3.0))
      DevExpress.WindowsDesktop.Diagram.Core (20.2.6) - restriction: || (&& (== net461) (>= netcoreapp3.0)) (== net5.0-windows7.0) (== net50) (&& (== netstandard2.0) (>= netcoreapp3.0)) (&& (== netstandard2.1) (>= netcoreapp3.0))
      DevExpress.WindowsDesktop.Printing.Core (20.2.6) - restriction: || (&& (== net461) (>= netcoreapp3.0)) (== net5.0-windows7.0) (== net50) (&& (== netstandard2.0) (>= netcoreapp3.0)) (&& (== netstandard2.1) (>= netcoreapp3.0))
      DevExpress.WindowsDesktop.RichEdit.Core (20.2.6) - restriction: || (&& (== net461) (>= netcoreapp3.0)) (== net5.0-windows7.0) (== net50) (&& (== netstandard2.0) (>= netcoreapp3.0)) (&& (== netstandard2.1) (>= netcoreapp3.0))
      DevExpress.WindowsDesktop.Win.Bars (20.2.6-ctp) - restriction: || (&& (== net461) (>= netcoreapp3.0)) (== net5.0-windows7.0) (== net50) (&& (== netstandard2.0) (>= netcoreapp3.0)) (&& (== netstandard2.1) (>= netcoreapp3.0))
      DevExpress.WindowsDesktop.Win.Diagram (20.2.6-ctp) - restriction: || (&& (== net461) (>= netcoreapp3.0)) (== net5.0-windows7.0) (== net50) (&& (== netstandard2.0) (>= netcoreapp3.0)) (&& (== netstandard2.1) (>= netcoreapp3.0))
      DevExpress.WindowsDesktop.Win.Editors (20.2.6-ctp) - restriction: || (&& (== net461) (>= netcoreapp3.0)) (== net5.0-windows7.0) (== net50) (&& (== netstandard2.0) (>= netcoreapp3.0)) (&& (== netstandard2.1) (>= netcoreapp3.0))
      DevExpress.WindowsDesktop.Win.Grid (20.2.6-ctp) - restriction: || (&& (== net461) (>= netcoreapp3.0)) (== net5.0-windows7.0) (== net50) (&& (== netstandard2.0) (>= netcoreapp3.0)) (&& (== netstandard2.1) (>= netcoreapp3.0))
      DevExpress.WindowsDesktop.Win.Layout (20.2.6-ctp) - restriction: || (&& (== net461) (>= netcoreapp3.0)) (== net5.0-windows7.0) (== net50) (&& (== netstandard2.0) (>= netcoreapp3.0)) (&& (== netstandard2.1) (>= netcoreapp3.0))
      DevExpress.WindowsDesktop.Win.Printing (20.2.6-ctp) - restriction: || (&& (== net461) (>= netcoreapp3.0)) (== net5.0-windows7.0) (== net50) (&& (== netstandard2.0) (>= netcoreapp3.0)) (&& (== netstandard2.1) (>= netcoreapp3.0))
      DevExpress.WindowsDesktop.Win.RichEdit (20.2.6-ctp) - restriction: || (&& (== net461) (>= netcoreapp3.0)) (== net5.0-windows7.0) (== net50) (&& (== netstandard2.0) (>= netcoreapp3.0)) (&& (== netstandard2.1) (>= netcoreapp3.0))
      DevExpress.WindowsDesktop.Win.TreeList (20.2.6-ctp) - restriction: || (&& (== net461) (>= netcoreapp3.0)) (== net5.0-windows7.0) (== net50) (&& (== netstandard2.0) (>= netcoreapp3.0)) (&& (== netstandard2.1) (>= netcoreapp3.0))
      DevExpress.WindowsDesktop.Win.Utils (20.2.6-ctp) - restriction: || (&& (== net461) (>= netcoreapp3.0)) (== net5.0-windows7.0) (== net50) (&& (== netstandard2.0) (>= netcoreapp3.0)) (&& (== netstandard2.1) (>= netcoreapp3.0))
      DevExpress.WindowsDesktop.Win.Utils.UI (20.2.6-ctp) - restriction: || (&& (== net461) (>= netcoreapp3.0)) (== net5.0-windows7.0) (== net50) (&& (== netstandard2.0) (>= netcoreapp3.0)) (&& (== netstandard2.1) (>= netcoreapp3.0))
      DevExpress.WindowsDesktop.Xpo (20.2.6) - restriction: || (&& (== net461) (>= netcoreapp3.0)) (== net5.0-windows7.0) (== net50) (&& (== netstandard2.0) (>= netcoreapp3.0)) (&& (== netstandard2.1) (>= netcoreapp3.0))
      System.Data.SqlClient (>= 4.6) - restriction: || (&& (== net461) (>= netcoreapp3.0)) (== net5.0-windows7.0) (== net50) (&& (== netstandard2.0) (>= netcoreapp3.0)) (&& (== netstandard2.1) (>= netcoreapp3.0))
    DevExpress.WindowsDesktop.Win.Diagram (20.2.6-ctp) - restriction: || (&& (== net461) (>= netcoreapp3.0)) (== net5.0-windows7.0) (== net50) (&& (== netstandard2.0) (>= netcoreapp3.0)) (&& (== netstandard2.1) (>= netcoreapp3.0))
      DevExpress.WindowsDesktop.Data (20.2.6) - restriction: || (&& (== net461) (>= netcoreapp3.0)) (== net5.0-windows7.0) (== net50) (&& (== netstandard2.0) (>= netcoreapp3.0)) (&& (== netstandard2.1) (>= netcoreapp3.0))
      DevExpress.WindowsDesktop.DataDesktop (20.2.6) - restriction: || (&& (== net461) (>= netcoreapp3.0)) (== net5.0-windows7.0) (== net50) (&& (== netstandard2.0) (>= netcoreapp3.0)) (&& (== netstandard2.1) (>= netcoreapp3.0))
      DevExpress.WindowsDesktop.Diagram.Core (20.2.6) - restriction: || (&& (== net461) (>= netcoreapp3.0)) (== net5.0-windows7.0) (== net50) (&& (== netstandard2.0) (>= netcoreapp3.0)) (&& (== netstandard2.1) (>= netcoreapp3.0))
      DevExpress.WindowsDesktop.Office.Core (20.2.6) - restriction: || (&& (== net461) (>= netcoreapp3.0)) (== net5.0-windows7.0) (== net50) (&& (== netstandard2.0) (>= netcoreapp3.0)) (&& (== netstandard2.1) (>= netcoreapp3.0))
      DevExpress.WindowsDesktop.Pdf.Core (20.2.6) - restriction: || (&& (== net461) (>= netcoreapp3.0)) (== net5.0-windows7.0) (== net50) (&& (== netstandard2.0) (>= netcoreapp3.0)) (&& (== netstandard2.1) (>= netcoreapp3.0))
      DevExpress.WindowsDesktop.Printing.Core (20.2.6) - restriction: || (&& (== net461) (>= netcoreapp3.0)) (== net5.0-windows7.0) (== net50) (&& (== netstandard2.0) (>= netcoreapp3.0)) (&& (== netstandard2.1) (>= netcoreapp3.0))
      DevExpress.WindowsDesktop.Win.Bars (20.2.6-ctp) - restriction: || (&& (== net461) (>= netcoreapp3.0)) (== net5.0-windows7.0) (== net50) (&& (== netstandard2.0) (>= netcoreapp3.0)) (&& (== netstandard2.1) (>= netcoreapp3.0))
      DevExpress.WindowsDesktop.Win.Editors (20.2.6-ctp) - restriction: || (&& (== net461) (>= netcoreapp3.0)) (== net5.0-windows7.0) (== net50) (&& (== netstandard2.0) (>= netcoreapp3.0)) (&& (== netstandard2.1) (>= netcoreapp3.0))
      DevExpress.WindowsDesktop.Win.Printing (20.2.6-ctp) - restriction: || (&& (== net461) (>= netcoreapp3.0)) (== net5.0-windows7.0) (== net50) (&& (== netstandard2.0) (>= netcoreapp3.0)) (&& (== netstandard2.1) (>= netcoreapp3.0))
      DevExpress.WindowsDesktop.Win.Utils (20.2.6-ctp) - restriction: || (&& (== net461) (>= netcoreapp3.0)) (== net5.0-windows7.0) (== net50) (&& (== netstandard2.0) (>= netcoreapp3.0)) (&& (== netstandard2.1) (>= netcoreapp3.0))
      DevExpress.WindowsDesktop.Win.VerticalGrid (20.2.6-ctp) - restriction: || (&& (== net461) (>= netcoreapp3.0)) (== net5.0-windows7.0) (== net50) (&& (== netstandard2.0) (>= netcoreapp3.0)) (&& (== netstandard2.1) (>= netcoreapp3.0))
    DevExpress.WindowsDesktop.Win.Editors (20.2.6-ctp) - restriction: || (&& (== net461) (>= netcoreapp3.0)) (== net5.0-windows7.0) (== net50) (&& (== netstandard2.0) (>= netcoreapp3.0)) (&& (== netstandard2.1) (>= netcoreapp3.0))
      DevExpress.WindowsDesktop.Data (20.2.6) - restriction: || (&& (== net461) (>= netcoreapp3.0)) (== net5.0-windows7.0) (== net50) (&& (== netstandard2.0) (>= netcoreapp3.0)) (&& (== netstandard2.1) (>= netcoreapp3.0))
      DevExpress.WindowsDesktop.DataDesktop (20.2.6) - restriction: || (&& (== net461) (>= netcoreapp3.0)) (== net5.0-windows7.0) (== net50) (&& (== netstandard2.0) (>= netcoreapp3.0)) (&& (== netstandard2.1) (>= netcoreapp3.0))
      DevExpress.WindowsDesktop.Printing.Core (20.2.6) - restriction: || (&& (== net461) (>= netcoreapp3.0)) (== net5.0-windows7.0) (== net50) (&& (== netstandard2.0) (>= netcoreapp3.0)) (&& (== netstandard2.1) (>= netcoreapp3.0))
      DevExpress.WindowsDesktop.Sparkline.Core (20.2.6) - restriction: || (&& (== net461) (>= netcoreapp3.0)) (== net5.0-windows7.0) (== net50) (&& (== netstandard2.0) (>= netcoreapp3.0)) (&& (== netstandard2.1) (>= netcoreapp3.0))
      DevExpress.WindowsDesktop.Win.Utils (20.2.6-ctp) - restriction: || (&& (== net461) (>= netcoreapp3.0)) (== net5.0-windows7.0) (== net50) (&& (== netstandard2.0) (>= netcoreapp3.0)) (&& (== netstandard2.1) (>= netcoreapp3.0))
    DevExpress.WindowsDesktop.Win.Gauges (20.2.6-ctp) - restriction: || (&& (== net461) (>= netcoreapp3.0)) (== net5.0-windows7.0) (== net50) (&& (== netstandard2.0) (>= netcoreapp3.0)) (&& (== netstandard2.1) (>= netcoreapp3.0))
      DevExpress.WindowsDesktop.Data (20.2.6) - restriction: || (&& (== net461) (>= netcoreapp3.0)) (== net5.0-windows7.0) (== net50) (&& (== netstandard2.0) (>= netcoreapp3.0)) (&& (== netstandard2.1) (>= netcoreapp3.0))
      DevExpress.WindowsDesktop.DataDesktop (20.2.6) - restriction: || (&& (== net461) (>= netcoreapp3.0)) (== net5.0-windows7.0) (== net50) (&& (== netstandard2.0) (>= netcoreapp3.0)) (&& (== netstandard2.1) (>= netcoreapp3.0))
      DevExpress.WindowsDesktop.Gauges.Core (20.2.6) - restriction: || (&& (== net461) (>= netcoreapp3.0)) (== net5.0-windows7.0) (== net50) (&& (== netstandard2.0) (>= netcoreapp3.0)) (&& (== netstandard2.1) (>= netcoreapp3.0))
      DevExpress.WindowsDesktop.Printing.Core (20.2.6) - restriction: || (&& (== net461) (>= netcoreapp3.0)) (== net5.0-windows7.0) (== net50) (&& (== netstandard2.0) (>= netcoreapp3.0)) (&& (== netstandard2.1) (>= netcoreapp3.0))
      DevExpress.WindowsDesktop.Win.Editors (20.2.6-ctp) - restriction: || (&& (== net461) (>= netcoreapp3.0)) (== net5.0-windows7.0) (== net50) (&& (== netstandard2.0) (>= netcoreapp3.0)) (&& (== netstandard2.1) (>= netcoreapp3.0))
      DevExpress.WindowsDesktop.Win.Layout (20.2.6-ctp) - restriction: || (&& (== net461) (>= netcoreapp3.0)) (== net5.0-windows7.0) (== net50) (&& (== netstandard2.0) (>= netcoreapp3.0)) (&& (== netstandard2.1) (>= netcoreapp3.0))
      DevExpress.WindowsDesktop.Win.Printing (20.2.6-ctp) - restriction: || (&& (== net461) (>= netcoreapp3.0)) (== net5.0-windows7.0) (== net50) (&& (== netstandard2.0) (>= netcoreapp3.0)) (&& (== netstandard2.1) (>= netcoreapp3.0))
      DevExpress.WindowsDesktop.Win.Utils (20.2.6-ctp) - restriction: || (&& (== net461) (>= netcoreapp3.0)) (== net5.0-windows7.0) (== net50) (&& (== netstandard2.0) (>= netcoreapp3.0)) (&& (== netstandard2.1) (>= netcoreapp3.0))
    DevExpress.WindowsDesktop.Win.Grid (20.2.6-ctp) - restriction: || (&& (== net461) (>= netcoreapp3.0)) (== net5.0-windows7.0) (== net50) (&& (== netstandard2.0) (>= netcoreapp3.0)) (&& (== netstandard2.1) (>= netcoreapp3.0))
      DevExpress.WindowsDesktop.Data (20.2.6) - restriction: || (&& (== net461) (>= netcoreapp3.0)) (== net5.0-windows7.0) (== net50) (&& (== netstandard2.0) (>= netcoreapp3.0)) (&& (== netstandard2.1) (>= netcoreapp3.0))
      DevExpress.WindowsDesktop.DataDesktop (20.2.6) - restriction: || (&& (== net461) (>= netcoreapp3.0)) (== net5.0-windows7.0) (== net50) (&& (== netstandard2.0) (>= netcoreapp3.0)) (&& (== netstandard2.1) (>= netcoreapp3.0))
      DevExpress.WindowsDesktop.Printing.Core (20.2.6) - restriction: || (&& (== net461) (>= netcoreapp3.0)) (== net5.0-windows7.0) (== net50) (&& (== netstandard2.0) (>= netcoreapp3.0)) (&& (== netstandard2.1) (>= netcoreapp3.0))
      DevExpress.WindowsDesktop.Win.Editors (20.2.6-ctp) - restriction: || (&& (== net461) (>= netcoreapp3.0)) (== net5.0-windows7.0) (== net50) (&& (== netstandard2.0) (>= netcoreapp3.0)) (&& (== netstandard2.1) (>= netcoreapp3.0))
      DevExpress.WindowsDesktop.Win.Layout (20.2.6-ctp) - restriction: || (&& (== net461) (>= netcoreapp3.0)) (== net5.0-windows7.0) (== net50) (&& (== netstandard2.0) (>= netcoreapp3.0)) (&& (== netstandard2.1) (>= netcoreapp3.0))
      DevExpress.WindowsDesktop.Win.Printing (20.2.6-ctp) - restriction: || (&& (== net461) (>= netcoreapp3.0)) (== net5.0-windows7.0) (== net50) (&& (== netstandard2.0) (>= netcoreapp3.0)) (&& (== netstandard2.1) (>= netcoreapp3.0))
      DevExpress.WindowsDesktop.Win.Utils (20.2.6-ctp) - restriction: || (&& (== net461) (>= netcoreapp3.0)) (== net5.0-windows7.0) (== net50) (&& (== netstandard2.0) (>= netcoreapp3.0)) (&& (== netstandard2.1) (>= netcoreapp3.0))
    DevExpress.WindowsDesktop.Win.Layout (20.2.6-ctp) - restriction: || (&& (== net461) (>= netcoreapp3.0)) (== net5.0-windows7.0) (== net50) (&& (== netstandard2.0) (>= netcoreapp3.0)) (&& (== netstandard2.1) (>= netcoreapp3.0))
      DevExpress.WindowsDesktop.Data (20.2.6) - restriction: || (&& (== net461) (>= netcoreapp3.0)) (== net5.0-windows7.0) (== net50) (&& (== netstandard2.0) (>= netcoreapp3.0)) (&& (== netstandard2.1) (>= netcoreapp3.0))
      DevExpress.WindowsDesktop.DataDesktop (20.2.6) - restriction: || (&& (== net461) (>= netcoreapp3.0)) (== net5.0-windows7.0) (== net50) (&& (== netstandard2.0) (>= netcoreapp3.0)) (&& (== netstandard2.1) (>= netcoreapp3.0))
      DevExpress.WindowsDesktop.Printing.Core (20.2.6) - restriction: || (&& (== net461) (>= netcoreapp3.0)) (== net5.0-windows7.0) (== net50) (&& (== netstandard2.0) (>= netcoreapp3.0)) (&& (== netstandard2.1) (>= netcoreapp3.0))
      DevExpress.WindowsDesktop.Win.Editors (20.2.6-ctp) - restriction: || (&& (== net461) (>= netcoreapp3.0)) (== net5.0-windows7.0) (== net50) (&& (== netstandard2.0) (>= netcoreapp3.0)) (&& (== netstandard2.1) (>= netcoreapp3.0))
      DevExpress.WindowsDesktop.Win.Utils (20.2.6-ctp) - restriction: || (&& (== net461) (>= netcoreapp3.0)) (== net5.0-windows7.0) (== net50) (&& (== netstandard2.0) (>= netcoreapp3.0)) (&& (== netstandard2.1) (>= netcoreapp3.0))
    DevExpress.WindowsDesktop.Win.Map (20.2.6-ctp) - restriction: || (&& (== net461) (>= netcoreapp3.0)) (== net5.0-windows7.0) (== net50) (&& (== netstandard2.0) (>= netcoreapp3.0)) (&& (== netstandard2.1) (>= netcoreapp3.0))
      DevExpress.WindowsDesktop.Data (20.2.6) - restriction: || (&& (== net461) (>= netcoreapp3.0)) (== net5.0-windows7.0) (== net50) (&& (== netstandard2.0) (>= netcoreapp3.0)) (&& (== netstandard2.1) (>= netcoreapp3.0))
      DevExpress.WindowsDesktop.DataDesktop (20.2.6) - restriction: || (&& (== net461) (>= netcoreapp3.0)) (== net5.0-windows7.0) (== net50) (&& (== netstandard2.0) (>= netcoreapp3.0)) (&& (== netstandard2.1) (>= netcoreapp3.0))
      DevExpress.WindowsDesktop.Map.Core (20.2.6) - restriction: || (&& (== net461) (>= netcoreapp3.0)) (== net5.0-windows7.0) (== net50) (&& (== netstandard2.0) (>= netcoreapp3.0)) (&& (== netstandard2.1) (>= netcoreapp3.0))
      DevExpress.WindowsDesktop.Printing.Core (20.2.6) - restriction: || (&& (== net461) (>= netcoreapp3.0)) (== net5.0-windows7.0) (== net50) (&& (== netstandard2.0) (>= netcoreapp3.0)) (&& (== netstandard2.1) (>= netcoreapp3.0))
      DevExpress.WindowsDesktop.Win.Editors (20.2.6-ctp) - restriction: || (&& (== net461) (>= netcoreapp3.0)) (== net5.0-windows7.0) (== net50) (&& (== netstandard2.0) (>= netcoreapp3.0)) (&& (== netstandard2.1) (>= netcoreapp3.0))
      DevExpress.WindowsDesktop.Win.Printing (20.2.6-ctp) - restriction: || (&& (== net461) (>= netcoreapp3.0)) (== net5.0-windows7.0) (== net50) (&& (== netstandard2.0) (>= netcoreapp3.0)) (&& (== netstandard2.1) (>= netcoreapp3.0))
      DevExpress.WindowsDesktop.Win.Utils (20.2.6-ctp) - restriction: || (&& (== net461) (>= netcoreapp3.0)) (== net5.0-windows7.0) (== net50) (&& (== netstandard2.0) (>= netcoreapp3.0)) (&& (== netstandard2.1) (>= netcoreapp3.0))
      System.Data.SqlClient (>= 4.6) - restriction: || (&& (== net461) (>= netcoreapp3.0)) (== net5.0-windows7.0) (== net50) (&& (== netstandard2.0) (>= netcoreapp3.0)) (&& (== netstandard2.1) (>= netcoreapp3.0))
    DevExpress.WindowsDesktop.Win.NavBar (20.2.6-ctp) - restriction: || (&& (== net461) (>= netcoreapp3.0)) (== net5.0-windows7.0) (== net50) (&& (== netstandard2.0) (>= netcoreapp3.0)) (&& (== netstandard2.1) (>= netcoreapp3.0))
      DevExpress.WindowsDesktop.Data (20.2.6) - restriction: || (&& (== net461) (>= netcoreapp3.0)) (== net5.0-windows7.0) (== net50) (&& (== netstandard2.0) (>= netcoreapp3.0)) (&& (== netstandard2.1) (>= netcoreapp3.0))
      DevExpress.WindowsDesktop.DataDesktop (20.2.6) - restriction: || (&& (== net461) (>= netcoreapp3.0)) (== net5.0-windows7.0) (== net50) (&& (== netstandard2.0) (>= netcoreapp3.0)) (&& (== netstandard2.1) (>= netcoreapp3.0))
      DevExpress.WindowsDesktop.Win.Editors (20.2.6-ctp) - restriction: || (&& (== net461) (>= netcoreapp3.0)) (== net5.0-windows7.0) (== net50) (&& (== netstandard2.0) (>= netcoreapp3.0)) (&& (== netstandard2.1) (>= netcoreapp3.0))
      DevExpress.WindowsDesktop.Win.Utils (20.2.6-ctp) - restriction: || (&& (== net461) (>= netcoreapp3.0)) (== net5.0-windows7.0) (== net50) (&& (== netstandard2.0) (>= netcoreapp3.0)) (&& (== netstandard2.1) (>= netcoreapp3.0))
    DevExpress.WindowsDesktop.Win.PivotGrid (20.2.6-ctp) - restriction: || (&& (== net461) (>= netcoreapp3.0)) (== net5.0-windows7.0) (== net50) (&& (== netstandard2.0) (>= netcoreapp3.0)) (&& (== netstandard2.1) (>= netcoreapp3.0))
      DevExpress.WindowsDesktop.Data (20.2.6) - restriction: || (&& (== net461) (>= netcoreapp3.0)) (== net5.0-windows7.0) (== net50) (&& (== netstandard2.0) (>= netcoreapp3.0)) (&& (== netstandard2.1) (>= netcoreapp3.0))
      DevExpress.WindowsDesktop.PivotGrid.Core (20.2.6) - restriction: || (&& (== net461) (>= netcoreapp3.0)) (== net5.0-windows7.0) (== net50) (&& (== netstandard2.0) (>= netcoreapp3.0)) (&& (== netstandard2.1) (>= netcoreapp3.0))
      DevExpress.WindowsDesktop.Printing.Core (20.2.6) - restriction: || (&& (== net461) (>= netcoreapp3.0)) (== net5.0-windows7.0) (== net50) (&& (== netstandard2.0) (>= netcoreapp3.0)) (&& (== netstandard2.1) (>= netcoreapp3.0))
      DevExpress.WindowsDesktop.Win.Editors (20.2.6-ctp) - restriction: || (&& (== net461) (>= netcoreapp3.0)) (== net5.0-windows7.0) (== net50) (&& (== netstandard2.0) (>= netcoreapp3.0)) (&& (== netstandard2.1) (>= netcoreapp3.0))
      DevExpress.WindowsDesktop.Win.Layout (20.2.6-ctp) - restriction: || (&& (== net461) (>= netcoreapp3.0)) (== net5.0-windows7.0) (== net50) (&& (== netstandard2.0) (>= netcoreapp3.0)) (&& (== netstandard2.1) (>= netcoreapp3.0))
      DevExpress.WindowsDesktop.Win.Utils (20.2.6-ctp) - restriction: || (&& (== net461) (>= netcoreapp3.0)) (== net5.0-windows7.0) (== net50) (&& (== netstandard2.0) (>= netcoreapp3.0)) (&& (== netstandard2.1) (>= netcoreapp3.0))
    DevExpress.WindowsDesktop.Win.Printing (20.2.6-ctp) - restriction: || (&& (== net461) (>= netcoreapp3.0)) (== net5.0-windows7.0) (== net50) (&& (== netstandard2.0) (>= netcoreapp3.0)) (&& (== netstandard2.1) (>= netcoreapp3.0))
      DevExpress.WindowsDesktop.Data (20.2.6) - restriction: || (&& (== net461) (>= netcoreapp3.0)) (== net5.0-windows7.0) (== net50) (&& (== netstandard2.0) (>= netcoreapp3.0)) (&& (== netstandard2.1) (>= netcoreapp3.0))
      DevExpress.WindowsDesktop.DataDesktop (20.2.6) - restriction: || (&& (== net461) (>= netcoreapp3.0)) (== net5.0-windows7.0) (== net50) (&& (== netstandard2.0) (>= netcoreapp3.0)) (&& (== netstandard2.1) (>= netcoreapp3.0))
      DevExpress.WindowsDesktop.Printing.Core (20.2.6) - restriction: || (&& (== net461) (>= netcoreapp3.0)) (== net5.0-windows7.0) (== net50) (&& (== netstandard2.0) (>= netcoreapp3.0)) (&& (== netstandard2.1) (>= netcoreapp3.0))
      DevExpress.WindowsDesktop.RichEdit.Core (20.2.6) - restriction: || (&& (== net461) (>= netcoreapp3.0)) (== net5.0-windows7.0) (== net50) (&& (== netstandard2.0) (>= netcoreapp3.0)) (&& (== netstandard2.1) (>= netcoreapp3.0))
      DevExpress.WindowsDesktop.Win.Bars (20.2.6-ctp) - restriction: || (&& (== net461) (>= netcoreapp3.0)) (== net5.0-windows7.0) (== net50) (&& (== netstandard2.0) (>= netcoreapp3.0)) (&& (== netstandard2.1) (>= netcoreapp3.0))
      DevExpress.WindowsDesktop.Win.Editors (20.2.6-ctp) - restriction: || (&& (== net461) (>= netcoreapp3.0)) (== net5.0-windows7.0) (== net50) (&& (== netstandard2.0) (>= netcoreapp3.0)) (&& (== netstandard2.1) (>= netcoreapp3.0))
      DevExpress.WindowsDesktop.Win.Layout (20.2.6-ctp) - restriction: || (&& (== net461) (>= netcoreapp3.0)) (== net5.0-windows7.0) (== net50) (&& (== netstandard2.0) (>= netcoreapp3.0)) (&& (== netstandard2.1) (>= netcoreapp3.0))
      DevExpress.WindowsDesktop.Win.TreeList (20.2.6-ctp) - restriction: || (&& (== net461) (>= netcoreapp3.0)) (== net5.0-windows7.0) (== net50) (&& (== netstandard2.0) (>= netcoreapp3.0)) (&& (== netstandard2.1) (>= netcoreapp3.0))
      DevExpress.WindowsDesktop.Win.Utils (20.2.6-ctp) - restriction: || (&& (== net461) (>= netcoreapp3.0)) (== net5.0-windows7.0) (== net50) (&& (== netstandard2.0) (>= netcoreapp3.0)) (&& (== netstandard2.1) (>= netcoreapp3.0))
    DevExpress.WindowsDesktop.Win.Reporting (20.2.6-ctp) - restriction: || (&& (== net461) (>= netcoreapp3.0)) (== net5.0-windows7.0) (== net50) (&& (== netstandard2.0) (>= netcoreapp3.0)) (&& (== netstandard2.1) (>= netcoreapp3.0))
      DevExpress.WindowsDesktop.Charts (20.2.6) - restriction: || (&& (== net461) (>= netcoreapp3.0)) (== net5.0-windows7.0) (== net50) (&& (== netstandard2.0) (>= netcoreapp3.0)) (&& (== netstandard2.1) (>= netcoreapp3.0))
      DevExpress.WindowsDesktop.Charts.Core (20.2.6) - restriction: || (&& (== net461) (>= netcoreapp3.0)) (== net5.0-windows7.0) (== net50) (&& (== netstandard2.0) (>= netcoreapp3.0)) (&& (== netstandard2.1) (>= netcoreapp3.0))
      DevExpress.WindowsDesktop.CodeParser (20.2.6) - restriction: || (&& (== net461) (>= netcoreapp3.0)) (== net5.0-windows7.0) (== net50) (&& (== netstandard2.0) (>= netcoreapp3.0)) (&& (== netstandard2.1) (>= netcoreapp3.0))
      DevExpress.WindowsDesktop.Data (20.2.6) - restriction: || (&& (== net461) (>= netcoreapp3.0)) (== net5.0-windows7.0) (== net50) (&& (== netstandard2.0) (>= netcoreapp3.0)) (&& (== netstandard2.1) (>= netcoreapp3.0))
      DevExpress.WindowsDesktop.DataAccess (20.2.6) - restriction: || (&& (== net461) (>= netcoreapp3.0)) (== net5.0-windows7.0) (== net50) (&& (== netstandard2.0) (>= netcoreapp3.0)) (&& (== netstandard2.1) (>= netcoreapp3.0))
      DevExpress.WindowsDesktop.DataDesktop (20.2.6) - restriction: || (&& (== net461) (>= netcoreapp3.0)) (== net5.0-windows7.0) (== net50) (&& (== netstandard2.0) (>= netcoreapp3.0)) (&& (== netstandard2.1) (>= netcoreapp3.0))
      DevExpress.WindowsDesktop.Gauges.Core (20.2.6) - restriction: || (&& (== net461) (>= netcoreapp3.0)) (== net5.0-windows7.0) (== net50) (&& (== netstandard2.0) (>= netcoreapp3.0)) (&& (== netstandard2.1) (>= netcoreapp3.0))
      DevExpress.WindowsDesktop.Office.Core (20.2.6) - restriction: || (&& (== net461) (>= netcoreapp3.0)) (== net5.0-windows7.0) (== net50) (&& (== netstandard2.0) (>= netcoreapp3.0)) (&& (== netstandard2.1) (>= netcoreapp3.0))
      DevExpress.WindowsDesktop.PivotGrid.Core (20.2.6) - restriction: || (&& (== net461) (>= netcoreapp3.0)) (== net5.0-windows7.0) (== net50) (&& (== netstandard2.0) (>= netcoreapp3.0)) (&& (== netstandard2.1) (>= netcoreapp3.0))
      DevExpress.WindowsDesktop.Printing.Core (20.2.6) - restriction: || (&& (== net461) (>= netcoreapp3.0)) (== net5.0-windows7.0) (== net50) (&& (== netstandard2.0) (>= netcoreapp3.0)) (&& (== netstandard2.1) (>= netcoreapp3.0))
      DevExpress.WindowsDesktop.Reporting.Core (20.2.6) - restriction: || (&& (== net461) (>= netcoreapp3.0)) (== net5.0-windows7.0) (== net50) (&& (== netstandard2.0) (>= netcoreapp3.0)) (&& (== netstandard2.1) (>= netcoreapp3.0))
      DevExpress.WindowsDesktop.RichEdit.Core (20.2.6) - restriction: || (&& (== net461) (>= netcoreapp3.0)) (== net5.0-windows7.0) (== net50) (&& (== netstandard2.0) (>= netcoreapp3.0)) (&& (== netstandard2.1) (>= netcoreapp3.0))
      DevExpress.WindowsDesktop.Sparkline.Core (20.2.6) - restriction: || (&& (== net461) (>= netcoreapp3.0)) (== net5.0-windows7.0) (== net50) (&& (== netstandard2.0) (>= netcoreapp3.0)) (&& (== netstandard2.1) (>= netcoreapp3.0))
      DevExpress.WindowsDesktop.Win.Bars (20.2.6-ctp) - restriction: || (&& (== net461) (>= netcoreapp3.0)) (== net5.0-windows7.0) (== net50) (&& (== netstandard2.0) (>= netcoreapp3.0)) (&& (== netstandard2.1) (>= netcoreapp3.0))
      DevExpress.WindowsDesktop.Win.Charts (20.2.6-ctp) - restriction: || (&& (== net461) (>= netcoreapp3.0)) (== net5.0-windows7.0) (== net50) (&& (== netstandard2.0) (>= netcoreapp3.0)) (&& (== netstandard2.1) (>= netcoreapp3.0))
      DevExpress.WindowsDesktop.Win.DataAccess.UI (20.2.6-ctp) - restriction: || (&& (== net461) (>= netcoreapp3.0)) (== net5.0-windows7.0) (== net50) (&& (== netstandard2.0) (>= netcoreapp3.0)) (&& (== netstandard2.1) (>= netcoreapp3.0))
      DevExpress.WindowsDesktop.Win.Editors (20.2.6-ctp) - restriction: || (&& (== net461) (>= netcoreapp3.0)) (== net5.0-windows7.0) (== net50) (&& (== netstandard2.0) (>= netcoreapp3.0)) (&& (== netstandard2.1) (>= netcoreapp3.0))
      DevExpress.WindowsDesktop.Win.Grid (20.2.6-ctp) - restriction: || (&& (== net461) (>= netcoreapp3.0)) (== net5.0-windows7.0) (== net50) (&& (== netstandard2.0) (>= netcoreapp3.0)) (&& (== netstandard2.1) (>= netcoreapp3.0))
      DevExpress.WindowsDesktop.Win.Layout (20.2.6-ctp) - restriction: || (&& (== net461) (>= netcoreapp3.0)) (== net5.0-windows7.0) (== net50) (&& (== netstandard2.0) (>= netcoreapp3.0)) (&& (== netstandard2.1) (>= netcoreapp3.0))
      DevExpress.WindowsDesktop.Win.NavBar (20.2.6-ctp) - restriction: || (&& (== net461) (>= netcoreapp3.0)) (== net5.0-windows7.0) (== net50) (&& (== netstandard2.0) (>= netcoreapp3.0)) (&& (== netstandard2.1) (>= netcoreapp3.0))
      DevExpress.WindowsDesktop.Win.PivotGrid (20.2.6-ctp) - restriction: || (&& (== net461) (>= netcoreapp3.0)) (== net5.0-windows7.0) (== net50) (&& (== netstandard2.0) (>= netcoreapp3.0)) (&& (== netstandard2.1) (>= netcoreapp3.0))
      DevExpress.WindowsDesktop.Win.Printing (20.2.6-ctp) - restriction: || (&& (== net461) (>= netcoreapp3.0)) (== net5.0-windows7.0) (== net50) (&& (== netstandard2.0) (>= netcoreapp3.0)) (&& (== netstandard2.1) (>= netcoreapp3.0))
      DevExpress.WindowsDesktop.Win.RichEdit (20.2.6-ctp) - restriction: || (&& (== net461) (>= netcoreapp3.0)) (== net5.0-windows7.0) (== net50) (&& (== netstandard2.0) (>= netcoreapp3.0)) (&& (== netstandard2.1) (>= netcoreapp3.0))
      DevExpress.WindowsDesktop.Win.TreeList (20.2.6-ctp) - restriction: || (&& (== net461) (>= netcoreapp3.0)) (== net5.0-windows7.0) (== net50) (&& (== netstandard2.0) (>= netcoreapp3.0)) (&& (== netstandard2.1) (>= netcoreapp3.0))
      DevExpress.WindowsDesktop.Win.Utils (20.2.6-ctp) - restriction: || (&& (== net461) (>= netcoreapp3.0)) (== net5.0-windows7.0) (== net50) (&& (== netstandard2.0) (>= netcoreapp3.0)) (&& (== netstandard2.1) (>= netcoreapp3.0))
      DevExpress.WindowsDesktop.Win.Utils.UI (20.2.6-ctp) - restriction: || (&& (== net461) (>= netcoreapp3.0)) (== net5.0-windows7.0) (== net50) (&& (== netstandard2.0) (>= netcoreapp3.0)) (&& (== netstandard2.1) (>= netcoreapp3.0))
      DevExpress.WindowsDesktop.Win.VerticalGrid (20.2.6-ctp) - restriction: || (&& (== net461) (>= netcoreapp3.0)) (== net5.0-windows7.0) (== net50) (&& (== netstandard2.0) (>= netcoreapp3.0)) (&& (== netstandard2.1) (>= netcoreapp3.0))
      System.Data.OleDb (>= 4.6) - restriction: || (&& (== net461) (>= netcoreapp3.0)) (== net5.0-windows7.0) (== net50) (&& (== netstandard2.0) (>= netcoreapp3.0)) (&& (== netstandard2.1) (>= netcoreapp3.0))
    DevExpress.WindowsDesktop.Win.RichEdit (20.2.6-ctp) - restriction: || (&& (== net461) (>= netcoreapp3.0)) (== net5.0-windows7.0) (== net50) (&& (== netstandard2.0) (>= netcoreapp3.0)) (&& (== netstandard2.1) (>= netcoreapp3.0))
      DevExpress.WindowsDesktop.Data (20.2.6) - restriction: || (&& (== net461) (>= netcoreapp3.0)) (== net5.0-windows7.0) (== net50) (&& (== netstandard2.0) (>= netcoreapp3.0)) (&& (== netstandard2.1) (>= netcoreapp3.0))
      DevExpress.WindowsDesktop.DataDesktop (20.2.6) - restriction: || (&& (== net461) (>= netcoreapp3.0)) (== net5.0-windows7.0) (== net50) (&& (== netstandard2.0) (>= netcoreapp3.0)) (&& (== netstandard2.1) (>= netcoreapp3.0))
      DevExpress.WindowsDesktop.Images (20.2.6) - restriction: || (&& (== net461) (>= netcoreapp3.0)) (== net5.0-windows7.0) (== net50) (&& (== netstandard2.0) (>= netcoreapp3.0)) (&& (== netstandard2.1) (>= netcoreapp3.0))
      DevExpress.WindowsDesktop.Office.Core (20.2.6) - restriction: || (&& (== net461) (>= netcoreapp3.0)) (== net5.0-windows7.0) (== net50) (&& (== netstandard2.0) (>= netcoreapp3.0)) (&& (== netstandard2.1) (>= netcoreapp3.0))
      DevExpress.WindowsDesktop.Pdf.Core (20.2.6) - restriction: || (&& (== net461) (>= netcoreapp3.0)) (== net5.0-windows7.0) (== net50) (&& (== netstandard2.0) (>= netcoreapp3.0)) (&& (== netstandard2.1) (>= netcoreapp3.0))
      DevExpress.WindowsDesktop.Printing.Core (20.2.6) - restriction: || (&& (== net461) (>= netcoreapp3.0)) (== net5.0-windows7.0) (== net50) (&& (== netstandard2.0) (>= netcoreapp3.0)) (&& (== netstandard2.1) (>= netcoreapp3.0))
      DevExpress.WindowsDesktop.RichEdit.Core (20.2.6) - restriction: || (&& (== net461) (>= netcoreapp3.0)) (== net5.0-windows7.0) (== net50) (&& (== netstandard2.0) (>= netcoreapp3.0)) (&& (== netstandard2.1) (>= netcoreapp3.0))
      DevExpress.WindowsDesktop.Win.Bars (20.2.6-ctp) - restriction: || (&& (== net461) (>= netcoreapp3.0)) (== net5.0-windows7.0) (== net50) (&& (== netstandard2.0) (>= netcoreapp3.0)) (&& (== netstandard2.1) (>= netcoreapp3.0))
      DevExpress.WindowsDesktop.Win.Editors (20.2.6-ctp) - restriction: || (&& (== net461) (>= netcoreapp3.0)) (== net5.0-windows7.0) (== net50) (&& (== netstandard2.0) (>= netcoreapp3.0)) (&& (== netstandard2.1) (>= netcoreapp3.0))
      DevExpress.WindowsDesktop.Win.Grid (20.2.6-ctp) - restriction: || (&& (== net461) (>= netcoreapp3.0)) (== net5.0-windows7.0) (== net50) (&& (== netstandard2.0) (>= netcoreapp3.0)) (&& (== netstandard2.1) (>= netcoreapp3.0))
      DevExpress.WindowsDesktop.Win.Layout (20.2.6-ctp) - restriction: || (&& (== net461) (>= netcoreapp3.0)) (== net5.0-windows7.0) (== net50) (&& (== netstandard2.0) (>= netcoreapp3.0)) (&& (== netstandard2.1) (>= netcoreapp3.0))
      DevExpress.WindowsDesktop.Win.Printing (20.2.6-ctp) - restriction: || (&& (== net461) (>= netcoreapp3.0)) (== net5.0-windows7.0) (== net50) (&& (== netstandard2.0) (>= netcoreapp3.0)) (&& (== netstandard2.1) (>= netcoreapp3.0))
      DevExpress.WindowsDesktop.Win.Utils (20.2.6-ctp) - restriction: || (&& (== net461) (>= netcoreapp3.0)) (== net5.0-windows7.0) (== net50) (&& (== netstandard2.0) (>= netcoreapp3.0)) (&& (== netstandard2.1) (>= netcoreapp3.0))
    DevExpress.WindowsDesktop.Win.Scheduler (20.2.6-ctp) - restriction: || (&& (== net461) (>= netcoreapp3.0)) (== net5.0-windows7.0) (== net50) (&& (== netstandard2.0) (>= netcoreapp3.0)) (&& (== netstandard2.1) (>= netcoreapp3.0))
      DevExpress.WindowsDesktop.Data (20.2.6) - restriction: || (&& (== net461) (>= netcoreapp3.0)) (== net5.0-windows7.0) (== net50) (&& (== netstandard2.0) (>= netcoreapp3.0)) (&& (== netstandard2.1) (>= netcoreapp3.0))
      DevExpress.WindowsDesktop.DataDesktop (20.2.6) - restriction: || (&& (== net461) (>= netcoreapp3.0)) (== net5.0-windows7.0) (== net50) (&& (== netstandard2.0) (>= netcoreapp3.0)) (&& (== netstandard2.1) (>= netcoreapp3.0))
      DevExpress.WindowsDesktop.Printing.Core (20.2.6) - restriction: || (&& (== net461) (>= netcoreapp3.0)) (== net5.0-windows7.0) (== net50) (&& (== netstandard2.0) (>= netcoreapp3.0)) (&& (== netstandard2.1) (>= netcoreapp3.0))
      DevExpress.WindowsDesktop.Scheduler.Core (20.2.6) - restriction: || (&& (== net461) (>= netcoreapp3.0)) (== net5.0-windows7.0) (== net50) (&& (== netstandard2.0) (>= netcoreapp3.0)) (&& (== netstandard2.1) (>= netcoreapp3.0))
      DevExpress.WindowsDesktop.Scheduler.CoreDesktop (20.2.6) - restriction: || (&& (== net461) (>= netcoreapp3.0)) (== net5.0-windows7.0) (== net50) (&& (== netstandard2.0) (>= netcoreapp3.0)) (&& (== netstandard2.1) (>= netcoreapp3.0))
      DevExpress.WindowsDesktop.Win.Bars (20.2.6-ctp) - restriction: || (&& (== net461) (>= netcoreapp3.0)) (== net5.0-windows7.0) (== net50) (&& (== netstandard2.0) (>= netcoreapp3.0)) (&& (== netstandard2.1) (>= netcoreapp3.0))
      DevExpress.WindowsDesktop.Win.Editors (20.2.6-ctp) - restriction: || (&& (== net461) (>= netcoreapp3.0)) (== net5.0-windows7.0) (== net50) (&& (== netstandard2.0) (>= netcoreapp3.0)) (&& (== netstandard2.1) (>= netcoreapp3.0))
      DevExpress.WindowsDesktop.Win.Grid (20.2.6-ctp) - restriction: || (&& (== net461) (>= netcoreapp3.0)) (== net5.0-windows7.0) (== net50) (&& (== netstandard2.0) (>= netcoreapp3.0)) (&& (== netstandard2.1) (>= netcoreapp3.0))
      DevExpress.WindowsDesktop.Win.Layout (20.2.6-ctp) - restriction: || (&& (== net461) (>= netcoreapp3.0)) (== net5.0-windows7.0) (== net50) (&& (== netstandard2.0) (>= netcoreapp3.0)) (&& (== netstandard2.1) (>= netcoreapp3.0))
      DevExpress.WindowsDesktop.Win.Printing (20.2.6-ctp) - restriction: || (&& (== net461) (>= netcoreapp3.0)) (== net5.0-windows7.0) (== net50) (&& (== netstandard2.0) (>= netcoreapp3.0)) (&& (== netstandard2.1) (>= netcoreapp3.0))
      DevExpress.WindowsDesktop.Win.Utils (20.2.6-ctp) - restriction: || (&& (== net461) (>= netcoreapp3.0)) (== net5.0-windows7.0) (== net50) (&& (== netstandard2.0) (>= netcoreapp3.0)) (&& (== netstandard2.1) (>= netcoreapp3.0))
    DevExpress.WindowsDesktop.Win.Spreadsheet (20.2.6-ctp) - restriction: || (&& (== net461) (>= netcoreapp3.0)) (== net5.0-windows7.0) (== net50) (&& (== netstandard2.0) (>= netcoreapp3.0)) (&& (== netstandard2.1) (>= netcoreapp3.0))
      DevExpress.WindowsDesktop.Charts (20.2.6) - restriction: || (&& (== net461) (>= netcoreapp3.0)) (== net5.0-windows7.0) (== net50) (&& (== netstandard2.0) (>= netcoreapp3.0)) (&& (== netstandard2.1) (>= netcoreapp3.0))
      DevExpress.WindowsDesktop.Data (20.2.6) - restriction: || (&& (== net461) (>= netcoreapp3.0)) (== net5.0-windows7.0) (== net50) (&& (== netstandard2.0) (>= netcoreapp3.0)) (&& (== netstandard2.1) (>= netcoreapp3.0))
      DevExpress.WindowsDesktop.DataAccess (20.2.6) - restriction: || (&& (== net461) (>= netcoreapp3.0)) (== net5.0-windows7.0) (== net50) (&& (== netstandard2.0) (>= netcoreapp3.0)) (&& (== netstandard2.1) (>= netcoreapp3.0))
      DevExpress.WindowsDesktop.DataDesktop (20.2.6) - restriction: || (&& (== net461) (>= netcoreapp3.0)) (== net5.0-windows7.0) (== net50) (&& (== netstandard2.0) (>= netcoreapp3.0)) (&& (== netstandard2.1) (>= netcoreapp3.0))
      DevExpress.WindowsDesktop.DataVisualization.Core (20.2.6) - restriction: || (&& (== net461) (>= netcoreapp3.0)) (== net5.0-windows7.0) (== net50) (&& (== netstandard2.0) (>= netcoreapp3.0)) (&& (== netstandard2.1) (>= netcoreapp3.0))
      DevExpress.WindowsDesktop.Office.Core (20.2.6) - restriction: || (&& (== net461) (>= netcoreapp3.0)) (== net5.0-windows7.0) (== net50) (&& (== netstandard2.0) (>= netcoreapp3.0)) (&& (== netstandard2.1) (>= netcoreapp3.0))
      DevExpress.WindowsDesktop.Printing.Core (20.2.6) - restriction: || (&& (== net461) (>= netcoreapp3.0)) (== net5.0-windows7.0) (== net50) (&& (== netstandard2.0) (>= netcoreapp3.0)) (&& (== netstandard2.1) (>= netcoreapp3.0))
      DevExpress.WindowsDesktop.RichEdit.Core (20.2.6) - restriction: || (&& (== net461) (>= netcoreapp3.0)) (== net5.0-windows7.0) (== net50) (&& (== netstandard2.0) (>= netcoreapp3.0)) (&& (== netstandard2.1) (>= netcoreapp3.0))
      DevExpress.WindowsDesktop.Spreadsheet.Core (20.2.6) - restriction: || (&& (== net461) (>= netcoreapp3.0)) (== net5.0-windows7.0) (== net50) (&& (== netstandard2.0) (>= netcoreapp3.0)) (&& (== netstandard2.1) (>= netcoreapp3.0))
      DevExpress.WindowsDesktop.Win.Bars (20.2.6-ctp) - restriction: || (&& (== net461) (>= netcoreapp3.0)) (== net5.0-windows7.0) (== net50) (&& (== netstandard2.0) (>= netcoreapp3.0)) (&& (== netstandard2.1) (>= netcoreapp3.0))
      DevExpress.WindowsDesktop.Win.DataAccess.UI (20.2.6-ctp) - restriction: || (&& (== net461) (>= netcoreapp3.0)) (== net5.0-windows7.0) (== net50) (&& (== netstandard2.0) (>= netcoreapp3.0)) (&& (== netstandard2.1) (>= netcoreapp3.0))
      DevExpress.WindowsDesktop.Win.Editors (20.2.6-ctp) - restriction: || (&& (== net461) (>= netcoreapp3.0)) (== net5.0-windows7.0) (== net50) (&& (== netstandard2.0) (>= netcoreapp3.0)) (&& (== netstandard2.1) (>= netcoreapp3.0))
      DevExpress.WindowsDesktop.Win.Grid (20.2.6-ctp) - restriction: || (&& (== net461) (>= netcoreapp3.0)) (== net5.0-windows7.0) (== net50) (&& (== netstandard2.0) (>= netcoreapp3.0)) (&& (== netstandard2.1) (>= netcoreapp3.0))
      DevExpress.WindowsDesktop.Win.Layout (20.2.6-ctp) - restriction: || (&& (== net461) (>= netcoreapp3.0)) (== net5.0-windows7.0) (== net50) (&& (== netstandard2.0) (>= netcoreapp3.0)) (&& (== netstandard2.1) (>= netcoreapp3.0))
      DevExpress.WindowsDesktop.Win.NavBar (20.2.6-ctp) - restriction: || (&& (== net461) (>= netcoreapp3.0)) (== net5.0-windows7.0) (== net50) (&& (== netstandard2.0) (>= netcoreapp3.0)) (&& (== netstandard2.1) (>= netcoreapp3.0))
      DevExpress.WindowsDesktop.Win.Printing (20.2.6-ctp) - restriction: || (&& (== net461) (>= netcoreapp3.0)) (== net5.0-windows7.0) (== net50) (&& (== netstandard2.0) (>= netcoreapp3.0)) (&& (== netstandard2.1) (>= netcoreapp3.0))
      DevExpress.WindowsDesktop.Win.RichEdit (20.2.6-ctp) - restriction: || (&& (== net461) (>= netcoreapp3.0)) (== net5.0-windows7.0) (== net50) (&& (== netstandard2.0) (>= netcoreapp3.0)) (&& (== netstandard2.1) (>= netcoreapp3.0))
      DevExpress.WindowsDesktop.Win.TreeList (20.2.6-ctp) - restriction: || (&& (== net461) (>= netcoreapp3.0)) (== net5.0-windows7.0) (== net50) (&& (== netstandard2.0) (>= netcoreapp3.0)) (&& (== netstandard2.1) (>= netcoreapp3.0))
      DevExpress.WindowsDesktop.Win.Utils (20.2.6-ctp) - restriction: || (&& (== net461) (>= netcoreapp3.0)) (== net5.0-windows7.0) (== net50) (&& (== netstandard2.0) (>= netcoreapp3.0)) (&& (== netstandard2.1) (>= netcoreapp3.0))
      DevExpress.WindowsDesktop.Win.Utils.UI (20.2.6-ctp) - restriction: || (&& (== net461) (>= netcoreapp3.0)) (== net5.0-windows7.0) (== net50) (&& (== netstandard2.0) (>= netcoreapp3.0)) (&& (== netstandard2.1) (>= netcoreapp3.0))
    DevExpress.WindowsDesktop.Win.TreeList (20.2.6-ctp) - restriction: || (&& (== net461) (>= netcoreapp3.0)) (== net5.0-windows7.0) (== net50) (&& (== netstandard2.0) (>= netcoreapp3.0)) (&& (== netstandard2.1) (>= netcoreapp3.0))
      DevExpress.WindowsDesktop.Data (20.2.6) - restriction: || (&& (== net461) (>= netcoreapp3.0)) (== net5.0-windows7.0) (== net50) (&& (== netstandard2.0) (>= netcoreapp3.0)) (&& (== netstandard2.1) (>= netcoreapp3.0))
      DevExpress.WindowsDesktop.DataDesktop (20.2.6) - restriction: || (&& (== net461) (>= netcoreapp3.0)) (== net5.0-windows7.0) (== net50) (&& (== netstandard2.0) (>= netcoreapp3.0)) (&& (== netstandard2.1) (>= netcoreapp3.0))
      DevExpress.WindowsDesktop.Printing.Core (20.2.6) - restriction: || (&& (== net461) (>= netcoreapp3.0)) (== net5.0-windows7.0) (== net50) (&& (== netstandard2.0) (>= netcoreapp3.0)) (&& (== netstandard2.1) (>= netcoreapp3.0))
      DevExpress.WindowsDesktop.Win.Editors (20.2.6-ctp) - restriction: || (&& (== net461) (>= netcoreapp3.0)) (== net5.0-windows7.0) (== net50) (&& (== netstandard2.0) (>= netcoreapp3.0)) (&& (== netstandard2.1) (>= netcoreapp3.0))
      DevExpress.WindowsDesktop.Win.Layout (20.2.6-ctp) - restriction: || (&& (== net461) (>= netcoreapp3.0)) (== net5.0-windows7.0) (== net50) (&& (== netstandard2.0) (>= netcoreapp3.0)) (&& (== netstandard2.1) (>= netcoreapp3.0))
      DevExpress.WindowsDesktop.Win.Utils (20.2.6-ctp) - restriction: || (&& (== net461) (>= netcoreapp3.0)) (== net5.0-windows7.0) (== net50) (&& (== netstandard2.0) (>= netcoreapp3.0)) (&& (== netstandard2.1) (>= netcoreapp3.0))
    DevExpress.WindowsDesktop.Win.TreeMap (20.2.6-ctp) - restriction: || (&& (== net461) (>= netcoreapp3.0)) (== net5.0-windows7.0) (== net50) (&& (== netstandard2.0) (>= netcoreapp3.0)) (&& (== netstandard2.1) (>= netcoreapp3.0))
      DevExpress.WindowsDesktop.Data (20.2.6) - restriction: || (&& (== net461) (>= netcoreapp3.0)) (== net5.0-windows7.0) (== net50) (&& (== netstandard2.0) (>= netcoreapp3.0)) (&& (== netstandard2.1) (>= netcoreapp3.0))
      DevExpress.WindowsDesktop.DataDesktop (20.2.6) - restriction: || (&& (== net461) (>= netcoreapp3.0)) (== net5.0-windows7.0) (== net50) (&& (== netstandard2.0) (>= netcoreapp3.0)) (&& (== netstandard2.1) (>= netcoreapp3.0))
      DevExpress.WindowsDesktop.Printing.Core (20.2.6) - restriction: || (&& (== net461) (>= netcoreapp3.0)) (== net5.0-windows7.0) (== net50) (&& (== netstandard2.0) (>= netcoreapp3.0)) (&& (== netstandard2.1) (>= netcoreapp3.0))
      DevExpress.WindowsDesktop.TreeMap (20.2.6-ctp) - restriction: || (&& (== net461) (>= netcoreapp3.0)) (== net5.0-windows7.0) (== net50) (&& (== netstandard2.0) (>= netcoreapp3.0)) (&& (== netstandard2.1) (>= netcoreapp3.0))
      DevExpress.WindowsDesktop.TreeMap.Core (20.2.6) - restriction: || (&& (== net461) (>= netcoreapp3.0)) (== net5.0-windows7.0) (== net50) (&& (== netstandard2.0) (>= netcoreapp3.0)) (&& (== netstandard2.1) (>= netcoreapp3.0))
      DevExpress.WindowsDesktop.Win.Editors (20.2.6-ctp) - restriction: || (&& (== net461) (>= netcoreapp3.0)) (== net5.0-windows7.0) (== net50) (&& (== netstandard2.0) (>= netcoreapp3.0)) (&& (== netstandard2.1) (>= netcoreapp3.0))
      DevExpress.WindowsDesktop.Win.Printing (20.2.6-ctp) - restriction: || (&& (== net461) (>= netcoreapp3.0)) (== net5.0-windows7.0) (== net50) (&& (== netstandard2.0) (>= netcoreapp3.0)) (&& (== netstandard2.1) (>= netcoreapp3.0))
      DevExpress.WindowsDesktop.Win.Utils (20.2.6-ctp) - restriction: || (&& (== net461) (>= netcoreapp3.0)) (== net5.0-windows7.0) (== net50) (&& (== netstandard2.0) (>= netcoreapp3.0)) (&& (== netstandard2.1) (>= netcoreapp3.0))
    DevExpress.WindowsDesktop.Win.Utils (20.2.6-ctp) - restriction: || (&& (== net461) (>= netcoreapp3.0)) (== net5.0-windows7.0) (== net50) (&& (== netstandard2.0) (>= netcoreapp3.0)) (&& (== netstandard2.1) (>= netcoreapp3.0))
      DevExpress.WindowsDesktop.Data (20.2.6) - restriction: || (&& (== net461) (>= netcoreapp3.0)) (== net5.0-windows7.0) (== net50) (&& (== netstandard2.0) (>= netcoreapp3.0)) (&& (== netstandard2.1) (>= netcoreapp3.0))
      DevExpress.WindowsDesktop.DataDesktop (20.2.6) - restriction: || (&& (== net461) (>= netcoreapp3.0)) (== net5.0-windows7.0) (== net50) (&& (== netstandard2.0) (>= netcoreapp3.0)) (&& (== netstandard2.1) (>= netcoreapp3.0))
      DevExpress.WindowsDesktop.Printing.Core (20.2.6) - restriction: || (&& (== net461) (>= netcoreapp3.0)) (== net5.0-windows7.0) (== net50) (&& (== netstandard2.0) (>= netcoreapp3.0)) (&& (== netstandard2.1) (>= netcoreapp3.0))
    DevExpress.WindowsDesktop.Win.Utils.UI (20.2.6-ctp) - restriction: || (&& (== net461) (>= netcoreapp3.0)) (== net5.0-windows7.0) (== net50) (&& (== netstandard2.0) (>= netcoreapp3.0)) (&& (== netstandard2.1) (>= netcoreapp3.0))
      DevExpress.WindowsDesktop.Data (20.2.6) - restriction: || (&& (== net461) (>= netcoreapp3.0)) (== net5.0-windows7.0) (== net50) (&& (== netstandard2.0) (>= netcoreapp3.0)) (&& (== netstandard2.1) (>= netcoreapp3.0))
      DevExpress.WindowsDesktop.DataAccess (20.2.6) - restriction: || (&& (== net461) (>= netcoreapp3.0)) (== net5.0-windows7.0) (== net50) (&& (== netstandard2.0) (>= netcoreapp3.0)) (&& (== netstandard2.1) (>= netcoreapp3.0))
      DevExpress.WindowsDesktop.DataDesktop (20.2.6) - restriction: || (&& (== net461) (>= netcoreapp3.0)) (== net5.0-windows7.0) (== net50) (&& (== netstandard2.0) (>= netcoreapp3.0)) (&& (== netstandard2.1) (>= netcoreapp3.0))
      DevExpress.WindowsDesktop.Printing.Core (20.2.6) - restriction: || (&& (== net461) (>= netcoreapp3.0)) (== net5.0-windows7.0) (== net50) (&& (== netstandard2.0) (>= netcoreapp3.0)) (&& (== netstandard2.1) (>= netcoreapp3.0))
      DevExpress.WindowsDesktop.Win.Bars (20.2.6-ctp) - restriction: || (&& (== net461) (>= netcoreapp3.0)) (== net5.0-windows7.0) (== net50) (&& (== netstandard2.0) (>= netcoreapp3.0)) (&& (== netstandard2.1) (>= netcoreapp3.0))
      DevExpress.WindowsDesktop.Win.Editors (20.2.6-ctp) - restriction: || (&& (== net461) (>= netcoreapp3.0)) (== net5.0-windows7.0) (== net50) (&& (== netstandard2.0) (>= netcoreapp3.0)) (&& (== netstandard2.1) (>= netcoreapp3.0))
      DevExpress.WindowsDesktop.Win.Layout (20.2.6-ctp) - restriction: || (&& (== net461) (>= netcoreapp3.0)) (== net5.0-windows7.0) (== net50) (&& (== netstandard2.0) (>= netcoreapp3.0)) (&& (== netstandard2.1) (>= netcoreapp3.0))
      DevExpress.WindowsDesktop.Win.Printing (20.2.6-ctp) - restriction: || (&& (== net461) (>= netcoreapp3.0)) (== net5.0-windows7.0) (== net50) (&& (== netstandard2.0) (>= netcoreapp3.0)) (&& (== netstandard2.1) (>= netcoreapp3.0))
      DevExpress.WindowsDesktop.Win.RichEdit (20.2.6-ctp) - restriction: || (&& (== net461) (>= netcoreapp3.0)) (== net5.0-windows7.0) (== net50) (&& (== netstandard2.0) (>= netcoreapp3.0)) (&& (== netstandard2.1) (>= netcoreapp3.0))
      DevExpress.WindowsDesktop.Win.TreeList (20.2.6-ctp) - restriction: || (&& (== net461) (>= netcoreapp3.0)) (== net5.0-windows7.0) (== net50) (&& (== netstandard2.0) (>= netcoreapp3.0)) (&& (== netstandard2.1) (>= netcoreapp3.0))
      DevExpress.WindowsDesktop.Win.Utils (20.2.6-ctp) - restriction: || (&& (== net461) (>= netcoreapp3.0)) (== net5.0-windows7.0) (== net50) (&& (== netstandard2.0) (>= netcoreapp3.0)) (&& (== netstandard2.1) (>= netcoreapp3.0))
      DevExpress.WindowsDesktop.Win.VerticalGrid (20.2.6-ctp) - restriction: || (&& (== net461) (>= netcoreapp3.0)) (== net5.0-windows7.0) (== net50) (&& (== netstandard2.0) (>= netcoreapp3.0)) (&& (== netstandard2.1) (>= netcoreapp3.0))
    DevExpress.WindowsDesktop.Win.VerticalGrid (20.2.6-ctp) - restriction: || (&& (== net461) (>= netcoreapp3.0)) (== net5.0-windows7.0) (== net50) (&& (== netstandard2.0) (>= netcoreapp3.0)) (&& (== netstandard2.1) (>= netcoreapp3.0))
      DevExpress.WindowsDesktop.Data (20.2.6) - restriction: || (&& (== net461) (>= netcoreapp3.0)) (== net5.0-windows7.0) (== net50) (&& (== netstandard2.0) (>= netcoreapp3.0)) (&& (== netstandard2.1) (>= netcoreapp3.0))
      DevExpress.WindowsDesktop.DataDesktop (20.2.6) - restriction: || (&& (== net461) (>= netcoreapp3.0)) (== net5.0-windows7.0) (== net50) (&& (== netstandard2.0) (>= netcoreapp3.0)) (&& (== netstandard2.1) (>= netcoreapp3.0))
      DevExpress.WindowsDesktop.Printing.Core (20.2.6) - restriction: || (&& (== net461) (>= netcoreapp3.0)) (== net5.0-windows7.0) (== net50) (&& (== netstandard2.0) (>= netcoreapp3.0)) (&& (== netstandard2.1) (>= netcoreapp3.0))
      DevExpress.WindowsDesktop.Win.Editors (20.2.6-ctp) - restriction: || (&& (== net461) (>= netcoreapp3.0)) (== net5.0-windows7.0) (== net50) (&& (== netstandard2.0) (>= netcoreapp3.0)) (&& (== netstandard2.1) (>= netcoreapp3.0))
      DevExpress.WindowsDesktop.Win.Layout (20.2.6-ctp) - restriction: || (&& (== net461) (>= netcoreapp3.0)) (== net5.0-windows7.0) (== net50) (&& (== netstandard2.0) (>= netcoreapp3.0)) (&& (== netstandard2.1) (>= netcoreapp3.0))
      DevExpress.WindowsDesktop.Win.Printing (20.2.6-ctp) - restriction: || (&& (== net461) (>= netcoreapp3.0)) (== net5.0-windows7.0) (== net50) (&& (== netstandard2.0) (>= netcoreapp3.0)) (&& (== netstandard2.1) (>= netcoreapp3.0))
      DevExpress.WindowsDesktop.Win.Utils (20.2.6-ctp) - restriction: || (&& (== net461) (>= netcoreapp3.0)) (== net5.0-windows7.0) (== net50) (&& (== netstandard2.0) (>= netcoreapp3.0)) (&& (== netstandard2.1) (>= netcoreapp3.0))
    DevExpress.WindowsDesktop.XAF (20.2.6-ctp)
      DevExpress.WindowsDesktop.XAF.AuditTrail (20.2.6-ctp) - restriction: || (&& (== net461) (>= netcoreapp3.0)) (== net5.0-windows7.0) (== net50) (&& (== netstandard2.0) (>= netcoreapp3.0)) (&& (== netstandard2.1) (>= netcoreapp3.0))
      DevExpress.WindowsDesktop.XAF.Chart.Win (20.2.6-ctp) - restriction: || (&& (== net461) (>= netcoreapp3.0)) (== net5.0-windows7.0) (== net50) (&& (== netstandard2.0) (>= netcoreapp3.0)) (&& (== netstandard2.1) (>= netcoreapp3.0))
      DevExpress.WindowsDesktop.XAF.CloneObject (20.2.6-ctp) - restriction: || (&& (== net461) (>= netcoreapp3.0)) (== net5.0-windows7.0) (== net50) (&& (== netstandard2.0) (>= netcoreapp3.0)) (&& (== netstandard2.1) (>= netcoreapp3.0))
      DevExpress.WindowsDesktop.XAF.ConditionalAppearance (20.2.6-ctp) - restriction: || (&& (== net461) (>= netcoreapp3.0)) (== net5.0-windows7.0) (== net50) (&& (== netstandard2.0) (>= netcoreapp3.0)) (&& (== netstandard2.1) (>= netcoreapp3.0))
      DevExpress.WindowsDesktop.XAF.Dashboards.Win (20.2.6-ctp) - restriction: || (&& (== net461) (>= netcoreapp3.0)) (== net5.0-windows7.0) (== net50) (&& (== netstandard2.0) (>= netcoreapp3.0)) (&& (== netstandard2.1) (>= netcoreapp3.0))
      DevExpress.WindowsDesktop.XAF.EasyTest.WinAdapter (20.2.6-ctp) - restriction: || (&& (== net461) (>= netcoreapp3.0)) (== net5.0-windows7.0) (== net50) (&& (== netstandard2.0) (>= netcoreapp3.0)) (&& (== netstandard2.1) (>= netcoreapp3.0))
      DevExpress.WindowsDesktop.XAF.ExpressApp.Win (20.2.6-ctp) - restriction: || (&& (== net461) (>= netcoreapp3.0)) (== net5.0-windows7.0) (== net50) (&& (== netstandard2.0) (>= netcoreapp3.0)) (&& (== netstandard2.1) (>= netcoreapp3.0))
      DevExpress.WindowsDesktop.XAF.FileAttachment.Win (20.2.6-ctp) - restriction: || (&& (== net461) (>= netcoreapp3.0)) (== net5.0-windows7.0) (== net50) (&& (== netstandard2.0) (>= netcoreapp3.0)) (&& (== netstandard2.1) (>= netcoreapp3.0))
      DevExpress.WindowsDesktop.XAF.Kpi (20.2.6-ctp) - restriction: || (&& (== net461) (>= netcoreapp3.0)) (== net5.0-windows7.0) (== net50) (&& (== netstandard2.0) (>= netcoreapp3.0)) (&& (== netstandard2.1) (>= netcoreapp3.0))
      DevExpress.WindowsDesktop.XAF.Notifications.Win (20.2.6-ctp) - restriction: || (&& (== net461) (>= netcoreapp3.0)) (== net5.0-windows7.0) (== net50) (&& (== netstandard2.0) (>= netcoreapp3.0)) (&& (== netstandard2.1) (>= netcoreapp3.0))
      DevExpress.WindowsDesktop.XAF.Objects (20.2.6-ctp) - restriction: || (&& (== net461) (>= netcoreapp3.0)) (== net5.0-windows7.0) (== net50) (&& (== netstandard2.0) (>= netcoreapp3.0)) (&& (== netstandard2.1) (>= netcoreapp3.0))
      DevExpress.WindowsDesktop.XAF.Office.Win (20.2.6-ctp) - restriction: || (&& (== net461) (>= netcoreapp3.0)) (== net5.0-windows7.0) (== net50) (&& (== netstandard2.0) (>= netcoreapp3.0)) (&& (== netstandard2.1) (>= netcoreapp3.0))
      DevExpress.WindowsDesktop.XAF.Persistent.BaseImpl (20.2.6-ctp) - restriction: || (&& (== net461) (>= netcoreapp3.0)) (== net5.0-windows7.0) (== net50) (&& (== netstandard2.0) (>= netcoreapp3.0)) (&& (== netstandard2.1) (>= netcoreapp3.0))
      DevExpress.WindowsDesktop.XAF.PivotChart.Win (20.2.6-ctp) - restriction: || (&& (== net461) (>= netcoreapp3.0)) (== net5.0-windows7.0) (== net50) (&& (== netstandard2.0) (>= netcoreapp3.0)) (&& (== netstandard2.1) (>= netcoreapp3.0))
      DevExpress.WindowsDesktop.XAF.PivotGrid.Win (20.2.6-ctp) - restriction: || (&& (== net461) (>= netcoreapp3.0)) (== net5.0-windows7.0) (== net50) (&& (== netstandard2.0) (>= netcoreapp3.0)) (&& (== netstandard2.1) (>= netcoreapp3.0))
      DevExpress.WindowsDesktop.XAF.ReportsV2.Win (20.2.6-ctp) - restriction: || (&& (== net461) (>= netcoreapp3.0)) (== net5.0-windows7.0) (== net50) (&& (== netstandard2.0) (>= netcoreapp3.0)) (&& (== netstandard2.1) (>= netcoreapp3.0))
      DevExpress.WindowsDesktop.XAF.Scheduler.Win (20.2.6-ctp) - restriction: || (&& (== net461) (>= netcoreapp3.0)) (== net5.0-windows7.0) (== net50) (&& (== netstandard2.0) (>= netcoreapp3.0)) (&& (== netstandard2.1) (>= netcoreapp3.0))
      DevExpress.WindowsDesktop.XAF.ScriptRecorder.Win (20.2.6-ctp) - restriction: || (&& (== net461) (>= netcoreapp3.0)) (== net5.0-windows7.0) (== net50) (&& (== netstandard2.0) (>= netcoreapp3.0)) (&& (== netstandard2.1) (>= netcoreapp3.0))
      DevExpress.WindowsDesktop.XAF.Security.Xpo (20.2.6-ctp) - restriction: || (&& (== net461) (>= netcoreapp3.0)) (== net5.0-windows7.0) (== net50) (&& (== netstandard2.0) (>= netcoreapp3.0)) (&& (== netstandard2.1) (>= netcoreapp3.0))
      DevExpress.WindowsDesktop.XAF.StateMachine (20.2.6-ctp) - restriction: || (&& (== net461) (>= netcoreapp3.0)) (== net5.0-windows7.0) (== net50) (&& (== netstandard2.0) (>= netcoreapp3.0)) (&& (== netstandard2.1) (>= netcoreapp3.0))
      DevExpress.WindowsDesktop.XAF.TreeListEditors.Win (20.2.6-ctp) - restriction: || (&& (== net461) (>= netcoreapp3.0)) (== net5.0-windows7.0) (== net50) (&& (== netstandard2.0) (>= netcoreapp3.0)) (&& (== netstandard2.1) (>= netcoreapp3.0))
      DevExpress.WindowsDesktop.XAF.Validation.Win (20.2.6-ctp) - restriction: || (&& (== net461) (>= netcoreapp3.0)) (== net5.0-windows7.0) (== net50) (&& (== netstandard2.0) (>= netcoreapp3.0)) (&& (== netstandard2.1) (>= netcoreapp3.0))
      DevExpress.WindowsDesktop.XAF.ViewVariantsModule (20.2.6-ctp) - restriction: || (&& (== net461) (>= netcoreapp3.0)) (== net5.0-windows7.0) (== net50) (&& (== netstandard2.0) (>= netcoreapp3.0)) (&& (== netstandard2.1) (>= netcoreapp3.0))
      DevExpress.WindowsDesktop.XAF.Xpo (20.2.6-ctp) - restriction: || (&& (== net461) (>= netcoreapp3.0)) (== net5.0-windows7.0) (== net50) (&& (== netstandard2.0) (>= netcoreapp3.0)) (&& (== netstandard2.1) (>= netcoreapp3.0))
    DevExpress.WindowsDesktop.XAF.AuditTrail (20.2.6-ctp) - restriction: || (&& (== net461) (>= netcoreapp3.0)) (== net5.0-windows7.0) (== net50) (&& (== netstandard2.0) (>= netcoreapp3.0)) (&& (== netstandard2.1) (>= netcoreapp3.0))
      DevExpress.WindowsDesktop.Data (20.2.6) - restriction: || (&& (== net461) (>= netstandard2.0)) (== net5.0-windows7.0) (== net50) (== netstandard2.0) (== netstandard2.1)
      DevExpress.WindowsDesktop.XAF.ExpressApp (20.2.6-ctp) - restriction: || (&& (== net461) (>= netstandard2.0)) (== net5.0-windows7.0) (== net50) (== netstandard2.0) (== netstandard2.1)
      DevExpress.WindowsDesktop.XAF.Persistent.BaseImpl (20.2.6-ctp) - restriction: || (&& (== net461) (>= netstandard2.0)) (== net5.0-windows7.0) (== net50) (== netstandard2.0) (== netstandard2.1)
      DevExpress.WindowsDesktop.XAF.Xpo (20.2.6-ctp) - restriction: || (&& (== net461) (>= netstandard2.0)) (== net5.0-windows7.0) (== net50) (== netstandard2.0) (== netstandard2.1)
      DevExpress.WindowsDesktop.Xpo (20.2.6) - restriction: || (&& (== net461) (>= netstandard2.0)) (== net5.0-windows7.0) (== net50) (== netstandard2.0) (== netstandard2.1)
      NETStandard.Library (>= 2.0.3) - restriction: || (&& (== net461) (>= netstandard2.0)) (== net5.0-windows7.0) (== net50) (== netstandard2.0) (== netstandard2.1)
      System.Configuration.ConfigurationManager (>= 4.5) - restriction: || (&& (== net461) (>= netstandard2.0)) (== net5.0-windows7.0) (== net50) (== netstandard2.0) (== netstandard2.1)
      System.Drawing.Common (>= 4.5) - restriction: || (&& (== net461) (>= netstandard2.0)) (== net5.0-windows7.0) (== net50) (== netstandard2.0) (== netstandard2.1)
    DevExpress.WindowsDesktop.XAF.Chart (20.2.6-ctp) - restriction: || (&& (== net461) (>= netcoreapp3.0)) (== net5.0-windows7.0) (== net50) (&& (== netstandard2.0) (>= netcoreapp3.0)) (&& (== netstandard2.1) (>= netcoreapp3.0))
      DevExpress.WindowsDesktop.Charts (20.2.6) - restriction: || (&& (== net461) (>= netstandard2.0)) (== net5.0-windows7.0) (== net50) (== netstandard2.0) (== netstandard2.1)
      DevExpress.WindowsDesktop.Data (20.2.6) - restriction: || (&& (== net461) (>= netstandard2.0)) (== net5.0-windows7.0) (== net50) (== netstandard2.0) (== netstandard2.1)
      DevExpress.WindowsDesktop.XAF.ExpressApp (20.2.6-ctp) - restriction: || (&& (== net461) (>= netstandard2.0)) (== net5.0-windows7.0) (== net50) (== netstandard2.0) (== netstandard2.1)
      DevExpress.WindowsDesktop.XAF.Persistent.Base (20.2.6-ctp) - restriction: || (&& (== net461) (>= netstandard2.0)) (== net5.0-windows7.0) (== net50) (== netstandard2.0) (== netstandard2.1)
      NETStandard.Library (>= 2.0.3) - restriction: || (&& (== net461) (>= netstandard2.0)) (== net5.0-windows7.0) (== net50) (== netstandard2.0) (== netstandard2.1)
      System.Drawing.Common (>= 4.5) - restriction: || (&& (== net461) (>= netstandard2.0)) (== net5.0-windows7.0) (== net50) (== netstandard2.0) (== netstandard2.1)
    DevExpress.WindowsDesktop.XAF.Chart.Win (20.2.6-ctp) - restriction: || (&& (== net461) (>= netcoreapp3.0)) (== net5.0-windows7.0) (== net50) (&& (== netstandard2.0) (>= netcoreapp3.0)) (&& (== netstandard2.1) (>= netcoreapp3.0))
      DevExpress.WindowsDesktop.Charts (20.2.6) - restriction: || (&& (== net461) (>= netcoreapp3.0)) (== net5.0-windows7.0) (== net50) (&& (== netstandard2.0) (>= netcoreapp3.0)) (&& (== netstandard2.1) (>= netcoreapp3.0))
      DevExpress.WindowsDesktop.Data (20.2.6) - restriction: || (&& (== net461) (>= netcoreapp3.0)) (== net5.0-windows7.0) (== net50) (&& (== netstandard2.0) (>= netcoreapp3.0)) (&& (== netstandard2.1) (>= netcoreapp3.0))
      DevExpress.WindowsDesktop.Printing.Core (20.2.6) - restriction: || (&& (== net461) (>= netcoreapp3.0)) (== net5.0-windows7.0) (== net50) (&& (== netstandard2.0) (>= netcoreapp3.0)) (&& (== netstandard2.1) (>= netcoreapp3.0))
      DevExpress.WindowsDesktop.Win.Bars (20.2.6-ctp) - restriction: || (&& (== net461) (>= netcoreapp3.0)) (== net5.0-windows7.0) (== net50) (&& (== netstandard2.0) (>= netcoreapp3.0)) (&& (== netstandard2.1) (>= netcoreapp3.0))
      DevExpress.WindowsDesktop.Win.Charts (20.2.6-ctp) - restriction: || (&& (== net461) (>= netcoreapp3.0)) (== net5.0-windows7.0) (== net50) (&& (== netstandard2.0) (>= netcoreapp3.0)) (&& (== netstandard2.1) (>= netcoreapp3.0))
      DevExpress.WindowsDesktop.Win.Editors (20.2.6-ctp) - restriction: || (&& (== net461) (>= netcoreapp3.0)) (== net5.0-windows7.0) (== net50) (&& (== netstandard2.0) (>= netcoreapp3.0)) (&& (== netstandard2.1) (>= netcoreapp3.0))
      DevExpress.WindowsDesktop.Win.Utils (20.2.6-ctp) - restriction: || (&& (== net461) (>= netcoreapp3.0)) (== net5.0-windows7.0) (== net50) (&& (== netstandard2.0) (>= netcoreapp3.0)) (&& (== netstandard2.1) (>= netcoreapp3.0))
      DevExpress.WindowsDesktop.XAF.Chart (20.2.6-ctp) - restriction: || (&& (== net461) (>= netcoreapp3.0)) (== net5.0-windows7.0) (== net50) (&& (== netstandard2.0) (>= netcoreapp3.0)) (&& (== netstandard2.1) (>= netcoreapp3.0))
      DevExpress.WindowsDesktop.XAF.ExpressApp (20.2.6-ctp) - restriction: || (&& (== net461) (>= netcoreapp3.0)) (== net5.0-windows7.0) (== net50) (&& (== netstandard2.0) (>= netcoreapp3.0)) (&& (== netstandard2.1) (>= netcoreapp3.0))
      DevExpress.WindowsDesktop.XAF.ExpressApp.Win (20.2.6-ctp) - restriction: || (&& (== net461) (>= netcoreapp3.0)) (== net5.0-windows7.0) (== net50) (&& (== netstandard2.0) (>= netcoreapp3.0)) (&& (== netstandard2.1) (>= netcoreapp3.0))
      DevExpress.WindowsDesktop.XAF.Persistent.Base (20.2.6-ctp) - restriction: || (&& (== net461) (>= netcoreapp3.0)) (== net5.0-windows7.0) (== net50) (&& (== netstandard2.0) (>= netcoreapp3.0)) (&& (== netstandard2.1) (>= netcoreapp3.0))
    DevExpress.WindowsDesktop.XAF.CloneObject (20.2.6-ctp) - restriction: || (&& (== net461) (>= netcoreapp3.0)) (== net5.0-windows7.0) (== net50) (&& (== netstandard2.0) (>= netcoreapp3.0)) (&& (== netstandard2.1) (>= netcoreapp3.0))
      DevExpress.WindowsDesktop.Data (20.2.6) - restriction: || (&& (== net461) (>= netstandard2.0)) (== net5.0-windows7.0) (== net50) (== netstandard2.0) (== netstandard2.1)
      DevExpress.WindowsDesktop.XAF.ExpressApp (20.2.6-ctp) - restriction: || (&& (== net461) (>= netstandard2.0)) (== net5.0-windows7.0) (== net50) (== netstandard2.0) (== netstandard2.1)
      DevExpress.WindowsDesktop.XAF.Persistent.Base (20.2.6-ctp) - restriction: || (&& (== net461) (>= netstandard2.0)) (== net5.0-windows7.0) (== net50) (== netstandard2.0) (== netstandard2.1)
      NETStandard.Library (>= 2.0.3) - restriction: || (&& (== net461) (>= netstandard2.0)) (== net5.0-windows7.0) (== net50) (== netstandard2.0) (== netstandard2.1)
      System.Drawing.Common (>= 4.5) - restriction: || (&& (== net461) (>= netstandard2.0)) (== net5.0-windows7.0) (== net50) (== netstandard2.0) (== netstandard2.1)
    DevExpress.WindowsDesktop.XAF.ConditionalAppearance (20.2.6-ctp) - restriction: || (&& (== net461) (>= netcoreapp3.0)) (== net5.0-windows7.0) (== net50) (&& (== netstandard2.0) (>= netcoreapp3.0)) (&& (== netstandard2.1) (>= netcoreapp3.0))
      DevExpress.WindowsDesktop.Data (20.2.6) - restriction: || (&& (== net461) (>= netstandard2.0)) (== net5.0-windows7.0) (== net50) (== netstandard2.0) (== netstandard2.1)
      DevExpress.WindowsDesktop.XAF.ExpressApp (20.2.6-ctp) - restriction: || (&& (== net461) (>= netstandard2.0)) (== net5.0-windows7.0) (== net50) (== netstandard2.0) (== netstandard2.1)
      DevExpress.WindowsDesktop.XAF.Persistent.Base (20.2.6-ctp) - restriction: || (&& (== net461) (>= netstandard2.0)) (== net5.0-windows7.0) (== net50) (== netstandard2.0) (== netstandard2.1)
      NETStandard.Library (>= 2.0.3) - restriction: || (&& (== net461) (>= netstandard2.0)) (== net5.0-windows7.0) (== net50) (== netstandard2.0) (== netstandard2.1)
      System.Drawing.Common (>= 4.5) - restriction: || (&& (== net461) (>= netstandard2.0)) (== net5.0-windows7.0) (== net50) (== netstandard2.0) (== netstandard2.1)
    DevExpress.WindowsDesktop.XAF.Dashboards (20.2.6-ctp) - restriction: || (&& (== net461) (>= netcoreapp3.0)) (== net5.0-windows7.0) (== net50) (&& (== netstandard2.0) (>= netcoreapp3.0)) (&& (== netstandard2.1) (>= netcoreapp3.0))
      DevExpress.WindowsDesktop.Dashboard.Core (20.2.6) - restriction: || (&& (== net461) (>= netstandard2.0)) (== net5.0-windows7.0) (== net50) (== netstandard2.0) (== netstandard2.1)
      DevExpress.WindowsDesktop.Data (20.2.6) - restriction: || (&& (== net461) (>= netstandard2.0)) (== net5.0-windows7.0) (== net50) (== netstandard2.0) (== netstandard2.1)
      DevExpress.WindowsDesktop.DataAccess (20.2.6) - restriction: || (&& (== net461) (>= netstandard2.0)) (== net5.0-windows7.0) (== net50) (== netstandard2.0) (== netstandard2.1)
      DevExpress.WindowsDesktop.XAF.ExpressApp (20.2.6-ctp) - restriction: || (&& (== net461) (>= netstandard2.0)) (== net5.0-windows7.0) (== net50) (== netstandard2.0) (== netstandard2.1)
      DevExpress.WindowsDesktop.XAF.Persistent.Base (20.2.6-ctp) - restriction: || (&& (== net461) (>= netstandard2.0)) (== net5.0-windows7.0) (== net50) (== netstandard2.0) (== netstandard2.1)
      NETStandard.Library (>= 2.0.3) - restriction: || (&& (== net461) (>= netstandard2.0)) (== net5.0-windows7.0) (== net50) (== netstandard2.0) (== netstandard2.1)
      System.Drawing.Common (>= 4.5) - restriction: || (&& (== net461) (>= netstandard2.0)) (== net5.0-windows7.0) (== net50) (== netstandard2.0) (== netstandard2.1)
    DevExpress.WindowsDesktop.XAF.Dashboards.Win (20.2.6-ctp) - restriction: || (&& (== net461) (>= netcoreapp3.0)) (== net5.0-windows7.0) (== net50) (&& (== netstandard2.0) (>= netcoreapp3.0)) (&& (== netstandard2.1) (>= netcoreapp3.0))
      DevExpress.WindowsDesktop.Dashboard.Core (20.2.6) - restriction: || (&& (== net461) (>= netcoreapp3.0)) (== net5.0-windows7.0) (== net50) (&& (== netstandard2.0) (>= netcoreapp3.0)) (&& (== netstandard2.1) (>= netcoreapp3.0))
      DevExpress.WindowsDesktop.Data (20.2.6) - restriction: || (&& (== net461) (>= netcoreapp3.0)) (== net5.0-windows7.0) (== net50) (&& (== netstandard2.0) (>= netcoreapp3.0)) (&& (== netstandard2.1) (>= netcoreapp3.0))
      DevExpress.WindowsDesktop.DataAccess (20.2.6) - restriction: || (&& (== net461) (>= netcoreapp3.0)) (== net5.0-windows7.0) (== net50) (&& (== netstandard2.0) (>= netcoreapp3.0)) (&& (== netstandard2.1) (>= netcoreapp3.0))
      DevExpress.WindowsDesktop.Win.Bars (20.2.6-ctp) - restriction: || (&& (== net461) (>= netcoreapp3.0)) (== net5.0-windows7.0) (== net50) (&& (== netstandard2.0) (>= netcoreapp3.0)) (&& (== netstandard2.1) (>= netcoreapp3.0))
      DevExpress.WindowsDesktop.Win.Dashboard (20.2.6) - restriction: || (&& (== net461) (>= netcoreapp3.0)) (== net5.0-windows7.0) (== net50) (&& (== netstandard2.0) (>= netcoreapp3.0)) (&& (== netstandard2.1) (>= netcoreapp3.0))
      DevExpress.WindowsDesktop.Win.DataAccess.UI (20.2.6-ctp) - restriction: || (&& (== net461) (>= netcoreapp3.0)) (== net5.0-windows7.0) (== net50) (&& (== netstandard2.0) (>= netcoreapp3.0)) (&& (== netstandard2.1) (>= netcoreapp3.0))
      DevExpress.WindowsDesktop.Win.Editors (20.2.6-ctp) - restriction: || (&& (== net461) (>= netcoreapp3.0)) (== net5.0-windows7.0) (== net50) (&& (== netstandard2.0) (>= netcoreapp3.0)) (&& (== netstandard2.1) (>= netcoreapp3.0))
      DevExpress.WindowsDesktop.Win.Utils (20.2.6-ctp) - restriction: || (&& (== net461) (>= netcoreapp3.0)) (== net5.0-windows7.0) (== net50) (&& (== netstandard2.0) (>= netcoreapp3.0)) (&& (== netstandard2.1) (>= netcoreapp3.0))
      DevExpress.WindowsDesktop.XAF.Dashboards (20.2.6-ctp) - restriction: || (&& (== net461) (>= netcoreapp3.0)) (== net5.0-windows7.0) (== net50) (&& (== netstandard2.0) (>= netcoreapp3.0)) (&& (== netstandard2.1) (>= netcoreapp3.0))
      DevExpress.WindowsDesktop.XAF.ExpressApp (20.2.6-ctp) - restriction: || (&& (== net461) (>= netcoreapp3.0)) (== net5.0-windows7.0) (== net50) (&& (== netstandard2.0) (>= netcoreapp3.0)) (&& (== netstandard2.1) (>= netcoreapp3.0))
      DevExpress.WindowsDesktop.XAF.ExpressApp.Win (20.2.6-ctp) - restriction: || (&& (== net461) (>= netcoreapp3.0)) (== net5.0-windows7.0) (== net50) (&& (== netstandard2.0) (>= netcoreapp3.0)) (&& (== netstandard2.1) (>= netcoreapp3.0))
      DevExpress.WindowsDesktop.XAF.Persistent.Base (20.2.6-ctp) - restriction: || (&& (== net461) (>= netcoreapp3.0)) (== net5.0-windows7.0) (== net50) (&& (== netstandard2.0) (>= netcoreapp3.0)) (&& (== netstandard2.1) (>= netcoreapp3.0))
    DevExpress.WindowsDesktop.XAF.EasyTest (20.2.6-ctp) - restriction: || (&& (== net461) (>= netcoreapp3.0)) (== net5.0-windows7.0) (== net50) (&& (== netstandard2.0) (>= netcoreapp3.0)) (&& (== netstandard2.1) (>= netcoreapp3.0))
      Microsoft.Win32.Registry (>= 4.5) - restriction: || (&& (== net461) (>= netstandard2.0)) (== net5.0-windows7.0) (== net50) (== netstandard2.0) (== netstandard2.1)
      NETStandard.Library (>= 2.0.3) - restriction: || (&& (== net461) (>= netstandard2.0)) (== net5.0-windows7.0) (== net50) (== netstandard2.0) (== netstandard2.1)
      System.Configuration.ConfigurationManager (>= 4.5) - restriction: || (&& (== net461) (>= netstandard2.0)) (== net5.0-windows7.0) (== net50) (== netstandard2.0) (== netstandard2.1)
      System.Data.SqlClient (>= 4.5) - restriction: || (&& (== net461) (>= netstandard2.0)) (== net5.0-windows7.0) (== net50) (== netstandard2.0) (== netstandard2.1)
      System.Drawing.Common (>= 4.5) - restriction: || (&& (== net461) (>= netstandard2.0)) (== net5.0-windows7.0) (== net50) (== netstandard2.0) (== netstandard2.1)
      System.ServiceProcess.ServiceController (>= 4.5) - restriction: || (&& (== net461) (>= netstandard2.0)) (== net5.0-windows7.0) (== net50) (== netstandard2.0) (== netstandard2.1)
    DevExpress.WindowsDesktop.XAF.EasyTest.WinAdapter (20.2.6-ctp) - restriction: || (&& (== net461) (>= netcoreapp3.0)) (== net5.0-windows7.0) (== net50) (&& (== netstandard2.0) (>= netcoreapp3.0)) (&& (== netstandard2.1) (>= netcoreapp3.0))
      DevExpress.WindowsDesktop.Data (20.2.6) - restriction: || (&& (== net461) (>= netcoreapp3.0)) (== net5.0-windows7.0) (== net50) (&& (== netstandard2.0) (>= netcoreapp3.0)) (&& (== netstandard2.1) (>= netcoreapp3.0))
      DevExpress.WindowsDesktop.PivotGrid.Core (20.2.6) - restriction: || (&& (== net461) (>= netcoreapp3.0)) (== net5.0-windows7.0) (== net50) (&& (== netstandard2.0) (>= netcoreapp3.0)) (&& (== netstandard2.1) (>= netcoreapp3.0))
      DevExpress.WindowsDesktop.Scheduler.Core (20.2.6) - restriction: || (&& (== net461) (>= netcoreapp3.0)) (== net5.0-windows7.0) (== net50) (&& (== netstandard2.0) (>= netcoreapp3.0)) (&& (== netstandard2.1) (>= netcoreapp3.0))
      DevExpress.WindowsDesktop.Scheduler.CoreDesktop (20.2.6) - restriction: || (&& (== net461) (>= netcoreapp3.0)) (== net5.0-windows7.0) (== net50) (&& (== netstandard2.0) (>= netcoreapp3.0)) (&& (== netstandard2.1) (>= netcoreapp3.0))
      DevExpress.WindowsDesktop.Spreadsheet.Core (20.2.6) - restriction: || (&& (== net461) (>= netcoreapp3.0)) (== net5.0-windows7.0) (== net50) (&& (== netstandard2.0) (>= netcoreapp3.0)) (&& (== netstandard2.1) (>= netcoreapp3.0))
      DevExpress.WindowsDesktop.Win.Bars (20.2.6-ctp) - restriction: || (&& (== net461) (>= netcoreapp3.0)) (== net5.0-windows7.0) (== net50) (&& (== netstandard2.0) (>= netcoreapp3.0)) (&& (== netstandard2.1) (>= netcoreapp3.0))
      DevExpress.WindowsDesktop.Win.DataAccess.UI (20.2.6-ctp) - restriction: || (&& (== net461) (>= netcoreapp3.0)) (== net5.0-windows7.0) (== net50) (&& (== netstandard2.0) (>= netcoreapp3.0)) (&& (== netstandard2.1) (>= netcoreapp3.0))
      DevExpress.WindowsDesktop.Win.Editors (20.2.6-ctp) - restriction: || (&& (== net461) (>= netcoreapp3.0)) (== net5.0-windows7.0) (== net50) (&& (== netstandard2.0) (>= netcoreapp3.0)) (&& (== netstandard2.1) (>= netcoreapp3.0))
      DevExpress.WindowsDesktop.Win.Grid (20.2.6-ctp) - restriction: || (&& (== net461) (>= netcoreapp3.0)) (== net5.0-windows7.0) (== net50) (&& (== netstandard2.0) (>= netcoreapp3.0)) (&& (== netstandard2.1) (>= netcoreapp3.0))
      DevExpress.WindowsDesktop.Win.Layout (20.2.6-ctp) - restriction: || (&& (== net461) (>= netcoreapp3.0)) (== net5.0-windows7.0) (== net50) (&& (== netstandard2.0) (>= netcoreapp3.0)) (&& (== netstandard2.1) (>= netcoreapp3.0))
      DevExpress.WindowsDesktop.Win.NavBar (20.2.6-ctp) - restriction: || (&& (== net461) (>= netcoreapp3.0)) (== net5.0-windows7.0) (== net50) (&& (== netstandard2.0) (>= netcoreapp3.0)) (&& (== netstandard2.1) (>= netcoreapp3.0))
      DevExpress.WindowsDesktop.Win.PivotGrid (20.2.6-ctp) - restriction: || (&& (== net461) (>= netcoreapp3.0)) (== net5.0-windows7.0) (== net50) (&& (== netstandard2.0) (>= netcoreapp3.0)) (&& (== netstandard2.1) (>= netcoreapp3.0))
      DevExpress.WindowsDesktop.Win.RichEdit (20.2.6-ctp) - restriction: || (&& (== net461) (>= netcoreapp3.0)) (== net5.0-windows7.0) (== net50) (&& (== netstandard2.0) (>= netcoreapp3.0)) (&& (== netstandard2.1) (>= netcoreapp3.0))
      DevExpress.WindowsDesktop.Win.Scheduler (20.2.6-ctp) - restriction: || (&& (== net461) (>= netcoreapp3.0)) (== net5.0-windows7.0) (== net50) (&& (== netstandard2.0) (>= netcoreapp3.0)) (&& (== netstandard2.1) (>= netcoreapp3.0))
      DevExpress.WindowsDesktop.Win.Spreadsheet (20.2.6-ctp) - restriction: || (&& (== net461) (>= netcoreapp3.0)) (== net5.0-windows7.0) (== net50) (&& (== netstandard2.0) (>= netcoreapp3.0)) (&& (== netstandard2.1) (>= netcoreapp3.0))
      DevExpress.WindowsDesktop.Win.TreeList (20.2.6-ctp) - restriction: || (&& (== net461) (>= netcoreapp3.0)) (== net5.0-windows7.0) (== net50) (&& (== netstandard2.0) (>= netcoreapp3.0)) (&& (== netstandard2.1) (>= netcoreapp3.0))
      DevExpress.WindowsDesktop.Win.Utils (20.2.6-ctp) - restriction: || (&& (== net461) (>= netcoreapp3.0)) (== net5.0-windows7.0) (== net50) (&& (== netstandard2.0) (>= netcoreapp3.0)) (&& (== netstandard2.1) (>= netcoreapp3.0))
      DevExpress.WindowsDesktop.Win.VerticalGrid (20.2.6-ctp) - restriction: || (&& (== net461) (>= netcoreapp3.0)) (== net5.0-windows7.0) (== net50) (&& (== netstandard2.0) (>= netcoreapp3.0)) (&& (== netstandard2.1) (>= netcoreapp3.0))
      DevExpress.WindowsDesktop.XAF.EasyTest (20.2.6-ctp) - restriction: || (&& (== net461) (>= netcoreapp3.0)) (== net5.0-windows7.0) (== net50) (&& (== netstandard2.0) (>= netcoreapp3.0)) (&& (== netstandard2.1) (>= netcoreapp3.0))
      DevExpress.WindowsDesktop.XAF.ExpressApp (20.2.6-ctp) - restriction: || (&& (== net461) (>= netcoreapp3.0)) (== net5.0-windows7.0) (== net50) (&& (== netstandard2.0) (>= netcoreapp3.0)) (&& (== netstandard2.1) (>= netcoreapp3.0))
      DevExpress.WindowsDesktop.XAF.ExpressApp.Win (20.2.6-ctp) - restriction: || (&& (== net461) (>= netcoreapp3.0)) (== net5.0-windows7.0) (== net50) (&& (== netstandard2.0) (>= netcoreapp3.0)) (&& (== netstandard2.1) (>= netcoreapp3.0))
      DevExpress.WindowsDesktop.XAF.Office.Win (20.2.6-ctp) - restriction: || (&& (== net461) (>= netcoreapp3.0)) (== net5.0-windows7.0) (== net50) (&& (== netstandard2.0) (>= netcoreapp3.0)) (&& (== netstandard2.1) (>= netcoreapp3.0))
      DevExpress.WindowsDesktop.XAF.PivotChart.Win (20.2.6-ctp) - restriction: || (&& (== net461) (>= netcoreapp3.0)) (== net5.0-windows7.0) (== net50) (&& (== netstandard2.0) (>= netcoreapp3.0)) (&& (== netstandard2.1) (>= netcoreapp3.0))
    DevExpress.WindowsDesktop.XAF.ExpressApp (20.2.6-ctp) - restriction: || (&& (== net461) (>= netcoreapp3.0)) (== net5.0-windows7.0) (== net50) (&& (== netstandard2.0) (>= netcoreapp3.0)) (&& (== netstandard2.1) (>= netcoreapp3.0))
      DevExpress.WindowsDesktop.Data (20.2.6) - restriction: || (&& (== net461) (>= netstandard2.0)) (== net5.0-windows7.0) (== net50) (== netstandard2.0) (== netstandard2.1)
      DevExpress.WindowsDesktop.Images (20.2.6) - restriction: || (&& (== net461) (>= netstandard2.0)) (== net5.0-windows7.0) (== net50) (== netstandard2.0) (== netstandard2.1)
      DevExpress.WindowsDesktop.Printing.Core (20.2.6) - restriction: || (&& (== net461) (>= netstandard2.0)) (== net5.0-windows7.0) (== net50) (== netstandard2.0) (== netstandard2.1)
      Microsoft.CodeAnalysis.CSharp (>= 2.8) - restriction: || (&& (== net461) (>= netstandard2.0)) (== net5.0-windows7.0) (== net50) (== netstandard2.0) (== netstandard2.1)
      Microsoft.Win32.Registry (>= 4.5) - restriction: || (&& (== net461) (>= netstandard2.0)) (== net5.0-windows7.0) (== net50) (== netstandard2.0) (== netstandard2.1)
      NETStandard.Library (>= 2.0.3) - restriction: || (&& (== net461) (>= netstandard2.0)) (== net5.0-windows7.0) (== net50) (== netstandard2.0) (== netstandard2.1)
      System.Configuration.ConfigurationManager (>= 4.5) - restriction: || (&& (== net461) (>= netstandard2.0)) (== net5.0-windows7.0) (== net50) (== netstandard2.0) (== netstandard2.1)
      System.Diagnostics.EventLog (>= 4.5) - restriction: || (&& (== net461) (>= netstandard2.0)) (== net5.0-windows7.0) (== net50) (== netstandard2.0) (== netstandard2.1)
      System.Drawing.Common (>= 4.5) - restriction: || (&& (== net461) (>= netstandard2.0)) (== net5.0-windows7.0) (== net50) (== netstandard2.0) (== netstandard2.1)
      System.Reflection.Emit (>= 4.3) - restriction: || (&& (== net461) (>= netstandard2.0)) (== net5.0-windows7.0) (== net50) (== netstandard2.0) (== netstandard2.1)
      System.Reflection.Emit.Lightweight (>= 4.3) - restriction: || (&& (== net461) (>= netstandard2.0)) (== net5.0-windows7.0) (== net50) (== netstandard2.0) (== netstandard2.1)
      System.Resources.Extensions (>= 4.6) - restriction: || (&& (== net461) (>= netstandard2.0)) (== net5.0-windows7.0) (== net50) (== netstandard2.0) (== netstandard2.1)
      System.ServiceModel.Primitives (>= 4.5.3) - restriction: || (&& (== net461) (>= netstandard2.0)) (== net5.0-windows7.0) (== net50) (== netstandard2.0) (== netstandard2.1)
      System.Text.Encoding.CodePages (>= 4.6) - restriction: || (&& (== net461) (>= netstandard2.0)) (== net5.0-windows7.0) (== net50) (== netstandard2.0) (== netstandard2.1)
    DevExpress.WindowsDesktop.XAF.ExpressApp.Win (20.2.6-ctp) - restriction: || (&& (== net461) (>= netcoreapp3.0)) (== net5.0-windows7.0) (== net50) (&& (== netstandard2.0) (>= netcoreapp3.0)) (&& (== netstandard2.1) (>= netcoreapp3.0))
      DevExpress.WindowsDesktop.Data (20.2.6) - restriction: || (&& (== net461) (>= netcoreapp3.0)) (== net5.0-windows7.0) (== net50) (&& (== netstandard2.0) (>= netcoreapp3.0)) (&& (== netstandard2.1) (>= netcoreapp3.0))
      DevExpress.WindowsDesktop.DataDesktop (20.2.6) - restriction: || (&& (== net461) (>= netcoreapp3.0)) (== net5.0-windows7.0) (== net50) (&& (== netstandard2.0) (>= netcoreapp3.0)) (&& (== netstandard2.1) (>= netcoreapp3.0))
      DevExpress.WindowsDesktop.Office.Core (20.2.6) - restriction: || (&& (== net461) (>= netcoreapp3.0)) (== net5.0-windows7.0) (== net50) (&& (== netstandard2.0) (>= netcoreapp3.0)) (&& (== netstandard2.1) (>= netcoreapp3.0))
      DevExpress.WindowsDesktop.Printing.Core (20.2.6) - restriction: || (&& (== net461) (>= netcoreapp3.0)) (== net5.0-windows7.0) (== net50) (&& (== netstandard2.0) (>= netcoreapp3.0)) (&& (== netstandard2.1) (>= netcoreapp3.0))
      DevExpress.WindowsDesktop.RichEdit.Core (20.2.6) - restriction: || (&& (== net461) (>= netcoreapp3.0)) (== net5.0-windows7.0) (== net50) (&& (== netstandard2.0) (>= netcoreapp3.0)) (&& (== netstandard2.1) (>= netcoreapp3.0))
      DevExpress.WindowsDesktop.Win.Bars (20.2.6-ctp) - restriction: || (&& (== net461) (>= netcoreapp3.0)) (== net5.0-windows7.0) (== net50) (&& (== netstandard2.0) (>= netcoreapp3.0)) (&& (== netstandard2.1) (>= netcoreapp3.0))
      DevExpress.WindowsDesktop.Win.DataAccess.UI (20.2.6-ctp) - restriction: || (&& (== net461) (>= netcoreapp3.0)) (== net5.0-windows7.0) (== net50) (&& (== netstandard2.0) (>= netcoreapp3.0)) (&& (== netstandard2.1) (>= netcoreapp3.0))
      DevExpress.WindowsDesktop.Win.Editors (20.2.6-ctp) - restriction: || (&& (== net461) (>= netcoreapp3.0)) (== net5.0-windows7.0) (== net50) (&& (== netstandard2.0) (>= netcoreapp3.0)) (&& (== netstandard2.1) (>= netcoreapp3.0))
      DevExpress.WindowsDesktop.Win.Grid (20.2.6-ctp) - restriction: || (&& (== net461) (>= netcoreapp3.0)) (== net5.0-windows7.0) (== net50) (&& (== netstandard2.0) (>= netcoreapp3.0)) (&& (== netstandard2.1) (>= netcoreapp3.0))
      DevExpress.WindowsDesktop.Win.Layout (20.2.6-ctp) - restriction: || (&& (== net461) (>= netcoreapp3.0)) (== net5.0-windows7.0) (== net50) (&& (== netstandard2.0) (>= netcoreapp3.0)) (&& (== netstandard2.1) (>= netcoreapp3.0))
      DevExpress.WindowsDesktop.Win.NavBar (20.2.6-ctp) - restriction: || (&& (== net461) (>= netcoreapp3.0)) (== net5.0-windows7.0) (== net50) (&& (== netstandard2.0) (>= netcoreapp3.0)) (&& (== netstandard2.1) (>= netcoreapp3.0))
      DevExpress.WindowsDesktop.Win.Printing (20.2.6-ctp) - restriction: || (&& (== net461) (>= netcoreapp3.0)) (== net5.0-windows7.0) (== net50) (&& (== netstandard2.0) (>= netcoreapp3.0)) (&& (== netstandard2.1) (>= netcoreapp3.0))
      DevExpress.WindowsDesktop.Win.RichEdit (20.2.6-ctp) - restriction: || (&& (== net461) (>= netcoreapp3.0)) (== net5.0-windows7.0) (== net50) (&& (== netstandard2.0) (>= netcoreapp3.0)) (&& (== netstandard2.1) (>= netcoreapp3.0))
      DevExpress.WindowsDesktop.Win.TreeList (20.2.6-ctp) - restriction: || (&& (== net461) (>= netcoreapp3.0)) (== net5.0-windows7.0) (== net50) (&& (== netstandard2.0) (>= netcoreapp3.0)) (&& (== netstandard2.1) (>= netcoreapp3.0))
      DevExpress.WindowsDesktop.Win.Utils (20.2.6-ctp) - restriction: || (&& (== net461) (>= netcoreapp3.0)) (== net5.0-windows7.0) (== net50) (&& (== netstandard2.0) (>= netcoreapp3.0)) (&& (== netstandard2.1) (>= netcoreapp3.0))
      DevExpress.WindowsDesktop.Win.VerticalGrid (20.2.6-ctp) - restriction: || (&& (== net461) (>= netcoreapp3.0)) (== net5.0-windows7.0) (== net50) (&& (== netstandard2.0) (>= netcoreapp3.0)) (&& (== netstandard2.1) (>= netcoreapp3.0))
      DevExpress.WindowsDesktop.XAF.ExpressApp (20.2.6-ctp) - restriction: || (&& (== net461) (>= netcoreapp3.0)) (== net5.0-windows7.0) (== net50) (&& (== netstandard2.0) (>= netcoreapp3.0)) (&& (== netstandard2.1) (>= netcoreapp3.0))
      DevExpress.WindowsDesktop.XAF.Persistent.Base (20.2.6-ctp) - restriction: || (&& (== net461) (>= netcoreapp3.0)) (== net5.0-windows7.0) (== net50) (&& (== netstandard2.0) (>= netcoreapp3.0)) (&& (== netstandard2.1) (>= netcoreapp3.0))
    DevExpress.WindowsDesktop.XAF.FileAttachment.Win (20.2.6-ctp) - restriction: || (&& (== net461) (>= netcoreapp3.0)) (== net5.0-windows7.0) (== net50) (&& (== netstandard2.0) (>= netcoreapp3.0)) (&& (== netstandard2.1) (>= netcoreapp3.0))
      DevExpress.WindowsDesktop.Data (20.2.6) - restriction: || (&& (== net461) (>= netcoreapp3.0)) (== net5.0-windows7.0) (== net50) (&& (== netstandard2.0) (>= netcoreapp3.0)) (&& (== netstandard2.1) (>= netcoreapp3.0))
      DevExpress.WindowsDesktop.DataDesktop (20.2.6) - restriction: || (&& (== net461) (>= netcoreapp3.0)) (== net5.0-windows7.0) (== net50) (&& (== netstandard2.0) (>= netcoreapp3.0)) (&& (== netstandard2.1) (>= netcoreapp3.0))
      DevExpress.WindowsDesktop.Win.Editors (20.2.6-ctp) - restriction: || (&& (== net461) (>= netcoreapp3.0)) (== net5.0-windows7.0) (== net50) (&& (== netstandard2.0) (>= netcoreapp3.0)) (&& (== netstandard2.1) (>= netcoreapp3.0))
      DevExpress.WindowsDesktop.Win.Utils (20.2.6-ctp) - restriction: || (&& (== net461) (>= netcoreapp3.0)) (== net5.0-windows7.0) (== net50) (&& (== netstandard2.0) (>= netcoreapp3.0)) (&& (== netstandard2.1) (>= netcoreapp3.0))
      DevExpress.WindowsDesktop.XAF.ExpressApp (20.2.6-ctp) - restriction: || (&& (== net461) (>= netcoreapp3.0)) (== net5.0-windows7.0) (== net50) (&& (== netstandard2.0) (>= netcoreapp3.0)) (&& (== netstandard2.1) (>= netcoreapp3.0))
      DevExpress.WindowsDesktop.XAF.ExpressApp.Win (20.2.6-ctp) - restriction: || (&& (== net461) (>= netcoreapp3.0)) (== net5.0-windows7.0) (== net50) (&& (== netstandard2.0) (>= netcoreapp3.0)) (&& (== netstandard2.1) (>= netcoreapp3.0))
      DevExpress.WindowsDesktop.XAF.Persistent.Base (20.2.6-ctp) - restriction: || (&& (== net461) (>= netcoreapp3.0)) (== net5.0-windows7.0) (== net50) (&& (== netstandard2.0) (>= netcoreapp3.0)) (&& (== netstandard2.1) (>= netcoreapp3.0))
    DevExpress.WindowsDesktop.XAF.Kpi (20.2.6-ctp) - restriction: || (&& (== net461) (>= netcoreapp3.0)) (== net5.0-windows7.0) (== net50) (&& (== netstandard2.0) (>= netcoreapp3.0)) (&& (== netstandard2.1) (>= netcoreapp3.0))
      DevExpress.WindowsDesktop.Data (20.2.6) - restriction: || (&& (== net461) (>= netstandard2.0)) (== net5.0-windows7.0) (== net50) (== netstandard2.0) (== netstandard2.1)
      DevExpress.WindowsDesktop.XAF.ExpressApp (20.2.6-ctp) - restriction: || (&& (== net461) (>= netstandard2.0)) (== net5.0-windows7.0) (== net50) (== netstandard2.0) (== netstandard2.1)
      DevExpress.WindowsDesktop.XAF.Persistent.Base (20.2.6-ctp) - restriction: || (&& (== net461) (>= netstandard2.0)) (== net5.0-windows7.0) (== net50) (== netstandard2.0) (== netstandard2.1)
      DevExpress.WindowsDesktop.XAF.Validation (20.2.6-ctp) - restriction: || (&& (== net461) (>= netstandard2.0)) (== net5.0-windows7.0) (== net50) (== netstandard2.0) (== netstandard2.1)
      NETStandard.Library (>= 2.0.3) - restriction: || (&& (== net461) (>= netstandard2.0)) (== net5.0-windows7.0) (== net50) (== netstandard2.0) (== netstandard2.1)
      System.Drawing.Common (>= 4.5) - restriction: || (&& (== net461) (>= netstandard2.0)) (== net5.0-windows7.0) (== net50) (== netstandard2.0) (== netstandard2.1)
    DevExpress.WindowsDesktop.XAF.Notifications (20.2.6-ctp) - restriction: || (&& (== net461) (>= netcoreapp3.0)) (== net5.0-windows7.0) (== net50) (&& (== netstandard2.0) (>= netcoreapp3.0)) (&& (== netstandard2.1) (>= netcoreapp3.0))
      DevExpress.WindowsDesktop.Data (20.2.6) - restriction: || (&& (== net461) (>= netstandard2.0)) (== net5.0-windows7.0) (== net50) (== netstandard2.0) (== netstandard2.1)
      DevExpress.WindowsDesktop.XAF.ExpressApp (20.2.6-ctp) - restriction: || (&& (== net461) (>= netstandard2.0)) (== net5.0-windows7.0) (== net50) (== netstandard2.0) (== netstandard2.1)
      DevExpress.WindowsDesktop.XAF.Persistent.Base (20.2.6-ctp) - restriction: || (&& (== net461) (>= netstandard2.0)) (== net5.0-windows7.0) (== net50) (== netstandard2.0) (== netstandard2.1)
      NETStandard.Library (>= 2.0.3) - restriction: || (&& (== net461) (>= netstandard2.0)) (== net5.0-windows7.0) (== net50) (== netstandard2.0) (== netstandard2.1)
      System.Drawing.Common (>= 4.5) - restriction: || (&& (== net461) (>= netstandard2.0)) (== net5.0-windows7.0) (== net50) (== netstandard2.0) (== netstandard2.1)
    DevExpress.WindowsDesktop.XAF.Notifications.Win (20.2.6-ctp) - restriction: || (&& (== net461) (>= netcoreapp3.0)) (== net5.0-windows7.0) (== net50) (&& (== netstandard2.0) (>= netcoreapp3.0)) (&& (== netstandard2.1) (>= netcoreapp3.0))
      DevExpress.WindowsDesktop.Data (20.2.6) - restriction: || (&& (== net461) (>= netcoreapp3.0)) (== net5.0-windows7.0) (== net50) (&& (== netstandard2.0) (>= netcoreapp3.0)) (&& (== netstandard2.1) (>= netcoreapp3.0))
      DevExpress.WindowsDesktop.Win.Bars (20.2.6-ctp) - restriction: || (&& (== net461) (>= netcoreapp3.0)) (== net5.0-windows7.0) (== net50) (&& (== netstandard2.0) (>= netcoreapp3.0)) (&& (== netstandard2.1) (>= netcoreapp3.0))
      DevExpress.WindowsDesktop.Win.Editors (20.2.6-ctp) - restriction: || (&& (== net461) (>= netcoreapp3.0)) (== net5.0-windows7.0) (== net50) (&& (== netstandard2.0) (>= netcoreapp3.0)) (&& (== netstandard2.1) (>= netcoreapp3.0))
      DevExpress.WindowsDesktop.Win.Grid (20.2.6-ctp) - restriction: || (&& (== net461) (>= netcoreapp3.0)) (== net5.0-windows7.0) (== net50) (&& (== netstandard2.0) (>= netcoreapp3.0)) (&& (== netstandard2.1) (>= netcoreapp3.0))
      DevExpress.WindowsDesktop.Win.Utils (20.2.6-ctp) - restriction: || (&& (== net461) (>= netcoreapp3.0)) (== net5.0-windows7.0) (== net50) (&& (== netstandard2.0) (>= netcoreapp3.0)) (&& (== netstandard2.1) (>= netcoreapp3.0))
      DevExpress.WindowsDesktop.XAF.ExpressApp (20.2.6-ctp) - restriction: || (&& (== net461) (>= netcoreapp3.0)) (== net5.0-windows7.0) (== net50) (&& (== netstandard2.0) (>= netcoreapp3.0)) (&& (== netstandard2.1) (>= netcoreapp3.0))
      DevExpress.WindowsDesktop.XAF.ExpressApp.Win (20.2.6-ctp) - restriction: || (&& (== net461) (>= netcoreapp3.0)) (== net5.0-windows7.0) (== net50) (&& (== netstandard2.0) (>= netcoreapp3.0)) (&& (== netstandard2.1) (>= netcoreapp3.0))
      DevExpress.WindowsDesktop.XAF.Notifications (20.2.6-ctp) - restriction: || (&& (== net461) (>= netcoreapp3.0)) (== net5.0-windows7.0) (== net50) (&& (== netstandard2.0) (>= netcoreapp3.0)) (&& (== netstandard2.1) (>= netcoreapp3.0))
    DevExpress.WindowsDesktop.XAF.Objects (20.2.6-ctp) - restriction: || (&& (== net461) (>= netcoreapp3.0)) (== net5.0-windows7.0) (== net50) (&& (== netstandard2.0) (>= netcoreapp3.0)) (&& (== netstandard2.1) (>= netcoreapp3.0))
      DevExpress.WindowsDesktop.Data (20.2.6) - restriction: || (&& (== net461) (>= netstandard2.0)) (== net5.0-windows7.0) (== net50) (== netstandard2.0) (== netstandard2.1)
      DevExpress.WindowsDesktop.XAF.ExpressApp (20.2.6-ctp) - restriction: || (&& (== net461) (>= netstandard2.0)) (== net5.0-windows7.0) (== net50) (== netstandard2.0) (== netstandard2.1)
      NETStandard.Library (>= 2.0.3) - restriction: || (&& (== net461) (>= netstandard2.0)) (== net5.0-windows7.0) (== net50) (== netstandard2.0) (== netstandard2.1)
      System.Drawing.Common (>= 4.5) - restriction: || (&& (== net461) (>= netstandard2.0)) (== net5.0-windows7.0) (== net50) (== netstandard2.0) (== netstandard2.1)
    DevExpress.WindowsDesktop.XAF.Office (20.2.6-ctp) - restriction: || (&& (== net461) (>= netcoreapp3.0)) (== net5.0-windows7.0) (== net50) (&& (== netstandard2.0) (>= netcoreapp3.0)) (&& (== netstandard2.1) (>= netcoreapp3.0))
      DevExpress.WindowsDesktop.Data (20.2.6) - restriction: || (&& (== net461) (>= netstandard2.0)) (== net5.0-windows7.0) (== net50) (== netstandard2.0) (== netstandard2.1)
      DevExpress.WindowsDesktop.Office.Core (20.2.6) - restriction: || (&& (== net461) (>= netstandard2.0)) (== net5.0-windows7.0) (== net50) (== netstandard2.0) (== netstandard2.1)
      DevExpress.WindowsDesktop.RichEdit.Core (20.2.6) - restriction: || (&& (== net461) (>= netstandard2.0)) (== net5.0-windows7.0) (== net50) (== netstandard2.0) (== netstandard2.1)
      DevExpress.WindowsDesktop.Spreadsheet.Core (20.2.6) - restriction: || (&& (== net461) (>= netstandard2.0)) (== net5.0-windows7.0) (== net50) (== netstandard2.0) (== netstandard2.1)
      DevExpress.WindowsDesktop.XAF.ExpressApp (20.2.6-ctp) - restriction: || (&& (== net461) (>= netstandard2.0)) (== net5.0-windows7.0) (== net50) (== netstandard2.0) (== netstandard2.1)
      DevExpress.WindowsDesktop.XAF.Persistent.Base (20.2.6-ctp) - restriction: || (&& (== net461) (>= netstandard2.0)) (== net5.0-windows7.0) (== net50) (== netstandard2.0) (== netstandard2.1)
      NETStandard.Library (>= 2.0.3) - restriction: || (&& (== net461) (>= netstandard2.0)) (== net5.0-windows7.0) (== net50) (== netstandard2.0) (== netstandard2.1)
      System.Drawing.Common (>= 4.5) - restriction: || (&& (== net461) (>= netstandard2.0)) (== net5.0-windows7.0) (== net50) (== netstandard2.0) (== netstandard2.1)
    DevExpress.WindowsDesktop.XAF.Office.Win (20.2.6-ctp) - restriction: || (&& (== net461) (>= netcoreapp3.0)) (== net5.0-windows7.0) (== net50) (&& (== netstandard2.0) (>= netcoreapp3.0)) (&& (== netstandard2.1) (>= netcoreapp3.0))
      DevExpress.WindowsDesktop.Data (20.2.6) - restriction: || (&& (== net461) (>= netcoreapp3.0)) (== net5.0-windows7.0) (== net50) (&& (== netstandard2.0) (>= netcoreapp3.0)) (&& (== netstandard2.1) (>= netcoreapp3.0))
      DevExpress.WindowsDesktop.Office.Core (20.2.6) - restriction: || (&& (== net461) (>= netcoreapp3.0)) (== net5.0-windows7.0) (== net50) (&& (== netstandard2.0) (>= netcoreapp3.0)) (&& (== netstandard2.1) (>= netcoreapp3.0))
      DevExpress.WindowsDesktop.RichEdit.Core (20.2.6) - restriction: || (&& (== net461) (>= netcoreapp3.0)) (== net5.0-windows7.0) (== net50) (&& (== netstandard2.0) (>= netcoreapp3.0)) (&& (== netstandard2.1) (>= netcoreapp3.0))
      DevExpress.WindowsDesktop.Spreadsheet.Core (20.2.6) - restriction: || (&& (== net461) (>= netcoreapp3.0)) (== net5.0-windows7.0) (== net50) (&& (== netstandard2.0) (>= netcoreapp3.0)) (&& (== netstandard2.1) (>= netcoreapp3.0))
      DevExpress.WindowsDesktop.Win.Bars (20.2.6-ctp) - restriction: || (&& (== net461) (>= netcoreapp3.0)) (== net5.0-windows7.0) (== net50) (&& (== netstandard2.0) (>= netcoreapp3.0)) (&& (== netstandard2.1) (>= netcoreapp3.0))
      DevExpress.WindowsDesktop.Win.Editors (20.2.6-ctp) - restriction: || (&& (== net461) (>= netcoreapp3.0)) (== net5.0-windows7.0) (== net50) (&& (== netstandard2.0) (>= netcoreapp3.0)) (&& (== netstandard2.1) (>= netcoreapp3.0))
      DevExpress.WindowsDesktop.Win.Grid (20.2.6-ctp) - restriction: || (&& (== net461) (>= netcoreapp3.0)) (== net5.0-windows7.0) (== net50) (&& (== netstandard2.0) (>= netcoreapp3.0)) (&& (== netstandard2.1) (>= netcoreapp3.0))
      DevExpress.WindowsDesktop.Win.RichEdit (20.2.6-ctp) - restriction: || (&& (== net461) (>= netcoreapp3.0)) (== net5.0-windows7.0) (== net50) (&& (== netstandard2.0) (>= netcoreapp3.0)) (&& (== netstandard2.1) (>= netcoreapp3.0))
      DevExpress.WindowsDesktop.Win.Spreadsheet (20.2.6-ctp) - restriction: || (&& (== net461) (>= netcoreapp3.0)) (== net5.0-windows7.0) (== net50) (&& (== netstandard2.0) (>= netcoreapp3.0)) (&& (== netstandard2.1) (>= netcoreapp3.0))
      DevExpress.WindowsDesktop.Win.Utils (20.2.6-ctp) - restriction: || (&& (== net461) (>= netcoreapp3.0)) (== net5.0-windows7.0) (== net50) (&& (== netstandard2.0) (>= netcoreapp3.0)) (&& (== netstandard2.1) (>= netcoreapp3.0))
      DevExpress.WindowsDesktop.XAF.ExpressApp (20.2.6-ctp) - restriction: || (&& (== net461) (>= netcoreapp3.0)) (== net5.0-windows7.0) (== net50) (&& (== netstandard2.0) (>= netcoreapp3.0)) (&& (== netstandard2.1) (>= netcoreapp3.0))
      DevExpress.WindowsDesktop.XAF.ExpressApp.Win (20.2.6-ctp) - restriction: || (&& (== net461) (>= netcoreapp3.0)) (== net5.0-windows7.0) (== net50) (&& (== netstandard2.0) (>= netcoreapp3.0)) (&& (== netstandard2.1) (>= netcoreapp3.0))
      DevExpress.WindowsDesktop.XAF.Office (20.2.6-ctp) - restriction: || (&& (== net461) (>= netcoreapp3.0)) (== net5.0-windows7.0) (== net50) (&& (== netstandard2.0) (>= netcoreapp3.0)) (&& (== netstandard2.1) (>= netcoreapp3.0))
      DevExpress.WindowsDesktop.XAF.Persistent.Base (20.2.6-ctp) - restriction: || (&& (== net461) (>= netcoreapp3.0)) (== net5.0-windows7.0) (== net50) (&& (== netstandard2.0) (>= netcoreapp3.0)) (&& (== netstandard2.1) (>= netcoreapp3.0))
    DevExpress.WindowsDesktop.XAF.Persistent.Base (20.2.6-ctp) - restriction: || (&& (== net461) (>= netcoreapp3.0)) (== net5.0-windows7.0) (== net50) (&& (== netstandard2.0) (>= netcoreapp3.0)) (&& (== netstandard2.1) (>= netcoreapp3.0))
      DevExpress.WindowsDesktop.Data (20.2.6) - restriction: || (&& (== net461) (>= netstandard2.0)) (== net5.0-windows7.0) (== net50) (== netstandard2.0) (== netstandard2.1)
      DevExpress.WindowsDesktop.Printing.Core (20.2.6) - restriction: || (&& (== net461) (>= netstandard2.0)) (== net5.0-windows7.0) (== net50) (== netstandard2.0) (== netstandard2.1)
      DevExpress.WindowsDesktop.XAF.ExpressApp (20.2.6-ctp) - restriction: || (&& (== net461) (>= netstandard2.0)) (== net5.0-windows7.0) (== net50) (== netstandard2.0) (== netstandard2.1)
      NETStandard.Library (>= 2.0.3) - restriction: || (&& (== net461) (>= netstandard2.0)) (== net5.0-windows7.0) (== net50) (== netstandard2.0) (== netstandard2.1)
      System.Drawing.Common (>= 4.5) - restriction: || (&& (== net461) (>= netstandard2.0)) (== net5.0-windows7.0) (== net50) (== netstandard2.0) (== netstandard2.1)
    DevExpress.WindowsDesktop.XAF.Persistent.BaseImpl (20.2.6-ctp) - restriction: || (&& (== net461) (>= netcoreapp3.0)) (== net5.0-windows7.0) (== net50) (&& (== netstandard2.0) (>= netcoreapp3.0)) (&& (== netstandard2.1) (>= netcoreapp3.0))
      DevExpress.WindowsDesktop.Data (20.2.6) - restriction: || (&& (== net461) (>= netstandard2.0)) (== net5.0-windows7.0) (== net50) (== netstandard2.0) (== netstandard2.1)
      DevExpress.WindowsDesktop.Reporting.Core (20.2.6) - restriction: || (&& (== net461) (>= netstandard2.0)) (== net5.0-windows7.0) (== net50) (== netstandard2.0) (== netstandard2.1)
      DevExpress.WindowsDesktop.Scheduler.Core (20.2.6) - restriction: || (&& (== net461) (>= netstandard2.0)) (== net5.0-windows7.0) (== net50) (== netstandard2.0) (== netstandard2.1)
      DevExpress.WindowsDesktop.XAF.ExpressApp (20.2.6-ctp) - restriction: || (&& (== net461) (>= netstandard2.0)) (== net5.0-windows7.0) (== net50) (== netstandard2.0) (== netstandard2.1)
      DevExpress.WindowsDesktop.XAF.Objects (20.2.6-ctp) - restriction: || (&& (== net461) (>= netstandard2.0)) (== net5.0-windows7.0) (== net50) (== netstandard2.0) (== netstandard2.1)
      DevExpress.WindowsDesktop.XAF.Persistent.Base (20.2.6-ctp) - restriction: || (&& (== net461) (>= netstandard2.0)) (== net5.0-windows7.0) (== net50) (== netstandard2.0) (== netstandard2.1)
      DevExpress.WindowsDesktop.XAF.Xpo (20.2.6-ctp) - restriction: || (&& (== net461) (>= netstandard2.0)) (== net5.0-windows7.0) (== net50) (== netstandard2.0) (== netstandard2.1)
      DevExpress.WindowsDesktop.Xpo (20.2.6) - restriction: || (&& (== net461) (>= netstandard2.0)) (== net5.0-windows7.0) (== net50) (== netstandard2.0) (== netstandard2.1)
      NETStandard.Library (>= 2.0.3) - restriction: || (&& (== net461) (>= netstandard2.0)) (== net5.0-windows7.0) (== net50) (== netstandard2.0) (== netstandard2.1)
      System.Drawing.Common (>= 4.5) - restriction: || (&& (== net461) (>= netstandard2.0)) (== net5.0-windows7.0) (== net50) (== netstandard2.0) (== netstandard2.1)
    DevExpress.WindowsDesktop.XAF.PivotChart (20.2.6-ctp) - restriction: || (&& (== net461) (>= netcoreapp3.0)) (== net5.0-windows7.0) (== net50) (&& (== netstandard2.0) (>= netcoreapp3.0)) (&& (== netstandard2.1) (>= netcoreapp3.0))
      DevExpress.WindowsDesktop.Charts (20.2.6) - restriction: || (&& (== net461) (>= netstandard2.0)) (== net5.0-windows7.0) (== net50) (== netstandard2.0) (== netstandard2.1)
      DevExpress.WindowsDesktop.Data (20.2.6) - restriction: || (&& (== net461) (>= netstandard2.0)) (== net5.0-windows7.0) (== net50) (== netstandard2.0) (== netstandard2.1)
      DevExpress.WindowsDesktop.PivotGrid.Core (20.2.6) - restriction: || (&& (== net461) (>= netstandard2.0)) (== net5.0-windows7.0) (== net50) (== netstandard2.0) (== netstandard2.1)
      DevExpress.WindowsDesktop.XAF.ExpressApp (20.2.6-ctp) - restriction: || (&& (== net461) (>= netstandard2.0)) (== net5.0-windows7.0) (== net50) (== netstandard2.0) (== netstandard2.1)
      DevExpress.WindowsDesktop.XAF.Persistent.Base (20.2.6-ctp) - restriction: || (&& (== net461) (>= netstandard2.0)) (== net5.0-windows7.0) (== net50) (== netstandard2.0) (== netstandard2.1)
      NETStandard.Library (>= 2.0.3) - restriction: || (&& (== net461) (>= netstandard2.0)) (== net5.0-windows7.0) (== net50) (== netstandard2.0) (== netstandard2.1)
      System.Drawing.Common (>= 4.5) - restriction: || (&& (== net461) (>= netstandard2.0)) (== net5.0-windows7.0) (== net50) (== netstandard2.0) (== netstandard2.1)
    DevExpress.WindowsDesktop.XAF.PivotChart.Win (20.2.6-ctp) - restriction: || (&& (== net461) (>= netcoreapp3.0)) (== net5.0-windows7.0) (== net50) (&& (== netstandard2.0) (>= netcoreapp3.0)) (&& (== netstandard2.1) (>= netcoreapp3.0))
      DevExpress.WindowsDesktop.Charts (20.2.6) - restriction: || (&& (== net461) (>= netcoreapp3.0)) (== net5.0-windows7.0) (== net50) (&& (== netstandard2.0) (>= netcoreapp3.0)) (&& (== netstandard2.1) (>= netcoreapp3.0))
      DevExpress.WindowsDesktop.Data (20.2.6) - restriction: || (&& (== net461) (>= netcoreapp3.0)) (== net5.0-windows7.0) (== net50) (&& (== netstandard2.0) (>= netcoreapp3.0)) (&& (== netstandard2.1) (>= netcoreapp3.0))
      DevExpress.WindowsDesktop.PivotGrid.Core (20.2.6) - restriction: || (&& (== net461) (>= netcoreapp3.0)) (== net5.0-windows7.0) (== net50) (&& (== netstandard2.0) (>= netcoreapp3.0)) (&& (== netstandard2.1) (>= netcoreapp3.0))
      DevExpress.WindowsDesktop.Printing.Core (20.2.6) - restriction: || (&& (== net461) (>= netcoreapp3.0)) (== net5.0-windows7.0) (== net50) (&& (== netstandard2.0) (>= netcoreapp3.0)) (&& (== netstandard2.1) (>= netcoreapp3.0))
      DevExpress.WindowsDesktop.Win.Charts (20.2.6-ctp) - restriction: || (&& (== net461) (>= netcoreapp3.0)) (== net5.0-windows7.0) (== net50) (&& (== netstandard2.0) (>= netcoreapp3.0)) (&& (== netstandard2.1) (>= netcoreapp3.0))
      DevExpress.WindowsDesktop.Win.Editors (20.2.6-ctp) - restriction: || (&& (== net461) (>= netcoreapp3.0)) (== net5.0-windows7.0) (== net50) (&& (== netstandard2.0) (>= netcoreapp3.0)) (&& (== netstandard2.1) (>= netcoreapp3.0))
      DevExpress.WindowsDesktop.Win.PivotGrid (20.2.6-ctp) - restriction: || (&& (== net461) (>= netcoreapp3.0)) (== net5.0-windows7.0) (== net50) (&& (== netstandard2.0) (>= netcoreapp3.0)) (&& (== netstandard2.1) (>= netcoreapp3.0))
      DevExpress.WindowsDesktop.Win.Utils (20.2.6-ctp) - restriction: || (&& (== net461) (>= netcoreapp3.0)) (== net5.0-windows7.0) (== net50) (&& (== netstandard2.0) (>= netcoreapp3.0)) (&& (== netstandard2.1) (>= netcoreapp3.0))
      DevExpress.WindowsDesktop.XAF.ExpressApp (20.2.6-ctp) - restriction: || (&& (== net461) (>= netcoreapp3.0)) (== net5.0-windows7.0) (== net50) (&& (== netstandard2.0) (>= netcoreapp3.0)) (&& (== netstandard2.1) (>= netcoreapp3.0))
      DevExpress.WindowsDesktop.XAF.ExpressApp.Win (20.2.6-ctp) - restriction: || (&& (== net461) (>= netcoreapp3.0)) (== net5.0-windows7.0) (== net50) (&& (== netstandard2.0) (>= netcoreapp3.0)) (&& (== netstandard2.1) (>= netcoreapp3.0))
      DevExpress.WindowsDesktop.XAF.Persistent.Base (20.2.6-ctp) - restriction: || (&& (== net461) (>= netcoreapp3.0)) (== net5.0-windows7.0) (== net50) (&& (== netstandard2.0) (>= netcoreapp3.0)) (&& (== netstandard2.1) (>= netcoreapp3.0))
      DevExpress.WindowsDesktop.XAF.PivotChart (20.2.6-ctp) - restriction: || (&& (== net461) (>= netcoreapp3.0)) (== net5.0-windows7.0) (== net50) (&& (== netstandard2.0) (>= netcoreapp3.0)) (&& (== netstandard2.1) (>= netcoreapp3.0))
    DevExpress.WindowsDesktop.XAF.PivotGrid (20.2.6-ctp) - restriction: || (&& (== net461) (>= netcoreapp3.0)) (== net5.0-windows7.0) (== net50) (&& (== netstandard2.0) (>= netcoreapp3.0)) (&& (== netstandard2.1) (>= netcoreapp3.0))
      DevExpress.WindowsDesktop.Data (20.2.6) - restriction: || (&& (== net461) (>= netstandard2.0)) (== net5.0-windows7.0) (== net50) (== netstandard2.0) (== netstandard2.1)
      DevExpress.WindowsDesktop.PivotGrid.Core (20.2.6) - restriction: || (&& (== net461) (>= netstandard2.0)) (== net5.0-windows7.0) (== net50) (== netstandard2.0) (== netstandard2.1)
      DevExpress.WindowsDesktop.XAF.ExpressApp (20.2.6-ctp) - restriction: || (&& (== net461) (>= netstandard2.0)) (== net5.0-windows7.0) (== net50) (== netstandard2.0) (== netstandard2.1)
      NETStandard.Library (>= 2.0.3) - restriction: || (&& (== net461) (>= netstandard2.0)) (== net5.0-windows7.0) (== net50) (== netstandard2.0) (== netstandard2.1)
      System.Drawing.Common (>= 4.5) - restriction: || (&& (== net461) (>= netstandard2.0)) (== net5.0-windows7.0) (== net50) (== netstandard2.0) (== netstandard2.1)
    DevExpress.WindowsDesktop.XAF.PivotGrid.Win (20.2.6-ctp) - restriction: || (&& (== net461) (>= netcoreapp3.0)) (== net5.0-windows7.0) (== net50) (&& (== netstandard2.0) (>= netcoreapp3.0)) (&& (== netstandard2.1) (>= netcoreapp3.0))
      DevExpress.WindowsDesktop.Charts (20.2.6) - restriction: || (&& (== net461) (>= netcoreapp3.0)) (== net5.0-windows7.0) (== net50) (&& (== netstandard2.0) (>= netcoreapp3.0)) (&& (== netstandard2.1) (>= netcoreapp3.0))
      DevExpress.WindowsDesktop.Data (20.2.6) - restriction: || (&& (== net461) (>= netcoreapp3.0)) (== net5.0-windows7.0) (== net50) (&& (== netstandard2.0) (>= netcoreapp3.0)) (&& (== netstandard2.1) (>= netcoreapp3.0))
      DevExpress.WindowsDesktop.PivotGrid.Core (20.2.6) - restriction: || (&& (== net461) (>= netcoreapp3.0)) (== net5.0-windows7.0) (== net50) (&& (== netstandard2.0) (>= netcoreapp3.0)) (&& (== netstandard2.1) (>= netcoreapp3.0))
      DevExpress.WindowsDesktop.Win.Bars (20.2.6-ctp) - restriction: || (&& (== net461) (>= netcoreapp3.0)) (== net5.0-windows7.0) (== net50) (&& (== netstandard2.0) (>= netcoreapp3.0)) (&& (== netstandard2.1) (>= netcoreapp3.0))
      DevExpress.WindowsDesktop.Win.Charts (20.2.6-ctp) - restriction: || (&& (== net461) (>= netcoreapp3.0)) (== net5.0-windows7.0) (== net50) (&& (== netstandard2.0) (>= netcoreapp3.0)) (&& (== netstandard2.1) (>= netcoreapp3.0))
      DevExpress.WindowsDesktop.Win.Editors (20.2.6-ctp) - restriction: || (&& (== net461) (>= netcoreapp3.0)) (== net5.0-windows7.0) (== net50) (&& (== netstandard2.0) (>= netcoreapp3.0)) (&& (== netstandard2.1) (>= netcoreapp3.0))
      DevExpress.WindowsDesktop.Win.Layout (20.2.6-ctp) - restriction: || (&& (== net461) (>= netcoreapp3.0)) (== net5.0-windows7.0) (== net50) (&& (== netstandard2.0) (>= netcoreapp3.0)) (&& (== netstandard2.1) (>= netcoreapp3.0))
      DevExpress.WindowsDesktop.Win.PivotGrid (20.2.6-ctp) - restriction: || (&& (== net461) (>= netcoreapp3.0)) (== net5.0-windows7.0) (== net50) (&& (== netstandard2.0) (>= netcoreapp3.0)) (&& (== netstandard2.1) (>= netcoreapp3.0))
      DevExpress.WindowsDesktop.Win.Utils (20.2.6-ctp) - restriction: || (&& (== net461) (>= netcoreapp3.0)) (== net5.0-windows7.0) (== net50) (&& (== netstandard2.0) (>= netcoreapp3.0)) (&& (== netstandard2.1) (>= netcoreapp3.0))
      DevExpress.WindowsDesktop.XAF.ExpressApp (20.2.6-ctp) - restriction: || (&& (== net461) (>= netcoreapp3.0)) (== net5.0-windows7.0) (== net50) (&& (== netstandard2.0) (>= netcoreapp3.0)) (&& (== netstandard2.1) (>= netcoreapp3.0))
      DevExpress.WindowsDesktop.XAF.ExpressApp.Win (20.2.6-ctp) - restriction: || (&& (== net461) (>= netcoreapp3.0)) (== net5.0-windows7.0) (== net50) (&& (== netstandard2.0) (>= netcoreapp3.0)) (&& (== netstandard2.1) (>= netcoreapp3.0))
      DevExpress.WindowsDesktop.XAF.PivotGrid (20.2.6-ctp) - restriction: || (&& (== net461) (>= netcoreapp3.0)) (== net5.0-windows7.0) (== net50) (&& (== netstandard2.0) (>= netcoreapp3.0)) (&& (== netstandard2.1) (>= netcoreapp3.0))
    DevExpress.WindowsDesktop.XAF.ReportsV2 (20.2.6-ctp) - restriction: || (&& (== net461) (>= netcoreapp3.0)) (== net5.0-windows7.0) (== net50) (&& (== netstandard2.0) (>= netcoreapp3.0)) (&& (== netstandard2.1) (>= netcoreapp3.0))
      DevExpress.WindowsDesktop.Data (20.2.6) - restriction: || (&& (== net461) (>= netstandard2.0)) (== net5.0-windows7.0) (== net50) (== netstandard2.0) (== netstandard2.1)
      DevExpress.WindowsDesktop.Printing.Core (20.2.6) - restriction: || (&& (== net461) (>= netstandard2.0)) (== net5.0-windows7.0) (== net50) (== netstandard2.0) (== netstandard2.1)
      DevExpress.WindowsDesktop.Reporting.Core (20.2.6) - restriction: || (&& (== net461) (>= netstandard2.0)) (== net5.0-windows7.0) (== net50) (== netstandard2.0) (== netstandard2.1)
      DevExpress.WindowsDesktop.XAF.ExpressApp (20.2.6-ctp) - restriction: || (&& (== net461) (>= netstandard2.0)) (== net5.0-windows7.0) (== net50) (== netstandard2.0) (== netstandard2.1)
      DevExpress.WindowsDesktop.XAF.Persistent.Base (20.2.6-ctp) - restriction: || (&& (== net461) (>= netstandard2.0)) (== net5.0-windows7.0) (== net50) (== netstandard2.0) (== netstandard2.1)
      NETStandard.Library (>= 2.0.3) - restriction: || (&& (== net461) (>= netstandard2.0)) (== net5.0-windows7.0) (== net50) (== netstandard2.0) (== netstandard2.1)
      System.Drawing.Common (>= 4.5) - restriction: || (&& (== net461) (>= netstandard2.0)) (== net5.0-windows7.0) (== net50) (== netstandard2.0) (== netstandard2.1)
    DevExpress.WindowsDesktop.XAF.ReportsV2.Win (20.2.6-ctp) - restriction: || (&& (== net461) (>= netcoreapp3.0)) (== net5.0-windows7.0) (== net50) (&& (== netstandard2.0) (>= netcoreapp3.0)) (&& (== netstandard2.1) (>= netcoreapp3.0))
      DevExpress.WindowsDesktop.Data (20.2.6) - restriction: || (&& (== net461) (>= netcoreapp3.0)) (== net5.0-windows7.0) (== net50) (&& (== netstandard2.0) (>= netcoreapp3.0)) (&& (== netstandard2.1) (>= netcoreapp3.0))
      DevExpress.WindowsDesktop.DataAccess (20.2.6) - restriction: || (&& (== net461) (>= netcoreapp3.0)) (== net5.0-windows7.0) (== net50) (&& (== netstandard2.0) (>= netcoreapp3.0)) (&& (== netstandard2.1) (>= netcoreapp3.0))
      DevExpress.WindowsDesktop.Printing.Core (20.2.6) - restriction: || (&& (== net461) (>= netcoreapp3.0)) (== net5.0-windows7.0) (== net50) (&& (== netstandard2.0) (>= netcoreapp3.0)) (&& (== netstandard2.1) (>= netcoreapp3.0))
      DevExpress.WindowsDesktop.Reporting.Core (20.2.6) - restriction: || (&& (== net461) (>= netcoreapp3.0)) (== net5.0-windows7.0) (== net50) (&& (== netstandard2.0) (>= netcoreapp3.0)) (&& (== netstandard2.1) (>= netcoreapp3.0))
      DevExpress.WindowsDesktop.Win.Bars (20.2.6-ctp) - restriction: || (&& (== net461) (>= netcoreapp3.0)) (== net5.0-windows7.0) (== net50) (&& (== netstandard2.0) (>= netcoreapp3.0)) (&& (== netstandard2.1) (>= netcoreapp3.0))
      DevExpress.WindowsDesktop.Win.DataAccess.UI (20.2.6-ctp) - restriction: || (&& (== net461) (>= netcoreapp3.0)) (== net5.0-windows7.0) (== net50) (&& (== netstandard2.0) (>= netcoreapp3.0)) (&& (== netstandard2.1) (>= netcoreapp3.0))
      DevExpress.WindowsDesktop.Win.Editors (20.2.6-ctp) - restriction: || (&& (== net461) (>= netcoreapp3.0)) (== net5.0-windows7.0) (== net50) (&& (== netstandard2.0) (>= netcoreapp3.0)) (&& (== netstandard2.1) (>= netcoreapp3.0))
      DevExpress.WindowsDesktop.Win.Grid (20.2.6-ctp) - restriction: || (&& (== net461) (>= netcoreapp3.0)) (== net5.0-windows7.0) (== net50) (&& (== netstandard2.0) (>= netcoreapp3.0)) (&& (== netstandard2.1) (>= netcoreapp3.0))
      DevExpress.WindowsDesktop.Win.Printing (20.2.6-ctp) - restriction: || (&& (== net461) (>= netcoreapp3.0)) (== net5.0-windows7.0) (== net50) (&& (== netstandard2.0) (>= netcoreapp3.0)) (&& (== netstandard2.1) (>= netcoreapp3.0))
      DevExpress.WindowsDesktop.Win.Reporting (20.2.6-ctp) - restriction: || (&& (== net461) (>= netcoreapp3.0)) (== net5.0-windows7.0) (== net50) (&& (== netstandard2.0) (>= netcoreapp3.0)) (&& (== netstandard2.1) (>= netcoreapp3.0))
      DevExpress.WindowsDesktop.Win.TreeList (20.2.6-ctp) - restriction: || (&& (== net461) (>= netcoreapp3.0)) (== net5.0-windows7.0) (== net50) (&& (== netstandard2.0) (>= netcoreapp3.0)) (&& (== netstandard2.1) (>= netcoreapp3.0))
      DevExpress.WindowsDesktop.Win.Utils (20.2.6-ctp) - restriction: || (&& (== net461) (>= netcoreapp3.0)) (== net5.0-windows7.0) (== net50) (&& (== netstandard2.0) (>= netcoreapp3.0)) (&& (== netstandard2.1) (>= netcoreapp3.0))
      DevExpress.WindowsDesktop.Win.Utils.UI (20.2.6-ctp) - restriction: || (&& (== net461) (>= netcoreapp3.0)) (== net5.0-windows7.0) (== net50) (&& (== netstandard2.0) (>= netcoreapp3.0)) (&& (== netstandard2.1) (>= netcoreapp3.0))
      DevExpress.WindowsDesktop.XAF.ExpressApp (20.2.6-ctp) - restriction: || (&& (== net461) (>= netcoreapp3.0)) (== net5.0-windows7.0) (== net50) (&& (== netstandard2.0) (>= netcoreapp3.0)) (&& (== netstandard2.1) (>= netcoreapp3.0))
      DevExpress.WindowsDesktop.XAF.ExpressApp.Win (20.2.6-ctp) - restriction: || (&& (== net461) (>= netcoreapp3.0)) (== net5.0-windows7.0) (== net50) (&& (== netstandard2.0) (>= netcoreapp3.0)) (&& (== netstandard2.1) (>= netcoreapp3.0))
      DevExpress.WindowsDesktop.XAF.Persistent.Base (20.2.6-ctp) - restriction: || (&& (== net461) (>= netcoreapp3.0)) (== net5.0-windows7.0) (== net50) (&& (== netstandard2.0) (>= netcoreapp3.0)) (&& (== netstandard2.1) (>= netcoreapp3.0))
      DevExpress.WindowsDesktop.XAF.ReportsV2 (20.2.6-ctp) - restriction: || (&& (== net461) (>= netcoreapp3.0)) (== net5.0-windows7.0) (== net50) (&& (== netstandard2.0) (>= netcoreapp3.0)) (&& (== netstandard2.1) (>= netcoreapp3.0))
    DevExpress.WindowsDesktop.XAF.Scheduler.Win (20.2.6-ctp) - restriction: || (&& (== net461) (>= netcoreapp3.0)) (== net5.0-windows7.0) (== net50) (&& (== netstandard2.0) (>= netcoreapp3.0)) (&& (== netstandard2.1) (>= netcoreapp3.0))
      DevExpress.WindowsDesktop.Data (20.2.6) - restriction: || (&& (== net461) (>= netcoreapp3.0)) (== net5.0-windows7.0) (== net50) (&& (== netstandard2.0) (>= netcoreapp3.0)) (&& (== netstandard2.1) (>= netcoreapp3.0))
      DevExpress.WindowsDesktop.Scheduler.Core (20.2.6) - restriction: || (&& (== net461) (>= netcoreapp3.0)) (== net5.0-windows7.0) (== net50) (&& (== netstandard2.0) (>= netcoreapp3.0)) (&& (== netstandard2.1) (>= netcoreapp3.0))
      DevExpress.WindowsDesktop.Scheduler.CoreDesktop (20.2.6) - restriction: || (&& (== net461) (>= netcoreapp3.0)) (== net5.0-windows7.0) (== net50) (&& (== netstandard2.0) (>= netcoreapp3.0)) (&& (== netstandard2.1) (>= netcoreapp3.0))
      DevExpress.WindowsDesktop.Win.Bars (20.2.6-ctp) - restriction: || (&& (== net461) (>= netcoreapp3.0)) (== net5.0-windows7.0) (== net50) (&& (== netstandard2.0) (>= netcoreapp3.0)) (&& (== netstandard2.1) (>= netcoreapp3.0))
      DevExpress.WindowsDesktop.Win.Editors (20.2.6-ctp) - restriction: || (&& (== net461) (>= netcoreapp3.0)) (== net5.0-windows7.0) (== net50) (&& (== netstandard2.0) (>= netcoreapp3.0)) (&& (== netstandard2.1) (>= netcoreapp3.0))
      DevExpress.WindowsDesktop.Win.Scheduler (20.2.6-ctp) - restriction: || (&& (== net461) (>= netcoreapp3.0)) (== net5.0-windows7.0) (== net50) (&& (== netstandard2.0) (>= netcoreapp3.0)) (&& (== netstandard2.1) (>= netcoreapp3.0))
      DevExpress.WindowsDesktop.Win.Utils (20.2.6-ctp) - restriction: || (&& (== net461) (>= netcoreapp3.0)) (== net5.0-windows7.0) (== net50) (&& (== netstandard2.0) (>= netcoreapp3.0)) (&& (== netstandard2.1) (>= netcoreapp3.0))
      DevExpress.WindowsDesktop.XAF.ExpressApp (20.2.6-ctp) - restriction: || (&& (== net461) (>= netcoreapp3.0)) (== net5.0-windows7.0) (== net50) (&& (== netstandard2.0) (>= netcoreapp3.0)) (&& (== netstandard2.1) (>= netcoreapp3.0))
      DevExpress.WindowsDesktop.XAF.ExpressApp.Win (20.2.6-ctp) - restriction: || (&& (== net461) (>= netcoreapp3.0)) (== net5.0-windows7.0) (== net50) (&& (== netstandard2.0) (>= netcoreapp3.0)) (&& (== netstandard2.1) (>= netcoreapp3.0))
      DevExpress.WindowsDesktop.XAF.Persistent.Base (20.2.6-ctp) - restriction: || (&& (== net461) (>= netcoreapp3.0)) (== net5.0-windows7.0) (== net50) (&& (== netstandard2.0) (>= netcoreapp3.0)) (&& (== netstandard2.1) (>= netcoreapp3.0))
    DevExpress.WindowsDesktop.XAF.ScriptRecorder (20.2.6-ctp) - restriction: || (&& (== net461) (>= netcoreapp3.0)) (== net5.0-windows7.0) (== net50) (&& (== netstandard2.0) (>= netcoreapp3.0)) (&& (== netstandard2.1) (>= netcoreapp3.0))
      DevExpress.WindowsDesktop.XAF.ExpressApp (20.2.6-ctp) - restriction: || (&& (== net461) (>= netstandard2.0)) (== net5.0-windows7.0) (== net50) (== netstandard2.0) (== netstandard2.1)
      NETStandard.Library (>= 2.0.3) - restriction: || (&& (== net461) (>= netstandard2.0)) (== net5.0-windows7.0) (== net50) (== netstandard2.0) (== netstandard2.1)
      System.Drawing.Common (>= 4.5) - restriction: || (&& (== net461) (>= netstandard2.0)) (== net5.0-windows7.0) (== net50) (== netstandard2.0) (== netstandard2.1)
    DevExpress.WindowsDesktop.XAF.ScriptRecorder.Win (20.2.6-ctp) - restriction: || (&& (== net461) (>= netcoreapp3.0)) (== net5.0-windows7.0) (== net50) (&& (== netstandard2.0) (>= netcoreapp3.0)) (&& (== netstandard2.1) (>= netcoreapp3.0))
      DevExpress.WindowsDesktop.Data (20.2.6) - restriction: || (&& (== net461) (>= netcoreapp3.0)) (== net5.0-windows7.0) (== net50) (&& (== netstandard2.0) (>= netcoreapp3.0)) (&& (== netstandard2.1) (>= netcoreapp3.0))
      DevExpress.WindowsDesktop.Win.Bars (20.2.6-ctp) - restriction: || (&& (== net461) (>= netcoreapp3.0)) (== net5.0-windows7.0) (== net50) (&& (== netstandard2.0) (>= netcoreapp3.0)) (&& (== netstandard2.1) (>= netcoreapp3.0))
      DevExpress.WindowsDesktop.Win.Utils (20.2.6-ctp) - restriction: || (&& (== net461) (>= netcoreapp3.0)) (== net5.0-windows7.0) (== net50) (&& (== netstandard2.0) (>= netcoreapp3.0)) (&& (== netstandard2.1) (>= netcoreapp3.0))
      DevExpress.WindowsDesktop.XAF.ExpressApp (20.2.6-ctp) - restriction: || (&& (== net461) (>= netcoreapp3.0)) (== net5.0-windows7.0) (== net50) (&& (== netstandard2.0) (>= netcoreapp3.0)) (&& (== netstandard2.1) (>= netcoreapp3.0))
      DevExpress.WindowsDesktop.XAF.ExpressApp.Win (20.2.6-ctp) - restriction: || (&& (== net461) (>= netcoreapp3.0)) (== net5.0-windows7.0) (== net50) (&& (== netstandard2.0) (>= netcoreapp3.0)) (&& (== netstandard2.1) (>= netcoreapp3.0))
      DevExpress.WindowsDesktop.XAF.ScriptRecorder (20.2.6-ctp) - restriction: || (&& (== net461) (>= netcoreapp3.0)) (== net5.0-windows7.0) (== net50) (&& (== netstandard2.0) (>= netcoreapp3.0)) (&& (== netstandard2.1) (>= netcoreapp3.0))
    DevExpress.WindowsDesktop.XAF.Security (20.2.6-ctp) - restriction: || (&& (== net461) (>= netcoreapp3.0)) (== net5.0-windows7.0) (== net50) (&& (== netstandard2.0) (>= netcoreapp3.0)) (&& (== netstandard2.1) (>= netcoreapp3.0))
      DevExpress.WindowsDesktop.Data (20.2.6) - restriction: || (&& (== net461) (>= netstandard2.0)) (== net5.0-windows7.0) (== net50) (== netstandard2.0) (== netstandard2.1)
      DevExpress.WindowsDesktop.XAF.ExpressApp (20.2.6-ctp) - restriction: || (&& (== net461) (>= netstandard2.0)) (== net5.0-windows7.0) (== net50) (== netstandard2.0) (== netstandard2.1)
      DevExpress.WindowsDesktop.XAF.Persistent.Base (20.2.6-ctp) - restriction: || (&& (== net461) (>= netstandard2.0)) (== net5.0-windows7.0) (== net50) (== netstandard2.0) (== netstandard2.1)
      Microsoft.Extensions.Options (>= 3.1.5) - restriction: || (&& (== net461) (>= netstandard2.0)) (== net5.0-windows7.0) (== net50) (== netstandard2.0) (== netstandard2.1)
      NETStandard.Library (>= 2.0.3) - restriction: || (&& (== net461) (>= netstandard2.0)) (== net5.0-windows7.0) (== net50) (== netstandard2.0) (== netstandard2.1)
      System.Drawing.Common (>= 4.5) - restriction: || (&& (== net461) (>= netstandard2.0)) (== net5.0-windows7.0) (== net50) (== netstandard2.0) (== netstandard2.1)
      System.Security.Permissions (>= 4.5) - restriction: || (&& (== net461) (>= netstandard2.0)) (== net5.0-windows7.0) (== net50) (== netstandard2.0) (== netstandard2.1)
    DevExpress.WindowsDesktop.XAF.Security.Xpo (20.2.6-ctp) - restriction: || (&& (== net461) (>= netcoreapp3.0)) (== net5.0-windows7.0) (== net50) (&& (== netstandard2.0) (>= netcoreapp3.0)) (&& (== netstandard2.1) (>= netcoreapp3.0))
      DevExpress.WindowsDesktop.Data (20.2.6) - restriction: || (&& (== net461) (>= netstandard2.0)) (== net5.0-windows7.0) (== net50) (== netstandard2.0) (== netstandard2.1)
      DevExpress.WindowsDesktop.XAF.ExpressApp (20.2.6-ctp) - restriction: || (&& (== net461) (>= netstandard2.0)) (== net5.0-windows7.0) (== net50) (== netstandard2.0) (== netstandard2.1)
      DevExpress.WindowsDesktop.XAF.Persistent.Base (20.2.6-ctp) - restriction: || (&& (== net461) (>= netstandard2.0)) (== net5.0-windows7.0) (== net50) (== netstandard2.0) (== netstandard2.1)
      DevExpress.WindowsDesktop.XAF.Security (20.2.6-ctp) - restriction: || (&& (== net461) (>= netstandard2.0)) (== net5.0-windows7.0) (== net50) (== netstandard2.0) (== netstandard2.1)
      DevExpress.WindowsDesktop.XAF.Xpo (20.2.6-ctp) - restriction: || (&& (== net461) (>= netstandard2.0)) (== net5.0-windows7.0) (== net50) (== netstandard2.0) (== netstandard2.1)
      DevExpress.WindowsDesktop.Xpo (20.2.6) - restriction: || (&& (== net461) (>= netstandard2.0)) (== net5.0-windows7.0) (== net50) (== netstandard2.0) (== netstandard2.1)
      NETStandard.Library (>= 2.0.3) - restriction: || (&& (== net461) (>= netstandard2.0)) (== net5.0-windows7.0) (== net50) (== netstandard2.0) (== netstandard2.1)
      System.ServiceModel.Http (>= 4.6) - restriction: || (&& (== net461) (>= netstandard2.0)) (== net5.0-windows7.0) (== net50) (== netstandard2.0) (== netstandard2.1)
      System.ServiceModel.NetTcp (>= 4.6) - restriction: || (&& (== net461) (>= netstandard2.0)) (== net5.0-windows7.0) (== net50) (== netstandard2.0) (== netstandard2.1)
      System.ServiceModel.Primitives (>= 4.6) - restriction: || (&& (== net461) (>= netstandard2.0)) (== net5.0-windows7.0) (== net50) (== netstandard2.0) (== netstandard2.1)
    DevExpress.WindowsDesktop.XAF.StateMachine (20.2.6-ctp) - restriction: || (&& (== net461) (>= netcoreapp3.0)) (== net5.0-windows7.0) (== net50) (&& (== netstandard2.0) (>= netcoreapp3.0)) (&& (== netstandard2.1) (>= netcoreapp3.0))
      DevExpress.WindowsDesktop.Data (20.2.6) - restriction: || (&& (== net461) (>= netstandard2.0)) (== net5.0-windows7.0) (== net50) (== netstandard2.0) (== netstandard2.1)
      DevExpress.WindowsDesktop.XAF.ConditionalAppearance (20.2.6-ctp) - restriction: || (&& (== net461) (>= netstandard2.0)) (== net5.0-windows7.0) (== net50) (== netstandard2.0) (== netstandard2.1)
      DevExpress.WindowsDesktop.XAF.ExpressApp (20.2.6-ctp) - restriction: || (&& (== net461) (>= netstandard2.0)) (== net5.0-windows7.0) (== net50) (== netstandard2.0) (== netstandard2.1)
      DevExpress.WindowsDesktop.XAF.Persistent.Base (20.2.6-ctp) - restriction: || (&& (== net461) (>= netstandard2.0)) (== net5.0-windows7.0) (== net50) (== netstandard2.0) (== netstandard2.1)
      DevExpress.WindowsDesktop.XAF.Validation (20.2.6-ctp) - restriction: || (&& (== net461) (>= netstandard2.0)) (== net5.0-windows7.0) (== net50) (== netstandard2.0) (== netstandard2.1)
      NETStandard.Library (>= 2.0.3) - restriction: || (&& (== net461) (>= netstandard2.0)) (== net5.0-windows7.0) (== net50) (== netstandard2.0) (== netstandard2.1)
      System.Drawing.Common (>= 4.5) - restriction: || (&& (== net461) (>= netstandard2.0)) (== net5.0-windows7.0) (== net50) (== netstandard2.0) (== netstandard2.1)
    DevExpress.WindowsDesktop.XAF.TreeListEditors (20.2.6-ctp) - restriction: || (&& (== net461) (>= netcoreapp3.0)) (== net5.0-windows7.0) (== net50) (&& (== netstandard2.0) (>= netcoreapp3.0)) (&& (== netstandard2.1) (>= netcoreapp3.0))
      DevExpress.WindowsDesktop.Data (20.2.6) - restriction: || (&& (== net461) (>= netstandard2.0)) (== net5.0-windows7.0) (== net50) (== netstandard2.0) (== netstandard2.1)
      DevExpress.WindowsDesktop.XAF.ExpressApp (20.2.6-ctp) - restriction: || (&& (== net461) (>= netstandard2.0)) (== net5.0-windows7.0) (== net50) (== netstandard2.0) (== netstandard2.1)
      DevExpress.WindowsDesktop.XAF.Persistent.Base (20.2.6-ctp) - restriction: || (&& (== net461) (>= netstandard2.0)) (== net5.0-windows7.0) (== net50) (== netstandard2.0) (== netstandard2.1)
      NETStandard.Library (>= 2.0.3) - restriction: || (&& (== net461) (>= netstandard2.0)) (== net5.0-windows7.0) (== net50) (== netstandard2.0) (== netstandard2.1)
      System.Drawing.Common (>= 4.5) - restriction: || (&& (== net461) (>= netstandard2.0)) (== net5.0-windows7.0) (== net50) (== netstandard2.0) (== netstandard2.1)
    DevExpress.WindowsDesktop.XAF.TreeListEditors.Win (20.2.6-ctp) - restriction: || (&& (== net461) (>= netcoreapp3.0)) (== net5.0-windows7.0) (== net50) (&& (== netstandard2.0) (>= netcoreapp3.0)) (&& (== netstandard2.1) (>= netcoreapp3.0))
      DevExpress.WindowsDesktop.Data (20.2.6) - restriction: || (&& (== net461) (>= netcoreapp3.0)) (== net5.0-windows7.0) (== net50) (&& (== netstandard2.0) (>= netcoreapp3.0)) (&& (== netstandard2.1) (>= netcoreapp3.0))
      DevExpress.WindowsDesktop.Win.Bars (20.2.6-ctp) - restriction: || (&& (== net461) (>= netcoreapp3.0)) (== net5.0-windows7.0) (== net50) (&& (== netstandard2.0) (>= netcoreapp3.0)) (&& (== netstandard2.1) (>= netcoreapp3.0))
      DevExpress.WindowsDesktop.Win.Editors (20.2.6-ctp) - restriction: || (&& (== net461) (>= netcoreapp3.0)) (== net5.0-windows7.0) (== net50) (&& (== netstandard2.0) (>= netcoreapp3.0)) (&& (== netstandard2.1) (>= netcoreapp3.0))
      DevExpress.WindowsDesktop.Win.TreeList (20.2.6-ctp) - restriction: || (&& (== net461) (>= netcoreapp3.0)) (== net5.0-windows7.0) (== net50) (&& (== netstandard2.0) (>= netcoreapp3.0)) (&& (== netstandard2.1) (>= netcoreapp3.0))
      DevExpress.WindowsDesktop.Win.Utils (20.2.6-ctp) - restriction: || (&& (== net461) (>= netcoreapp3.0)) (== net5.0-windows7.0) (== net50) (&& (== netstandard2.0) (>= netcoreapp3.0)) (&& (== netstandard2.1) (>= netcoreapp3.0))
      DevExpress.WindowsDesktop.XAF.ExpressApp (20.2.6-ctp) - restriction: || (&& (== net461) (>= netcoreapp3.0)) (== net5.0-windows7.0) (== net50) (&& (== netstandard2.0) (>= netcoreapp3.0)) (&& (== netstandard2.1) (>= netcoreapp3.0))
      DevExpress.WindowsDesktop.XAF.ExpressApp.Win (20.2.6-ctp) - restriction: || (&& (== net461) (>= netcoreapp3.0)) (== net5.0-windows7.0) (== net50) (&& (== netstandard2.0) (>= netcoreapp3.0)) (&& (== netstandard2.1) (>= netcoreapp3.0))
      DevExpress.WindowsDesktop.XAF.Persistent.Base (20.2.6-ctp) - restriction: || (&& (== net461) (>= netcoreapp3.0)) (== net5.0-windows7.0) (== net50) (&& (== netstandard2.0) (>= netcoreapp3.0)) (&& (== netstandard2.1) (>= netcoreapp3.0))
      DevExpress.WindowsDesktop.XAF.TreeListEditors (20.2.6-ctp) - restriction: || (&& (== net461) (>= netcoreapp3.0)) (== net5.0-windows7.0) (== net50) (&& (== netstandard2.0) (>= netcoreapp3.0)) (&& (== netstandard2.1) (>= netcoreapp3.0))
    DevExpress.WindowsDesktop.XAF.Validation (20.2.6-ctp) - restriction: || (&& (== net461) (>= netcoreapp3.0)) (== net5.0-windows7.0) (== net50) (&& (== netstandard2.0) (>= netcoreapp3.0)) (&& (== netstandard2.1) (>= netcoreapp3.0))
      DevExpress.WindowsDesktop.Data (20.2.6) - restriction: || (&& (== net461) (>= netstandard2.0)) (== net5.0-windows7.0) (== net50) (== netstandard2.0) (== netstandard2.1)
      DevExpress.WindowsDesktop.XAF.ExpressApp (20.2.6-ctp) - restriction: || (&& (== net461) (>= netstandard2.0)) (== net5.0-windows7.0) (== net50) (== netstandard2.0) (== netstandard2.1)
      DevExpress.WindowsDesktop.XAF.Persistent.Base (20.2.6-ctp) - restriction: || (&& (== net461) (>= netstandard2.0)) (== net5.0-windows7.0) (== net50) (== netstandard2.0) (== netstandard2.1)
      NETStandard.Library (>= 2.0.3) - restriction: || (&& (== net461) (>= netstandard2.0)) (== net5.0-windows7.0) (== net50) (== netstandard2.0) (== netstandard2.1)
      System.Drawing.Common (>= 4.5) - restriction: || (&& (== net461) (>= netstandard2.0)) (== net5.0-windows7.0) (== net50) (== netstandard2.0) (== netstandard2.1)
    DevExpress.WindowsDesktop.XAF.Validation.Win (20.2.6-ctp) - restriction: || (&& (== net461) (>= netcoreapp3.0)) (== net5.0-windows7.0) (== net50) (&& (== netstandard2.0) (>= netcoreapp3.0)) (&& (== netstandard2.1) (>= netcoreapp3.0))
      DevExpress.WindowsDesktop.Data (20.2.6) - restriction: || (&& (== net461) (>= netcoreapp3.0)) (== net5.0-windows7.0) (== net50) (&& (== netstandard2.0) (>= netcoreapp3.0)) (&& (== netstandard2.1) (>= netcoreapp3.0))
      DevExpress.WindowsDesktop.Win.Editors (20.2.6-ctp) - restriction: || (&& (== net461) (>= netcoreapp3.0)) (== net5.0-windows7.0) (== net50) (&& (== netstandard2.0) (>= netcoreapp3.0)) (&& (== netstandard2.1) (>= netcoreapp3.0))
      DevExpress.WindowsDesktop.Win.Grid (20.2.6-ctp) - restriction: || (&& (== net461) (>= netcoreapp3.0)) (== net5.0-windows7.0) (== net50) (&& (== netstandard2.0) (>= netcoreapp3.0)) (&& (== netstandard2.1) (>= netcoreapp3.0))
      DevExpress.WindowsDesktop.XAF.ExpressApp (20.2.6-ctp) - restriction: || (&& (== net461) (>= netcoreapp3.0)) (== net5.0-windows7.0) (== net50) (&& (== netstandard2.0) (>= netcoreapp3.0)) (&& (== netstandard2.1) (>= netcoreapp3.0))
      DevExpress.WindowsDesktop.XAF.ExpressApp.Win (20.2.6-ctp) - restriction: || (&& (== net461) (>= netcoreapp3.0)) (== net5.0-windows7.0) (== net50) (&& (== netstandard2.0) (>= netcoreapp3.0)) (&& (== netstandard2.1) (>= netcoreapp3.0))
      DevExpress.WindowsDesktop.XAF.Persistent.Base (20.2.6-ctp) - restriction: || (&& (== net461) (>= netcoreapp3.0)) (== net5.0-windows7.0) (== net50) (&& (== netstandard2.0) (>= netcoreapp3.0)) (&& (== netstandard2.1) (>= netcoreapp3.0))
      DevExpress.WindowsDesktop.XAF.Validation (20.2.6-ctp) - restriction: || (&& (== net461) (>= netcoreapp3.0)) (== net5.0-windows7.0) (== net50) (&& (== netstandard2.0) (>= netcoreapp3.0)) (&& (== netstandard2.1) (>= netcoreapp3.0))
    DevExpress.WindowsDesktop.XAF.ViewVariantsModule (20.2.6-ctp) - restriction: || (&& (== net461) (>= netcoreapp3.0)) (== net5.0-windows7.0) (== net50) (&& (== netstandard2.0) (>= netcoreapp3.0)) (&& (== netstandard2.1) (>= netcoreapp3.0))
      DevExpress.WindowsDesktop.Data (20.2.6) - restriction: || (&& (== net461) (>= netstandard2.0)) (== net5.0-windows7.0) (== net50) (== netstandard2.0) (== netstandard2.1)
      DevExpress.WindowsDesktop.XAF.ExpressApp (20.2.6-ctp) - restriction: || (&& (== net461) (>= netstandard2.0)) (== net5.0-windows7.0) (== net50) (== netstandard2.0) (== netstandard2.1)
      NETStandard.Library (>= 2.0.3) - restriction: || (&& (== net461) (>= netstandard2.0)) (== net5.0-windows7.0) (== net50) (== netstandard2.0) (== netstandard2.1)
      System.Drawing.Common (>= 4.5) - restriction: || (&& (== net461) (>= netstandard2.0)) (== net5.0-windows7.0) (== net50) (== netstandard2.0) (== netstandard2.1)
    DevExpress.WindowsDesktop.XAF.Xpo (20.2.6-ctp) - restriction: || (&& (== net461) (>= netcoreapp3.0)) (== net5.0-windows7.0) (== net50) (&& (== netstandard2.0) (>= netcoreapp3.0)) (&& (== netstandard2.1) (>= netcoreapp3.0))
      DevExpress.WindowsDesktop.Data (20.2.6) - restriction: || (&& (== net461) (>= netstandard2.0)) (== net5.0-windows7.0) (== net50) (== netstandard2.0) (== netstandard2.1)
      DevExpress.WindowsDesktop.XAF.ExpressApp (20.2.6-ctp) - restriction: || (&& (== net461) (>= netstandard2.0)) (== net5.0-windows7.0) (== net50) (== netstandard2.0) (== netstandard2.1)
      DevExpress.WindowsDesktop.Xpo (20.2.6) - restriction: || (&& (== net461) (>= netstandard2.0)) (== net5.0-windows7.0) (== net50) (== netstandard2.0) (== netstandard2.1)
      NETStandard.Library (>= 2.0.3) - restriction: || (&& (== net461) (>= netstandard2.0)) (== net5.0-windows7.0) (== net50) (== netstandard2.0) (== netstandard2.1)
      System.Drawing.Common (>= 4.5) - restriction: || (&& (== net461) (>= netstandard2.0)) (== net5.0-windows7.0) (== net50) (== netstandard2.0) (== netstandard2.1)
      System.Security.Permissions (>= 4.5) - restriction: || (&& (== net461) (>= netstandard2.0)) (== net5.0-windows7.0) (== net50) (== netstandard2.0) (== netstandard2.1)
    DevExpress.WindowsDesktop.Xpo (20.2.6) - restriction: || (&& (== net461) (>= netcoreapp3.0)) (== net5.0-windows7.0) (== net50) (&& (== netstandard2.0) (>= netcoreapp3.0)) (&& (== netstandard2.1) (>= netcoreapp3.0))
      DevExpress.WindowsDesktop.Data (20.2.6) - restriction: || (&& (== net461) (>= netstandard2.0)) (== net5.0-windows7.0) (== net50) (== netstandard2.0) (== netstandard2.1)
      Microsoft.Extensions.DependencyInjection (>= 2.0) - restriction: || (&& (== net461) (>= netstandard2.0)) (== net5.0-windows7.0) (== net50) (== netstandard2.0) (== netstandard2.1)
      Microsoft.Win32.Registry (>= 4.5) - restriction: || (&& (== net461) (>= netstandard2.0)) (== net5.0-windows7.0) (== net50) (== netstandard2.0) (== netstandard2.1)
      NETStandard.Library (>= 2.0.3) - restriction: || (&& (== net461) (>= netstandard2.0)) (== net5.0-windows7.0) (== net50) (== netstandard2.0) (== netstandard2.1)
      System.Data.SqlClient (>= 4.5) - restriction: || (&& (== net461) (>= netstandard2.0)) (== net5.0-windows7.0) (== net50) (== netstandard2.0) (== netstandard2.1)
      System.Drawing.Common (>= 4.5) - restriction: || (&& (== net461) (>= netstandard2.0)) (== net5.0-windows7.0) (== net50) (== netstandard2.0) (== netstandard2.1)
      System.Security.Principal.Windows (>= 4.5) - restriction: || (&& (== net461) (>= netstandard2.0)) (== net5.0-windows7.0) (== net50) (== netstandard2.0) (== netstandard2.1)
      System.ServiceModel.Http (>= 4.5) - restriction: || (&& (== net461) (>= netstandard2.0)) (== net5.0-windows7.0) (== net50) (== netstandard2.0) (== netstandard2.1)
      System.ServiceModel.NetTcp (>= 4.4.1) - restriction: || (&& (== net461) (>= netstandard2.0)) (== net5.0-windows7.0) (== net50) (== netstandard2.0) (== netstandard2.1)
      System.ServiceModel.Security (>= 4.4.3) - restriction: || (&& (== net461) (>= netstandard2.0)) (== net5.0-windows7.0) (== net50) (== netstandard2.0) (== netstandard2.1)
